{
	"Modality": "MR",
	"MagneticFieldStrength": 3,
	"ImagingFrequency": 123.254,
	"Manufacturer": "Siemens",
	"ManufacturersModelName": "Skyra",
	"InstitutionName": "Martinos_Center_Bay_1",
	"InstitutionalDepartmentName": "Department",
	"InstitutionAddress": "13th_149_Charlestown_MA_US_02129",
	"DeviceSerialNumber": "45407",
	"StationName": "BAY1OC",
	"BodyPartExamined": "BRAIN",
	"PatientPosition": "HFS",
	"ProcedureStepDescription": "INVESTIGATORS_Barry",
	"SoftwareVersions": "syngo_MR_E11",
	"MRAcquisitionType": "3D",
	"SeriesDescription": "T2w",
	"ProtocolName": "T2w",
	"ScanningSequence": "SE",
	"SequenceVariant": "SK_SP_OSP",
	"ScanOptions": "PFP",
	"SequenceName": "_spcR_100",
	"ImageType": ["ORIGINAL", "PRIMARY", "M", "NORM", "DIS3D", "DIS2D"],
	"SeriesNumber": 3,
	"AcquisitionTime": "15:40:45.122500",
	"AcquisitionNumber": 1,
	"SliceThickness": 0.8,
	"SAR": 0.692884,
	"EchoTime": 0.12,
	"RepetitionTime": 1.5,
	"FlipAngle": 120,
	"PartialFourier": 1,
	"BaseResolution": 320,
	"ShimSetting": [
		-5032,
		11836,
		-12111,
		59,
		-651,
		142,
		-25,
		75	],
	"TxRefAmp": 351.858,
	"PhaseResolution": 1,
	"PhaseOversampling": 0.8,
	"ReceiveCoilName": "HeadNeck_64",
	"ReceiveCoilActiveElements": "HC3-7;NC1,2",
	"CoilString": "HC3-7;NC1_2",
	"PulseSequenceDetails": "%SiemensSeq%_tse_vfl",
	"ConsistencyInfo": "N4_VE11C_LATEST_20160120",
	"PercentPhaseFOV": 100,
	"EchoTrainLength": 76,
	"PhaseEncodingSteps": 422,
	"AcquisitionMatrixPE": 320,
	"ReconMatrixPE": 320,
	"PixelBandwidth": 625,
	"DwellTime": 2.5e-06,
	"ImageOrientationPatientDICOM": [
		1.11e-13,
		1,
		4.895e-12,
		-0.0226874,
		4.897e-12,
		-0.999743	],
	"InPlanePhaseEncodingDirectionDICOM": "COL",
	"ConversionSoftware": "dcm2niix",
	"ConversionSoftwareVersion": "v1.0.20181125  (JP2:OpenJPEG) (JP-LS:CharLS) Clang8.1.0"
}
