{
    "Modality": "MR", 
    "MagneticFieldStrength": 3, 
    "ImagingFrequency": 123.173, 
    "Manufacturer": "Siemens", 
    "ManufacturersModelName": "Prisma_fit", 
    "InstitutionName": "CMRR_3T-B", 
    "InstitutionalDepartmentName": "Research", 
    "InstitutionAddress": "6th_SE_2021_Minneapolis_Minneapolis_US_55455", 
    "DeviceSerialNumber": "67010", 
    "StationName": "TRIOB", 
    "BodyPartExamined": "CSPINE", 
    "PatientPosition": "HFS", 
    "ProcedureStepDescription": "Joers_FRAMES", 
    "SoftwareVersions": "syngo_MR_E11", 
    "MRAcquisitionType": "2D", 
    "SeriesDescription": "DWI", 
    "ProtocolName": "DWI", 
    "ScanningSequence": "EP", 
    "SequenceVariant": "SK_SP", 
    "ScanOptions": "PFP_SFS_CT", 
    "SequenceName": "_ez_b0", 
    "ImageType": [
        "ORIGINAL", 
        "PRIMARY", 
        "DIFFUSION", 
        "NONE", 
        "ND", 
        "MOSAIC"
    ], 
    "SeriesNumber": 6, 
    "AcquisitionTime": "08:58:42.007500", 
    "AcquisitionNumber": 1, 
    "SliceThickness": 5, 
    "SpacingBetweenSlices": 5, 
    "SAR": 0.503232, 
    "EchoTime": 0.06, 
    "RepetitionTime": 0.61, 
    "FlipAngle": 90, 
    "PartialFourier": 0.875, 
    "BaseResolution": 96, 
    "ShimSetting": [
        -1067, 
        -11814, 
        -4007, 
        -1495, 
        -79, 
        2844, 
        307, 
        314
    ], 
    "DiffusionScheme": "Monopolar", 
    "TxRefAmp": 295.367, 
    "PhaseResolution": 1, 
    "ReceiveCoilName": "HeadNeck_64", 
    "ReceiveCoilActiveElements": "HC7;NC1,2", 
    "CoilString": "HC7;NC1_2", 
    "PulseSequenceDetails": "%SiemensSeq%_ep2d_diff", 
    "ConsistencyInfo": "N4_VE11C_LATEST_20160120", 
    "PercentPhaseFOV": 37.5, 
    "EchoTrainLength": 31, 
    "PhaseEncodingSteps": 31, 
    "AcquisitionMatrixPE": 36, 
    "ReconMatrixPE": 36, 
    "BandwidthPerPixelPhaseEncode": 29.551, 
    "EffectiveEchoSpacing": 0.000939995, 
    "DerivedVendorReportedEchoSpacing": 0.000939994, 
    "TotalReadoutTime": 0.0328998, 
    "PixelBandwidth": 1270, 
    "DwellTime": 4.1e-06, 
    "PhaseEncodingDirection": "j-", 
    "SliceTiming": [
        0, 
        0.94, 
        1.92, 
        2.845, 
        3.81, 
        0.195, 
        1.135, 
        2.115, 
        3.04, 
        4.005, 
        0.3925, 
        1.3325, 
        2.3125, 
        3.2375, 
        4.2025
    ], 
    "ImageOrientationPatientDICOM": [
        0.998412, 
        -0.0113133, 
        0.0551849, 
        2.0534e-08, 
        0.979626, 
        0.200831
    ], 
    "InPlanePhaseEncodingDirectionDICOM": "COL", 
    "ConversionSoftware": "dcm2niix", 
    "ConversionSoftwareVersion": "v1.0.20190410  (JP2:OpenJPEG) (JP-LS:CharLS) Clang8.1.0", 
    "Dcm2bidsVersion": "2.1.4"
}