{
	"Manufacturer": "Siemens",
	"ManufacturersModelName": "Prisma",
	"ProcedureStepDescription": "spine_Montreal",
	"ProtocolName": "T2w",
	"SequenceName": "_spcR_100",
	"ImageType": ["ORIGINAL", "PRIMARY", "M", "NORM", "DIS3D", "DIS2D"],
	"AcquisitionDateTime": "2019-01-10T16:24:6.718750",
	"MagneticFieldStrength": 3,
	"FlipAngle": 120,
	"EchoTime": 0.12,
	"RepetitionTime": 1.5,
	"PhaseEncodingDirection": "j-",
	"ConversionSoftware": "dcm2niix",
	"ConversionSoftwareVersion": "v1.0.20170207"
}
