{
	"Modality": "MR",
	"MagneticFieldStrength": 3,
	"ImagingFrequency": 127.759,
	"Manufacturer": "Philips",
	"ManufacturersModelName": "Achieva_dStream",
	"InstitutionName": "Vanderbilt_Health_and_williamson",
	"InstitutionalDepartmentName": "Research_MRI",
	"InstitutionAddress": "1161_21st_Ave_South",
	"DeviceSerialNumber": "17240",
	"StationName": "mr3tb",
	"BodyPartExamined": "SPINE",
	"PatientPosition": "HFS",
	"SoftwareVersions": "5.3.0_5.3.0.3",
	"MRAcquisitionType": "2D",
	"SeriesDescription": "DWI",
	"ProtocolName": "WIP_DWI",
	"ScanningSequence": "SE",
	"SequenceVariant": "SK",
	"ScanOptions": "FS",
	"ImageType": ["ORIGINAL", "PRIMARY", "M", "SE", "M", "SE"],
	"SeriesNumber": 401,
	"AcquisitionTime": "08:50:51.280000",
	"AcquisitionNumber": 4,
	"TriggerDelayTime": 31,
	"PhilipsRescaleSlope": 4.68669,
	"PhilipsRescaleIntercept": 0,
	"PhilipsScaleSlope": 0.0113116,
	"UsePhilipsFloatNotDisplayScaling": 1,
	"SliceThickness": 5,
	"SpacingBetweenSlices": 5,
	"EchoTime": 0.071165,
	"RepetitionTime": 4,
	"FlipAngle": 90,
	"CoilString": "MULTI_COIL",
	"PercentPhaseFOV": 75,
	"EchoTrainLength": 65,
	"PhaseEncodingSteps": 64,
	"AcquisitionMatrixPE": 64,
	"ReconMatrixPE": 64,
	"PixelBandwidth": 1299.06,
	"PhaseEncodingAxis": "j",
	"ImageOrientationPatientDICOM": [
		0.999862,
		-0.00111498,
		0.0165872,
		-0.000423641,
		0.995716,
		0.0924677	],
	"InPlanePhaseEncodingDirectionDICOM": "COL",
	"ConversionSoftware": "dcm2niix",
	"ConversionSoftwareVersion": "v1.0.20181022  GCC4.8.5"
}
