{
    "Modality": "MR", 
    "MagneticFieldStrength": 3, 
    "ImagingFrequency": 123.253, 
    "Manufacturer": "Siemens", 
    "ManufacturersModelName": "Prisma", 
    "InstitutionName": "Institut_fur_Neuroradiologie", 
    "InstitutionalDepartmentName": "Department", 
    "InstitutionAddress": "Fetscherstrasse_74_Dresden_District_DE_01307", 
    "DeviceSerialNumber": "166061", 
    "StationName": "AWP166061", 
    "BodyPartExamined": "CSPINE", 
    "PatientPosition": "HFS", 
    "ProcedureStepDescription": "Neurorad_intern_GM-WM_spinal", 
    "SoftwareVersions": "syngo_MR_E11", 
    "MRAcquisitionType": "2D", 
    "SeriesDescription": "DWI", 
    "ProtocolName": "DWI", 
    "ScanningSequence": "EP", 
    "SequenceVariant": "SK_SP_OSP", 
    "ScanOptions": "PFP_SFS_CT", 
    "SequenceName": "_ez_b0", 
    "ImageType": [
        "ORIGINAL", 
        "PRIMARY", 
        "DIFFUSION", 
        "NONE", 
        "ND", 
        "MOSAIC"
    ], 
    "SeriesNumber": 9, 
    "AcquisitionTime": "11:34:2.772500", 
    "AcquisitionNumber": 1, 
    "SliceThickness": 5, 
    "SpacingBetweenSlices": 5, 
    "SAR": 0.391142, 
    "EchoTime": 0.06, 
    "RepetitionTime": 0.61, 
    "FlipAngle": 90, 
    "PartialFourier": 0.875, 
    "BaseResolution": 96, 
    "ShimSetting": [
        5993, 
        -9589, 
        3399, 
        -2087, 
        30, 
        4882, 
        -480, 
        176
    ], 
    "DiffusionScheme": "Monopolar", 
    "TxRefAmp": 269.999, 
    "PhaseResolution": 1, 
    "ReceiveCoilName": "HeadNeck_64", 
    "ReceiveCoilActiveElements": "HC7;NC1,2", 
    "CoilString": "HC7;NC1_2", 
    "PulseSequenceDetails": "%SiemensSeq%_ep2d_diff", 
    "ConsistencyInfo": "N4_VE11C_LATEST_20160120", 
    "PercentPhaseFOV": 35.4167, 
    "EchoTrainLength": 30, 
    "PhaseEncodingSteps": 30, 
    "AcquisitionMatrixPE": 34, 
    "ReconMatrixPE": 34, 
    "BandwidthPerPixelPhaseEncode": 31.289, 
    "EffectiveEchoSpacing": 0.000940003, 
    "DerivedVendorReportedEchoSpacing": 0.000940003, 
    "TotalReadoutTime": 0.0310201, 
    "PixelBandwidth": 1270, 
    "DwellTime": 4.1e-06, 
    "PhaseEncodingDirection": "j-", 
    "SliceTiming": [
        0, 
        0.7, 
        1.45, 
        2.215, 
        2.99, 
        0.195, 
        0.895, 
        1.645, 
        2.41, 
        3.185, 
        0.3925, 
        1.0925, 
        1.8425, 
        2.6075, 
        3.3825
    ], 
    "ImageOrientationPatientDICOM": [
        0.998537, 
        -0.00808666, 
        0.0534708, 
        -3.14479e-08, 
        0.988756, 
        0.149535
    ], 
    "InPlanePhaseEncodingDirectionDICOM": "COL", 
    "ConversionSoftware": "dcm2niix", 
    "ConversionSoftwareVersion": "v1.0.20190410  (JP2:OpenJPEG) (JP-LS:CharLS) Clang8.1.0", 
    "Dcm2bidsVersion": "2.1.4"
}