{
    "Modality": "MR", 
    "MagneticFieldStrength": 3, 
    "ImagingFrequency": 123.253, 
    "Manufacturer": "Siemens", 
    "ManufacturersModelName": "Prisma", 
    "InstitutionName": "CUBRIC", 
    "InstitutionalDepartmentName": "Department", 
    "InstitutionAddress": "Maindy_Road_CARDIFF_Wales_GB_CF24_4HQ", 
    "DeviceSerialNumber": "66073", 
    "StationName": "AWP66073", 
    "BodyPartExamined": "CSPINE", 
    "PatientPosition": "HFS", 
    "ProcedureStepDescription": "3TWproj_324_SpinalCord", 
    "SoftwareVersions": "syngo_MR_E11", 
    "MRAcquisitionType": "3D", 
    "SeriesDescription": "T2w", 
    "ProtocolName": "T2w", 
    "ScanningSequence": "SE", 
    "SequenceVariant": "SK_SP_OSP", 
    "ScanOptions": "PFP", 
    "SequenceName": "_spcR_100", 
    "ImageType": [
        "ORIGINAL", 
        "PRIMARY", 
        "M", 
        "NORM", 
        "DIS3D", 
        "DIS2D"
    ], 
    "SeriesNumber": 3, 
    "AcquisitionTime": "10:26:57.685000", 
    "AcquisitionNumber": 1, 
    "SliceThickness": 0.8, 
    "SAR": 0.456117, 
    "EchoTime": 0.12, 
    "RepetitionTime": 1.5, 
    "FlipAngle": 120, 
    "PartialFourier": 1, 
    "BaseResolution": 320, 
    "ShimSetting": [
        9807, 
        59, 
        -2898, 
        41, 
        24, 
        -25, 
        -19, 
        28
    ], 
    "TxRefAmp": 270.293, 
    "PhaseResolution": 1, 
    "PhaseOversampling": 0.8, 
    "ReceiveCoilName": "HeadNeck_64", 
    "ReceiveCoilActiveElements": "HC5-7;NC1,2", 
    "CoilString": "HC5-7;NC1_2", 
    "PulseSequenceDetails": "%SiemensSeq%_tse_vfl", 
    "ConsistencyInfo": "N4_VE11C_LATEST_20160120", 
    "PercentPhaseFOV": 100, 
    "EchoTrainLength": 76, 
    "PhaseEncodingSteps": 422, 
    "AcquisitionMatrixPE": 320, 
    "ReconMatrixPE": 320, 
    "PixelBandwidth": 625, 
    "DwellTime": 2.5e-06, 
    "ImageOrientationPatientDICOM": [
        -2.14e-13, 
        1, 
        4.892e-12, 
        0.0436194, 
        4.897e-12, 
        -0.999048
    ], 
    "InPlanePhaseEncodingDirectionDICOM": "COL", 
    "ConversionSoftware": "dcm2niix", 
    "ConversionSoftwareVersion": "v1.0.20181125  (JP2:OpenJPEG) (JP-LS:CharLS) Clang8.1.0", 
    "Dcm2bidsVersion": "2.1.4"
}