{
	"Modality": "MR",
	"MagneticFieldStrength": 3,
	"Manufacturer": "Siemens",
	"ManufacturersModelName": "Prisma_fit",
	"InstitutionName": "IUGM",
	"InstitutionalDepartmentName": "Department",
	"InstitutionAddress": "Chemin_Queen-Mary_4565_Montreal_District_CA_H3W_1W5",
	"DeviceSerialNumber": "167006",
	"StationName": "MRC35049",
	"BodyPartExamined": "SPINE",
	"PatientPosition": "HFS",
	"ProcedureStepDescription": "spine_generic",
	"SoftwareVersions": "syngo_MR_E11",
	"MRAcquisitionType": "3D",
	"SeriesDescription": "GRE-MT1",
	"ProtocolName": "GRE-MT1",
	"ScanningSequence": "GR",
	"SequenceVariant": "MTC_SP",
	"ScanOptions": "MT",
	"SequenceName": "_fl3d1",
	"ImageType": ["ORIGINAL", "PRIMARY", "M", "DIS2D"],
	"SeriesNumber": 5,
	"AcquisitionTime": "12:49:35.695000",
	"AcquisitionNumber": 1,
	"SliceThickness": 5,
	"SAR": 0.515983,
	"EchoTime": 0.00313,
	"RepetitionTime": 0.035,
	"FlipAngle": 9,
	"PartialFourier": 1,
	"BaseResolution": 256,
	"ShimSetting": [
		639,
		-7425,
		-9156,
		-911,
		-8,
		1253,
		787,
		-127	],
	"TxRefAmp": 280.893,
	"PhaseResolution": 1,
	"ReceiveCoilName": "HeadNeck_64",
	"ReceiveCoilActiveElements": "HC5-7;NC1,2",
	"PulseSequenceDetails": "%SiemensSeq%_gre",
	"ConsistencyInfo": "N4_VE11C_LATEST_20160120",
	"PercentPhaseFOV": 100,
	"PhaseEncodingSteps": 255,
	"AcquisitionMatrixPE": 256,
	"ReconMatrixPE": 256,
	"ParallelReductionFactorInPlane": 2,
	"PixelBandwidth": 260,
	"DwellTime": 7.5e-06,
	"ImageOrientationPatientDICOM": [
		1,
		-1.11898e-05,
		6.79104e-05,
		6.83363e-08,
		0.986856,
		0.161602	],
	"InPlanePhaseEncodingDirectionDICOM": "COL",
	"ConversionSoftware": "dcm2niix",
	"ConversionSoftwareVersion": "v1.0.20180622 (JP2:OpenJPEG) GCC6.1.0"
}
