{
	"Modality": "MR",
	"MagneticFieldStrength": 3,
	"Manufacturer": "Siemens",
	"ManufacturersModelName": "Prisma_fit",
	"InstitutionName": "HOSPITAL_CLINIC_BARCELONA",
	"InstitutionalDepartmentName": "Department",
	"InstitutionAddress": "C_Villarroel_170_Barcelona_District_ES_08036",
	"DeviceSerialNumber": "167044",
	"StationName": "MRC35200",
	"BodyPartExamined": "CSPINE",
	"PatientPosition": "HFS",
	"ProcedureStepDescription": "RM_CEREBRAL",
	"SoftwareVersions": "syngo_MR_E11",
	"MRAcquisitionType": "2D",
	"SeriesDescription": "GRE-ME",
	"ProtocolName": "GRE-ME",
	"ScanningSequence": "GR",
	"SequenceVariant": "SP",
	"SequenceName": "_me2d1r3",
	"ImageType": ["ORIGINAL", "PRIMARY", "M", "NORM", "DIS2D"],
	"SeriesNumber": 8,
	"AcquisitionTime": "12:30:59.965000",
	"AcquisitionNumber": 1,
	"SliceThickness": 5,
	"SpacingBetweenSlices": 5,
	"SAR": 0.0257665,
	"EchoTime": 0.014,
	"RepetitionTime": 0.6,
	"FlipAngle": 30,
	"PartialFourier": 1,
	"BaseResolution": 448,
	"ShimSetting": [
		3024,
		6941,
		10414,
		-916,
		234,
		161,
		464,
		-150	],
	"TxRefAmp": 345.367,
	"PhaseResolution": 1,
	"ReceiveCoilName": "HeadNeck_64",
	"ReceiveCoilActiveElements": "HC7;NC1,2",
	"PulseSequenceDetails": "%SiemensSeq%_medic",
	"ConsistencyInfo": "N4_VE11C_LATEST_20160120",
	"PercentPhaseFOV": 100,
	"EchoTrainLength": 3,
	"PhaseEncodingSteps": 447,
	"AcquisitionMatrixPE": 448,
	"ReconMatrixPE": 448,
	"ParallelReductionFactorInPlane": 2,
	"PixelBandwidth": 260,
	"DwellTime": 4.3e-06,
	"PhaseEncodingDirection": "j-",
	"ImageOrientationPatientDICOM": [
		1,
		0,
		0,
		0,
		0.982613,
		0.185667	],
	"InPlanePhaseEncodingDirectionDICOM": "COL",
	"ConversionSoftware": "dcm2niix",
	"ConversionSoftwareVersion": "v1.0.20180622 GCC5.3.1"
}
