{
	"Modality": "MR",
	"MagneticFieldStrength": 3,
	"Manufacturer": "GE",
	"ManufacturersModelName": "SIGNA_PET_MR",
	"InstitutionName": "FN_Brno",
	"DeviceSerialNumber": "000000CS1013MR01",
	"StationName": "PETMR",
	"PatientPosition": "HFS",
	"SoftwareVersions": "26_LX_MR_Software_release:MP24.0_R03_1712.b",
	"MRAcquisitionType": "3D",
	"SeriesDescription": "GRE-MT0",
	"ProtocolName": "GRE-MT0",
	"ScanningSequence": "GR",
	"SequenceVariant": "SS_SP",
	"ScanOptions": "EDR_GEMS_FILTERED_GEMS_PFF",
	"ImageType": ["ORIGINAL", "PRIMARY", "OTHER"],
	"SeriesNumber": 8,
	"AcquisitionTime": "13:23:6.000000",
	"AcquisitionNumber": 1,
	"SliceThickness": 5,
	"SpacingBetweenSlices": 5,
	"SAR": 0.00544443,
	"EchoTime": 0.004,
	"RepetitionTime": 0.035,
	"FlipAngle": 9,
	"PercentPhaseFOV": 100,
	"AcquisitionMatrixPE": 192,
	"ReconMatrixPE": 256,
	"PixelBandwidth": 325.547,
	"ImageOrientationPatientDICOM": [
		0.999341,
		3.52804e-07,
		0.0362986,
		-0.00304104,
		0.996485,
		0.0837121	],
	"InPlanePhaseEncodingDirectionDICOM": "COL",
	"ConversionSoftware": "dcm2niix",
	"ConversionSoftwareVersion": "v1.0.20180622 (JP2:OpenJPEG) GCC6.1.0"
}
