{
    "Modality": "MR",
    "MagneticFieldStrength": 3,
    "ImagingFrequency": 127.753,
    "Manufacturer": "Philips",
    "ManufacturersModelName": "Achieva",
    "InstitutionName": "Fondazione_S.Lucia",
    "InstitutionalDepartmentName": "Diagnostica_per_Immagine",
    "DeviceSerialNumber": "34249",
    "StationName": "PHILIPS-29CDACE",
    "BodyPartExamined": "SPINE",
    "PatientPosition": "HFS",
    "ProcedureStepDescription": "FRATINI",
    "SoftwareVersions": "5.4.1_5.4.1.1",
    "MRAcquisitionType": "3D",
    "SeriesDescription": "T2w",
    "ProtocolName": "T2w",
    "ScanningSequence": "SE",
    "SequenceVariant": "SK",
    "ScanOptions": "PFP",
    "ImageType": [
        "ORIGINAL",
        "PRIMARY",
        "M",
        "SE",
        "M",
        "SE"
    ],
    "SeriesNumber": 501,
    "AcquisitionTime": "15:43:1.780000",
    "AcquisitionNumber": 5,
    "PhilipsRWVSlope": 1.35604,
    "PhilipsRWVIntercept": 0,
    "PhilipsRescaleSlope": 1.35604,
    "PhilipsRescaleIntercept": 0,
    "PhilipsScaleSlope": 0.000106924,
    "UsePhilipsFloatNotDisplayScaling": 1,
    "SliceThickness": 0.8,
    "SpacingBetweenSlices": 0.8,
    "SAR": 1.29941,
    "EchoTime": 0.12,
    "RepetitionTime": 3.5,
    "FlipAngle": 90,
    "CoilString": "MULTI_COIL",
    "PercentPhaseFOV": 92.5,
    "EchoTrainLength": 92,
    "PhaseEncodingSteps": 316,
    "AcquisitionMatrixPE": 316,
    "ReconMatrixPE": 320,
    "PixelBandwidth": 368,
    "ImageOrientationPatientDICOM": [
        0,
        1,
        0,
        0.0217367,
        0,
        -0.999764
    ],
    "InPlanePhaseEncodingDirectionDICOM": "ROW",
    "ConversionSoftware": "dcm2niix",
    "ConversionSoftwareVersion": "v1.0.20190410  (JP2:OpenJPEG) (JP-LS:CharLS) Clang8.1.0",
    "Dcm2bidsVersion": "2.1.4",
    "SpatialReference": {
        "Resampling": "0.8x0.8x0.8",
        "Reorientation": "RPI"
    }
}