{
	"Modality": "MR",
	"MagneticFieldStrength": 3,
	"Manufacturer": "GE",
	"ManufacturersModelName": "DISCOVERY_MR750w",
	"InstitutionName": "JUNTENDO_UNV_HP",
	"DeviceSerialNumber": "0000000000EM0236",
	"StationName": "GEMR750W",
	"BodyPartExamined": "CSPINE",
	"PatientPosition": "HFS",
	"SoftwareVersions": "27_LX_MR_Software_release:DV26.0_R02_1810.b",
	"MRAcquisitionType": "2D",
	"SeriesDescription": "GRE-ME",
	"ProtocolName": "GRE-ME",
	"ScanningSequence": "GR",
	"SequenceVariant": "SS_SK",
	"ScanOptions": "FAST_GEMS_FC_SAT_GEMS_EDR_GEMS_FILTERED_GEMS_ACC_GEMS_SP",
	"ImageType": ["ORIGINAL", "PRIMARY", "OTHER"],
	"SeriesNumber": 11,
	"AcquisitionTime": "20:47:13.000000",
	"AcquisitionNumber": 1,
	"SliceThickness": 5,
	"SpacingBetweenSlices": 5,
	"SAR": 0.552078,
	"EchoTime": 0.014736,
	"RepetitionTime": 0.6,
	"FlipAngle": 30,
	"PercentPhaseFOV": 100,
	"EchoTrainLength": 3,
	"AcquisitionMatrixPE": 448,
	"ReconMatrixPE": 448,
	"PixelBandwidth": 279.018,
	"ImageOrientationPatientDICOM": [
		0.99994,
		0.01062,
		-0.00067,
		-0.01017,
		0.97239,
		0.23312	],
	"InPlanePhaseEncodingDirectionDICOM": "COL",
	"ConversionSoftware": "dcm2niix",
	"ConversionSoftwareVersion": "v1.0.20171215 (OpenJPEG build) Clang8.1.0"
}
