{
    "Modality": "MR", 
    "MagneticFieldStrength": 3, 
    "ImagingFrequency": 123.202, 
    "Manufacturer": "Siemens", 
    "ManufacturersModelName": "Verio", 
    "InstitutionName": "IRIS", 
    "InstitutionalDepartmentName": "Department", 
    "InstitutionAddress": "Place_de_l_Hopital_1_Strasbourg_District_FR_67000", 
    "DeviceSerialNumber": "40480", 
    "StationName": "MEDPC", 
    "PatientPosition": "HFS", 
    "ProcedureStepDescription": "PROTOCOLES_METHODO", 
    "SoftwareVersions": "syngo_MR_B17", 
    "MRAcquisitionType": "2D", 
    "SeriesDescription": "DWI_b0", 
    "ProtocolName": "DWI_b0", 
    "ScanningSequence": "EP", 
    "SequenceVariant": "SK_SP", 
    "ScanOptions": "PFP_SAT2_WE_CT", 
    "SequenceName": "_ep_b0", 
    "ImageType": [
        "ORIGINAL", 
        "PRIMARY", 
        "DIFFUSION", 
        "NONE", 
        "ND"
    ], 
    "SeriesNumber": 6, 
    "AcquisitionTime": "09:37:31.340000", 
    "AcquisitionNumber": 1, 
    "SliceThickness": 5, 
    "SpacingBetweenSlices": 5, 
    "SAR": 0.282455, 
    "EchoTime": 0.095, 
    "RepetitionTime": 0.64, 
    "FlipAngle": 90, 
    "PartialFourier": 0.75, 
    "BaseResolution": 96, 
    "ShimSetting": [
        -8566, 
        781, 
        2005, 
        -1895, 
        558, 
        1494, 
        2219, 
        -331
    ], 
    "TxRefAmp": 499.045, 
    "PhaseResolution": 1, 
    "ReceiveCoilName": "NeckMatrix", 
    "CoilString": "D:NE1_2", 
    "PulseSequenceDetails": "%SiemensSeq%_ep2d_diff", 
    "PercentPhaseFOV": 100, 
    "PhaseEncodingSteps": 72, 
    "AcquisitionMatrixPE": 96, 
    "ReconMatrixPE": 96, 
    "BandwidthPerPixelPhaseEncode": 15.319, 
    "ParallelReductionFactorInPlane": 2, 
    "EffectiveEchoSpacing": 0.000679983, 
    "DerivedVendorReportedEchoSpacing": 0.00135997, 
    "TotalReadoutTime": 0.0645984, 
    "PixelBandwidth": 814, 
    "DwellTime": 6.4e-06, 
    "PhaseEncodingDirection": "j-", 
    "ImageOrientationPatientDICOM": [
        0.99854, 
        0.00264249, 
        -0.0539496, 
        -4.76475e-08, 
        0.998803, 
        0.0489212
    ], 
    "InPlanePhaseEncodingDirectionDICOM": "COL", 
    "ConversionSoftware": "dcm2niix", 
    "ConversionSoftwareVersion": "v1.0.20181125  GCC4.9.2", 
    "Dcm2bidsVersion": "2.1.4"
}