{
    "Modality": "MR",
    "MagneticFieldStrength": 3,
    "ImagingFrequency": 123.254,
    "Manufacturer": "Siemens",
    "ManufacturersModelName": "MAGNETOM Vida",
    "InstitutionName": "UC Davis Health PAV3T",
    "InstitutionAddress": "2315,\r\nStockton Blvd.,\r\nSacramento,\r\nCalifornia,\r\nUS,\r\n95817",
    "DeviceSerialNumber": "175872",
    "BodyPartExamined": "CSPINE",
    "PatientPosition": "HFS",
    "SoftwareVersions": "syngo MR XA11",
    "MRAcquisitionType": "2D",
    "SeriesDescription": "GRE-ME",
    "ProtocolName": "GRE-ME",
    "ScanningSequence": "GR",
    "SequenceVariant": "SK",
    "ScanOptions": "SP\\CG\\RG\\PER",
    "SequenceName": "*me2d1r3",
    "ImageType": [
        "ORIGINAL",
        "PRIMARY",
        "M",
        "NORM",
        "DIS2D",
        "MFSPLIT"
    ],
    "SeriesNumber": 13001,
    "AcquisitionTime": "10:03:47.325000",
    "AcquisitionNumber": 1,
    "FrameTimesStart": [
        0
    ],
    "SliceThickness": 5,
    "SpacingBetweenSlices": 5,
    "SAR": 0.39848,
    "NumberOfAverages": 2,
    "EchoTime": 0.014,
    "RepetitionTime": 0.6,
    "FlipAngle": 30,
    "ReceiveCoilActiveElements": "HC7;NC1,2",
    "CoilString": "HeadNeck_64_CS",
    "PartialFourier": 0.0133929,
    "PercentPhaseFOV": 100,
    "PercentSampling": 100,
    "EchoTrainLength": 3,
    "PhaseEncodingSteps": 448,
    "AcquisitionMatrixPE": 448,
    "ReconMatrixPE": 448,
    "ParallelReductionFactorInPlane": 2,
    "PixelBandwidth": 260,
    "PhaseEncodingDirection": "j-",
    "SliceTiming": [
        0.28125,
        0.55469,
        0.23438,
        0.51562,
        0.19531,
        0.47656,
        0.15625,
        0.4375,
        0.11719,
        0.39844,
        0.07812,
        0.35938,
        0.03906,
        0.32031,
        0
    ],
    "ImageOrientationPatientDICOM": [
        0.999116,
        -0.00683434,
        0.0414838,
        -6.01953e-08,
        0.986699,
        0.162558
    ],
    "InPlanePhaseEncodingDirectionDICOM": "COL",
    "ConversionSoftware": "dcm2niix",
    "ConversionSoftwareVersion": "v1.0.20201224",
    "Dcm2bidsVersion": "2.1.6",
    "AcquisitionDuration": 285.0,
    "SpatialReference": {
        "Reorientation": "RPI",
        "Other": "root-mean square across 4th dimension (if it exists)"
    }
}