{
    "Modality": "MR",
    "MagneticFieldStrength": 3,
    "ImagingFrequency": 123.254,
    "Manufacturer": "Siemens",
    "ManufacturersModelName": "MAGNETOM Vida",
    "InstitutionName": "UC Davis Health PAV3T",
    "InstitutionAddress": "2315,\r\nStockton Blvd.,\r\nSacramento,\r\nCalifornia,\r\nUS,\r\n95817",
    "DeviceSerialNumber": "175872",
    "BodyPartExamined": "CSPINE",
    "PatientPosition": "HFS",
    "SoftwareVersions": "syngo MR XA11",
    "MRAcquisitionType": "3D",
    "SeriesDescription": "GRE-MT1",
    "ProtocolName": "GRE-MT1",
    "ScanningSequence": "GR",
    "SequenceVariant": "SK",
    "ScanOptions": "CG\\RG\\PER",
    "SequenceName": "*fl3d1",
    "ImageType": [
        "ORIGINAL",
        "PRIMARY",
        "M",
        "NORM",
        "DIS2D",
        "MFSPLIT"
    ],
    "SeriesNumber": 11001,
    "AcquisitionTime": "09:59:20.225000",
    "AcquisitionNumber": 1,
    "FrameTimesStart": [
        0
    ],
    "SliceThickness": 5,
    "SAR": 0.92729,
    "EchoTime": 0.00316,
    "RepetitionTime": 0.035,
    "FlipAngle": 9,
    "ReceiveCoilActiveElements": "HC5-7;NC1,2",
    "CoilString": "HeadNeck_64_CS",
    "PercentPhaseFOV": 100,
    "PercentSampling": 100,
    "PhaseEncodingSteps": 256,
    "AcquisitionMatrixPE": 256,
    "ReconMatrixPE": 256,
    "ParallelReductionFactorInPlane": 2,
    "PixelBandwidth": 260,
    "ImageOrientationPatientDICOM": [
        0.999116,
        -0.00683434,
        0.0414838,
        -6.01953e-08,
        0.986699,
        0.162558
    ],
    "InPlanePhaseEncodingDirectionDICOM": "COL",
    "ConversionSoftware": "dcm2niix",
    "ConversionSoftwareVersion": "v1.0.20201224",
    "Dcm2bidsVersion": "2.1.6",
    "SpatialReference": {
        "Reorientation": "RPI"
    }
}