{
    "Modality": "MR",
    "MagneticFieldStrength": 3,
    "ImagingFrequency": 123.254,
    "Manufacturer": "Siemens",
    "ManufacturersModelName": "Prisma",
    "InstitutionName": "Beijing_Tiantan_Hospital",
    "InstitutionalDepartmentName": "Department",
    "InstitutionAddress": "Street_StreetNo_Beijing_Fengtai_CN_ZIP",
    "DeviceSerialNumber": "166118",
    "StationName": "AWP166118",
    "BodyPartExamined": "CTSPINE",
    "PatientPosition": "HFS",
    "ProcedureStepDescription": "Research_Research",
    "SoftwareVersions": "syngo_MR_E11",
    "MRAcquisitionType": "2D",
    "SeriesDescription": "GRE-ME",
    "ProtocolName": "GRE-ME",
    "ScanningSequence": "GR",
    "SequenceVariant": "SP",
    "ScanOptions": "SAT1",
    "SequenceName": "_me2d1r3",
    "ImageType": [
        "ORIGINAL",
        "PRIMARY",
        "M",
        "NORM",
        "DIS2D"
    ],
    "SeriesNumber": 8,
    "AcquisitionTime": "19:31:21.227500",
    "AcquisitionNumber": 1,
    "SliceThickness": 5,
    "SpacingBetweenSlices": 5,
    "SAR": 0.128945,
    "NumberOfAverages": 2,
    "EchoTime": 0.014,
    "RepetitionTime": 0.6,
    "FlipAngle": 30,
    "PartialFourier": 1,
    "BaseResolution": 448,
    "ShimSetting": [
        2041,
        -11777,
        -5948,
        -1370,
        -129,
        1105,
        811,
        89
    ],
    "TxRefAmp": 254.69,
    "PhaseResolution": 1,
    "ReceiveCoilName": "HeadNeck_64",
    "ReceiveCoilActiveElements": "HC7;NC1,2",
    "CoilString": "HC7;NC1_2",
    "PulseSequenceDetails": "%SiemensSeq%_medic",
    "RefLinesPE": 24,
    "ConsistencyInfo": "N4_VE11C_LATEST_20160120",
    "PercentPhaseFOV": 100,
    "EchoTrainLength": 3,
    "PhaseEncodingSteps": 447,
    "AcquisitionMatrixPE": 448,
    "ReconMatrixPE": 448,
    "ParallelReductionFactorInPlane": 2,
    "PixelBandwidth": 260,
    "DwellTime": 4.3e-06,
    "PhaseEncodingDirection": "j-",
    "SliceTiming": [
        0,
        0.3125,
        0.03125,
        0.35938,
        0.07812,
        0.39062,
        0.10938,
        0.4375,
        0.15625,
        0.46875,
        0.1875,
        0.51562,
        0.23438,
        0.54688,
        0.28125
    ],
    "ImageOrientationPatientDICOM": [
        1,
        0,
        0,
        0,
        0.990268,
        0.139173
    ],
    "InPlanePhaseEncodingDirectionDICOM": "COL",
    "ConversionSoftware": "dcm2niix",
    "ConversionSoftwareVersion": "v1.0.20190902",
    "Dcm2bidsVersion": "2.1.4",
    "AcquisitionDuration": 285.0
}