{
    "Modality": "MR", 
    "MagneticFieldStrength": 3, 
    "ImagingFrequency": 123.254, 
    "Manufacturer": "Siemens", 
    "ManufacturersModelName": "Prisma", 
    "InstitutionName": "Beijing_Tiantan_Hospital", 
    "InstitutionalDepartmentName": "Department", 
    "InstitutionAddress": "Street_StreetNo_Beijing_Fengtai_CN_ZIP", 
    "DeviceSerialNumber": "166118", 
    "StationName": "AWP166118", 
    "BodyPartExamined": "CTSPINE", 
    "PatientPosition": "HFS", 
    "ProcedureStepDescription": "Research_Research", 
    "SoftwareVersions": "syngo_MR_E11", 
    "MRAcquisitionType": "3D", 
    "SeriesDescription": "GRE-MT0", 
    "ProtocolName": "GRE-MT0", 
    "ScanningSequence": "GR", 
    "SequenceVariant": "SP", 
    "SequenceName": "_fl3d1", 
    "ImageType": [
        "ORIGINAL", 
        "PRIMARY", 
        "M", 
        "NORM", 
        "DIS2D"
    ], 
    "SeriesNumber": 6, 
    "AcquisitionTime": "19:28:4.942500", 
    "AcquisitionNumber": 1, 
    "SliceThickness": 5, 
    "SAR": 0.00304757, 
    "EchoTime": 0.00313, 
    "RepetitionTime": 0.035, 
    "FlipAngle": 9, 
    "PartialFourier": 1, 
    "BaseResolution": 256, 
    "ShimSetting": [
        2085, 
        -11691, 
        -5983, 
        -1103, 
        -210, 
        1577, 
        -148, 
        70
    ], 
    "TxRefAmp": 254.69, 
    "PhaseResolution": 1, 
    "ReceiveCoilName": "HeadNeck_64", 
    "ReceiveCoilActiveElements": "HC5-7;NC1,2", 
    "CoilString": "HC5-7;NC1_2", 
    "PulseSequenceDetails": "%SiemensSeq%_gre", 
    "RefLinesPE": 32, 
    "ConsistencyInfo": "N4_VE11C_LATEST_20160120", 
    "PercentPhaseFOV": 100, 
    "PhaseEncodingSteps": 255, 
    "AcquisitionMatrixPE": 256, 
    "ReconMatrixPE": 256, 
    "ParallelReductionFactorInPlane": 2, 
    "PixelBandwidth": 260, 
    "DwellTime": 7.5e-06, 
    "ImageOrientationPatientDICOM": [
        1, 
        0, 
        0, 
        0, 
        0.990268, 
        0.139173
    ], 
    "InPlanePhaseEncodingDirectionDICOM": "COL", 
    "ConversionSoftware": "dcm2niix", 
    "ConversionSoftwareVersion": "v1.0.20190902", 
    "Dcm2bidsVersion": "2.1.4"
}