{
    "Modality": "MR",
    "MagneticFieldStrength": 3,
    "Manufacturer": "Siemens",
    "ManufacturersModelName": "Prisma_fit",
    "InstitutionName": "IUGM",
    "InstitutionalDepartmentName": "Department",
    "InstitutionAddress": "Chemin_Queen-Mary_4565_Montreal_District_CA_H3W_1W5",
    "DeviceSerialNumber": "167006",
    "StationName": "MRC35049",
    "BodyPartExamined": "SPINE",
    "PatientPosition": "HFS",
    "ProcedureStepDescription": "spine_generic",
    "SoftwareVersions": "syngo_MR_E11",
    "MRAcquisitionType": "3D",
    "SeriesDescription": "GRE-MT1",
    "ProtocolName": "GRE-MT1",
    "ScanningSequence": "GR",
    "SequenceVariant": "MTC_SP",
    "ScanOptions": "MT",
    "SequenceName": "_fl3d1",
    "ImageType": [
        "ORIGINAL",
        "PRIMARY",
        "M",
        "DIS2D"
    ],
    "SeriesNumber": 5,
    "AcquisitionTime": "13:23:6.960000",
    "AcquisitionNumber": 1,
    "SliceThickness": 5,
    "SAR": 0.52093,
    "EchoTime": 0.00313,
    "RepetitionTime": 0.035,
    "FlipAngle": 9,
    "PartialFourier": 1,
    "BaseResolution": 256,
    "ShimSetting": [
        640,
        -7312,
        -9004,
        -1033,
        -237,
        1907,
        -463,
        174
    ],
    "TxRefAmp": 253.992,
    "PhaseResolution": 1,
    "ReceiveCoilName": "HeadNeck_64",
    "ReceiveCoilActiveElements": "HC5-7;NC1,2",
    "PulseSequenceDetails": "%SiemensSeq%_gre",
    "ConsistencyInfo": "N4_VE11C_LATEST_20160120",
    "PercentPhaseFOV": 100,
    "PhaseEncodingSteps": 255,
    "AcquisitionMatrixPE": 256,
    "ReconMatrixPE": 256,
    "ParallelReductionFactorInPlane": 2,
    "PixelBandwidth": 260,
    "DwellTime": 7.5e-06,
    "ImageOrientationPatientDICOM": [
        1,
        0,
        0,
        0,
        0.985996,
        0.166769
    ],
    "InPlanePhaseEncodingDirectionDICOM": "COL",
    "ConversionSoftware": "dcm2niix",
    "ConversionSoftwareVersion": "v1.0.20180622 (JP2:OpenJPEG) GCC6.1.0",
    "SpatialReference": {
        "Reorientation": "RPI"
    }
}