{
	"Modality": "MR",
	"MagneticFieldStrength": 3,
	"ImagingFrequency": 127.762,
	"Manufacturer": "Philips",
	"ManufacturersModelName": "Ingenia_CX",
	"InstitutionName": "Tokyo_University_Hospital",
	"InstitutionalDepartmentName": "Radiology",
	"DeviceSerialNumber": "78091",
	"StationName": "HOST-77RBK8NK2K",
	"BodyPartExamined": "SPINE",
	"PatientPosition": "HFS",
	"SoftwareVersions": "5.3.1_5.3.1.1",
	"MRAcquisitionType": "3D",
	"SeriesDescription": "T1w",
	"ProtocolName": "T1w",
	"ScanningSequence": "GR",
	"SequenceVariant": "MP",
	"ScanOptions": "OTHER",
	"ImageType": ["ORIGINAL", "PRIMARY", "M", "FFE", "M", "FFE"],
	"SeriesNumber": 301,
	"AcquisitionTime": "17:20:7.250000",
	"AcquisitionNumber": 3,
	"PhilipsRescaleSlope": 3.96239,
	"PhilipsRescaleIntercept": 0,
	"PhilipsScaleSlope": 0.00385683,
	"UsePhilipsFloatNotDisplayScaling": 1,
	"SliceThickness": 1,
	"SpacingBetweenSlices": 1,
	"SAR": 0.0334169,
	"EchoTime": 0.003544,
	"RepetitionTime": 0.0076432,
	"FlipAngle": 9,
	"CoilString": "MULTI_COIL",
	"PercentPhaseFOV": 81.25,
	"EchoTrainLength": 246,
	"PhaseEncodingSteps": 320,
	"AcquisitionMatrixPE": 320,
	"ReconMatrixPE": 320,
	"PixelBandwidth": 191,
	"ImageOrientationPatientDICOM": [
		1.26116e-16,
		1,
		1.23464e-16,
		0.00860639,
		1.22374e-16,
		-0.999963	],
	"InPlanePhaseEncodingDirectionDICOM": "ROW",
	"ConversionSoftware": "dcm2niix",
	"ConversionSoftwareVersion": "v1.0.20181125  Clang10.0.0"
}
