{
	"Modality": "MR",
	"MagneticFieldStrength": 3,
	"Manufacturer": "GE",
	"ManufacturersModelName": "SIGNA_PET_MR",
	"InstitutionName": "FN_Brno",
	"DeviceSerialNumber": "000000CS1013MR01",
	"StationName": "PETMR",
	"PatientPosition": "HFS",
	"SoftwareVersions": "26_LX_MR_Software_release:MP24.0_R03_1712.b",
	"MRAcquisitionType": "2D",
	"SeriesDescription": "DWI",
	"ProtocolName": "DWI",
	"ScanningSequence": "EP_SE",
	"SequenceVariant": "NONE",
	"ScanOptions": "SAT_GEMS_PPG_EDR_GEMS_EPI_GEMS_PFF_FS",
	"ImageType": ["ORIGINAL", "PRIMARY", "OTHER"],
	"SeriesNumber": 5,
	"AcquisitionTime": "15:19:32.000000",
	"AcquisitionNumber": 1,
	"SliceThickness": 5,
	"SpacingBetweenSlices": 5,
	"SAR": 0.125836,
	"EchoTime": 0.0788,
	"RepetitionTime": 5.71429,
	"FlipAngle": 90,
	"PercentPhaseFOV": 50,
	"AcquisitionMatrixPE": 48,
	"ReconMatrixPE": 256,
	"EffectiveEchoSpacing": 0.001192,
	"TotalReadoutTime": 0.30396,
	"PixelBandwidth": 781.25,
	"PhaseEncodingAxis": "j",
	"ImageOrientationPatientDICOM": [
		0.993248,
		-0,
		0.116008,
		-0.0168784,
		0.989359,
		0.144512	],
	"InPlanePhaseEncodingDirectionDICOM": "COL",
	"ConversionSoftware": "dcm2niix",
	"ConversionSoftwareVersion": "v1.0.20180622 (JP2:OpenJPEG) GCC6.1.0"
}
