{
	"Modality": "MR",
	"MagneticFieldStrength": 3,
	"ImagingFrequency": 123.258,
	"Manufacturer": "Siemens",
	"ManufacturersModelName": "Skyra",
	"InstitutionName": "MT_SINAI_MED_CTR_3T_SKYRA_RE_MR12",
	"InstitutionalDepartmentName": "Department",
	"InstitutionAddress": "Madison_Avenue_1470_New_York_NYC_US_10029",
	"DeviceSerialNumber": "45435",
	"StationName": "AWP45435",
	"BodyPartExamined": "CSPINE",
	"PatientPosition": "HFS",
	"ProcedureStepDescription": "RE_MRI_SPINE_CERVICAL_WITHOUT_CONTRAST",
	"SoftwareVersions": "syngo_MR_E11",
	"MRAcquisitionType": "2D",
	"SeriesDescription": "GRE-ME",
	"ProtocolName": "GRE-ME",
	"ScanningSequence": "GR",
	"SequenceVariant": "SP",
	"ScanOptions": "SAT1",
	"SequenceName": "_me2d1r3",
	"ImageType": ["ORIGINAL", "PRIMARY", "M", "NORM", "DIS2D"],
	"SeriesNumber": 11,
	"AcquisitionTime": "12:59:32.212500",
	"AcquisitionNumber": 1,
	"SliceThickness": 5,
	"SpacingBetweenSlices": 5,
	"SAR": 0.350456,
	"EchoTime": 0.014,
	"RepetitionTime": 0.6,
	"FlipAngle": 30,
	"PartialFourier": 1,
	"BaseResolution": 448,
	"ShimSetting": [
		3283,
		-11749,
		10262,
		-712,
		-848,
		4999,
		1010,
		408	],
	"TxRefAmp": 375.07,
	"PhaseResolution": 1,
	"ReceiveCoilName": "HeadNeck_20",
	"ReceiveCoilActiveElements": "HE3,4;NE1,2",
	"CoilString": "HE3_4;NE1_2",
	"PulseSequenceDetails": "%SiemensSeq%_medic",
	"ConsistencyInfo": "N4_VE11C_LATEST_20160120",
	"PercentPhaseFOV": 100,
	"EchoTrainLength": 3,
	"PhaseEncodingSteps": 447,
	"AcquisitionMatrixPE": 448,
	"ReconMatrixPE": 448,
	"ParallelReductionFactorInPlane": 2,
	"PixelBandwidth": 260,
	"DwellTime": 4.3e-06,
	"PhaseEncodingDirection": "j-",
	"ImageOrientationPatientDICOM": [
		0.997626,
		-0.0102394,
		0.0681013,
		-4.20969e-08,
		0.988885,
		0.148685	],
	"InPlanePhaseEncodingDirectionDICOM": "COL",
	"ConversionSoftware": "dcm2niix",
	"ConversionSoftwareVersion": "v1.0.20181114  GCC5.4.0"
}
