{
	"Modality": "MR",
	"MagneticFieldStrength": 3,
	"Manufacturer": "Siemens",
	"ManufacturersModelName": "Prisma_fit",
	"InstitutionName": "St_Lucia_Campus",
	"InstitutionalDepartmentName": "Gehrmann_Labs_MRI",
	"InstitutionAddress": "Cooper_60_St._Lucia_QLD_AU_4072",
	"DeviceSerialNumber": "167001",
	"StationName": "mrc_Trio",
	"BodyPartExamined": "CSPINE",
	"PatientPosition": "HFS",
	"ProcedureStepDescription": "Research_14057_DTI_spine",
	"SoftwareVersions": "syngo_MR_E11",
	"MRAcquisitionType": "2D",
	"SeriesDescription": "DWI",
	"ProtocolName": "DWI",
	"ScanningSequence": "EP",
	"SequenceVariant": "SK_SP",
	"ScanOptions": "PFP_SFS_CT",
	"SequenceName": "_ez_b0",
	"ImageType": ["ORIGINAL", "PRIMARY", "DIFFUSION", "NONE", "ND", "MOSAIC"],
	"SeriesNumber": 2,
	"AcquisitionTime": "15:11:32.965000",
	"AcquisitionNumber": 1,
	"SliceThickness": 5,
	"SpacingBetweenSlices": 5,
	"SAR": 0.375133,
	"EchoTime": 0.06,
	"RepetitionTime": 0.61,
	"FlipAngle": 90,
	"PartialFourier": 0.875,
	"BaseResolution": 96,
	"ShimSetting": [
		3050,
		-4135,
		-929,
		-1451,
		100,
		4749,
		-1244,
		-207	],
	"TxRefAmp": 281.482,
	"PhaseResolution": 1,
	"ReceiveCoilName": "HeadNeck_64",
	"ReceiveCoilActiveElements": "HC7;NC1,2",
	"PulseSequenceDetails": "%SiemensSeq%_ep2d_diff",
	"ConsistencyInfo": "N4_VE11C_LATEST_20160120",
	"PercentPhaseFOV": 37.5,
	"EchoTrainLength": 31,
	"PhaseEncodingSteps": 31,
	"AcquisitionMatrixPE": 36,
	"ReconMatrixPE": 36,
	"BandwidthPerPixelPhaseEncode": 29.551,
	"EffectiveEchoSpacing": 0.000939995,
	"DerivedVendorReportedEchoSpacing": 0.000939994,
	"TotalReadoutTime": 0.0328998,
	"PixelBandwidth": 1270,
	"DwellTime": 4.1e-06,
	"PhaseEncodingDirection": "j-",
	"SliceTiming": [
		0,
		0.97,
		1.945,
		2.95,
		3.925,
		0.1975,
		1.1675,
		2.1425,
		3.1475,
		4.1225,
		0.395,
		1.365,
		2.34,
		3.345,
		4.32	],
	"ImageOrientationPatientDICOM": [
		0.99945,
		0.00358076,
		-0.0329612,
		-2.49013e-08,
		0.994151,
		0.107999	],
	"InPlanePhaseEncodingDirectionDICOM": "COL",
	"ConversionSoftware": "dcm2niix",
	"ConversionSoftwareVersion": "v1.0.20180622 GCC4.9.2"
}
