{
    "Modality": "MR",
    "MagneticFieldStrength": 3,
    "ImagingFrequency": 127.758,
    "Manufacturer": "Philips",
    "ManufacturersModelName": "Achieva_dStream",
    "InstitutionName": "Vanderbilt_Health_and_williamson",
    "InstitutionalDepartmentName": "Research_MRI",
    "InstitutionAddress": "1161_21st_Ave_South",
    "DeviceSerialNumber": "17240",
    "StationName": "mr3tb",
    "BodyPartExamined": "SPINE",
    "PatientPosition": "HFS",
    "ProcedureStepDescription": "Smith_236641",
    "SoftwareVersions": "5.3.0_5.3.0.3",
    "MRAcquisitionType": "2D",
    "SeriesDescription": "GRE-ME",
    "ProtocolName": "WIP_GRE-ME",
    "ScanningSequence": "GR",
    "SequenceVariant": "SS",
    "ScanOptions": "PFF",
    "ImageType": [
        "ORIGINAL",
        "PRIMARY",
        "M",
        "FFE",
        "M",
        "FFE"
    ],
    "SeriesNumber": 1201,
    "AcquisitionTime": "10:52:52.800000",
    "AcquisitionNumber": 12,
    "PhilipsRescaleSlope": 9.34017,
    "PhilipsRescaleIntercept": 0,
    "PhilipsScaleSlope": 0.0364063,
    "UsePhilipsFloatNotDisplayScaling": 1,
    "SliceThickness": 5,
    "SpacingBetweenSlices": 5,
    "EchoNumber": 1,
    "EchoTime": 0.00205,
    "RepetitionTime": 0.625,
    "FlipAngle": 30,
    "CoilString": "MULTI_COIL",
    "PartialFourier": 0.009375,
    "PercentPhaseFOV": 100,
    "EchoTrainLength": 3,
    "PhaseEncodingSteps": 320,
    "AcquisitionMatrixPE": 320,
    "ReconMatrixPE": 320,
    "PixelBandwidth": 241.127,
    "PhaseEncodingAxis": "j",
    "ImageOrientationPatientDICOM": [
        0.99999,
        -1.44729e-11,
        0.00454113,
        -0.000903067,
        0.980027,
        0.198862
    ],
    "InPlanePhaseEncodingDirectionDICOM": "COL",
    "ConversionSoftware": "dcm2niix",
    "ConversionSoftwareVersion": "v1.0.20181022  GCC4.8.5",
    "AcquisitionDuration": 242.5
}