{
	"Modality": "MR",
	"MagneticFieldStrength": 3,
	"Manufacturer": "GE",
	"ManufacturersModelName": "SIGNA_PET_MR",
	"InstitutionName": "FN_Brno",
	"DeviceSerialNumber": "000000CS1013MR01",
	"StationName": "PETMR",
	"PatientPosition": "HFS",
	"SoftwareVersions": "26_LX_MR_Software_release:MP24.0_R03_1712.b",
	"MRAcquisitionType": "3D",
	"SeriesDescription": "T2w",
	"ProtocolName": "T2w",
	"ScanningSequence": "SE",
	"SequenceVariant": "SK_OSP",
	"ScanOptions": "FC_FREQ_AX_GEMS_FC_SAT_GEMS_NPW_EDR_GEMS_FILTERED_GEMS_ACC_GEMS",
	"ImageType": ["ORIGINAL", "PRIMARY", "OTHER"],
	"SeriesNumber": 4,
	"AcquisitionTime": "13:07:46.000000",
	"AcquisitionNumber": 1,
	"SliceThickness": 0.8,
	"SpacingBetweenSlices": 0.8,
	"SAR": 0.859103,
	"EchoTime": 0.131954,
	"RepetitionTime": 2.5,
	"FlipAngle": 90,
	"PercentPhaseFOV": 100,
	"EchoTrainLength": 78,
	"AcquisitionMatrixPE": 320,
	"ReconMatrixPE": 512,
	"PixelBandwidth": 325.508,
	"ImageOrientationPatientDICOM": [
		-0,
		1,
		0,
		0.0228165,
		-0,
		-0.99974	],
	"InPlanePhaseEncodingDirectionDICOM": "ROW",
	"ConversionSoftware": "dcm2niix",
	"ConversionSoftwareVersion": "v1.0.20180622 (JP2:OpenJPEG) GCC6.1.0"
}
