{
	"Manufacturer": "Siemens",
	"ManufacturersModelName": "Prisma",
	"ProcedureStepDescription": "STANDARD_ENCEFALO_MIDOLLO",
	"ProtocolName": "GRE-MT1",
	"SequenceName": "_fl3d1",
	"ImageType": ["ORIGINAL", "PRIMARY", "M", "DIS2D"],
	"AcquisitionDateTime": "2018-12-18T14:32:54.906250",
	"MagneticFieldStrength": 3,
	"FlipAngle": 9,
	"EchoTime": 0.00313,
	"RepetitionTime": 0.041,
	"PhaseEncodingDirection": "j-",
	"ConversionSoftware": "dcm2niix",
	"ConversionSoftwareVersion": "v1.0.20170207"
}
