{
	"Manufacturer": "Siemens",
	"ManufacturersModelName": "Prisma",
	"ProcedureStepDescription": "spine_Montreal",
	"ProtocolName": "T1w",
	"SequenceName": "_tfl3d1_16",
	"ImageType": ["ORIGINAL", "PRIMARY", "M", "NORM", "DIS3D", "DIS2D"],
	"AcquisitionDateTime": "2018-12-21T14:56:11.062500",
	"MagneticFieldStrength": 3,
	"FlipAngle": 9,
	"EchoTime": 0.00372,
	"RepetitionTime": 2,
	"PhaseEncodingDirection": "i-",
	"ConversionSoftware": "dcm2niix",
	"ConversionSoftwareVersion": "v1.0.20170207"
}
