{
	"Modality": "MR",
	"MagneticFieldStrength": 3,
	"Manufacturer": "GE",
	"ManufacturersModelName": "DISCOVERY_MR750",
	"InstitutionName": "Concordia_University_Perform_Ctr",
	"DeviceSerialNumber": "0000000514848MR1",
	"StationName": "GEMR750",
	"BodyPartExamined": "NECK",
	"PatientPosition": "HFS",
	"SoftwareVersions": "27_LX_MR_Software_release:DV25.1_R02_1649.a",
	"MRAcquisitionType": "3D",
	"SeriesDescription": "GRE-MT1",
	"ProtocolName": "GRE-MT1",
	"ScanningSequence": "GR",
	"SequenceVariant": "SS_SP",
	"ScanOptions": "EDR_GEMS_MT_GEMS_FILTERED_GEMS_PFF",
	"ImageType": ["ORIGINAL", "PRIMARY", "OTHER"],
	"SeriesNumber": 7,
	"AcquisitionTime": "14:11:28.000000",
	"AcquisitionNumber": 1,
	"SliceThickness": 5,
	"SpacingBetweenSlices": 5,
	"SAR": 2.88486,
	"EchoTime": 0.004,
	"RepetitionTime": 0.035,
	"FlipAngle": 9,
	"PercentPhaseFOV": 100,
	"AcquisitionMatrixPE": 192,
	"ReconMatrixPE": 230,
	"PixelBandwidth": 362.348,
	"ImageOrientationPatientDICOM": [
		0.99916,
		0.0226222,
		0.0341837,
		-0.0248799,
		0.997434,
		0.0671313	],
	"InPlanePhaseEncodingDirectionDICOM": "COL",
	"ConversionSoftware": "dcm2niix",
	"ConversionSoftwareVersion": "v1.0.20180622 (JP2:OpenJPEG) GCC6.1.0"
}
