{
    "Modality": "MR",
    "MagneticFieldStrength": 3,
    "ImagingFrequency": 127.753,
    "Manufacturer": "Philips",
    "ManufacturersModelName": "Achieva",
    "InstitutionName": "Fondazione_S.Lucia",
    "InstitutionalDepartmentName": "Diagnostica_per_Immagine",
    "DeviceSerialNumber": "34249",
    "StationName": "PHILIPS-29CDACE",
    "BodyPartExamined": "SPINE",
    "PatientPosition": "HFS",
    "ProcedureStepDescription": "FRATINI",
    "SoftwareVersions": "5.4.1_5.4.1.1",
    "MRAcquisitionType": "3D",
    "SeriesDescription": "T1w",
    "ProtocolName": "T1w",
    "ScanningSequence": "GR",
    "SequenceVariant": "MP",
    "ScanOptions": "OTHER",
    "ImageType": [
        "ORIGINAL",
        "PRIMARY",
        "M",
        "FFE",
        "M",
        "FFE"
    ],
    "SeriesNumber": 201,
    "AcquisitionTime": "14:20:11.670000",
    "AcquisitionNumber": 2,
    "PhilipsRWVSlope": 3.32918,
    "PhilipsRWVIntercept": 0,
    "PhilipsRescaleSlope": 3.32918,
    "PhilipsRescaleIntercept": 0,
    "PhilipsScaleSlope": 0.000334107,
    "UsePhilipsFloatNotDisplayScaling": 1,
    "SliceThickness": 1,
    "SpacingBetweenSlices": 1,
    "SAR": 0.0332933,
    "EchoTime": 0.003556,
    "RepetitionTime": 0.0076656,
    "FlipAngle": 9,
    "CoilString": "MULTI_COIL",
    "PercentPhaseFOV": 81.25,
    "EchoTrainLength": 246,
    "PhaseEncodingSteps": 320,
    "AcquisitionMatrixPE": 320,
    "ReconMatrixPE": 320,
    "PixelBandwidth": 191,
    "ImageOrientationPatientDICOM": [
        0,
        1,
        0,
        0.0247811,
        0,
        -0.999693
    ],
    "InPlanePhaseEncodingDirectionDICOM": "ROW",
    "ConversionSoftware": "dcm2niix",
    "ConversionSoftwareVersion": "v1.0.20190410  (JP2:OpenJPEG) (JP-LS:CharLS) Clang8.1.0",
    "Dcm2bidsVersion": "2.1.4",
    "SpatialReference": {
        "Resampling": "0.8x0.8x0.8",
        "Reorientation": "RPI"
    }
}