{
	"Manufacturer": "Siemens",
	"ManufacturersModelName": "Prisma",
	"ProcedureStepDescription": "spine_Montreal",
	"ProtocolName": "GRE-MT0",
	"SequenceName": "_fl3d1",
	"ImageType": ["ORIGINAL", "PRIMARY", "M", "DIS2D"],
	"AcquisitionDateTime": "2018-12-20T13:12:45.984375",
	"MagneticFieldStrength": 3,
	"FlipAngle": 9,
	"EchoTime": 0.00313,
	"RepetitionTime": 0.035,
	"PhaseEncodingDirection": "j-",
	"ConversionSoftware": "dcm2niix",
	"ConversionSoftwareVersion": "v1.0.20170207"
}
