{
    "Modality": "MR",
    "MagneticFieldStrength": 3,
    "ImagingFrequency": 123.219,
    "Manufacturer": "Siemens",
    "ManufacturersModelName": "Prisma",
    "InstitutionName": "CEITEC",
    "InstitutionalDepartmentName": "Centrum_neuroved",
    "InstitutionAddress": "Kamenice_5_Brno_Moravia_CZ_62500",
    "DeviceSerialNumber": "66041",
    "StationName": "CEIMR1",
    "BodyPartExamined": "CSPINE",
    "PatientPosition": "HFS",
    "ProcedureStepDescription": "c-spine_CEITEC",
    "SoftwareVersions": "syngo_MR_E11",
    "MRAcquisitionType": "3D",
    "SeriesDescription": "GRE-T1w",
    "ProtocolName": "GRE-T1w",
    "ScanningSequence": "GR",
    "SequenceVariant": "SP",
    "SequenceName": "_fl3d1",
    "ImageType": [
        "ORIGINAL",
        "PRIMARY",
        "M",
        "DIS2D"
    ],
    "SeriesNumber": 10,
    "AcquisitionNumber": 1,
    "SliceThickness": 5,
    "SAR": 0.0302265,
    "EchoTime": 0.00313,
    "RepetitionTime": 0.015,
    "FlipAngle": 15,
    "PartialFourier": 1,
    "BaseResolution": 256,
    "ShimSetting": [
        4164,
        -8695,
        -6292,
        -1328,
        162,
        2284,
        -502,
        -247
    ],
    "TxRefAmp": 254.845,
    "PhaseResolution": 1,
    "ReceiveCoilName": "HeadNeck_64",
    "ReceiveCoilActiveElements": "HC5-7;NC1,2",
    "CoilString": "HC5-7;NC1_2",
    "PulseSequenceDetails": "%SiemensSeq%_gre",
    "ConsistencyInfo": "N4_VE11C_LATEST_20160120",
    "PercentPhaseFOV": 100,
    "PhaseEncodingSteps": 255,
    "AcquisitionMatrixPE": 256,
    "ReconMatrixPE": 256,
    "PixelBandwidth": 260,
    "DwellTime": 7.5e-06,
    "ImageOrientationPatientDICOM": [
        0.999428,
        0.00587119,
        -0.0333004,
        -3.32621e-08,
        0.984811,
        0.173631
    ],
    "InPlanePhaseEncodingDirectionDICOM": "COL",
    "ConversionSoftware": "dcm2niix",
    "ConversionSoftwareVersion": "v1.0.20181125  GCC4.9.2",
    "SpatialReference": {
        "Reorientation": "RPI"
    }
}