{
    "Modality": "MR", 
    "MagneticFieldStrength": 3, 
    "ImagingFrequency": 123.228, 
    "Manufacturer": "Siemens", 
    "ManufacturersModelName": "Skyra", 
    "InstitutionName": "Istituto_Neurologico_Mondino", 
    "InstitutionalDepartmentName": "Department", 
    "InstitutionAddress": "Via_Mondino_2_Pavia_District_IT_27100", 
    "DeviceSerialNumber": "45358", 
    "StationName": "AWP45358", 
    "BodyPartExamined": "HEADNECK", 
    "PatientPosition": "HFS", 
    "ProcedureStepDescription": "R.M._DEL_CERVELLO_E_DEL_TRONCO_ENCEFALICO_-_3T", 
    "SoftwareVersions": "syngo_MR_D13C", 
    "MRAcquisitionType": "3D", 
    "SeriesDescription": "GRE-MT0", 
    "ProtocolName": "GRE-MT0", 
    "ScanningSequence": "GR", 
    "SequenceVariant": "SP", 
    "SequenceName": "_fl3d1", 
    "ImageType": [
        "ORIGINAL", 
        "PRIMARY", 
        "M", 
        "NORM", 
        "DIS2D"
    ], 
    "SeriesNumber": 6, 
    "AcquisitionTime": "19:19:14.442500", 
    "AcquisitionNumber": 1, 
    "SliceThickness": 5, 
    "SAR": 0.00831945, 
    "EchoTime": 0.00316, 
    "RepetitionTime": 0.035, 
    "FlipAngle": 9, 
    "PartialFourier": 1, 
    "BaseResolution": 256, 
    "ShimSetting": [
        6634, 
        -947, 
        7151, 
        -295, 
        -306, 
        300, 
        745, 
        -94
    ], 
    "TxRefAmp": 405.342, 
    "PhaseResolution": 1, 
    "ReceiveCoilName": "Spine_32", 
    "ReceiveCoilActiveElements": "HE1-4;NE1,2;SP1,2", 
    "CoilString": "HE1-4;NE1_2;SP1_2", 
    "PulseSequenceDetails": "%SiemensSeq%_gre", 
    "ConsistencyInfo": "N4_VD13C_LATEST_20121124", 
    "PercentPhaseFOV": 100, 
    "PhaseEncodingSteps": 255, 
    "AcquisitionMatrixPE": 256, 
    "ReconMatrixPE": 256, 
    "PixelBandwidth": 260, 
    "DwellTime": 7.5e-06, 
    "ImageOrientationPatientDICOM": [
        0.999568, 
        -0.00337875, 
        0.0291797, 
        -5.9856e-09, 
        0.993363, 
        0.115023
    ], 
    "InPlanePhaseEncodingDirectionDICOM": "COL", 
    "ConversionSoftware": "dcm2niix", 
    "ConversionSoftwareVersion": "v1.0.20181125  GCC4.8.2", 
    "Dcm2bidsVersion": "2.1.4"
}