{
    "Modality": "MR", 
    "MagneticFieldStrength": 3, 
    "ImagingFrequency": 123.228, 
    "Manufacturer": "Siemens", 
    "ManufacturersModelName": "Skyra", 
    "InstitutionName": "Istituto_Neurologico_Mondino", 
    "InstitutionalDepartmentName": "Department", 
    "InstitutionAddress": "Via_Mondino_2_Pavia_District_IT_27100", 
    "DeviceSerialNumber": "45358", 
    "StationName": "AWP45358", 
    "BodyPartExamined": "HEAD", 
    "PatientPosition": "HFS", 
    "ProcedureStepDescription": "R.M._DEL_CERVELLO_E_DEL_TRONCO_ENCEFALICO_-_3T", 
    "SoftwareVersions": "syngo_MR_D13C", 
    "MRAcquisitionType": "2D", 
    "SeriesDescription": "DWI", 
    "ProtocolName": "DWI", 
    "ScanningSequence": "EP", 
    "SequenceVariant": "SK_SP", 
    "ScanOptions": "PFP_SFS_CT", 
    "SequenceName": "_ez_b0", 
    "ImageType": [
        "ORIGINAL", 
        "PRIMARY", 
        "DIFFUSION", 
        "NONE", 
        "ND", 
        "NORM", 
        "MOSAIC"
    ], 
    "SeriesNumber": 5, 
    "AcquisitionTime": "19:08:20.390000", 
    "AcquisitionNumber": 1, 
    "SliceThickness": 5, 
    "SpacingBetweenSlices": 5, 
    "SAR": 0.24867, 
    "EchoTime": 0.085, 
    "RepetitionTime": 0.64, 
    "FlipAngle": 90, 
    "PartialFourier": 0.875, 
    "BaseResolution": 96, 
    "ShimSetting": [
        6526, 
        -1081, 
        7870, 
        -549, 
        -190, 
        4170, 
        2648, 
        -808
    ], 
    "TxRefAmp": 389.196, 
    "PhaseResolution": 1, 
    "ReceiveCoilName": "Spine_32", 
    "ReceiveCoilActiveElements": "HE3,4;NE1,2;SP1", 
    "CoilString": "HE3_4;NE1_2;SP1", 
    "PulseSequenceDetails": "%SiemensSeq%_ep2d_diff", 
    "ConsistencyInfo": "N4_VD13C_LATEST_20121124", 
    "PercentPhaseFOV": 37.5, 
    "EchoTrainLength": 31, 
    "PhaseEncodingSteps": 31, 
    "AcquisitionMatrixPE": 36, 
    "ReconMatrixPE": 36, 
    "BandwidthPerPixelPhaseEncode": 19.984, 
    "EffectiveEchoSpacing": 0.00139, 
    "DerivedVendorReportedEchoSpacing": 0.00139, 
    "TotalReadoutTime": 0.04865, 
    "PixelBandwidth": 915, 
    "DwellTime": 5.7e-06, 
    "PhaseEncodingDirection": "j-", 
    "SliceTiming": [
        0, 
        0.645, 
        1.305, 
        2.01, 
        2.755, 
        0.2075, 
        0.8525, 
        1.5125, 
        2.2175, 
        2.9625, 
        0.4125, 
        1.0575, 
        1.7175, 
        2.4225, 
        3.1675
    ], 
    "ImageOrientationPatientDICOM": [
        0.999658, 
        -0.00593107, 
        0.0254863, 
        -3.23784e-08, 
        0.973974, 
        0.22666
    ], 
    "InPlanePhaseEncodingDirectionDICOM": "COL", 
    "ConversionSoftware": "dcm2niix", 
    "ConversionSoftwareVersion": "v1.0.20181125  GCC4.8.2", 
    "Dcm2bidsVersion": "2.1.4"
}