{
    "Modality": "MR", 
    "MagneticFieldStrength": 3, 
    "ImagingFrequency": 123.202, 
    "Manufacturer": "Siemens", 
    "ManufacturersModelName": "Verio", 
    "InstitutionName": "IRIS", 
    "InstitutionalDepartmentName": "Department", 
    "InstitutionAddress": "Place_de_l_Hopital_1_Strasbourg_District_FR_67000", 
    "DeviceSerialNumber": "40480", 
    "StationName": "MEDPC", 
    "PatientPosition": "HFS", 
    "ProcedureStepDescription": "PROTOCOLES_METHODO", 
    "SoftwareVersions": "syngo_MR_B17", 
    "MRAcquisitionType": "3D", 
    "SeriesDescription": "T2w", 
    "ProtocolName": "T2w", 
    "ScanningSequence": "SE", 
    "SequenceVariant": "SK_SP", 
    "ScanOptions": "PFP", 
    "SequenceName": "_spcR3d1_87", 
    "ImageType": [
        "ORIGINAL", 
        "PRIMARY", 
        "M", 
        "NORM", 
        "DIS2D"
    ], 
    "SeriesNumber": 4, 
    "AcquisitionTime": "10:12:9.622500", 
    "AcquisitionNumber": 1, 
    "SliceThickness": 0.8, 
    "SAR": 0.816706, 
    "EchoTime": 0.12, 
    "RepetitionTime": 2, 
    "FlipAngle": 180, 
    "PartialFourier": 1, 
    "BaseResolution": 320, 
    "ShimSetting": [
        -8597, 
        1312, 
        1713, 
        -105, 
        74, 
        193, 
        52, 
        59
    ], 
    "TxRefAmp": 415.801, 
    "PhaseResolution": 1.0125, 
    "ReceiveCoilName": "NeckMatrix", 
    "CoilString": "T:HEA;HEP;NE1_2;SP1", 
    "PulseSequenceDetails": "%SiemensSeq%_tse_vfl", 
    "PercentPhaseFOV": 100, 
    "EchoTrainLength": 87, 
    "PhaseEncodingSteps": 247, 
    "AcquisitionMatrixPE": 324, 
    "ReconMatrixPE": 320, 
    "PixelBandwidth": 625, 
    "DwellTime": 2.5e-06, 
    "ImageOrientationPatientDICOM": [
        1e-16, 
        1, 
        0, 
        -0.0627905, 
        -1e-16, 
        -0.998027
    ], 
    "InPlanePhaseEncodingDirectionDICOM": "ROW", 
    "ConversionSoftware": "dcm2niix", 
    "ConversionSoftwareVersion": "v1.0.20181125  GCC4.9.2", 
    "Dcm2bidsVersion": "2.1.4"
}