{
    "Modality": "MR", 
    "MagneticFieldStrength": 3, 
    "ImagingFrequency": 123.202, 
    "Manufacturer": "Siemens", 
    "ManufacturersModelName": "Verio", 
    "InstitutionName": "IRIS", 
    "InstitutionalDepartmentName": "Department", 
    "InstitutionAddress": "Place_de_l_Hopital_1_Strasbourg_District_FR_67000", 
    "DeviceSerialNumber": "40480", 
    "StationName": "MEDPC", 
    "PatientPosition": "HFS", 
    "ProcedureStepDescription": "PROTOCOLES_METHODO", 
    "SoftwareVersions": "syngo_MR_B17", 
    "MRAcquisitionType": "2D", 
    "SeriesDescription": "GRE-ME", 
    "ProtocolName": "GRE-ME", 
    "ScanningSequence": "GR", 
    "SequenceVariant": "SP", 
    "ScanOptions": "SAT1", 
    "SequenceName": "_me2d1r3", 
    "ImageType": [
        "ORIGINAL", 
        "PRIMARY", 
        "M", 
        "DIS2D"
    ], 
    "SeriesNumber": 10, 
    "AcquisitionTime": "10:30:40.775000", 
    "AcquisitionNumber": 1, 
    "SliceThickness": 5, 
    "SpacingBetweenSlices": 5, 
    "SAR": 0.29313, 
    "EchoTime": 0.014, 
    "RepetitionTime": 0.6, 
    "FlipAngle": 30, 
    "PartialFourier": 1, 
    "BaseResolution": 448, 
    "ShimSetting": [
        -8542, 
        1176, 
        1989, 
        -424, 
        505, 
        2664, 
        487, 
        -257
    ], 
    "TxRefAmp": 470.431, 
    "PhaseResolution": 1, 
    "ReceiveCoilName": "NeckMatrix", 
    "CoilString": "D:NE1_2", 
    "PulseSequenceDetails": "%SiemensSeq%_medic", 
    "PercentPhaseFOV": 100, 
    "PhaseEncodingSteps": 447, 
    "AcquisitionMatrixPE": 448, 
    "ReconMatrixPE": 448, 
    "ParallelReductionFactorInPlane": 2, 
    "PixelBandwidth": 260, 
    "DwellTime": 4.3e-06, 
    "PhaseEncodingDirection": "j-", 
    "ImageOrientationPatientDICOM": [
        0.999998, 
        -0.000399313, 
        0.00172019, 
        -1.1421e-08, 
        0.974098, 
        0.226127
    ], 
    "InPlanePhaseEncodingDirectionDICOM": "COL", 
    "ConversionSoftware": "dcm2niix", 
    "ConversionSoftwareVersion": "v1.0.20181125  GCC4.9.2", 
    "Dcm2bidsVersion": "2.1.4"
}