{
    "Modality": "MR",
    "MagneticFieldStrength": 3,
    "Manufacturer": "Siemens",
    "ManufacturersModelName": "Prisma_fit",
    "InstitutionName": "HOSPITAL_CLINIC_BARCELONA",
    "InstitutionalDepartmentName": "Department",
    "InstitutionAddress": "C_Villarroel_170_Barcelona_District_ES_08036",
    "DeviceSerialNumber": "167044",
    "StationName": "MRC35200",
    "BodyPartExamined": "CSPINE",
    "PatientPosition": "HFS",
    "ProcedureStepDescription": "RM_CEREBRAL",
    "SoftwareVersions": "syngo_MR_E11",
    "MRAcquisitionType": "3D",
    "SeriesDescription": "T1w",
    "ProtocolName": "T1w",
    "ScanningSequence": "GR_IR",
    "SequenceVariant": "SK_SP_MP",
    "ScanOptions": "IR",
    "SequenceName": "_tfl3d1_16",
    "ImageType": [
        "ORIGINAL",
        "PRIMARY",
        "M",
        "NORM",
        "DIS3D",
        "DIS2D"
    ],
    "SeriesNumber": 3,
    "AcquisitionTime": "11:37:2.290000",
    "AcquisitionNumber": 1,
    "SliceThickness": 1,
    "SAR": 0.102372,
    "EchoTime": 0.00372,
    "RepetitionTime": 2,
    "InversionTime": 1,
    "FlipAngle": 9,
    "PartialFourier": 1,
    "BaseResolution": 320,
    "ShimSetting": [
        3049,
        7189,
        10396,
        54,
        -10,
        -27,
        18,
        -11
    ],
    "TxRefAmp": 292.499,
    "PhaseResolution": 1,
    "ReceiveCoilName": "HeadNeck_64",
    "ReceiveCoilActiveElements": "HC5-7;NC1,2;SP1",
    "PulseSequenceDetails": "%SiemensSeq%_tfl",
    "ConsistencyInfo": "N4_VE11C_LATEST_20160120",
    "PercentPhaseFOV": 81.25,
    "PhaseEncodingSteps": 259,
    "AcquisitionMatrixPE": 260,
    "ReconMatrixPE": 320,
    "ParallelReductionFactorInPlane": 2,
    "PixelBandwidth": 150,
    "DwellTime": 1.04e-05,
    "ImageOrientationPatientDICOM": [
        0,
        1,
        0,
        0,
        0,
        -1
    ],
    "InPlanePhaseEncodingDirectionDICOM": "ROW",
    "ConversionSoftware": "dcm2niix",
    "ConversionSoftwareVersion": "v1.0.20180622 GCC5.3.1",
    "SpatialReference": {
        "Resampling": "0.8x0.8x0.8",
        "Reorientation": "RPI"
    }
}