{
	"Modality": "MR",
	"MagneticFieldStrength": 3,
	"ImagingFrequency": 123.227,
	"Manufacturer": "Siemens",
	"ManufacturersModelName": "Prisma",
	"InstitutionName": "The_John_Radcliffe",
	"InstitutionalDepartmentName": "Department",
	"InstitutionAddress": "Headley_Way_StreetNo_Oxford_District_GB_OX3_9DU",
	"DeviceSerialNumber": "66050",
	"StationName": "AWP66050",
	"BodyPartExamined": "CSPINE",
	"PatientPosition": "HFS",
	"SoftwareVersions": "syngo_MR_E11",
	"MRAcquisitionType": "2D",
	"SeriesDescription": "DWI",
	"ProtocolName": "DWI",
	"ScanningSequence": "EP",
	"SequenceVariant": "SK_SP",
	"ScanOptions": "PFP_SFS_CT",
	"SequenceName": "_ez_b0",
	"ImageType": ["ORIGINAL", "PRIMARY", "DIFFUSION", "NONE", "ND", "MOSAIC"],
	"SeriesNumber": 4,
	"AcquisitionTime": "17:00:25.125000",
	"AcquisitionNumber": 1,
	"SliceThickness": 5,
	"SpacingBetweenSlices": 5,
	"SAR": 0.378408,
	"EchoTime": 0.06,
	"RepetitionTime": 0.61,
	"FlipAngle": 90,
	"PartialFourier": 0.875,
	"BaseResolution": 96,
	"ShimSetting": [
		331,
		-11719,
		1369,
		-989,
		230,
		4184,
		-630,
		-29	],
	"TxRefAmp": 274.188,
	"PhaseResolution": 1,
	"ReceiveCoilName": "HeadNeck_64",
	"ReceiveCoilActiveElements": "HC7;NC1,2",
	"CoilString": "HC7;NC1_2",
	"PulseSequenceDetails": "%SiemensSeq%_ep2d_diff",
	"ConsistencyInfo": "N4_VE11C_LATEST_20160120",
	"PercentPhaseFOV": 37.5,
	"EchoTrainLength": 31,
	"PhaseEncodingSteps": 31,
	"AcquisitionMatrixPE": 36,
	"ReconMatrixPE": 36,
	"BandwidthPerPixelPhaseEncode": 29.551,
	"EffectiveEchoSpacing": 0.000939995,
	"DerivedVendorReportedEchoSpacing": 0.000939994,
	"TotalReadoutTime": 0.0328998,
	"PixelBandwidth": 1270,
	"DwellTime": 4.1e-06,
	"PhaseEncodingDirection": "j-",
	"SliceTiming": [
		0,
		0.9,
		1.83,
		2.77,
		3.68,
		0.1975,
		1.0975,
		2.0275,
		2.9675,
		3.8775,
		0.3925,
		1.2925,
		2.2225,
		3.1625,
		4.0725	],
	"ImageOrientationPatientDICOM": [
		0.998907,
		-0.00764098,
		0.0461165,
		-2.21946e-08,
		0.98655,
		0.16346	],
	"InPlanePhaseEncodingDirectionDICOM": "COL",
	"ConversionSoftware": "dcm2niix",
	"ConversionSoftwareVersion": "v1.0.20181125  Clang10.0.0"
}
