{
    "Modality": "MR",
    "MagneticFieldStrength": 3,
    "ImagingFrequency": 123.202,
    "Manufacturer": "Siemens",
    "ManufacturersModelName": "Verio",
    "InstitutionName": "IRIS",
    "InstitutionalDepartmentName": "Department",
    "InstitutionAddress": "Place_de_l_Hopital_1_Strasbourg_District_FR_67000",
    "DeviceSerialNumber": "40480",
    "StationName": "MEDPC",
    "PatientPosition": "HFS",
    "ProcedureStepDescription": "PROTOCOLES_METHODO",
    "SoftwareVersions": "syngo_MR_B17",
    "MRAcquisitionType": "3D",
    "SeriesDescription": "T2w",
    "ProtocolName": "T2w",
    "ScanningSequence": "SE",
    "SequenceVariant": "SK_SP",
    "ScanOptions": "PFP",
    "SequenceName": "_spcR3d1_87",
    "ImageType": [
        "ORIGINAL",
        "PRIMARY",
        "M",
        "NORM",
        "DIS2D"
    ],
    "SeriesNumber": 4,
    "AcquisitionTime": "16:10:55.770000",
    "AcquisitionNumber": 1,
    "SliceThickness": 0.8,
    "SAR": 0.458561,
    "EchoTime": 0.12,
    "RepetitionTime": 1.5,
    "FlipAngle": 120,
    "PartialFourier": 1,
    "BaseResolution": 320,
    "ShimSetting": [
        -8609,
        1050,
        1911,
        5,
        -51,
        -188,
        2392,
        -20
    ],
    "TxRefAmp": 395.104,
    "PhaseResolution": 1.0125,
    "ReceiveCoilName": "NeckMatrix",
    "CoilString": "T:HEA;HEP;NE1_2;SP1",
    "PulseSequenceDetails": "%SiemensSeq%_tse_vfl",
    "PercentPhaseFOV": 100,
    "EchoTrainLength": 87,
    "PhaseEncodingSteps": 247,
    "AcquisitionMatrixPE": 324,
    "ReconMatrixPE": 320,
    "PixelBandwidth": 625,
    "DwellTime": 2.5e-06,
    "ImageOrientationPatientDICOM": [
        0.000310843,
        1,
        -8.33754e-09,
        0.0296646,
        -9.22937e-06,
        -0.99956
    ],
    "InPlanePhaseEncodingDirectionDICOM": "ROW",
    "ConversionSoftware": "dcm2niix",
    "ConversionSoftwareVersion": "v1.0.20181125  GCC4.9.2",
    "Dcm2bidsVersion": "2.1.4",
    "SpatialReference": {
        "Resampling": "0.8x0.8x0.8",
        "Reorientation": "RPI"
    }
}