{
    "Modality": "MR",
    "MagneticFieldStrength": 3,
    "Manufacturer": "Siemens",
    "ManufacturersModelName": "Prisma",
    "InstitutionName": "National_Brain_Mappin_Lab.",
    "InstitutionalDepartmentName": "Department",
    "InstitutionAddress": "Street_StreetNo_City_District_IR_ZIP",
    "DeviceSerialNumber": "66088",
    "StationName": "AWP66088",
    "BodyPartExamined": "HEAD",
    "PatientPosition": "HFS",
    "ProcedureStepDescription": "NBML_Project_P-97162_KHATIBI",
    "SoftwareVersions": "syngo_MR_E11",
    "MRAcquisitionType": "3D",
    "SeriesDescription": "GRE-T1w",
    "ProtocolName": "GRE-T1w",
    "ScanningSequence": "GR",
    "SequenceVariant": "SP",
    "SequenceName": "_fl3d1",
    "ImageType": [
        "ORIGINAL",
        "PRIMARY",
        "M",
        "DIS2D"
    ],
    "SeriesNumber": 10,
    "AcquisitionTime": "19:06:33.060000",
    "AcquisitionNumber": 1,
    "SliceThickness": 5,
    "SAR": 0.0663699,
    "EchoTime": 0.00313,
    "RepetitionTime": 0.015,
    "FlipAngle": 15,
    "PartialFourier": 1,
    "BaseResolution": 256,
    "ShimSetting": [
        2643,
        -4534,
        -3661,
        -1755,
        84,
        2293,
        -937,
        353
    ],
    "TxRefAmp": 369.736,
    "PhaseResolution": 1,
    "ReceiveCoilName": "Spine_32",
    "ReceiveCoilActiveElements": "HC3-7;NC1,2;SP1",
    "PulseSequenceDetails": "%SiemensSeq%_gre",
    "ConsistencyInfo": "N4_VE11B_LATEST_20150530",
    "PercentPhaseFOV": 100,
    "PhaseEncodingSteps": 255,
    "AcquisitionMatrixPE": 256,
    "ReconMatrixPE": 256,
    "ParallelReductionFactorInPlane": 2,
    "PixelBandwidth": 260,
    "DwellTime": 7.5e-06,
    "ImageOrientationPatientDICOM": [
        1,
        0,
        0,
        0,
        1,
        0
    ],
    "InPlanePhaseEncodingDirectionDICOM": "COL",
    "ConversionSoftware": "dcm2niix",
    "ConversionSoftwareVersion": "v1.0.20180622 GCC5.3.1",
    "SpatialReference": {
        "Reorientation": "RPI"
    }
}