{
    "Modality": "MR",
    "MagneticFieldStrength": 3,
    "ImagingFrequency": 123.251,
    "Manufacturer": "Siemens",
    "ManufacturersModelName": "Skyra",
    "InstitutionName": "The_University_of_Tokyo_Hospital",
    "InstitutionalDepartmentName": "Tokyo",
    "InstitutionAddress": "Street_Hongo_Bunkyou-ku_Tokyo_JP_113-8655",
    "DeviceSerialNumber": "45896",
    "StationName": "AWP45896",
    "BodyPartExamined": "NCK",
    "PatientPosition": "HFS",
    "ProcedureStepDescription": "jcohenadad_2019-01-16",
    "SoftwareVersions": "syngo_MR_E11",
    "MRAcquisitionType": "3D",
    "SeriesDescription": "GRE-MT1",
    "ProtocolName": "GRE-MT1",
    "ScanningSequence": "GR",
    "SequenceVariant": "MTC_SP",
    "ScanOptions": "MT",
    "SequenceName": "_fl3d1",
    "ImageType": [
        "ORIGINAL",
        "PRIMARY",
        "M",
        "DIS2D"
    ],
    "SeriesNumber": 6,
    "AcquisitionTime": "19:53:43.950000",
    "AcquisitionNumber": 1,
    "SliceThickness": 5,
    "SAR": 0.71404,
    "EchoTime": 0.00313,
    "RepetitionTime": 0.035,
    "FlipAngle": 9,
    "PartialFourier": 1,
    "BaseResolution": 256,
    "ShimSetting": [
        5670,
        4997,
        1824,
        -728,
        526,
        4999,
        -454,
        -71
    ],
    "TxRefAmp": 385.89,
    "PhaseResolution": 1,
    "ReceiveCoilName": "HeadNeck_20",
    "ReceiveCoilActiveElements": "HE3,4;NE1,2;SP1",
    "CoilString": "HE3_4;NE1_2;SP1",
    "PulseSequenceDetails": "%SiemensSeq%_gre",
    "ConsistencyInfo": "N4_VE11C_LATEST_20160120",
    "PercentPhaseFOV": 100,
    "PhaseEncodingSteps": 255,
    "AcquisitionMatrixPE": 256,
    "ReconMatrixPE": 256,
    "PixelBandwidth": 260,
    "DwellTime": 7.5e-06,
    "ImageOrientationPatientDICOM": [
        0.99858,
        -0.00850252,
        0.0525807,
        -5.45045e-08,
        0.987177,
        0.159632
    ],
    "InPlanePhaseEncodingDirectionDICOM": "COL",
    "ConversionSoftware": "dcm2niix",
    "ConversionSoftwareVersion": "v1.0.20181125  Clang10.0.0",
    "SpatialReference": {
        "Reorientation": "RPI"
    }
}