{
    "Modality": "MR",
    "MagneticFieldStrength": 3,
    "Manufacturer": "GE",
    "ManufacturersModelName": "DISCOVERY_MR750w",
    "InstitutionName": "JUNTENDO_UNV_HP",
    "DeviceSerialNumber": "0000000000EM0236",
    "StationName": "GEMR750W",
    "BodyPartExamined": "CSPINE",
    "PatientPosition": "HFS",
    "SoftwareVersions": "27_LX_MR_Software_release:DV26.0_R02_1810.b",
    "MRAcquisitionType": "3D",
    "SeriesDescription": "T1w",
    "ProtocolName": "T1w",
    "ScanningSequence": "GR",
    "SequenceVariant": "SS_SP_SK",
    "ScanOptions": "FAST_GEMS_EDR_GEMS_FILTERED_GEMS_ACC_GEMS_PFF_IR_GEMS",
    "ImageType": [
        "ORIGINAL",
        "PRIMARY",
        "OTHER"
    ],
    "SeriesNumber": 4,
    "AcquisitionTime": "20:20:1.000000",
    "AcquisitionNumber": 1,
    "SliceThickness": 1,
    "SpacingBetweenSlices": 1,
    "SAR": 0.116265,
    "EchoTime": 0.001292,
    "RepetitionTime": 0.0038,
    "InversionTime": 1,
    "FlipAngle": 9,
    "PercentPhaseFOV": 80,
    "AcquisitionMatrixPE": 256,
    "ReconMatrixPE": 320,
    "PixelBandwidth": 892.875,
    "ImageOrientationPatientDICOM": [
        0,
        1,
        0,
        0.02653,
        0,
        -0.99965
    ],
    "InPlanePhaseEncodingDirectionDICOM": "ROW",
    "ConversionSoftware": "dcm2niix",
    "ConversionSoftwareVersion": "v1.0.20180622 Clang10.0.0",
    "SpatialReference": {
        "Resampling": "0.8x0.8x0.8",
        "Reorientation": "RPI"
    }
}