{
    "Modality": "MR",
    "MagneticFieldStrength": 3,
    "Manufacturer": "GE",
    "ManufacturersModelName": "DISCOVERY_MR750w",
    "InstitutionName": "JUNTENDO_UNV_HP",
    "DeviceSerialNumber": "0000000000EM0236",
    "StationName": "GEMR750W",
    "BodyPartExamined": "CSPINE",
    "PatientPosition": "HFS",
    "SoftwareVersions": "27_LX_MR_Software_release:DV26.0_R02_1810.b",
    "MRAcquisitionType": "3D",
    "SeriesDescription": "T2w",
    "ProtocolName": "T2w",
    "ScanningSequence": "SE",
    "SequenceVariant": "SK_OSP",
    "ScanOptions": "FC_FREQ_AX_GEMS_FC_NPW_EDR_GEMS_FILTERED_GEMS_ACC_GEMS",
    "ImageType": [
        "ORIGINAL",
        "PRIMARY",
        "OTHER"
    ],
    "SeriesNumber": 6,
    "AcquisitionTime": "20:26:12.000000",
    "AcquisitionNumber": 1,
    "SliceThickness": 0.8,
    "SpacingBetweenSlices": 0.8,
    "SAR": 0.3135,
    "EchoTime": 0.135355,
    "RepetitionTime": 2.502,
    "FlipAngle": 90,
    "PercentPhaseFOV": 100,
    "EchoTrainLength": 78,
    "AcquisitionMatrixPE": 320,
    "ReconMatrixPE": 320,
    "PixelBandwidth": 520.812,
    "ImageOrientationPatientDICOM": [
        0,
        1,
        0,
        0.03173,
        0,
        -0.9995
    ],
    "InPlanePhaseEncodingDirectionDICOM": "ROW",
    "ConversionSoftware": "dcm2niix",
    "ConversionSoftwareVersion": "v1.0.20180622 Clang10.0.0",
    "SpatialReference": {
        "Resampling": "0.8x0.8x0.8",
        "Reorientation": "RPI"
    }
}