{
	"Modality": "MR",
	"MagneticFieldStrength": 3,
	"ImagingFrequency": 123.219,
	"Manufacturer": "Siemens",
	"ManufacturersModelName": "Prisma",
	"InstitutionName": "CEITEC",
	"InstitutionalDepartmentName": "Centrum_neuroved",
	"InstitutionAddress": "Kamenice_5_Brno_Moravia_CZ_62500",
	"DeviceSerialNumber": "66041",
	"StationName": "CEIMR1",
	"BodyPartExamined": "CSPINE",
	"PatientPosition": "HFS",
	"ProcedureStepDescription": "c-spine_CEITEC",
	"SoftwareVersions": "syngo_MR_E11",
	"MRAcquisitionType": "3D",
	"SeriesDescription": "GRE-MT1",
	"ProtocolName": "GRE-MT1",
	"ScanningSequence": "GR",
	"SequenceVariant": "MTC_SP",
	"ScanOptions": "MT",
	"SequenceName": "_fl3d1",
	"ImageType": ["ORIGINAL", "PRIMARY", "M", "DIS2D"],
	"SeriesNumber": 7,
	"AcquisitionNumber": 1,
	"SliceThickness": 5,
	"SAR": 0.533199,
	"EchoTime": 0.00313,
	"RepetitionTime": 0.035,
	"FlipAngle": 9,
	"PartialFourier": 1,
	"BaseResolution": 256,
	"ShimSetting": [
		4096,
		-8751,
		-6261,
		-1347,
		-331,
		2521,
		14,
		-12	],
	"TxRefAmp": 266.159,
	"PhaseResolution": 1,
	"ReceiveCoilName": "HeadNeck_64",
	"ReceiveCoilActiveElements": "HC5-7;NC1,2",
	"CoilString": "HC5-7;NC1_2",
	"PulseSequenceDetails": "%SiemensSeq%_gre",
	"ConsistencyInfo": "N4_VE11C_LATEST_20160120",
	"PercentPhaseFOV": 100,
	"PhaseEncodingSteps": 255,
	"AcquisitionMatrixPE": 256,
	"ReconMatrixPE": 256,
	"PixelBandwidth": 260,
	"DwellTime": 7.5e-06,
	"ImageOrientationPatientDICOM": [
		0.995833,
		-0.0172774,
		0.089548,
		-3.22478e-08,
		0.981891,
		0.189447	],
	"InPlanePhaseEncodingDirectionDICOM": "COL",
	"ConversionSoftware": "dcm2niix",
	"ConversionSoftwareVersion": "v1.0.20181125  GCC4.9.2"
}
