{
    "Modality": "MR",
    "MagneticFieldStrength": 3,
    "Manufacturer": "Siemens",
    "ManufacturersModelName": "Prisma_fit",
    "InstitutionName": "St_Lucia_Campus",
    "InstitutionalDepartmentName": "Gehrmann_Labs_MRI",
    "InstitutionAddress": "Cooper_60_St._Lucia_QLD_AU_4072",
    "DeviceSerialNumber": "167001",
    "StationName": "mrc_Trio",
    "BodyPartExamined": "CSPINE",
    "PatientPosition": "HFS",
    "ProcedureStepDescription": "Research_14057_DTI_spine",
    "SoftwareVersions": "syngo_MR_E11",
    "MRAcquisitionType": "3D",
    "SeriesDescription": "T1w",
    "ProtocolName": "T1w",
    "ScanningSequence": "GR_IR",
    "SequenceVariant": "SK_SP_MP",
    "ScanOptions": "IR",
    "SequenceName": "_tfl3d1_16",
    "ImageType": [
        "ORIGINAL",
        "PRIMARY",
        "M",
        "NORM",
        "DIS3D",
        "DIS2D"
    ],
    "SeriesNumber": 3,
    "AcquisitionTime": "09:18:56.712500",
    "AcquisitionNumber": 1,
    "SliceThickness": 1,
    "SAR": 0.0675819,
    "EchoTime": 0.00372,
    "RepetitionTime": 2,
    "InversionTime": 1,
    "FlipAngle": 9,
    "PartialFourier": 1,
    "BaseResolution": 320,
    "ShimSetting": [
        3044,
        -4172,
        -1039,
        -11,
        -3,
        35,
        -21,
        -13
    ],
    "TxRefAmp": 262.281,
    "PhaseResolution": 1,
    "ReceiveCoilName": "HeadNeck_64",
    "ReceiveCoilActiveElements": "HC1-7;NC1,2",
    "PulseSequenceDetails": "%SiemensSeq%_tfl",
    "ConsistencyInfo": "N4_VE11C_LATEST_20160120",
    "PercentPhaseFOV": 81.25,
    "PhaseEncodingSteps": 259,
    "AcquisitionMatrixPE": 260,
    "ReconMatrixPE": 320,
    "ParallelReductionFactorInPlane": 2,
    "PixelBandwidth": 150,
    "DwellTime": 1.04e-05,
    "ImageOrientationPatientDICOM": [
        0,
        1,
        0,
        0.0296663,
        0,
        -0.99956
    ],
    "InPlanePhaseEncodingDirectionDICOM": "ROW",
    "ConversionSoftware": "dcm2niix",
    "ConversionSoftwareVersion": "v1.0.20180622 GCC4.9.2",
    "SpatialReference": {
        "Resampling": "0.8x0.8x0.8",
        "Reorientation": "RPI"
    }
}