{
	"Modality": "MR",
	"MagneticFieldStrength": 3,
	"ImagingFrequency": 127.771,
	"Manufacturer": "Philips",
	"ManufacturersModelName": "Ingenia_Elition_X",
	"InstitutionName": "VANDERBILT_INSTITUTE_OF_IMAGING",
	"InstitutionalDepartmentName": "MRI_DEPT.",
	"InstitutionAddress": "1161_21ST_AVE._SOUTH",
	"DeviceSerialNumber": "45051",
	"StationName": "PHILIPS-JJJ61LI",
	"BodyPartExamined": "CSPINE",
	"PatientPosition": "HFS",
	"ProcedureStepDescription": "Smith_136528",
	"SoftwareVersions": "5.5.0_5.5.0.0",
	"MRAcquisitionType": "3D",
	"SeriesDescription": "T2w",
	"ProtocolName": "WIP_T2w",
	"ScanningSequence": "SE",
	"SequenceVariant": "SK",
	"ScanOptions": "PFP",
	"ImageType": ["ORIGINAL", "PRIMARY", "M", "SE", "M", "SE"],
	"SeriesNumber": 301,
	"AcquisitionTime": "14:09:41.950000",
	"AcquisitionNumber": 3,
	"PhilipsRescaleSlope": 1.45885,
	"PhilipsRescaleIntercept": 0,
	"PhilipsScaleSlope": 0.00110673,
	"UsePhilipsFloatNotDisplayScaling": 1,
	"SliceThickness": 0.8,
	"SpacingBetweenSlices": 0.8,
	"EchoTime": 0.12,
	"RepetitionTime": 3.5,
	"FlipAngle": 90,
	"CoilString": "MULTI_COIL",
	"PartialFourier": 0.288026,
	"PercentPhaseFOV": 92.5,
	"EchoTrainLength": 89,
	"PhaseEncodingSteps": 309,
	"AcquisitionMatrixPE": 309,
	"ReconMatrixPE": 320,
	"PixelBandwidth": 394.571,
	"ImageOrientationPatientDICOM": [
		-0.00108853,
		0.999974,
		0.00706277,
		0.00921657,
		0.00707251,
		-0.999933	],
	"InPlanePhaseEncodingDirectionDICOM": "ROW",
	"ConversionSoftware": "dcm2niix",
	"ConversionSoftwareVersion": "v1.0.20181022  GCC4.8.5"
}
