{
    "Modality": "MR", 
    "MagneticFieldStrength": 3, 
    "ImagingFrequency": 123.254, 
    "Manufacturer": "Siemens", 
    "ManufacturersModelName": "Prisma", 
    "InstitutionName": "Beijing_Tiantan_Hospital", 
    "InstitutionalDepartmentName": "Department", 
    "InstitutionAddress": "Street_StreetNo_Beijing_Fengtai_CN_ZIP", 
    "DeviceSerialNumber": "166118", 
    "StationName": "AWP166118", 
    "BodyPartExamined": "CTSPINE", 
    "PatientPosition": "HFS", 
    "ProcedureStepDescription": "Research_Research", 
    "SoftwareVersions": "syngo_MR_E11", 
    "MRAcquisitionType": "3D", 
    "SeriesDescription": "GRE-T1w", 
    "ProtocolName": "GRE-T1w", 
    "ScanningSequence": "GR", 
    "SequenceVariant": "SP", 
    "SequenceName": "_fl3d1", 
    "ImageType": [
        "ORIGINAL", 
        "PRIMARY", 
        "M", 
        "NORM", 
        "DIS2D"
    ], 
    "SeriesNumber": 6, 
    "AcquisitionTime": "18:39:37.562500", 
    "AcquisitionNumber": 1, 
    "SliceThickness": 5, 
    "SAR": 0.0358311, 
    "EchoTime": 0.00313, 
    "RepetitionTime": 0.015, 
    "FlipAngle": 15, 
    "PartialFourier": 1, 
    "BaseResolution": 256, 
    "ShimSetting": [
        2101, 
        -11941, 
        -5762, 
        117, 
        -1, 
        1686, 
        -264, 
        -39
    ], 
    "TxRefAmp": 289.183, 
    "PhaseResolution": 1, 
    "ReceiveCoilName": "Spine_32", 
    "ReceiveCoilActiveElements": "HC7;NC1,2;SP1", 
    "CoilString": "HC7;NC1_2;SP1", 
    "PulseSequenceDetails": "%SiemensSeq%_gre", 
    "RefLinesPE": 32, 
    "ConsistencyInfo": "N4_VE11C_LATEST_20160120", 
    "PercentPhaseFOV": 100, 
    "PhaseEncodingSteps": 255, 
    "AcquisitionMatrixPE": 256, 
    "ReconMatrixPE": 256, 
    "ParallelReductionFactorInPlane": 2, 
    "PixelBandwidth": 260, 
    "DwellTime": 7.5e-06, 
    "ImageOrientationPatientDICOM": [
        1, 
        0, 
        0, 
        0, 
        1, 
        0
    ], 
    "InPlanePhaseEncodingDirectionDICOM": "COL", 
    "ConversionSoftware": "dcm2niix", 
    "ConversionSoftwareVersion": "v1.0.20190902", 
    "Dcm2bidsVersion": "2.1.4"
}