{
	"Modality": "MR",
	"MagneticFieldStrength": 3,
	"Manufacturer": "GE",
	"ManufacturersModelName": "DISCOVERY_MR750",
	"InstitutionName": "Concordia_University_Perform_Ctr",
	"DeviceSerialNumber": "0000000514848MR1",
	"StationName": "GEMR750",
	"BodyPartExamined": "CSPINE",
	"PatientPosition": "HFS",
	"SoftwareVersions": "27_LX_MR_Software_release:DV25.1_R02_1649.a",
	"MRAcquisitionType": "2D",
	"SeriesDescription": "DWI",
	"ProtocolName": "DWI",
	"ScanningSequence": "EP_SE",
	"SequenceVariant": "NONE",
	"ScanOptions": "SAT_GEMS_PPG_EDR_GEMS_EPI_GEMS_PFF_SP_FS",
	"ImageType": ["ORIGINAL", "PRIMARY", "OTHER"],
	"SeriesNumber": 8,
	"AcquisitionTime": "12:05:47.000000",
	"AcquisitionNumber": 1,
	"SliceThickness": 5,
	"SpacingBetweenSlices": 5,
	"SAR": 0.367308,
	"EchoTime": 0.0733,
	"RepetitionTime": 4.47761,
	"FlipAngle": 90,
	"PercentPhaseFOV": 50,
	"AcquisitionMatrixPE": 48,
	"ReconMatrixPE": 96,
	"EffectiveEchoSpacing": 0.0011,
	"TotalReadoutTime": 0.1045,
	"PixelBandwidth": 3479.17,
	"PhaseEncodingAxis": "j",
	"ImageOrientationPatientDICOM": [
		0.999309,
		-0,
		0.0371566,
		-0.00365701,
		0.995145,
		0.098353	],
	"InPlanePhaseEncodingDirectionDICOM": "COL",
	"ConversionSoftware": "dcm2niix",
	"ConversionSoftwareVersion": "v1.0.20180622 (JP2:OpenJPEG) GCC6.1.0"
}
