{
    "Modality": "MR",
    "MagneticFieldStrength": 3,
    "ImagingFrequency": 123.253,
    "Manufacturer": "Siemens",
    "ManufacturersModelName": "Prisma",
    "InstitutionName": "CUBRIC",
    "InstitutionalDepartmentName": "Department",
    "InstitutionAddress": "Maindy_Road_CARDIFF_Wales_GB_CF24_4HQ",
    "DeviceSerialNumber": "66073",
    "StationName": "AWP66073",
    "BodyPartExamined": "CSPINE",
    "PatientPosition": "HFS",
    "ProcedureStepDescription": "3TWproj_324_SpinalCord",
    "SoftwareVersions": "syngo_MR_E11",
    "MRAcquisitionType": "2D",
    "SeriesDescription": "GRE-ME",
    "ProtocolName": "GRE-ME",
    "ScanningSequence": "GR",
    "SequenceVariant": "SP",
    "ScanOptions": "SAT1",
    "SequenceName": "_me2d1r3",
    "ImageType": [
        "ORIGINAL",
        "PRIMARY",
        "M",
        "NORM",
        "DIS2D"
    ],
    "SeriesNumber": 8,
    "AcquisitionTime": "14:41:29.965000",
    "AcquisitionNumber": 1,
    "SliceThickness": 5,
    "SpacingBetweenSlices": 5,
    "SAR": 0.209981,
    "EchoTime": 0.014,
    "RepetitionTime": 0.6,
    "FlipAngle": 30,
    "PartialFourier": 1,
    "BaseResolution": 448,
    "ShimSetting": [
        9776,
        6,
        -2756,
        304,
        141,
        1307,
        -122,
        153
    ],
    "TxRefAmp": 305.959,
    "PhaseResolution": 1,
    "ReceiveCoilName": "HeadNeck_64",
    "ReceiveCoilActiveElements": "HC7;NC1,2",
    "CoilString": "HC7;NC1_2",
    "PulseSequenceDetails": "%SiemensSeq%_medic",
    "ConsistencyInfo": "N4_VE11C_LATEST_20160120",
    "PercentPhaseFOV": 100,
    "EchoTrainLength": 3,
    "PhaseEncodingSteps": 447,
    "AcquisitionMatrixPE": 448,
    "ReconMatrixPE": 448,
    "ParallelReductionFactorInPlane": 2,
    "PixelBandwidth": 260,
    "DwellTime": 4.3e-06,
    "PhaseEncodingDirection": "j-",
    "ImageOrientationPatientDICOM": [
        1,
        0,
        0,
        0,
        0.998135,
        0.0610485
    ],
    "InPlanePhaseEncodingDirectionDICOM": "COL",
    "ConversionSoftware": "dcm2niix",
    "ConversionSoftwareVersion": "v1.0.20181125  (JP2:OpenJPEG) (JP-LS:CharLS) Clang8.1.0",
    "Dcm2bidsVersion": "2.1.4",
    "AcquisitionDuration": 285.0,
    "SpatialReference": {
        "Reorientation": "RPI",
        "Other": "root-mean square across 4th dimension (if it exists)"
    }
}