{
    "Modality": "MR",
    "MagneticFieldStrength": 3,
    "ImagingFrequency": 127.76,
    "Manufacturer": "Philips",
    "ManufacturersModelName": "Achieva_dStream",
    "InstitutionName": "Vanderbilt_Health_and_williamson",
    "InstitutionalDepartmentName": "Research_MRI",
    "InstitutionAddress": "1161_21st_Ave_South",
    "DeviceSerialNumber": "17240",
    "StationName": "mr3tb",
    "BodyPartExamined": "SPINE",
    "PatientPosition": "HFS",
    "SoftwareVersions": "5.3.0_5.3.0.3",
    "MRAcquisitionType": "3D",
    "SeriesDescription": "GRE-MT",
    "ProtocolName": "WIP_GRE-MT",
    "ScanningSequence": "GR",
    "SequenceVariant": "SP",
    "ScanOptions": "PFF",
    "ImageType": [
        "ORIGINAL",
        "PRIMARY",
        "M",
        "FFE",
        "M",
        "FFE"
    ],
    "SeriesNumber": 601,
    "AcquisitionTime": "09:41:24.970000",
    "AcquisitionNumber": 6,
    "PhilipsRescaleSlope": 1.81343,
    "PhilipsRescaleIntercept": 0,
    "PhilipsScaleSlope": 0.00067717,
    "UsePhilipsFloatNotDisplayScaling": 1,
    "SliceThickness": 5,
    "SpacingBetweenSlices": 5,
    "EchoTime": 0.002001,
    "RepetitionTime": 0.057,
    "FlipAngle": 9,
    "CoilString": "MULTI_COIL",
    "PartialFourier": 0.00390625,
    "PercentPhaseFOV": 100,
    "PhaseEncodingSteps": 256,
    "AcquisitionMatrixPE": 256,
    "ReconMatrixPE": 256,
    "PixelBandwidth": 261.113,
    "ImageOrientationPatientDICOM": [
        0.999573,
        -1.90736e-10,
        0.0292342,
        -0.00509181,
        0.984715,
        0.174099
    ],
    "InPlanePhaseEncodingDirectionDICOM": "COL",
    "ConversionSoftware": "dcm2niix",
    "ConversionSoftwareVersion": "v1.0.20181022  GCC4.8.5",
    "SpatialReference": {
        "Reorientation": "RPI"
    }
}