{
    "Modality": "MR",
    "MagneticFieldStrength": 3,
    "Manufacturer": "Siemens",
    "ManufacturersModelName": "Prisma",
    "InstitutionName": "National_Brain_Mappin_Lab.",
    "InstitutionalDepartmentName": "Department",
    "InstitutionAddress": "Street_StreetNo_City_District_IR_ZIP",
    "DeviceSerialNumber": "66088",
    "StationName": "AWP66088",
    "BodyPartExamined": "HEAD",
    "PatientPosition": "HFS",
    "ProcedureStepDescription": "NBML_Project_Khatibi",
    "SoftwareVersions": "syngo_MR_E11",
    "MRAcquisitionType": "3D",
    "SeriesDescription": "GRE-T1w",
    "ProtocolName": "GRE-T1w",
    "ScanningSequence": "GR",
    "SequenceVariant": "SP",
    "SequenceName": "_fl3d1",
    "ImageType": [
        "ORIGINAL",
        "PRIMARY",
        "M",
        "DIS2D"
    ],
    "SeriesNumber": 10,
    "AcquisitionTime": "16:30:33.902500",
    "AcquisitionNumber": 1,
    "SliceThickness": 5,
    "SAR": 0.0474825,
    "EchoTime": 0.00313,
    "RepetitionTime": 0.015,
    "FlipAngle": 15,
    "PartialFourier": 1,
    "BaseResolution": 256,
    "ShimSetting": [
        2515,
        -4580,
        -3563,
        -2156,
        -571,
        1068,
        -533,
        -165
    ],
    "TxRefAmp": 318.808,
    "PhaseResolution": 1,
    "ReceiveCoilName": "HeadNeck_64",
    "ReceiveCoilActiveElements": "HC7;NC1,2",
    "PulseSequenceDetails": "%SiemensSeq%_gre",
    "ConsistencyInfo": "N4_VE11B_LATEST_20150530",
    "PercentPhaseFOV": 100,
    "PhaseEncodingSteps": 255,
    "AcquisitionMatrixPE": 256,
    "ReconMatrixPE": 256,
    "ParallelReductionFactorInPlane": 2,
    "PixelBandwidth": 260,
    "DwellTime": 7.5e-06,
    "ImageOrientationPatientDICOM": [
        0.997061,
        0.00496325,
        0.0764562,
        5.95403e-08,
        0.9979,
        -0.0647806
    ],
    "InPlanePhaseEncodingDirectionDICOM": "COL",
    "ConversionSoftware": "dcm2niix",
    "ConversionSoftwareVersion": "v1.0.20180622 GCC5.3.1",
    "SpatialReference": {
        "Reorientation": "RPI"
    }
}