{
	"Modality": "MR",
	"MagneticFieldStrength": 3,
	"ImagingFrequency": 127.758,
	"Manufacturer": "Philips",
	"ManufacturersModelName": "Achieva_dStream",
	"InstitutionName": "Vanderbilt_Health_and_williamson",
	"InstitutionalDepartmentName": "Research_MRI",
	"InstitutionAddress": "1161_21st_Ave_South",
	"DeviceSerialNumber": "17240",
	"StationName": "mr3tb",
	"BodyPartExamined": "SPINE",
	"PatientPosition": "HFS",
	"SoftwareVersions": "5.3.0_5.3.0.3",
	"MRAcquisitionType": "3D",
	"SeriesDescription": "GRE-MT",
	"ProtocolName": "WIP_GRE-MT",
	"ScanningSequence": "GR",
	"SequenceVariant": "SP",
	"ScanOptions": "PFF",
	"ImageType": ["ORIGINAL", "PRIMARY", "M", "FFE", "M", "FFE"],
	"SeriesNumber": 501,
	"AcquisitionTime": "09:24:17.460000",
	"AcquisitionNumber": 5,
	"PhilipsRescaleSlope": 1.78608,
	"PhilipsRescaleIntercept": 0,
	"PhilipsScaleSlope": 0.000577911,
	"UsePhilipsFloatNotDisplayScaling": 1,
	"SliceThickness": 5,
	"SpacingBetweenSlices": 5,
	"EchoTime": 0.002001,
	"RepetitionTime": 0.057,
	"FlipAngle": 9,
	"CoilString": "MULTI_COIL",
	"PartialFourier": 0.00390625,
	"PercentPhaseFOV": 100,
	"PhaseEncodingSteps": 256,
	"AcquisitionMatrixPE": 256,
	"ReconMatrixPE": 256,
	"PixelBandwidth": 261.113,
	"ImageOrientationPatientDICOM": [
		0.998831,
		0.00441787,
		-0.0481409,
		0.00682586,
		0.972951,
		0.230911	],
	"InPlanePhaseEncodingDirectionDICOM": "COL",
	"ConversionSoftware": "dcm2niix",
	"ConversionSoftwareVersion": "v1.0.20181022  GCC4.8.5"
}
