{
    "Modality": "MR", 
    "MagneticFieldStrength": 3, 
    "ImagingFrequency": 123.254, 
    "Manufacturer": "Siemens", 
    "ManufacturersModelName": "Prisma", 
    "InstitutionName": "Beijing_Tiantan_Hospital", 
    "InstitutionalDepartmentName": "Department", 
    "InstitutionAddress": "Street_StreetNo_Beijing_Fengtai_CN_ZIP", 
    "DeviceSerialNumber": "166118", 
    "StationName": "AWP166118", 
    "BodyPartExamined": "CTSPINE", 
    "PatientPosition": "HFS", 
    "ProcedureStepDescription": "Research_Research", 
    "SoftwareVersions": "syngo_MR_E11", 
    "MRAcquisitionType": "3D", 
    "SeriesDescription": "T1w", 
    "ProtocolName": "T1w", 
    "ScanningSequence": "GR_IR", 
    "SequenceVariant": "SK_SP_MP", 
    "ScanOptions": "IR", 
    "SequenceName": "_tfl3d1_16", 
    "ImageType": [
        "ORIGINAL", 
        "PRIMARY", 
        "M", 
        "NORM", 
        "DIS3D", 
        "DIS2D"
    ], 
    "SeriesNumber": 2, 
    "AcquisitionTime": "19:40:32.965000", 
    "AcquisitionNumber": 1, 
    "SliceThickness": 1, 
    "SAR": 0.0553277, 
    "EchoTime": 0.00372, 
    "RepetitionTime": 2, 
    "InversionTime": 1, 
    "FlipAngle": 9, 
    "PartialFourier": 1, 
    "BaseResolution": 320, 
    "ShimSetting": [
        2092, 
        -11571, 
        -5943, 
        -220, 
        -8, 
        56, 
        36, 
        3
    ], 
    "TxRefAmp": 263.178, 
    "PhaseResolution": 1, 
    "ReceiveCoilName": "Spine_32", 
    "ReceiveCoilActiveElements": "HC3-7;NC1,2;SP1", 
    "CoilString": "HC3-7;NC1_2;SP1", 
    "PulseSequenceDetails": "%SiemensSeq%_tfl", 
    "RefLinesPE": 24, 
    "ConsistencyInfo": "N4_VE11C_LATEST_20160120", 
    "PercentPhaseFOV": 81.25, 
    "PhaseEncodingSteps": 259, 
    "AcquisitionMatrixPE": 260, 
    "ReconMatrixPE": 260, 
    "ParallelReductionFactorInPlane": 2, 
    "PixelBandwidth": 150, 
    "DwellTime": 1.04e-05, 
    "ImageOrientationPatientDICOM": [
        0, 
        1, 
        0, 
        0, 
        0, 
        -1
    ], 
    "InPlanePhaseEncodingDirectionDICOM": "ROW", 
    "ConversionSoftware": "dcm2niix", 
    "ConversionSoftwareVersion": "v1.0.20190902", 
    "Dcm2bidsVersion": "2.1.4"
}