{
	"Modality": "MR",
	"MagneticFieldStrength": 3,
	"Manufacturer": "Siemens",
	"ManufacturersModelName": "Prisma_fit",
	"InstitutionName": "MPI_CBS",
	"InstitutionalDepartmentName": "Department",
	"InstitutionAddress": "Stephanstrasse_1A_Leipzig_District_DE_04103",
	"DeviceSerialNumber": "67037",
	"StationName": "TRIOSYS",
	"BodyPartExamined": "BRAIN",
	"PatientPosition": "HFS",
	"ProcedureStepDescription": "FE_Standard_Spinal",
	"SoftwareVersions": "syngo_MR_E11",
	"MRAcquisitionType": "3D",
	"SeriesDescription": "T2w",
	"ProtocolName": "T2w",
	"ScanningSequence": "SE",
	"SequenceVariant": "SK_SP_OSP",
	"ScanOptions": "PFP",
	"SequenceName": "_spcR_100",
	"ImageType": ["ORIGINAL", "PRIMARY", "M", "NORM", "DIS3D", "DIS2D"],
	"SeriesNumber": 3,
	"AcquisitionTime": "11:16:50.980000",
	"AcquisitionNumber": 1,
	"SliceThickness": 0.8,
	"SAR": 0.752331,
	"EchoTime": 0.12,
	"RepetitionTime": 1.5,
	"FlipAngle": 120,
	"PartialFourier": 1,
	"BaseResolution": 320,
	"ShimSetting": [
		-5270,
		-9177,
		-4797,
		-328,
		186,
		-156,
		855,
		-6	],
	"TxRefAmp": 342.387,
	"PhaseResolution": 1,
	"PhaseOversampling": 0.8,
	"ReceiveCoilName": "Spine_32",
	"ReceiveCoilActiveElements": "HC5-7;NC1,2;SP1",
	"PulseSequenceDetails": "%SiemensSeq%_tse_vfl",
	"ConsistencyInfo": "N4_VE11C_LATEST_20160120",
	"PercentPhaseFOV": 100,
	"EchoTrainLength": 76,
	"PhaseEncodingSteps": 422,
	"AcquisitionMatrixPE": 320,
	"ReconMatrixPE": 320,
	"ParallelReductionFactorInPlane": 3,
	"PixelBandwidth": 625,
	"DwellTime": 2.5e-06,
	"ImageOrientationPatientDICOM": [
		8.5e-14,
		1,
		4.896e-12,
		-0.0174524,
		4.897e-12,
		-0.999848	],
	"InPlanePhaseEncodingDirectionDICOM": "COL",
	"ConversionSoftware": "dcm2niix",
	"ConversionSoftwareVersion": "v1.0.20180622 GCC4.9.2"
}
