{
	"Modality": "MR",
	"MagneticFieldStrength": 3,
	"Manufacturer": "Siemens",
	"ManufacturersModelName": "Prisma_fit",
	"InstitutionName": "MPI_CBS",
	"InstitutionalDepartmentName": "Department",
	"InstitutionAddress": "Stephanstrasse_1A_Leipzig_District_DE_04103",
	"DeviceSerialNumber": "67037",
	"StationName": "TRIOSYS",
	"BodyPartExamined": "BRAIN",
	"PatientPosition": "HFS",
	"ProcedureStepDescription": "FE_Standard_Spinal",
	"SoftwareVersions": "syngo_MR_E11",
	"MRAcquisitionType": "3D",
	"SeriesDescription": "T1w",
	"ProtocolName": "T1w",
	"ScanningSequence": "GR_IR",
	"SequenceVariant": "SK_SP_MP",
	"ScanOptions": "IR",
	"SequenceName": "_tfl3d1_16",
	"ImageType": ["ORIGINAL", "PRIMARY", "M", "NORM", "DIS3D", "DIS2D"],
	"SeriesNumber": 2,
	"AcquisitionTime": "11:10:57.997500",
	"AcquisitionNumber": 1,
	"SliceThickness": 1,
	"SAR": 0.0840473,
	"EchoTime": 0.00372,
	"RepetitionTime": 2,
	"InversionTime": 1,
	"FlipAngle": 9,
	"PartialFourier": 1,
	"BaseResolution": 320,
	"ShimSetting": [
		-5307,
		-9150,
		-4715,
		0,
		21,
		-119,
		98,
		-68	],
	"TxRefAmp": 313.932,
	"PhaseResolution": 1,
	"ReceiveCoilName": "HeadNeck_64",
	"ReceiveCoilActiveElements": "HC1-7;NC1,2",
	"PulseSequenceDetails": "%SiemensSeq%_tfl",
	"ConsistencyInfo": "N4_VE11C_LATEST_20160120",
	"PercentPhaseFOV": 81.25,
	"PhaseEncodingSteps": 259,
	"AcquisitionMatrixPE": 260,
	"ReconMatrixPE": 320,
	"ParallelReductionFactorInPlane": 2,
	"PixelBandwidth": 150,
	"DwellTime": 1.04e-05,
	"ImageOrientationPatientDICOM": [
		0,
		1,
		0,
		-0.0174524,
		0,
		-0.999848	],
	"InPlanePhaseEncodingDirectionDICOM": "ROW",
	"ConversionSoftware": "dcm2niix",
	"ConversionSoftwareVersion": "v1.0.20180622 GCC4.9.2"
}
