{
    "Modality": "MR", 
    "MagneticFieldStrength": 3, 
    "ImagingFrequency": 123.235, 
    "Manufacturer": "Siemens", 
    "ManufacturersModelName": "Prisma_fit", 
    "InstitutionName": "CMRR_3T-A", 
    "InstitutionalDepartmentName": "Research", 
    "InstitutionAddress": "6th_SE_2021_Minneapolis_Minnesota_US_55455", 
    "DeviceSerialNumber": "67055", 
    "StationName": "TRIO", 
    "BodyPartExamined": "CSPINE", 
    "PatientPosition": "HFS", 
    "ProcedureStepDescription": "Rene_MontrealSpine", 
    "SoftwareVersions": "syngo_MR_E11", 
    "MRAcquisitionType": "3D", 
    "SeriesDescription": "T2w", 
    "ProtocolName": "T2w", 
    "ScanningSequence": "SE", 
    "SequenceVariant": "SK_SP_OSP", 
    "ScanOptions": "PFP", 
    "SequenceName": "_spcR_100", 
    "ImageType": [
        "ORIGINAL", 
        "PRIMARY", 
        "M", 
        "NORM", 
        "DIS3D", 
        "DIS2D"
    ], 
    "SeriesNumber": 3, 
    "AcquisitionTime": "09:45:13.690000", 
    "AcquisitionNumber": 1, 
    "SliceThickness": 0.8, 
    "SAR": 0.552744, 
    "NumberOfAverages": 2, 
    "EchoTime": 0.12, 
    "RepetitionTime": 1.5, 
    "FlipAngle": 120, 
    "PartialFourier": 1, 
    "BaseResolution": 320, 
    "ShimSetting": [
        5259, 
        -10048, 
        -11426, 
        51, 
        -84, 
        94, 
        74, 
        -32
    ], 
    "TxRefAmp": 270.904, 
    "PhaseResolution": 1, 
    "PhaseOversampling": 0.8, 
    "ReceiveCoilName": "HeadNeck_64", 
    "ReceiveCoilActiveElements": "HC2-7;NC1,2;SP1", 
    "CoilString": "HC2-7;NC1_2;SP1", 
    "PulseSequenceDetails": "%SiemensSeq%_tse_vfl", 
    "RefLinesPE": 32, 
    "ConsistencyInfo": "N4_VE11C_LATEST_20160120", 
    "PercentPhaseFOV": 100, 
    "EchoTrainLength": 76, 
    "PhaseEncodingSteps": 422, 
    "AcquisitionMatrixPE": 320, 
    "ReconMatrixPE": 320, 
    "PixelBandwidth": 625, 
    "DwellTime": 2.5e-06, 
    "ImageOrientationPatientDICOM": [
        -2.6e-14, 
        1, 
        4.897e-12, 
        0.00523597, 
        4.897e-12, 
        -0.999986
    ], 
    "InPlanePhaseEncodingDirectionDICOM": "COL", 
    "ConversionSoftware": "dcm2niix", 
    "ConversionSoftwareVersion": "v1.0.20190410  (JP2:OpenJPEG) (JP-LS:CharLS) Clang8.1.0", 
    "Dcm2bidsVersion": "2.1.4"
}