{
    "Modality": "MR",
    "MagneticFieldStrength": 3,
    "ImagingFrequency": 123.258,
    "Manufacturer": "Siemens",
    "ManufacturersModelName": "Prisma",
    "InstitutionName": "Fondazione_Santa_Lucia",
    "InstitutionalDepartmentName": "Neuroimmagini",
    "InstitutionAddress": "_Via_Ardeatina_306_Roma_RM_IT_00179",
    "DeviceSerialNumber": "166157",
    "StationName": "AWP166157",
    "BodyPartExamined": "BRAIN",
    "PatientPosition": "HFS",
    "ProcedureStepDescription": "RM_encefalo_(senza_contrasto)",
    "SoftwareVersions": "syngo_MR_E11",
    "MRAcquisitionType": "2D",
    "SeriesDescription": "DWI",
    "ProtocolName": "DWI",
    "ScanningSequence": "EP",
    "SequenceVariant": "SK_SP",
    "ScanOptions": "PFP_SFS_CT",
    "SequenceName": "_ez_b0",
    "ImageType": [
        "ORIGINAL",
        "PRIMARY",
        "DIFFUSION",
        "NONE",
        "ND",
        "NORM",
        "MOSAIC"
    ],
    "SeriesNumber": 16,
    "AcquisitionTime": "17:26:15.082500",
    "AcquisitionNumber": 1,
    "SliceThickness": 5,
    "SpacingBetweenSlices": 5,
    "SAR": 0.419824,
    "EchoTime": 0.061,
    "RepetitionTime": 0.62,
    "FlipAngle": 90,
    "PartialFourier": 0.875,
    "BaseResolution": 96,
    "ShimSetting": [
        -269,
        4318,
        -2086,
        -1209,
        -491,
        4144,
        192,
        277
    ],
    "DiffusionScheme": "Monopolar",
    "TxRefAmp": 259.331,
    "PhaseResolution": 1,
    "ReceiveCoilName": "HeadNeck_64",
    "ReceiveCoilActiveElements": "HC7;NC1,2",
    "CoilString": "HC7;NC1_2",
    "PulseSequenceDetails": "%SiemensSeq%_ep2d_diff",
    "ConsistencyInfo": "N4_VE11E_LATEST_20181129",
    "PercentPhaseFOV": 37.5,
    "PercentSampling": 100,
    "EchoTrainLength": 31,
    "PhaseEncodingSteps": 31,
    "AcquisitionMatrixPE": 36,
    "ReconMatrixPE": 36,
    "BandwidthPerPixelPhaseEncode": 28.935,
    "EffectiveEchoSpacing": 0.000960006,
    "DerivedVendorReportedEchoSpacing": 0.000960006,
    "TotalReadoutTime": 0.0336002,
    "PixelBandwidth": 1270,
    "DwellTime": 4.1e-06,
    "PhaseEncodingDirection": "j-",
    "SliceTiming": [
        0,
        0.75,
        1.485,
        2.19,
        2.91,
        0.2,
        0.95,
        1.685,
        2.39,
        3.11,
        0.4,
        1.15,
        1.885,
        2.59,
        3.31
    ],
    "ImageOrientationPatientDICOM": [
        1,
        0,
        0,
        0,
        0.977046,
        0.21303
    ],
    "InPlanePhaseEncodingDirectionDICOM": "COL",
    "ConversionSoftware": "dcm2niix",
    "ConversionSoftwareVersion": "v1.0.20200331",
    "Dcm2bidsVersion": "2.1.4"
}