{
    "Modality": "MR",
    "MagneticFieldStrength": 3,
    "ImagingFrequency": 123.258,
    "Manufacturer": "Siemens",
    "ManufacturersModelName": "Prisma",
    "InstitutionName": "Fondazione_Santa_Lucia",
    "InstitutionalDepartmentName": "Neuroimmagini",
    "InstitutionAddress": "_Via_Ardeatina_306_Roma_RM_IT_00179",
    "DeviceSerialNumber": "166157",
    "StationName": "AWP166157",
    "BodyPartExamined": "BRAIN",
    "PatientPosition": "HFS",
    "ProcedureStepDescription": "RM_encefalo_(senza_contrasto)",
    "SoftwareVersions": "syngo_MR_E11",
    "MRAcquisitionType": "3D",
    "SeriesDescription": "T2w",
    "ProtocolName": "T2w",
    "ScanningSequence": "SE",
    "SequenceVariant": "SK_SP_OSP",
    "ScanOptions": "PFP",
    "SequenceName": "_spcR_100",
    "ImageType": [
        "ORIGINAL",
        "PRIMARY",
        "M",
        "NORM",
        "DIS3D",
        "DIS2D"
    ],
    "SeriesNumber": 40,
    "AcquisitionTime": "15:02:7.017500",
    "AcquisitionNumber": 1,
    "SliceThickness": 0.8,
    "SAR": 0.595219,
    "NumberOfAverages": 2,
    "EchoTime": 0.12,
    "RepetitionTime": 1.5,
    "FlipAngle": 120,
    "PartialFourier": 1,
    "BaseResolution": 320,
    "ShimSetting": [
        -210,
        4556,
        -2329,
        -555,
        184,
        -22,
        1108,
        51
    ],
    "TxRefAmp": 302.804,
    "PhaseResolution": 1,
    "PhaseOversampling": 0.8,
    "ReceiveCoilName": "Spine_32",
    "ReceiveCoilActiveElements": "HC5-7;NC1,2;SP1",
    "CoilString": "HC5-7;NC1_2;SP1",
    "PulseSequenceDetails": "%SiemensSeq%_tse_vfl",
    "RefLinesPE": 32,
    "ConsistencyInfo": "N4_VE11E_LATEST_20181129",
    "PercentPhaseFOV": 100,
    "PercentSampling": 100,
    "EchoTrainLength": 76,
    "PhaseEncodingSteps": 422,
    "AcquisitionMatrixPE": 320,
    "ReconMatrixPE": 320,
    "ParallelReductionFactorInPlane": 3,
    "PixelBandwidth": 625,
    "DwellTime": 2.5e-06,
    "PhaseEncodingDirection": "j-",
    "ImageOrientationPatientDICOM": [
        0,
        1,
        4.897e-12,
        0,
        4.897e-12,
        -1
    ],
    "InPlanePhaseEncodingDirectionDICOM": "COL",
    "ConversionSoftware": "dcm2niix",
    "ConversionSoftwareVersion": "v1.0.20200331",
    "Dcm2bidsVersion": "2.1.4",
    "SpatialReference": {
        "Resampling": "0.8x0.8x0.8",
        "Reorientation": "RPI"
    }
}