{
	"Modality": "MR",
	"MagneticFieldStrength": 3,
	"ImagingFrequency": 127.762,
	"Manufacturer": "Philips",
	"ManufacturersModelName": "Ingenia_CX",
	"InstitutionName": "Tokyo_University_Hospital",
	"InstitutionalDepartmentName": "Radiology",
	"DeviceSerialNumber": "78091",
	"StationName": "HOST-77RBK8NK2K",
	"BodyPartExamined": "SPINE",
	"PatientPosition": "HFS",
	"SoftwareVersions": "5.3.1_5.3.1.1",
	"MRAcquisitionType": "3D",
	"SeriesDescription": "T2w",
	"ProtocolName": "T2w",
	"ScanningSequence": "SE",
	"SequenceVariant": "SK",
	"ScanOptions": "PFP",
	"ImageType": ["ORIGINAL", "PRIMARY", "M", "SE", "M", "SE"],
	"SeriesNumber": 401,
	"AcquisitionTime": "17:50:55.800000",
	"AcquisitionNumber": 4,
	"PhilipsRescaleSlope": 1.35458,
	"PhilipsRescaleIntercept": 0,
	"PhilipsScaleSlope": 0.00116226,
	"UsePhilipsFloatNotDisplayScaling": 1,
	"SliceThickness": 0.8,
	"SpacingBetweenSlices": 0.8,
	"SAR": 1.29942,
	"EchoTime": 0.12,
	"RepetitionTime": 3.5,
	"FlipAngle": 90,
	"CoilString": "MULTI_COIL",
	"PercentPhaseFOV": 92.5,
	"EchoTrainLength": 92,
	"PhaseEncodingSteps": 316,
	"AcquisitionMatrixPE": 316,
	"ReconMatrixPE": 320,
	"PixelBandwidth": 367,
	"ImageOrientationPatientDICOM": [
		0.000306185,
		1,
		1.1849e-06,
		0.0473986,
		-1.33292e-05,
		-0.998876	],
	"InPlanePhaseEncodingDirectionDICOM": "ROW",
	"ConversionSoftware": "dcm2niix",
	"ConversionSoftwareVersion": "v1.0.20181125  Clang10.0.0"
}
