{
    "Modality": "MR", 
    "MagneticFieldStrength": 3, 
    "Manufacturer": "Philips", 
    "ManufacturersModelName": "Ingenia_Elition_X", 
    "InstitutionName": "UBC_MRI_Research_Centre", 
    "InstitutionalDepartmentName": "CBH_MR", 
    "InstitutionAddress": "2215_Wesbrook_Mall", 
    "DeviceSerialNumber": "45052", 
    "StationName": "PHILIPS-1KQ0JBG", 
    "BodyPartExamined": "BRAIN", 
    "PatientPosition": "HFS", 
    "SoftwareVersions": "5.5.2_5.5.2.0", 
    "MRAcquisitionType": "2D", 
    "SeriesDescription": "sSUM", 
    "ProtocolName": "sSUM", 
    "ScanningSequence": "GR", 
    "SequenceVariant": "SS", 
    "ScanOptions": "SP", 
    "ImageType": [
        "ORIGINAL", 
        "PRIMARY", 
        "M", 
        "FFE", 
        "M", 
        "FFE"
    ], 
    "SeriesNumber": 1102, 
    "AcquisitionTime": "11:03:0.680000", 
    "AcquisitionNumber": 11, 
    "PhilipsRWVSlope": 1, 
    "PhilipsRWVIntercept": 0, 
    "PhilipsRescaleSlope": 1, 
    "PhilipsRescaleIntercept": 0, 
    "PhilipsScaleSlope": 0.244857, 
    "UsePhilipsFloatNotDisplayScaling": 1, 
    "SliceThickness": 5, 
    "SpacingBetweenSlices": 5, 
    "SAR": 3.10531, 
    "EchoTime": 0.007101, 
    "RepetitionTime": 0.6, 
    "FlipAngle": 30, 
    "PercentPhaseFOV": 100, 
    "EchoTrainLength": 3, 
    "PhaseEncodingSteps": 448, 
    "AcquisitionMatrixPE": 448, 
    "ReconMatrixPE": 448, 
    "PixelBandwidth": 261, 
    "PhaseEncodingAxis": "j", 
    "ImageOrientationPatientDICOM": [
        0.999917, 
        0.00106058, 
        -0.0128595, 
        -5.42101e-20, 
        0.996616, 
        0.0821951
    ], 
    "InPlanePhaseEncodingDirectionDICOM": "COL", 
    "ConversionSoftware": "dcm2niix", 
    "ConversionSoftwareVersion": "v1.0.20180622 (JP2:OpenJPEG) GCC6.1.0", 
    "Dcm2bidsVersion": "2.1.4"
}