{
    "Modality": "MR", 
    "MagneticFieldStrength": 3, 
    "ImagingFrequency": 127.754, 
    "Manufacturer": "Philips", 
    "ManufacturersModelName": "Achieva", 
    "InstitutionName": "Fondazione_S.Lucia", 
    "InstitutionalDepartmentName": "Diagnostica_per_Immagine", 
    "DeviceSerialNumber": "34249", 
    "StationName": "PHILIPS-29CDACE", 
    "BodyPartExamined": "SPINE", 
    "PatientPosition": "HFS", 
    "ProcedureStepDescription": "FRATINI", 
    "SoftwareVersions": "5.4.1_5.4.1.1", 
    "MRAcquisitionType": "2D", 
    "SeriesDescription": "DWI", 
    "ProtocolName": "DWI", 
    "ScanningSequence": "SE", 
    "SequenceVariant": "SK", 
    "ScanOptions": "FS", 
    "ImageType": [
        "ORIGINAL", 
        "PRIMARY", 
        "M", 
        "SE", 
        "M", 
        "SE"
    ], 
    "SeriesNumber": 401, 
    "AcquisitionTime": "19:54:37.040000", 
    "AcquisitionNumber": 4, 
    "PhilipsRWVSlope": 8.7243, 
    "PhilipsRWVIntercept": 0, 
    "PhilipsRescaleSlope": 8.7243, 
    "PhilipsRescaleIntercept": 0, 
    "PhilipsScaleSlope": 0.00100883, 
    "UsePhilipsFloatNotDisplayScaling": 1, 
    "SliceThickness": 5, 
    "SpacingBetweenSlices": 5, 
    "SAR": 1.14135, 
    "EchoTime": 0.069047, 
    "RepetitionTime": 0.857143, 
    "FlipAngle": 90, 
    "CoilString": "SENSE_NEURO_VASC", 
    "PartialFourier": 0.953125, 
    "PercentPhaseFOV": 75, 
    "EchoTrainLength": 61, 
    "PhaseEncodingSteps": 64, 
    "AcquisitionMatrixPE": 64, 
    "ReconMatrixPE": 64, 
    "PixelBandwidth": 1302, 
    "PhaseEncodingAxis": "j", 
    "ImageOrientationPatientDICOM": [
        0.997728, 
        -0.0023387, 
        -0.0673296, 
        -0.00436313, 
        0.995056, 
        -0.0992186
    ], 
    "InPlanePhaseEncodingDirectionDICOM": "COL", 
    "ConversionSoftware": "dcm2niix", 
    "ConversionSoftwareVersion": "v1.0.20190410  (JP2:OpenJPEG) (JP-LS:CharLS) Clang8.1.0", 
    "Dcm2bidsVersion": "2.1.4"
}