{
    "Modality": "MR", 
    "MagneticFieldStrength": 3, 
    "ImagingFrequency": 123.249, 
    "Manufacturer": "Siemens", 
    "ManufacturersModelName": "Verio", 
    "InstitutionName": "Beijing_Tiantan_Hospital", 
    "InstitutionalDepartmentName": "Department", 
    "InstitutionAddress": "Street_StreetNo_Beijinig_63f344_District_CN_ZIP", 
    "DeviceSerialNumber": "40717", 
    "StationName": "MRC40717", 
    "PatientPosition": "HFS", 
    "ProcedureStepDescription": "c-spine_clinical_libraries", 
    "SoftwareVersions": "syngo_MR_B19", 
    "MRAcquisitionType": "2D", 
    "SeriesDescription": "GRE-ME", 
    "ProtocolName": "GRE-ME", 
    "ScanningSequence": "GR", 
    "SequenceVariant": "SP", 
    "SequenceName": "_me2d1r3", 
    "ImageType": [
        "ORIGINAL", 
        "PRIMARY", 
        "M", 
        "DIS2D"
    ], 
    "SeriesNumber": 6, 
    "AcquisitionTime": "18:46:55.747500", 
    "AcquisitionNumber": 1, 
    "SliceThickness": 5, 
    "SpacingBetweenSlices": 5, 
    "SAR": 0.0140817, 
    "NumberOfAverages": 2, 
    "EchoTime": 0.014, 
    "RepetitionTime": 0.6, 
    "FlipAngle": 30, 
    "PartialFourier": 1, 
    "BaseResolution": 448, 
    "ShimSetting": [
        -4776, 
        12489, 
        14451, 
        -2052, 
        -716, 
        271, 
        1212, 
        708
    ], 
    "TxRefAmp": 391.11, 
    "PhaseResolution": 1, 
    "ReceiveCoilName": "NeckMatrix", 
    "CoilString": "D:NE1_2", 
    "PulseSequenceDetails": "%SiemensSeq%_medic", 
    "RefLinesPE": 32, 
    "PercentPhaseFOV": 100, 
    "PhaseEncodingSteps": 447, 
    "AcquisitionMatrixPE": 448, 
    "ReconMatrixPE": 448, 
    "ParallelReductionFactorInPlane": 2, 
    "PixelBandwidth": 260, 
    "DwellTime": 4.3e-06, 
    "PhaseEncodingDirection": "j-", 
    "SliceTiming": [
        0, 
        0.3125, 
        0.03125, 
        0.35938, 
        0.07812, 
        0.39062, 
        0.125, 
        0.4375, 
        0.15625, 
        0.48438, 
        0.20312, 
        0.51562, 
        0.23438, 
        0.5625, 
        0.28125
    ], 
    "ImageOrientationPatientDICOM": [
        1, 
        0, 
        0, 
        0, 
        1, 
        0
    ], 
    "InPlanePhaseEncodingDirectionDICOM": "COL", 
    "ConversionSoftware": "dcm2niix", 
    "ConversionSoftwareVersion": "v1.0.20190902", 
    "Dcm2bidsVersion": "2.1.4"
}