{
	"Modality": "MR",
	"MagneticFieldStrength": 3,
	"ImagingFrequency": 127.763,
	"Manufacturer": "Philips",
	"ManufacturersModelName": "Ingenia_CX",
	"InstitutionName": "Tokyo_University_Hospital",
	"InstitutionalDepartmentName": "Radiology",
	"DeviceSerialNumber": "78091",
	"StationName": "HOST-77RBK8NK2K",
	"BodyPartExamined": "SPINE",
	"PatientPosition": "HFS",
	"SoftwareVersions": "5.3.1_5.3.1.1",
	"MRAcquisitionType": "3D",
	"SeriesDescription": "GRE-T1",
	"ProtocolName": "GRE-T1",
	"ScanningSequence": "GR",
	"SequenceVariant": "SP",
	"ScanOptions": "PFF",
	"ImageType": ["ORIGINAL", "PRIMARY", "M", "FFE", "M", "FFE"],
	"SeriesNumber": 601,
	"AcquisitionTime": "20:43:24.690000",
	"AcquisitionNumber": 6,
	"PhilipsRescaleSlope": 1.83761,
	"PhilipsRescaleIntercept": 0,
	"PhilipsScaleSlope": 0.000726611,
	"UsePhilipsFloatNotDisplayScaling": 1,
	"SliceThickness": 5,
	"SpacingBetweenSlices": 5,
	"SAR": 0.284064,
	"EchoTime": 0.002001,
	"RepetitionTime": 0.015,
	"FlipAngle": 15,
	"CoilString": "MULTI_COIL",
	"PercentPhaseFOV": 100,
	"PhaseEncodingSteps": 256,
	"AcquisitionMatrixPE": 256,
	"ReconMatrixPE": 256,
	"PixelBandwidth": 261,
	"ImageOrientationPatientDICOM": [
		0.999734,
		-0.0230531,
		-0.000654019,
		0.0230124,
		0.995296,
		0.0941126	],
	"InPlanePhaseEncodingDirectionDICOM": "COL",
	"ConversionSoftware": "dcm2niix",
	"ConversionSoftwareVersion": "v1.0.20181125  Clang10.0.0"
}
