{
	"Modality": "MR",
	"MagneticFieldStrength": 3,
	"ImagingFrequency": 127.763,
	"Manufacturer": "Philips",
	"ManufacturersModelName": "Ingenia_CX",
	"InstitutionName": "Tokyo_University_Hospital",
	"InstitutionalDepartmentName": "Radiology",
	"DeviceSerialNumber": "78091",
	"StationName": "HOST-77RBK8NK2K",
	"BodyPartExamined": "SPINE",
	"PatientPosition": "HFS",
	"SoftwareVersions": "5.3.1_5.3.1.1",
	"MRAcquisitionType": "2D",
	"SeriesDescription": "sSUM",
	"ProtocolName": "sSUM",
	"ScanningSequence": "GR",
	"SequenceVariant": "SS",
	"ScanOptions": "PFF",
	"ImageType": ["ORIGINAL", "PRIMARY", "M", "FFE", "M", "FFE"],
	"SeriesNumber": 702,
	"AcquisitionTime": "20:44:32.400000",
	"AcquisitionNumber": 7,
	"PhilipsRescaleSlope": 1,
	"PhilipsRescaleIntercept": 0,
	"PhilipsScaleSlope": 0.138891,
	"UsePhilipsFloatNotDisplayScaling": 1,
	"SliceThickness": 5,
	"SpacingBetweenSlices": 5,
	"SAR": 2.07323,
	"EchoTime": 0.002086,
	"RepetitionTime": 0.625,
	"FlipAngle": 30,
	"CoilString": "MULTI_COIL",
	"PartialFourier": 0.009375,
	"PercentPhaseFOV": 100,
	"EchoTrainLength": 3,
	"PhaseEncodingSteps": 320,
	"AcquisitionMatrixPE": 320,
	"ReconMatrixPE": 320,
	"PixelBandwidth": 241,
	"PhaseEncodingAxis": "j",
	"ImageOrientationPatientDICOM": [
		0.999734,
		-0.0230531,
		-0.000654019,
		0.0230124,
		0.995296,
		0.0941126	],
	"InPlanePhaseEncodingDirectionDICOM": "COL",
	"ConversionSoftware": "dcm2niix",
	"ConversionSoftwareVersion": "v1.0.20181125  Clang10.0.0"
}
