{
    "Modality": "MR",
    "MagneticFieldStrength": 3,
    "Manufacturer": "GE",
    "ManufacturersModelName": "DISCOVERY_MR750w",
    "InstitutionName": "JUNTENDO_UNV_HP",
    "DeviceSerialNumber": "0000000000EM0236",
    "StationName": "GEMR750W",
    "BodyPartExamined": "NECK",
    "PatientPosition": "HFS",
    "SoftwareVersions": "27_LX_MR_Software_release:DV26.0_R02_1810.b",
    "MRAcquisitionType": "3D",
    "SeriesDescription": "GRE-T1w",
    "ProtocolName": "GRE-T1w",
    "ScanningSequence": "GR",
    "SequenceVariant": "SS_SP",
    "ScanOptions": "EDR_GEMS_FILTERED_GEMS_PFF",
    "ImageType": [
        "ORIGINAL",
        "PRIMARY",
        "OTHER"
    ],
    "SeriesNumber": 10,
    "AcquisitionTime": "18:46:46.000000",
    "AcquisitionNumber": 1,
    "SliceThickness": 5,
    "SpacingBetweenSlices": 5,
    "SAR": 0.0235463,
    "EchoTime": 0.004,
    "RepetitionTime": 0.015,
    "FlipAngle": 15,
    "PercentPhaseFOV": 100,
    "AcquisitionMatrixPE": 192,
    "ReconMatrixPE": 230,
    "PixelBandwidth": 362.348,
    "ImageOrientationPatientDICOM": [
        0.99869,
        -0.00219,
        0.05105,
        -0.0106,
        0.96848,
        0.24887
    ],
    "InPlanePhaseEncodingDirectionDICOM": "COL",
    "ConversionSoftware": "dcm2niix",
    "ConversionSoftwareVersion": "v1.0.20171215 (OpenJPEG build) Clang8.1.0",
    "SpatialReference": {
        "Reorientation": "RPI"
    }
}