{
    "Modality": "MR",
    "MagneticFieldStrength": 3,
    "Manufacturer": "Philips",
    "ManufacturersModelName": "Ingenia_Elition_X",
    "InstitutionName": "UBC_MRI_Research_Centre",
    "InstitutionalDepartmentName": "CBH_MR",
    "InstitutionAddress": "2215_Wesbrook_Mall",
    "DeviceSerialNumber": "45052",
    "StationName": "PHILIPS-1KQ0JBG",
    "BodyPartExamined": "BRAIN",
    "PatientPosition": "HFS",
    "SoftwareVersions": "5.5.2_5.5.2.0",
    "MRAcquisitionType": "3D",
    "SeriesDescription": "GRE-MT",
    "ProtocolName": "WIP_GRE-MT",
    "ScanningSequence": "GR",
    "SequenceVariant": "SP",
    "ScanOptions": "PFF",
    "ImageType": [
        "ORIGINAL",
        "PRIMARY",
        "M",
        "FFE",
        "M",
        "FFE"
    ],
    "SeriesNumber": 1601,
    "AcquisitionTime": "11:22:50.190000",
    "AcquisitionNumber": 16,
    "PhilipsRWVSlope": 2.1326,
    "PhilipsRWVIntercept": 0,
    "PhilipsRescaleSlope": 2.1326,
    "PhilipsRescaleIntercept": 0,
    "PhilipsScaleSlope": 0.000676353,
    "UsePhilipsFloatNotDisplayScaling": 1,
    "SliceThickness": 5,
    "SpacingBetweenSlices": 5,
    "SAR": 2.88994,
    "EchoTime": 0.002001,
    "RepetitionTime": 0.057,
    "FlipAngle": 9,
    "PercentPhaseFOV": 100,
    "PhaseEncodingSteps": 256,
    "AcquisitionMatrixPE": 256,
    "ReconMatrixPE": 256,
    "PixelBandwidth": 261,
    "ImageOrientationPatientDICOM": [
        0.999517,
        0.00486966,
        -0.0306977,
        -2.1684e-19,
        0.98765,
        0.156674
    ],
    "InPlanePhaseEncodingDirectionDICOM": "COL",
    "ConversionSoftware": "dcm2niix",
    "ConversionSoftwareVersion": "v1.0.20180622 (JP2:OpenJPEG) GCC6.1.0",
    "Dcm2bidsVersion": "2.1.4",
    "SpatialReference": {
        "Reorientation": "RPI"
    }
}