{
    "Modality": "MR",
    "MagneticFieldStrength": 3,
    "ImagingFrequency": 127.758,
    "Manufacturer": "Philips",
    "ManufacturersModelName": "Achieva_dStream",
    "InstitutionName": "Vanderbilt_Health_and_williamson",
    "InstitutionalDepartmentName": "Research_MRI",
    "InstitutionAddress": "1161_21st_Ave_South",
    "DeviceSerialNumber": "17240",
    "StationName": "mr3tb",
    "BodyPartExamined": "SPINE",
    "PatientPosition": "HFS",
    "ProcedureStepDescription": "Smith_236674",
    "SoftwareVersions": "5.3.0_5.3.0.3",
    "MRAcquisitionType": "3D",
    "SeriesDescription": "T2w",
    "ProtocolName": "WIP_T2w",
    "ScanningSequence": "SE",
    "SequenceVariant": "SK",
    "ScanOptions": "PFP",
    "ImageType": [
        "ORIGINAL",
        "PRIMARY",
        "M",
        "SE",
        "M",
        "SE"
    ],
    "SeriesNumber": 301,
    "AcquisitionTime": "11:17:30.130000",
    "AcquisitionNumber": 3,
    "PhilipsRescaleSlope": 1.39536,
    "PhilipsRescaleIntercept": 0,
    "PhilipsScaleSlope": 0.00099654,
    "UsePhilipsFloatNotDisplayScaling": 1,
    "SliceThickness": 0.8,
    "SpacingBetweenSlices": 0.8,
    "EchoTime": 0.12,
    "RepetitionTime": 3.5,
    "FlipAngle": 90,
    "CoilString": "MULTI_COIL",
    "PartialFourier": 0.291139,
    "PercentPhaseFOV": 92.5,
    "EchoTrainLength": 92,
    "PhaseEncodingSteps": 316,
    "AcquisitionMatrixPE": 316,
    "ReconMatrixPE": 320,
    "PixelBandwidth": 366.784,
    "ImageOrientationPatientDICOM": [
        0,
        1,
        0,
        -0.0349319,
        0,
        -0.99939
    ],
    "InPlanePhaseEncodingDirectionDICOM": "ROW",
    "ConversionSoftware": "dcm2niix",
    "ConversionSoftwareVersion": "v1.0.20181022  GCC4.8.5",
    "SpatialReference": {
        "Resampling": "0.8x0.8x0.8",
        "Reorientation": "RPI"
    }
}