{
    "Modality": "MR", 
    "MagneticFieldStrength": 3, 
    "ImagingFrequency": 123.228, 
    "Manufacturer": "Siemens", 
    "ManufacturersModelName": "Skyra", 
    "InstitutionName": "Istituto_Neurologico_Mondino", 
    "InstitutionalDepartmentName": "Department", 
    "InstitutionAddress": "Via_Mondino_2_Pavia_District_IT_27100", 
    "DeviceSerialNumber": "45358", 
    "StationName": "AWP45358", 
    "BodyPartExamined": "HEAD", 
    "PatientPosition": "HFS", 
    "ProcedureStepDescription": "R.M._DEL_CERVELLO_E_DEL_TRONCO_ENCEFALICO_-_3T", 
    "SoftwareVersions": "syngo_MR_D13C", 
    "MRAcquisitionType": "3D", 
    "SeriesDescription": "T2w", 
    "ProtocolName": "T2w", 
    "ScanningSequence": "SE", 
    "SequenceVariant": "SK_SP_OSP", 
    "ScanOptions": "PFP", 
    "SequenceName": "_spcR_100", 
    "ImageType": [
        "ORIGINAL", 
        "PRIMARY", 
        "M", 
        "NORM", 
        "DIS3D", 
        "DIS2D"
    ], 
    "SeriesNumber": 3, 
    "AcquisitionTime": "15:40:16.137500", 
    "AcquisitionNumber": 1, 
    "SliceThickness": 0.8, 
    "SAR": 0.68723, 
    "EchoTime": 0.122, 
    "RepetitionTime": 1.5, 
    "FlipAngle": 120, 
    "PartialFourier": 1, 
    "BaseResolution": 320, 
    "ShimSetting": [
        6818, 
        -908, 
        7129, 
        -32, 
        88, 
        -505, 
        1979, 
        -173
    ], 
    "TxRefAmp": 382.374, 
    "PhaseResolution": 1, 
    "PhaseOversampling": 0.8, 
    "ReceiveCoilName": "Spine_32", 
    "ReceiveCoilActiveElements": "HE3,4;NE1,2;SP1", 
    "CoilString": "HE3_4;NE1_2;SP1", 
    "PulseSequenceDetails": "%SiemensSeq%_tse_vfl", 
    "ConsistencyInfo": "N4_VD13C_LATEST_20121124", 
    "PercentPhaseFOV": 100, 
    "EchoTrainLength": 77, 
    "PhaseEncodingSteps": 431, 
    "AcquisitionMatrixPE": 320, 
    "ReconMatrixPE": 320, 
    "PixelBandwidth": 625, 
    "DwellTime": 2.5e-06, 
    "ImageOrientationPatientDICOM": [
        0, 
        1, 
        -2.05103e-10, 
        0, 
        -2.05103e-10, 
        -1
    ], 
    "InPlanePhaseEncodingDirectionDICOM": "COL", 
    "ConversionSoftware": "dcm2niix", 
    "ConversionSoftwareVersion": "v1.0.20181125  GCC4.8.2", 
    "Dcm2bidsVersion": "2.1.4"
}