{
	"Modality": "MR",
	"MagneticFieldStrength": 3,
	"Manufacturer": "Siemens",
	"ManufacturersModelName": "Verio",
	"InstitutionName": "CEMEREM",
	"InstitutionalDepartmentName": "CEMEREM",
	"InstitutionAddress": "RUE_ST_PIERRE_264_MARSEILLE...92C536..._District_FR_13006",
	"DeviceSerialNumber": "40146",
	"StationName": "MRC40146",
	"PatientPosition": "HFS",
	"ProcedureStepDescription": "TEST_VC_SPINE",
	"SoftwareVersions": "syngo_MR_B17",
	"MRAcquisitionType": "3D",
	"SeriesDescription": "GRE-MT1",
	"ProtocolName": "GRE-MT1",
	"ScanningSequence": "GR",
	"SequenceVariant": "MTC_SP",
	"ScanOptions": "MT",
	"SequenceName": "_fl3d1",
	"ImageType": ["ORIGINAL", "PRIMARY", "M", "DIS2D"],
	"SeriesNumber": 6,
	"AcquisitionTime": "11:00:10.737500",
	"AcquisitionNumber": 1,
	"SliceThickness": 5,
	"SAR": 0.578457,
	"EchoTime": 0.0035,
	"RepetitionTime": 0.035,
	"FlipAngle": 9,
	"PartialFourier": 1,
	"BaseResolution": 256,
	"ShimSetting": [
		-5779,
		12600,
		-12091,
		-60,
		-66,
		433,
		850,
		24	],
	"TxRefAmp": 438.396,
	"PhaseResolution": 1,
	"ReceiveCoilName": "NeckMatrix",
	"PulseSequenceDetails": "%SiemensSeq%_gre",
	"PercentPhaseFOV": 100,
	"PhaseEncodingSteps": 255,
	"AcquisitionMatrixPE": 256,
	"ReconMatrixPE": 256,
	"ParallelReductionFactorInPlane": 2,
	"PixelBandwidth": 260,
	"DwellTime": 7.5e-06,
	"ImageOrientationPatientDICOM": [
		1,
		2e-16,
		0,
		-2e-16,
		0.961741,
		-0.273959	],
	"InPlanePhaseEncodingDirectionDICOM": "COL",
	"ConversionSoftware": "dcm2niix",
	"ConversionSoftwareVersion": "v1.0.20171215 (OpenJPEG build) Clang8.1.0"
}
