{
	"Modality": "MR",
	"MagneticFieldStrength": 3,
	"Manufacturer": "Siemens",
	"ManufacturersModelName": "TrioTim",
	"DeviceSerialNumber": "35388",
	"StationName": "MRC35388",
	"PatientPosition": "HFS",
	"ProcedureStepDescription": "RM_CEREBRAL",
	"SoftwareVersions": "syngo_MR_B17",
	"MRAcquisitionType": "2D",
	"SeriesDescription": "DWI_b0",
	"ProtocolName": "DWI_b0",
	"ScanningSequence": "EP",
	"SequenceVariant": "SK_SP",
	"ScanOptions": "PFP_SAT2_WE_CT",
	"SequenceName": "_ep_b0",
	"ImageType": ["ORIGINAL", "PRIMARY", "DIFFUSION", "NONE", "ND"],
	"SeriesNumber": 14,
	"AcquisitionTime": "16:03:2.050000",
	"AcquisitionNumber": 1,
	"SliceThickness": 5,
	"SpacingBetweenSlices": 5,
	"SAR": 0.724403,
	"EchoTime": 0.099,
	"RepetitionTime": 0.6,
	"FlipAngle": 90,
	"PartialFourier": 0.625,
	"BaseResolution": 96,
	"ShimSetting": [
		8752,
		-1429,
		-7918,
		-2021,
		1571,
		4176,
		1082,
		-789	],
	"TxRefAmp": 357.67,
	"PhaseResolution": 1,
	"ReceiveCoilName": "NeckMatrix",
	"PulseSequenceDetails": "%SiemensSeq%_ep2d_diff",
	"PercentPhaseFOV": 100,
	"PhaseEncodingSteps": 63,
	"AcquisitionMatrixPE": 96,
	"ReconMatrixPE": 96,
	"BandwidthPerPixelPhaseEncode": 9.137,
	"EffectiveEchoSpacing": 0.00114005,
	"DerivedVendorReportedEchoSpacing": 0.00114005,
	"TotalReadoutTime": 0.108305,
	"PixelBandwidth": 965,
	"DwellTime": 5.4e-06,
	"PhaseEncodingDirection": "j-",
	"ImageOrientationPatientDICOM": [
		0.999198,
		0.00975058,
		-0.0388332,
		-1.5462e-08,
		0.969894,
		0.243529	],
	"InPlanePhaseEncodingDirectionDICOM": "COL",
	"ConversionSoftware": "dcm2niix",
	"ConversionSoftwareVersion": "v1.0.20180622 (JP2:OpenJPEG) GCC6.1.0"
}
