{
	"Modality": "MR",
	"MagneticFieldStrength": 3,
	"ImagingFrequency": 123.254,
	"Manufacturer": "Siemens",
	"ManufacturersModelName": "Skyra",
	"InstitutionName": "Martinos_Center_Bay_1",
	"InstitutionalDepartmentName": "Department",
	"InstitutionAddress": "13th_149_Charlestown_MA_US_02129",
	"DeviceSerialNumber": "45407",
	"StationName": "BAY1OC",
	"BodyPartExamined": "BRAIN",
	"PatientPosition": "HFS",
	"ProcedureStepDescription": "INVESTIGATORS_Barry",
	"SoftwareVersions": "syngo_MR_E11",
	"MRAcquisitionType": "3D",
	"SeriesDescription": "GRE-MT0",
	"ProtocolName": "GRE-MT0",
	"ScanningSequence": "GR",
	"SequenceVariant": "SP",
	"SequenceName": "_fl3d1",
	"ImageType": ["ORIGINAL", "PRIMARY", "M", "DIS2D"],
	"SeriesNumber": 6,
	"AcquisitionTime": "14:45:10.392500",
	"AcquisitionNumber": 1,
	"SliceThickness": 5,
	"SAR": 0.00705687,
	"EchoTime": 0.00313,
	"RepetitionTime": 0.035,
	"FlipAngle": 9,
	"PartialFourier": 1,
	"BaseResolution": 256,
	"ShimSetting": [
		-4982,
		11981,
		-11775,
		-1920,
		-476,
		4999,
		-2210,
		361	],
	"TxRefAmp": 369.641,
	"PhaseResolution": 1,
	"ReceiveCoilName": "HeadNeck_64",
	"ReceiveCoilActiveElements": "HC5-7;NC1,2",
	"CoilString": "HC5-7;NC1_2",
	"PulseSequenceDetails": "%SiemensSeq%_gre",
	"ConsistencyInfo": "N4_VE11C_LATEST_20160120",
	"PercentPhaseFOV": 100,
	"PhaseEncodingSteps": 255,
	"AcquisitionMatrixPE": 256,
	"ReconMatrixPE": 256,
	"PixelBandwidth": 260,
	"DwellTime": 7.5e-06,
	"ImageOrientationPatientDICOM": [
		1,
		0,
		0,
		0,
		0.978867,
		0.204496	],
	"InPlanePhaseEncodingDirectionDICOM": "COL",
	"ConversionSoftware": "dcm2niix",
	"ConversionSoftwareVersion": "v1.0.20181125  (JP2:OpenJPEG) (JP-LS:CharLS) Clang8.1.0"
}
