{
	"Modality": "MR",
	"MagneticFieldStrength": 3,
	"Manufacturer": "Siemens",
	"ManufacturersModelName": "Prisma_fit",
	"InstitutionName": "NU_Tuna",
	"InstitutionalDepartmentName": "Department",
	"InstitutionAddress": "Fairbanks_710_Chicago_Chicago_US_60611",
	"DeviceSerialNumber": "67034",
	"StationName": "MRC35427",
	"BodyPartExamined": "CSPINE",
	"PatientPosition": "HFS",
	"ProcedureStepDescription": "fMRI_STUDIES_DEWALD",
	"SoftwareVersions": "syngo_MR_E11",
	"MRAcquisitionType": "3D",
	"SeriesDescription": "T1w",
	"ProtocolName": "T1w",
	"ScanningSequence": "GR_IR",
	"SequenceVariant": "SK_SP_MP",
	"ScanOptions": "IR",
	"SequenceName": "_tfl3d1_16",
	"ImageType": ["ORIGINAL", "PRIMARY", "M", "NORM", "DIS3D", "DIS2D"],
	"SeriesNumber": 3,
	"AcquisitionTime": "13:25:27.002500",
	"AcquisitionNumber": 1,
	"SliceThickness": 1,
	"SAR": 0.0570124,
	"EchoTime": 0.00372,
	"RepetitionTime": 2,
	"InversionTime": 1,
	"FlipAngle": 9,
	"PartialFourier": 1,
	"BaseResolution": 320,
	"ShimSetting": [
		2639,
		5490,
		-7665,
		208,
		-44,
		-590,
		119,
		-158	],
	"TxRefAmp": 252.198,
	"PhaseResolution": 1,
	"ReceiveCoilName": "HeadNeck_64",
	"ReceiveCoilActiveElements": "HC1-7;NC1,2",
	"PulseSequenceDetails": "%SiemensSeq%_tfl",
	"ConsistencyInfo": "N4_VE11C_LATEST_20160120",
	"PercentPhaseFOV": 81.25,
	"PhaseEncodingSteps": 259,
	"AcquisitionMatrixPE": 260,
	"ReconMatrixPE": 320,
	"ParallelReductionFactorInPlane": 2,
	"PixelBandwidth": 150,
	"DwellTime": 1.04e-05,
	"ImageOrientationPatientDICOM": [
		0,
		1,
		0,
		0.0348995,
		0,
		-0.999391	],
	"InPlanePhaseEncodingDirectionDICOM": "ROW",
	"ConversionSoftware": "dcm2niix",
	"ConversionSoftwareVersion": "v1.0.20180622 (JP2:OpenJPEG) GCC6.1.0"
}
