{
    "Modality": "MR",
    "MagneticFieldStrength": 3,
    "Manufacturer": "Philips",
    "ManufacturersModelName": "Ingenia_Elition_X",
    "InstitutionName": "UBC_MRI_Research_Centre",
    "InstitutionalDepartmentName": "CBH_MR",
    "InstitutionAddress": "2215_Wesbrook_Mall",
    "DeviceSerialNumber": "45052",
    "StationName": "PHILIPS-1KQ0JBG",
    "BodyPartExamined": "BRAIN",
    "PatientPosition": "HFS",
    "SoftwareVersions": "5.5.2_5.5.2.0",
    "MRAcquisitionType": "3D",
    "SeriesDescription": "T2w",
    "ProtocolName": "WIP_T2w",
    "ScanningSequence": "SE",
    "SequenceVariant": "SK",
    "ScanOptions": "PFP",
    "ImageType": [
        "ORIGINAL",
        "PRIMARY",
        "M",
        "SE",
        "M",
        "SE"
    ],
    "SeriesNumber": 1301,
    "AcquisitionTime": "12:42:59.550000",
    "AcquisitionNumber": 13,
    "PhilipsRWVSlope": 1.45226,
    "PhilipsRWVIntercept": 0,
    "PhilipsRescaleSlope": 1.45226,
    "PhilipsRescaleIntercept": 0,
    "PhilipsScaleSlope": 0.00126534,
    "UsePhilipsFloatNotDisplayScaling": 1,
    "SliceThickness": 0.8,
    "SpacingBetweenSlices": 0.8,
    "SAR": 1.59176,
    "EchoTime": 0.12,
    "RepetitionTime": 3.5,
    "FlipAngle": 90,
    "PercentPhaseFOV": 92.5,
    "EchoTrainLength": 92,
    "PhaseEncodingSteps": 318,
    "AcquisitionMatrixPE": 318,
    "ReconMatrixPE": 320,
    "PixelBandwidth": 411,
    "ImageOrientationPatientDICOM": [
        0,
        1,
        0,
        -0.00937974,
        0,
        -0.999956
    ],
    "InPlanePhaseEncodingDirectionDICOM": "ROW",
    "ConversionSoftware": "dcm2niix",
    "ConversionSoftwareVersion": "v1.0.20180622 (JP2:OpenJPEG) GCC6.1.0",
    "Dcm2bidsVersion": "2.1.4",
    "SpatialReference": {
        "Resampling": "0.8x0.8x0.8",
        "Reorientation": "RPI"
    }
}