{
    "Modality": "MR",
    "MagneticFieldStrength": 3,
    "Manufacturer": "Philips",
    "ManufacturersModelName": "Ingenia_Elition_X",
    "InstitutionName": "UBC_MRI_Research_Centre",
    "InstitutionalDepartmentName": "CBH_MR",
    "InstitutionAddress": "2215_Wesbrook_Mall",
    "DeviceSerialNumber": "45052",
    "StationName": "PHILIPS-1KQ0JBG",
    "BodyPartExamined": "BRAIN",
    "PatientPosition": "HFS",
    "SoftwareVersions": "5.5.2_5.5.2.0",
    "MRAcquisitionType": "3D",
    "SeriesDescription": "GRE-T1",
    "ProtocolName": "WIP_GRE-T1",
    "ScanningSequence": "GR",
    "SequenceVariant": "SP",
    "ScanOptions": "PFF",
    "ImageType": [
        "ORIGINAL",
        "PRIMARY",
        "M",
        "FFE",
        "M",
        "FFE"
    ],
    "SeriesNumber": 1601,
    "AcquisitionTime": "13:03:28.280000",
    "AcquisitionNumber": 16,
    "PhilipsRWVSlope": 2.1326,
    "PhilipsRWVIntercept": 0,
    "PhilipsRescaleSlope": 2.1326,
    "PhilipsRescaleIntercept": 0,
    "PhilipsScaleSlope": 0.000506524,
    "UsePhilipsFloatNotDisplayScaling": 1,
    "SliceThickness": 5,
    "SpacingBetweenSlices": 5,
    "SAR": 0.347972,
    "EchoTime": 0.002001,
    "RepetitionTime": 0.015,
    "FlipAngle": 15,
    "PercentPhaseFOV": 100,
    "PhaseEncodingSteps": 256,
    "AcquisitionMatrixPE": 256,
    "ReconMatrixPE": 256,
    "PixelBandwidth": 261,
    "ImageOrientationPatientDICOM": [
        0.999943,
        0.00276142,
        -0.0103201,
        -0.00229169,
        0.998973,
        0.045254
    ],
    "InPlanePhaseEncodingDirectionDICOM": "COL",
    "ConversionSoftware": "dcm2niix",
    "ConversionSoftwareVersion": "v1.0.20180622 (JP2:OpenJPEG) GCC6.1.0",
    "Dcm2bidsVersion": "2.1.4",
    "SpatialReference": {
        "Reorientation": "RPI"
    }
}