{
    "Modality": "MR",
    "MagneticFieldStrength": 3,
    "Manufacturer": "Siemens",
    "ManufacturersModelName": "Prisma",
    "InstitutionName": "SCMI_Balgrist_Campus",
    "InstitutionalDepartmentName": "SCMI",
    "InstitutionAddress": "Lengghalde_5_Zuerich_ZH_CH_8008",
    "DeviceSerialNumber": "166093",
    "StationName": "Prisma",
    "BodyPartExamined": "CSPINE",
    "PatientPosition": "HFS",
    "ProcedureStepDescription": "Maryam_SC_CONS_SPINE",
    "SoftwareVersions": "syngo_MR_E11",
    "MRAcquisitionType": "2D",
    "SeriesDescription": "GRE-ME",
    "ProtocolName": "GRE-ME",
    "ScanningSequence": "GR",
    "SequenceVariant": "SP",
    "ScanOptions": "SAT1",
    "SequenceName": "_me2d1r3",
    "ImageType": [
        "ORIGINAL",
        "PRIMARY",
        "M",
        "NORM",
        "DIS2D"
    ],
    "SeriesNumber": 9,
    "AcquisitionTime": "15:59:17.002500",
    "AcquisitionNumber": 1,
    "SliceThickness": 5,
    "SpacingBetweenSlices": 5,
    "SAR": 0.218877,
    "EchoTime": 0.014,
    "RepetitionTime": 0.6,
    "FlipAngle": 30,
    "PartialFourier": 1,
    "BaseResolution": 448,
    "ShimSetting": [
        2002,
        -8318,
        11686,
        -2348,
        -730,
        4151,
        2036,
        167
    ],
    "TxRefAmp": 261.333,
    "PhaseResolution": 1,
    "ReceiveCoilName": "HeadNeck_64",
    "ReceiveCoilActiveElements": "HC7;NC1,2",
    "PulseSequenceDetails": "%SiemensSeq%_medic",
    "ConsistencyInfo": "N4_VE11C_LATEST_20160120",
    "PercentPhaseFOV": 100,
    "EchoTrainLength": 3,
    "PhaseEncodingSteps": 447,
    "AcquisitionMatrixPE": 448,
    "ReconMatrixPE": 448,
    "ParallelReductionFactorInPlane": 2,
    "PixelBandwidth": 260,
    "DwellTime": 4.3e-06,
    "PhaseEncodingDirection": "j-",
    "ImageOrientationPatientDICOM": [
        0.999999,
        0.000254229,
        -0.0012086,
        2.24595e-08,
        0.978581,
        0.205862
    ],
    "InPlanePhaseEncodingDirectionDICOM": "COL",
    "ConversionSoftware": "dcm2niix",
    "ConversionSoftwareVersion": "v1.0.20180622 (JP2:OpenJPEG) (JP-LS:CharLS) MSC1900",
    "AcquisitionDuration": 285.0,
    "SpatialReference": {
        "Reorientation": "RPI",
        "Other": "root-mean square across 4th dimension (if it exists)"
    }
}