{
	"Modality": "MR",
	"MagneticFieldStrength": 3,
	"Manufacturer": "Siemens",
	"ManufacturersModelName": "Prisma",
	"InstitutionName": "SCMI_Balgrist_Campus",
	"InstitutionalDepartmentName": "SCMI",
	"InstitutionAddress": "Lengghalde_5_Zuerich_ZH_CH_8008",
	"DeviceSerialNumber": "166093",
	"StationName": "Prisma",
	"BodyPartExamined": "CSPINE",
	"PatientPosition": "HFS",
	"ProcedureStepDescription": "Maryam_SC_CONS_SPINE",
	"SoftwareVersions": "syngo_MR_E11",
	"MRAcquisitionType": "3D",
	"SeriesDescription": "GRE-T1w",
	"ProtocolName": "GRE-T1w",
	"ScanningSequence": "GR",
	"SequenceVariant": "SP",
	"SequenceName": "_fl3d1",
	"ImageType": ["ORIGINAL", "PRIMARY", "M", "DIS2D"],
	"SeriesNumber": 8,
	"AcquisitionTime": "15:58:12.927500",
	"AcquisitionNumber": 1,
	"SliceThickness": 5,
	"SAR": 0.0330242,
	"EchoTime": 0.00313,
	"RepetitionTime": 0.015,
	"FlipAngle": 15,
	"PartialFourier": 1,
	"BaseResolution": 256,
	"ShimSetting": [
		2140,
		-8102,
		11626,
		-1380,
		-176,
		2778,
		-1144,
		481	],
	"TxRefAmp": 261.333,
	"PhaseResolution": 1,
	"ReceiveCoilName": "HeadNeck_64",
	"ReceiveCoilActiveElements": "HC5-7;NC1,2",
	"PulseSequenceDetails": "%SiemensSeq%_gre",
	"ConsistencyInfo": "N4_VE11C_LATEST_20160120",
	"PercentPhaseFOV": 100,
	"PhaseEncodingSteps": 255,
	"AcquisitionMatrixPE": 256,
	"ReconMatrixPE": 256,
	"ParallelReductionFactorInPlane": 2,
	"PixelBandwidth": 260,
	"DwellTime": 7.5e-06,
	"ImageOrientationPatientDICOM": [
		0.999999,
		0.000254229,
		-0.0012086,
		2.24595e-08,
		0.978581,
		0.205862	],
	"InPlanePhaseEncodingDirectionDICOM": "COL",
	"ConversionSoftware": "dcm2niix",
	"ConversionSoftwareVersion": "v1.0.20180622 (JP2:OpenJPEG) (JP-LS:CharLS) MSC1900"
}
