{
    "Modality": "MR",
    "MagneticFieldStrength": 3,
    "ImagingFrequency": 123.228,
    "Manufacturer": "Siemens",
    "ManufacturersModelName": "Skyra",
    "InstitutionName": "Istituto_Neurologico_Mondino",
    "InstitutionalDepartmentName": "Department",
    "InstitutionAddress": "Via_Mondino_2_Pavia_District_IT_27100",
    "DeviceSerialNumber": "45358",
    "StationName": "AWP45358",
    "BodyPartExamined": "HEADNECK",
    "PatientPosition": "HFS",
    "ProcedureStepDescription": "R.M._DEL_CERVELLO_E_DEL_TRONCO_ENCEFALICO_-_3T",
    "SoftwareVersions": "syngo_MR_D13C",
    "MRAcquisitionType": "2D",
    "SeriesDescription": "GRE-ME",
    "ProtocolName": "GRE-ME",
    "ScanningSequence": "GR",
    "SequenceVariant": "SP",
    "ScanOptions": "SAT1",
    "SequenceName": "_me2d1r3",
    "ImageType": [
        "ORIGINAL",
        "PRIMARY",
        "M",
        "NORM",
        "DIS2D"
    ],
    "SeriesNumber": 8,
    "AcquisitionTime": "20:04:5.712500",
    "AcquisitionNumber": 1,
    "SliceThickness": 5,
    "SpacingBetweenSlices": 5,
    "SAR": 0.345543,
    "EchoTime": 0.014,
    "RepetitionTime": 0.6,
    "FlipAngle": 30,
    "PartialFourier": 1,
    "BaseResolution": 448,
    "ShimSetting": [
        6883,
        -674,
        7608,
        -1100,
        -459,
        3433,
        1819,
        901
    ],
    "TxRefAmp": 418.74,
    "PhaseResolution": 1,
    "ReceiveCoilName": "HeadNeck_20",
    "ReceiveCoilActiveElements": "HE3,4;NE1,2;SP1",
    "CoilString": "HE3_4;NE1_2;SP1",
    "PulseSequenceDetails": "%SiemensSeq%_medic",
    "ConsistencyInfo": "N4_VD13C_LATEST_20121124",
    "PercentPhaseFOV": 100,
    "EchoTrainLength": 3,
    "PhaseEncodingSteps": 447,
    "AcquisitionMatrixPE": 448,
    "ReconMatrixPE": 448,
    "ParallelReductionFactorInPlane": 2,
    "PixelBandwidth": 260,
    "DwellTime": 4.3e-06,
    "PhaseEncodingDirection": "j-",
    "ImageOrientationPatientDICOM": [
        0.998935,
        -0.010859,
        0.044836,
        -3.24159e-08,
        0.971901,
        0.235389
    ],
    "InPlanePhaseEncodingDirectionDICOM": "COL",
    "ConversionSoftware": "dcm2niix",
    "ConversionSoftwareVersion": "v1.0.20181125  GCC4.8.2",
    "Dcm2bidsVersion": "2.1.4",
    "AcquisitionDuration": 285.0
}