{
	"Modality": "MR",
	"MagneticFieldStrength": 3,
	"ImagingFrequency": 123.227,
	"Manufacturer": "Siemens",
	"ManufacturersModelName": "Prisma",
	"InstitutionName": "The_John_Radcliffe",
	"InstitutionalDepartmentName": "Department",
	"InstitutionAddress": "Headley_Way_StreetNo_Oxford_District_GB_OX3_9DU",
	"DeviceSerialNumber": "66050",
	"StationName": "AWP66050",
	"BodyPartExamined": "CSPINE",
	"PatientPosition": "HFS",
	"SoftwareVersions": "syngo_MR_E11",
	"MRAcquisitionType": "2D",
	"SeriesDescription": "DWI",
	"ProtocolName": "DWI",
	"ScanningSequence": "EP",
	"SequenceVariant": "SK_SP",
	"ScanOptions": "PFP_SFS_CT",
	"SequenceName": "_ez_b0",
	"ImageType": ["ORIGINAL", "PRIMARY", "DIFFUSION", "NONE", "ND", "MOSAIC"],
	"SeriesNumber": 4,
	"AcquisitionTime": "16:42:10.867500",
	"AcquisitionNumber": 1,
	"SliceThickness": 5,
	"SpacingBetweenSlices": 5,
	"SAR": 0.398011,
	"EchoTime": 0.06,
	"RepetitionTime": 0.61,
	"FlipAngle": 90,
	"PartialFourier": 0.875,
	"BaseResolution": 96,
	"ShimSetting": [
		322,
		-11591,
		1552,
		-3115,
		389,
		3568,
		-530,
		-296	],
	"TxRefAmp": 244.874,
	"PhaseResolution": 1,
	"ReceiveCoilName": "HeadNeck_64",
	"ReceiveCoilActiveElements": "HC7;NC1,2",
	"CoilString": "HC7;NC1_2",
	"PulseSequenceDetails": "%SiemensSeq%_ep2d_diff",
	"ConsistencyInfo": "N4_VE11C_LATEST_20160120",
	"PercentPhaseFOV": 37.5,
	"EchoTrainLength": 31,
	"PhaseEncodingSteps": 31,
	"AcquisitionMatrixPE": 36,
	"ReconMatrixPE": 36,
	"BandwidthPerPixelPhaseEncode": 29.551,
	"EffectiveEchoSpacing": 0.000939995,
	"DerivedVendorReportedEchoSpacing": 0.000939994,
	"TotalReadoutTime": 0.0328998,
	"PixelBandwidth": 1270,
	"DwellTime": 4.1e-06,
	"PhaseEncodingDirection": "j-",
	"SliceTiming": [
		0,
		0.835,
		1.615,
		2.405,
		3.23,
		0.1975,
		1.0325,
		1.8125,
		2.6025,
		3.4275,
		0.3925,
		1.2275,
		2.0075,
		2.7975,
		3.6225	],
	"ImageOrientationPatientDICOM": [
		0.99945,
		0.000231596,
		-0.0331536,
		-9.62353e-09,
		0.999976,
		0.0069851	],
	"InPlanePhaseEncodingDirectionDICOM": "COL",
	"ConversionSoftware": "dcm2niix",
	"ConversionSoftwareVersion": "v1.0.20181125  Clang10.0.0"
}
