{
    "Modality": "MR",
    "MagneticFieldStrength": 3,
    "Manufacturer": "Siemens",
    "ManufacturersModelName": "Prisma_fit",
    "InstitutionName": "Mc_Connell_Brain_Imaging_Centre",
    "InstitutionalDepartmentName": "Department",
    "InstitutionAddress": "University_Street_3801_Montreal_District_CA_H3A_2B4",
    "DeviceSerialNumber": "167017",
    "StationName": "MRC35056",
    "BodyPartExamined": "BRAIN",
    "PatientPosition": "HFS",
    "ProcedureStepDescription": "Functional_Dr._Doyon",
    "SoftwareVersions": "syngo_MR_E11",
    "MRAcquisitionType": "3D",
    "SeriesDescription": "GRE-T1w",
    "ProtocolName": "GRE-T1w",
    "ScanningSequence": "GR",
    "SequenceVariant": "SP",
    "SequenceName": "_fl3d1",
    "ImageType": [
        "ORIGINAL",
        "PRIMARY",
        "M",
        "NORM",
        "DIS2D"
    ],
    "SeriesNumber": 9,
    "AcquisitionTime": "13:40:6.157500",
    "AcquisitionNumber": 1,
    "SliceThickness": 5,
    "SAR": 0.0355451,
    "EchoTime": 0.00313,
    "RepetitionTime": 0.015,
    "FlipAngle": 15,
    "PartialFourier": 1,
    "BaseResolution": 256,
    "ShimSetting": [
        354,
        -11676,
        -6757,
        -1484,
        213,
        3034,
        -209,
        -46
    ],
    "TxRefAmp": 293.863,
    "PhaseResolution": 1,
    "ReceiveCoilName": "Spine_32",
    "ReceiveCoilActiveElements": "HC7;NC1,2;SP1",
    "PulseSequenceDetails": "%SiemensSeq%_gre",
    "ConsistencyInfo": "N4_VE11C_LATEST_20160120",
    "PercentPhaseFOV": 100,
    "PhaseEncodingSteps": 255,
    "AcquisitionMatrixPE": 256,
    "ReconMatrixPE": 256,
    "ParallelReductionFactorInPlane": 2,
    "PixelBandwidth": 260,
    "DwellTime": 7.5e-06,
    "ImageOrientationPatientDICOM": [
        1,
        -6.84436e-05,
        0.00047011,
        -7.77667e-09,
        0.989565,
        0.144088
    ],
    "InPlanePhaseEncodingDirectionDICOM": "COL",
    "ConversionSoftware": "dcm2niix",
    "ConversionSoftwareVersion": "v1.0.20180622 GCC5.3.1",
    "SpatialReference": {
        "Reorientation": "RPI"
    }
}