{
    "Modality": "MR", 
    "MagneticFieldStrength": 3, 
    "ImagingFrequency": 123.253, 
    "Manufacturer": "Siemens", 
    "ManufacturersModelName": "Prisma", 
    "InstitutionName": "CUBRIC", 
    "InstitutionalDepartmentName": "Department", 
    "InstitutionAddress": "Maindy_Road_CARDIFF_Wales_GB_CF24_4HQ", 
    "DeviceSerialNumber": "66073", 
    "StationName": "AWP66073", 
    "BodyPartExamined": "CSPINE", 
    "PatientPosition": "HFS", 
    "ProcedureStepDescription": "3TWproj_324_SpinalCord", 
    "SoftwareVersions": "syngo_MR_E11", 
    "MRAcquisitionType": "3D", 
    "SeriesDescription": "GRE-MT0", 
    "ProtocolName": "GRE-MT0", 
    "ScanningSequence": "GR", 
    "SequenceVariant": "SP", 
    "SequenceName": "_fl3d1", 
    "ImageType": [
        "ORIGINAL", 
        "PRIMARY", 
        "M", 
        "DIS2D"
    ], 
    "SeriesNumber": 6, 
    "AcquisitionTime": "11:49:45.970000", 
    "AcquisitionNumber": 1, 
    "SliceThickness": 5, 
    "SAR": 0.00458626, 
    "EchoTime": 0.00313, 
    "RepetitionTime": 0.035, 
    "FlipAngle": 9, 
    "PartialFourier": 1, 
    "BaseResolution": 256, 
    "ShimSetting": [
        9827, 
        -99, 
        -2854, 
        -1425, 
        276, 
        1954, 
        212, 
        -111
    ], 
    "TxRefAmp": 254.788, 
    "PhaseResolution": 1, 
    "ReceiveCoilName": "HeadNeck_64", 
    "ReceiveCoilActiveElements": "HC5-7;NC1,2", 
    "CoilString": "HC5-7;NC1_2", 
    "PulseSequenceDetails": "%SiemensSeq%_gre", 
    "ConsistencyInfo": "N4_VE11C_LATEST_20160120", 
    "PercentPhaseFOV": 100, 
    "PhaseEncodingSteps": 255, 
    "AcquisitionMatrixPE": 256, 
    "ReconMatrixPE": 256, 
    "PixelBandwidth": 260, 
    "DwellTime": 7.5e-06, 
    "ImageOrientationPatientDICOM": [
        0.998769, 
        0.00973331, 
        -0.048648, 
        -9.87073e-09, 
        0.980566, 
        0.196188
    ], 
    "InPlanePhaseEncodingDirectionDICOM": "COL", 
    "ConversionSoftware": "dcm2niix", 
    "ConversionSoftwareVersion": "v1.0.20181125  (JP2:OpenJPEG) (JP-LS:CharLS) Clang8.1.0", 
    "Dcm2bidsVersion": "2.1.4"
}