{
    "Modality": "MR",
    "MagneticFieldStrength": 3,
    "ImagingFrequency": 127.772,
    "Manufacturer": "Philips",
    "ManufacturersModelName": "Ingenia_Elition_X",
    "InstitutionName": "VANDERBILT_INSTITUTE_OF_IMAGING",
    "InstitutionalDepartmentName": "MRI_DEPT.",
    "InstitutionAddress": "1161_21ST_AVE._SOUTH",
    "DeviceSerialNumber": "45051",
    "StationName": "PHILIPS-JJJ61LI",
    "BodyPartExamined": "CSPINE",
    "PatientPosition": "HFS",
    "SoftwareVersions": "5.5.0_5.5.0.0",
    "MRAcquisitionType": "2D",
    "SeriesDescription": "GRE-ME",
    "ProtocolName": "WIP_GRE-ME",
    "ScanningSequence": "GR",
    "SequenceVariant": "SS",
    "ScanOptions": "PFF",
    "ImageType": [
        "ORIGINAL",
        "PRIMARY",
        "M",
        "FFE",
        "M",
        "FFE"
    ],
    "SeriesNumber": 701,
    "AcquisitionTime": "10:35:11.240000",
    "AcquisitionNumber": 7,
    "PhilipsRescaleSlope": 6.13529,
    "PhilipsRescaleIntercept": 0,
    "PhilipsScaleSlope": 0.039299,
    "UsePhilipsFloatNotDisplayScaling": 1,
    "SliceThickness": 5,
    "SpacingBetweenSlices": 5,
    "EchoNumber": 1,
    "EchoTime": 0.002597,
    "RepetitionTime": 0.625,
    "FlipAngle": 30,
    "CoilString": "MULTI_COIL",
    "PartialFourier": 0.009375,
    "PercentPhaseFOV": 100,
    "EchoTrainLength": 3,
    "PhaseEncodingSteps": 320,
    "AcquisitionMatrixPE": 320,
    "ReconMatrixPE": 320,
    "PixelBandwidth": 241.127,
    "PhaseEncodingAxis": "j",
    "ImageOrientationPatientDICOM": [
        0.999926,
        0.00102336,
        -0.0120843,
        0.00133215,
        0.981136,
        0.193317
    ],
    "InPlanePhaseEncodingDirectionDICOM": "COL",
    "ConversionSoftware": "dcm2niix",
    "ConversionSoftwareVersion": "v1.0.20181022  GCC4.8.5",
    "AcquisitionDuration": 242.5
}