{
    "Modality": "MR",
    "MagneticFieldStrength": 3,
    "Manufacturer": "Siemens",
    "ManufacturersModelName": "Prisma_fit",
    "InstitutionName": "Mc_Connell_Brain_Imaging_Centre",
    "InstitutionalDepartmentName": "Department",
    "InstitutionAddress": "University_Street_3801_Montreal_District_CA_H3A_2B4",
    "DeviceSerialNumber": "167017",
    "StationName": "MRC35056",
    "BodyPartExamined": "BRAIN",
    "PatientPosition": "HFS",
    "ProcedureStepDescription": "Functional_Dr._Doyon",
    "SoftwareVersions": "syngo_MR_E11",
    "MRAcquisitionType": "3D",
    "SeriesDescription": "GRE-MT1",
    "ProtocolName": "GRE-MT1",
    "ScanningSequence": "GR",
    "SequenceVariant": "MTC_SP",
    "ScanOptions": "MT",
    "SequenceName": "_fl3d1",
    "ImageType": [
        "ORIGINAL",
        "PRIMARY",
        "M",
        "NORM",
        "DIS2D"
    ],
    "SeriesNumber": 7,
    "AcquisitionTime": "14:12:51.960000",
    "AcquisitionNumber": 1,
    "SliceThickness": 5,
    "SAR": 0.557782,
    "EchoTime": 0.00313,
    "RepetitionTime": 0.035,
    "FlipAngle": 9,
    "PartialFourier": 1,
    "BaseResolution": 256,
    "ShimSetting": [
        304,
        -11739,
        -6615,
        -1192,
        226,
        2200,
        -168,
        -106
    ],
    "TxRefAmp": 282.842,
    "PhaseResolution": 1,
    "ReceiveCoilName": "HeadNeck_64",
    "ReceiveCoilActiveElements": "HC7;NC1,2",
    "PulseSequenceDetails": "%SiemensSeq%_gre",
    "ConsistencyInfo": "N4_VE11C_LATEST_20160120",
    "PercentPhaseFOV": 100,
    "PhaseEncodingSteps": 255,
    "AcquisitionMatrixPE": 256,
    "ReconMatrixPE": 256,
    "ParallelReductionFactorInPlane": 2,
    "PixelBandwidth": 260,
    "DwellTime": 7.5e-06,
    "ImageOrientationPatientDICOM": [
        1,
        0,
        0,
        0,
        0.996195,
        0.0871557
    ],
    "InPlanePhaseEncodingDirectionDICOM": "COL",
    "ConversionSoftware": "dcm2niix",
    "ConversionSoftwareVersion": "v1.0.20180622 GCC5.3.1",
    "SpatialReference": {
        "Reorientation": "RPI"
    }
}