{
	"Modality": "MR",
	"MagneticFieldStrength": 3,
	"ImagingFrequency": 123.251,
	"Manufacturer": "Siemens",
	"ManufacturersModelName": "Skyra",
	"InstitutionName": "The_University_of_Tokyo_Hospital",
	"InstitutionalDepartmentName": "Tokyo",
	"InstitutionAddress": "Street_Hongo_Bunkyou-ku_Tokyo_JP_113-8655",
	"DeviceSerialNumber": "45896",
	"StationName": "AWP45896",
	"BodyPartExamined": "NCK",
	"PatientPosition": "HFS",
	"ProcedureStepDescription": "jcohenadad_20190122",
	"SoftwareVersions": "syngo_MR_E11",
	"MRAcquisitionType": "3D",
	"SeriesDescription": "GRE-MT1",
	"ProtocolName": "GRE-MT1",
	"ScanningSequence": "GR",
	"SequenceVariant": "MTC_SP",
	"ScanOptions": "MT",
	"SequenceName": "_fl3d1",
	"ImageType": ["ORIGINAL", "PRIMARY", "M", "DIS2D"],
	"SeriesNumber": 6,
	"AcquisitionTime": "14:01:0.965000",
	"AcquisitionNumber": 1,
	"SliceThickness": 5,
	"SAR": 0.804903,
	"EchoTime": 0.00313,
	"RepetitionTime": 0.035,
	"FlipAngle": 9,
	"PartialFourier": 1,
	"BaseResolution": 256,
	"ShimSetting": [
		5716,
		5031,
		2043,
		-1228,
		846,
		4999,
		-179,
		-253	],
	"TxRefAmp": 380.859,
	"PhaseResolution": 1,
	"ReceiveCoilName": "HeadNeck_20",
	"ReceiveCoilActiveElements": "HE3,4;NE1,2;SP1",
	"CoilString": "HE3_4;NE1_2;SP1",
	"PulseSequenceDetails": "%SiemensSeq%_gre",
	"ConsistencyInfo": "N4_VE11C_LATEST_20160120",
	"PercentPhaseFOV": 100,
	"PhaseEncodingSteps": 255,
	"AcquisitionMatrixPE": 256,
	"ReconMatrixPE": 256,
	"PixelBandwidth": 260,
	"DwellTime": 7.5e-06,
	"ImageOrientationPatientDICOM": [
		0.999949,
		0.00252246,
		-0.00982408,
		7.32434e-08,
		0.96858,
		0.248703	],
	"InPlanePhaseEncodingDirectionDICOM": "COL",
	"ConversionSoftware": "dcm2niix",
	"ConversionSoftwareVersion": "v1.0.20181125  Clang10.0.0"
}
