{
	"Modality": "MR",
	"MagneticFieldStrength": 3,
	"ImagingFrequency": 127.771,
	"Manufacturer": "GE",
	"ManufacturersModelName": "DISCOVERY_MR750w",
	"InstitutionName": "TOKYO_UNIV_HOSPITAL",
	"DeviceSerialNumber": "0000000000EM0204",
	"StationName": "MRX07",
	"PatientPosition": "HFS",
	"SoftwareVersions": "24_LX_MR_Software_release:DV24.0_R01_1344.a",
	"MRAcquisitionType": "2D",
	"SeriesDescription": "DWI",
	"ProtocolName": "DWI",
	"ScanningSequence": "EP_SE",
	"SequenceVariant": "NONE",
	"ScanOptions": "SAT_GEMS_PPG_EDR_GEMS_EPI_GEMS_PFF_SP_FS",
	"ImageType": ["ORIGINAL", "PRIMARY", "OTHER"],
	"SeriesNumber": 7,
	"AcquisitionTime": "19:47:44.000000",
	"AcquisitionNumber": 1,
	"SliceThickness": 5,
	"SpacingBetweenSlices": 5,
	"SAR": 0.176627,
	"EchoTime": 0.0854,
	"RepetitionTime": 5.35714,
	"FlipAngle": 90,
	"PhaseEncodingPolarityGE": "Flipped",
	"CoilString": "Head+Neck_40",
	"PercentPhaseFOV": 50,
	"AcquisitionMatrixPE": 48,
	"ReconMatrixPE": 96,
	"EffectiveEchoSpacing": 0.001188,
	"TotalReadoutTime": 0.11286,
	"PixelBandwidth": 2083.33,
	"PhaseEncodingDirection": "j",
	"SliceTiming": [
		0.261,
		0.522,
		0,
		0.261,
		0.522,
		0,
		0.261,
		0.522,
		0,
		0.261,
		0.522,
		0,
		0.261,
		0.522,
		0	],
	"ImageOrientationPatientDICOM": [
		0.999417,
		2.01824e-05,
		0.034151,
		-0.000281046,
		0.999971,
		0.00763285	],
	"InPlanePhaseEncodingDirectionDICOM": "COL",
	"ConversionSoftware": "dcm2niix",
	"ConversionSoftwareVersion": "v1.0.20181125  Clang10.0.0"
}
