{
    "Modality": "MR",
    "MagneticFieldStrength": 3,
    "ImagingFrequency": 127.771,
    "Manufacturer": "GE",
    "ManufacturersModelName": "DISCOVERY_MR750w",
    "InstitutionName": "TOKYO_UNIV_HOSPITAL",
    "DeviceSerialNumber": "0000000000EM0204",
    "StationName": "MRX07",
    "PatientPosition": "HFS",
    "SoftwareVersions": "24_LX_MR_Software_release:DV24.0_R01_1344.a",
    "MRAcquisitionType": "2D",
    "SeriesDescription": "GRE-ME",
    "ProtocolName": "GRE-ME",
    "ScanningSequence": "GR",
    "SequenceVariant": "SS_SK",
    "ScanOptions": "FAST_GEMS_FC_SAT_GEMS_EDR_GEMS_FILTERED_GEMS_ACC_GEMS_SP",
    "ImageType": [
        "ORIGINAL",
        "PRIMARY",
        "OTHER"
    ],
    "SeriesNumber": 10,
    "AcquisitionTime": "17:56:59.000000",
    "AcquisitionNumber": 1,
    "SliceThickness": 5,
    "SpacingBetweenSlices": 5,
    "SAR": 0.0849687,
    "EchoTime": 0.01386,
    "RepetitionTime": 0.66,
    "FlipAngle": 30,
    "CoilString": "Head+Neck_40",
    "PartialFourier": 0.00669643,
    "PercentPhaseFOV": 100,
    "EchoTrainLength": 3,
    "AcquisitionMatrixPE": 448,
    "ReconMatrixPE": 448,
    "PixelBandwidth": 279.018,
    "PhaseEncodingAxis": "i",
    "ImageOrientationPatientDICOM": [
        0.997906,
        0.0642833,
        0.00711526,
        -0.0643397,
        0.997896,
        0.00801846
    ],
    "InPlanePhaseEncodingDirectionDICOM": "ROW",
    "ConversionSoftware": "dcm2niix",
    "ConversionSoftwareVersion": "v1.0.20181125  Clang10.0.0",
    "AcquisitionDuration": 288.0
}