{
    "Modality": "MR", 
    "MagneticFieldStrength": 3, 
    "ImagingFrequency": 123.202, 
    "Manufacturer": "Siemens", 
    "ManufacturersModelName": "Verio", 
    "InstitutionName": "IRIS", 
    "InstitutionalDepartmentName": "Department", 
    "InstitutionAddress": "Place_de_l_Hopital_1_Strasbourg_District_FR_67000", 
    "DeviceSerialNumber": "40480", 
    "StationName": "MEDPC", 
    "PatientPosition": "HFS", 
    "ProcedureStepDescription": "PROTOCOLES_METHODO", 
    "SoftwareVersions": "syngo_MR_B17", 
    "MRAcquisitionType": "3D", 
    "SeriesDescription": "GRE-MT1", 
    "ProtocolName": "GRE-MT1", 
    "ScanningSequence": "GR", 
    "SequenceVariant": "MTC_SP", 
    "ScanOptions": "MT", 
    "SequenceName": "_fl3d1", 
    "ImageType": [
        "ORIGINAL", 
        "PRIMARY", 
        "M", 
        "NORM", 
        "DIS2D"
    ], 
    "SeriesNumber": 7, 
    "AcquisitionTime": "15:04:11.790000", 
    "AcquisitionNumber": 1, 
    "SliceThickness": 5, 
    "SAR": 0.747409, 
    "EchoTime": 0.0035, 
    "RepetitionTime": 0.035, 
    "FlipAngle": 9, 
    "PartialFourier": 1, 
    "BaseResolution": 256, 
    "ShimSetting": [
        -8585, 
        1049, 
        1886, 
        -6, 
        -4, 
        1027, 
        677, 
        288
    ], 
    "TxRefAmp": 515.51, 
    "PhaseResolution": 1, 
    "ReceiveCoilName": "NeckMatrix", 
    "CoilString": "D:NE1_2", 
    "PulseSequenceDetails": "%SiemensSeq%_gre", 
    "PercentPhaseFOV": 100, 
    "PhaseEncodingSteps": 255, 
    "AcquisitionMatrixPE": 256, 
    "ReconMatrixPE": 256, 
    "PixelBandwidth": 260, 
    "DwellTime": 7.5e-06, 
    "ImageOrientationPatientDICOM": [
        1, 
        0, 
        0, 
        0, 
        1, 
        0
    ], 
    "InPlanePhaseEncodingDirectionDICOM": "COL", 
    "ConversionSoftware": "dcm2niix", 
    "ConversionSoftwareVersion": "v1.0.20181125  GCC4.9.2", 
    "Dcm2bidsVersion": "2.1.4"
}