{
    "Modality": "MR", 
    "MagneticFieldStrength": 3, 
    "ImagingFrequency": 123.254, 
    "Manufacturer": "Siemens", 
    "ManufacturersModelName": "Prisma", 
    "InstitutionName": "Beijing_Tiantan_Hospital", 
    "InstitutionalDepartmentName": "Department", 
    "InstitutionAddress": "Street_StreetNo_Beijing_Fengtai_CN_ZIP", 
    "DeviceSerialNumber": "166118", 
    "StationName": "AWP166118", 
    "BodyPartExamined": "CTSPINE", 
    "PatientPosition": "HFS", 
    "ProcedureStepDescription": "Research_Research", 
    "SoftwareVersions": "syngo_MR_E11", 
    "MRAcquisitionType": "2D", 
    "SeriesDescription": "DWI", 
    "ProtocolName": "DWI", 
    "ScanningSequence": "EP", 
    "SequenceVariant": "SK_SP", 
    "ScanOptions": "PFP_SFS_CT", 
    "SequenceName": "_ez_b0", 
    "ImageType": [
        "ORIGINAL", 
        "PRIMARY", 
        "DIFFUSION", 
        "NONE", 
        "ND", 
        "NORM", 
        "MOSAIC"
    ], 
    "SeriesNumber": 2, 
    "AcquisitionTime": "19:03:28.842500", 
    "AcquisitionNumber": 1, 
    "SliceThickness": 5, 
    "SpacingBetweenSlices": 5, 
    "SAR": 0.368055, 
    "EchoTime": 0.061, 
    "RepetitionTime": 0.62, 
    "FlipAngle": 90, 
    "PartialFourier": 0.875, 
    "BaseResolution": 96, 
    "ShimSetting": [
        2068, 
        -11662, 
        -6141, 
        -1410, 
        -88, 
        1175, 
        877, 
        9
    ], 
    "DiffusionScheme": "Monopolar", 
    "TxRefAmp": 307.725, 
    "PhaseResolution": 1, 
    "ReceiveCoilName": "HeadNeck_64", 
    "ReceiveCoilActiveElements": "HC7;NC1,2", 
    "CoilString": "HC7;NC1_2", 
    "PulseSequenceDetails": "%SiemensSeq%_ep2d_diff", 
    "ConsistencyInfo": "N4_VE11C_LATEST_20160120", 
    "PercentPhaseFOV": 37.5, 
    "EchoTrainLength": 31, 
    "PhaseEncodingSteps": 31, 
    "AcquisitionMatrixPE": 36, 
    "ReconMatrixPE": 36, 
    "BandwidthPerPixelPhaseEncode": 28.935, 
    "EffectiveEchoSpacing": 0.000960006, 
    "DerivedVendorReportedEchoSpacing": 0.000960006, 
    "TotalReadoutTime": 0.0336002, 
    "PixelBandwidth": 1270, 
    "DwellTime": 4.1e-06, 
    "PhaseEncodingDirection": "j-", 
    "SliceTiming": [
        0, 
        0.87, 
        1.705, 
        2.585, 
        3.465, 
        0.2, 
        1.07, 
        1.905, 
        2.785, 
        3.665, 
        0.4, 
        1.27, 
        2.105, 
        2.985, 
        3.865
    ], 
    "ImageOrientationPatientDICOM": [
        1, 
        0, 
        0, 
        0, 
        0.986856, 
        0.161604
    ], 
    "InPlanePhaseEncodingDirectionDICOM": "COL", 
    "ConversionSoftware": "dcm2niix", 
    "ConversionSoftwareVersion": "v1.0.20190902", 
    "Dcm2bidsVersion": "2.1.4"
}