{
    "Modality": "MR",
    "MagneticFieldStrength": 3,
    "Manufacturer": "Siemens",
    "ManufacturersModelName": "TrioTim",
    "DeviceSerialNumber": "35388",
    "StationName": "MRC35388",
    "PatientPosition": "HFS",
    "ProcedureStepDescription": "RM_CEREBRAL",
    "SoftwareVersions": "syngo_MR_B17",
    "MRAcquisitionType": "3D",
    "SeriesDescription": "GRE-T1w",
    "ProtocolName": "GRE-T1w",
    "ScanningSequence": "GR",
    "SequenceVariant": "SP",
    "SequenceName": "_fl3d1",
    "ImageType": [
        "ORIGINAL",
        "PRIMARY",
        "M",
        "DIS2D"
    ],
    "SeriesNumber": 18,
    "AcquisitionTime": "18:17:51.405000",
    "AcquisitionNumber": 1,
    "SliceThickness": 5,
    "SAR": 0.0849278,
    "EchoTime": 0.0035,
    "RepetitionTime": 0.015,
    "FlipAngle": 15,
    "PartialFourier": 1,
    "BaseResolution": 256,
    "ShimSetting": [
        8741,
        -1530,
        -7847,
        -418,
        879,
        1002,
        343,
        -466
    ],
    "TxRefAmp": 321.508,
    "PhaseResolution": 1,
    "ReceiveCoilName": "NeckMatrix",
    "PulseSequenceDetails": "%SiemensSeq%_gre",
    "PercentPhaseFOV": 100,
    "PhaseEncodingSteps": 255,
    "AcquisitionMatrixPE": 256,
    "ReconMatrixPE": 256,
    "ParallelReductionFactorInPlane": 2,
    "PixelBandwidth": 260,
    "DwellTime": 7.5e-06,
    "ImageOrientationPatientDICOM": [
        0.999877,
        -0.00256461,
        0.0154931,
        -1.85856e-08,
        0.986575,
        0.163311
    ],
    "InPlanePhaseEncodingDirectionDICOM": "COL",
    "ConversionSoftware": "dcm2niix",
    "ConversionSoftwareVersion": "v1.0.20180622 (JP2:OpenJPEG) GCC6.1.0",
    "SpatialReference": {
        "Reorientation": "RPI"
    }
}