{
	"Modality": "MR",
	"MagneticFieldStrength": 3,
	"ImagingFrequency": 123.257,
	"Manufacturer": "Siemens",
	"ManufacturersModelName": "Prisma",
	"InstitutionName": "Fondation_Campus_Biotech_Geneva",
	"InstitutionalDepartmentName": "Department",
	"InstitutionAddress": "Chemin_des_Mines_9_Geneve_District_CH_1211",
	"DeviceSerialNumber": "66054",
	"StationName": "AWP66054",
	"BodyPartExamined": "SPINE",
	"PatientPosition": "HFS",
	"ProcedureStepDescription": "D.Van_de_Ville_Nawal",
	"SoftwareVersions": "syngo_MR_E11",
	"MRAcquisitionType": "3D",
	"SeriesDescription": "GRE-MT0",
	"ProtocolName": "GRE-MT0",
	"ScanningSequence": "GR",
	"SequenceVariant": "SP",
	"SequenceName": "_fl3d1",
	"ImageType": ["ORIGINAL", "PRIMARY", "M", "DIS2D"],
	"SeriesNumber": 15,
	"AcquisitionTime": "15:40:45.992500",
	"AcquisitionNumber": 1,
	"SliceThickness": 5,
	"SAR": 0.00597764,
	"EchoTime": 0.00313,
	"RepetitionTime": 0.035,
	"FlipAngle": 9,
	"PartialFourier": 1,
	"BaseResolution": 256,
	"ShimSetting": [
		-1279,
		-11930,
		6267,
		-985,
		45,
		2586,
		-158,
		89	],
	"TxRefAmp": 263.682,
	"PhaseResolution": 1,
	"ReceiveCoilName": "HeadNeck_64",
	"ReceiveCoilActiveElements": "HC5-7;NC1,2;SP1",
	"CoilString": "HC5-7;NC1_2;SP1",
	"PulseSequenceDetails": "%SiemensSeq%_gre",
	"ConsistencyInfo": "N4_VE11C_LATEST_20160120",
	"PercentPhaseFOV": 100,
	"PhaseEncodingSteps": 255,
	"AcquisitionMatrixPE": 256,
	"ReconMatrixPE": 256,
	"PixelBandwidth": 260,
	"DwellTime": 7.5e-06,
	"ImageOrientationPatientDICOM": [
		0.999252,
		0.0103425,
		-0.0372636,
		-3.16686e-08,
		0.963575,
		0.267438	],
	"InPlanePhaseEncodingDirectionDICOM": "COL",
	"ConversionSoftware": "dcm2niix",
	"ConversionSoftwareVersion": "v1.0.20181125  (JP2:OpenJPEG) (JP-LS:CharLS) Clang8.1.0"
}
