{
    "Modality": "MR",
    "MagneticFieldStrength": 3,
    "ImagingFrequency": 123.202,
    "Manufacturer": "Siemens",
    "ManufacturersModelName": "Verio",
    "InstitutionName": "IRIS",
    "InstitutionalDepartmentName": "Department",
    "InstitutionAddress": "Place_de_l_Hopital_1_Strasbourg_District_FR_67000",
    "DeviceSerialNumber": "40480",
    "StationName": "MEDPC",
    "PatientPosition": "HFS",
    "ProcedureStepDescription": "PROTOCOLES_METHODO",
    "SoftwareVersions": "syngo_MR_B17",
    "MRAcquisitionType": "2D",
    "SeriesDescription": "GRE-ME",
    "ProtocolName": "GRE-ME",
    "ScanningSequence": "GR",
    "SequenceVariant": "SP",
    "ScanOptions": "SAT1",
    "SequenceName": "_me2d1r3",
    "ImageType": [
        "ORIGINAL",
        "PRIMARY",
        "M",
        "DIS2D"
    ],
    "SeriesNumber": 10,
    "AcquisitionTime": "09:44:12.785000",
    "AcquisitionNumber": 1,
    "SliceThickness": 5,
    "SpacingBetweenSlices": 5,
    "SAR": 0.233175,
    "EchoTime": 0.014,
    "RepetitionTime": 0.6,
    "FlipAngle": 30,
    "PartialFourier": 1,
    "BaseResolution": 448,
    "ShimSetting": [
        -8575,
        895,
        1934,
        -1075,
        238,
        442,
        1667,
        65
    ],
    "TxRefAmp": 499.045,
    "PhaseResolution": 1,
    "ReceiveCoilName": "NeckMatrix",
    "CoilString": "D:NE1_2",
    "PulseSequenceDetails": "%SiemensSeq%_medic",
    "PercentPhaseFOV": 100,
    "PhaseEncodingSteps": 447,
    "AcquisitionMatrixPE": 448,
    "ReconMatrixPE": 448,
    "ParallelReductionFactorInPlane": 2,
    "PixelBandwidth": 260,
    "DwellTime": 4.3e-06,
    "PhaseEncodingDirection": "j-",
    "ImageOrientationPatientDICOM": [
        0.99854,
        0.00264249,
        -0.0539496,
        -4.76475e-08,
        0.998803,
        0.0489212
    ],
    "InPlanePhaseEncodingDirectionDICOM": "COL",
    "ConversionSoftware": "dcm2niix",
    "ConversionSoftwareVersion": "v1.0.20181125  GCC4.9.2",
    "Dcm2bidsVersion": "2.1.4",
    "AcquisitionDuration": 290.0,
    "SpatialReference": {
        "Reorientation": "RPI",
        "Other": "root-mean square across 4th dimension (if it exists)"
    }
}