{
    "Modality": "MR",
    "MagneticFieldStrength": 3,
    "Manufacturer": "GE",
    "ManufacturersModelName": "DISCOVERY_MR750",
    "InstitutionName": "Stanford_Lucas_Center",
    "DeviceSerialNumber": "0000415723SCHMR2",
    "StationName": "lc3t3",
    "BodyPartExamined": "NECK",
    "PatientPosition": "HFS",
    "SoftwareVersions": "27_LX_MR_Software_release:DV26.0_R01_1725.a",
    "MRAcquisitionType": "3D",
    "SeriesDescription": "ORIG_GRE-MT1",
    "ProtocolName": "ORIG_GRE-MT1",
    "ScanningSequence": "GR",
    "SequenceVariant": "SS_SP",
    "ScanOptions": "EDR_GEMS_MT_GEMS_PFF",
    "ImageType": [
        "ORIGINAL",
        "PRIMARY",
        "OTHER"
    ],
    "SeriesNumber": 40007,
    "AcquisitionTime": "13:52:38.000000",
    "AcquisitionNumber": 1,
    "SliceThickness": 5,
    "SpacingBetweenSlices": 5,
    "SAR": 0.675773,
    "EchoTime": 0.004,
    "RepetitionTime": 0.108,
    "FlipAngle": 9,
    "PercentPhaseFOV": 100,
    "AcquisitionMatrixPE": 192,
    "ReconMatrixPE": 192,
    "PixelBandwidth": 434.062,
    "ImageOrientationPatientDICOM": [
        1,
        0,
        0,
        0,
        0.99926,
        -0.03837
    ],
    "InPlanePhaseEncodingDirectionDICOM": "COL",
    "ConversionSoftware": "dcm2niix",
    "ConversionSoftwareVersion": "v1.0.20171215 (OpenJPEG build) GCC7.3.0",
    "SpatialReference": {
        "Reorientation": "RPI"
    }
}