{
    "Modality": "MR", 
    "MagneticFieldStrength": 3, 
    "ImagingFrequency": 127.768, 
    "Manufacturer": "GE", 
    "ManufacturersModelName": "DISCOVERY_MR750", 
    "InstitutionName": "BeiJing_TIANTAN_Hospital-GX", 
    "DeviceSerialNumber": "0000082427040165", 
    "StationName": "GEHCGEHC", 
    "PatientPosition": "HFS", 
    "SoftwareVersions": "24_LX_MR_Software_release:DV24.0_R01_1344.a", 
    "MRAcquisitionType": "3D", 
    "SeriesDescription": "T1w", 
    "ProtocolName": "T1w", 
    "ScanningSequence": "GR", 
    "SequenceVariant": "SS_SP_SK", 
    "ScanOptions": "FAST_GEMS_EDR_GEMS_FILTERED_GEMS", 
    "ImageType": [
        "ORIGINAL", 
        "PRIMARY", 
        "OTHER"
    ], 
    "SeriesNumber": 2, 
    "AcquisitionTime": "18:32:20.000000", 
    "AcquisitionNumber": 1, 
    "SliceThickness": 1, 
    "SpacingBetweenSlices": 0.500001, 
    "SAR": 0.497997, 
    "EchoTime": 0.00176, 
    "RepetitionTime": 0.004044, 
    "InversionTime": 1, 
    "FlipAngle": 9, 
    "CoilString": "HDCTL_12", 
    "PercentPhaseFOV": 80, 
    "AcquisitionMatrixPE": 256, 
    "ReconMatrixPE": 512, 
    "PixelBandwidth": 558.047, 
    "ImageOrientationPatientDICOM": [
        0, 
        1, 
        0, 
        -0.00529652, 
        0, 
        -0.999986
    ], 
    "InPlanePhaseEncodingDirectionDICOM": "ROW", 
    "ConversionSoftware": "dcm2niix", 
    "ConversionSoftwareVersion": "v1.0.20190902", 
    "Dcm2bidsVersion": "2.1.4"
}