{
    "Modality": "MR",
    "MagneticFieldStrength": 3,
    "Manufacturer": "Siemens",
    "ManufacturersModelName": "Prisma_fit",
    "InstitutionName": "St_Lucia_Campus",
    "InstitutionalDepartmentName": "Gehrmann_Labs_MRI",
    "InstitutionAddress": "Cooper_60_St._Lucia_QLD_AU_4072",
    "DeviceSerialNumber": "167001",
    "StationName": "mrc_Trio",
    "BodyPartExamined": "CSPINE",
    "PatientPosition": "HFS",
    "ProcedureStepDescription": "Research_14057_DTI_spine",
    "SoftwareVersions": "syngo_MR_E11",
    "MRAcquisitionType": "3D",
    "SeriesDescription": "GRE-MT1",
    "ProtocolName": "GRE-MT1",
    "ScanningSequence": "GR",
    "SequenceVariant": "MTC_SP",
    "ScanOptions": "MT",
    "SequenceName": "_fl3d1",
    "ImageType": [
        "ORIGINAL",
        "PRIMARY",
        "M",
        "DIS2D"
    ],
    "SeriesNumber": 8,
    "AcquisitionTime": "16:25:19.092500",
    "AcquisitionNumber": 1,
    "SliceThickness": 5,
    "SAR": 0.677888,
    "EchoTime": 0.00313,
    "RepetitionTime": 0.035,
    "FlipAngle": 9,
    "PartialFourier": 1,
    "BaseResolution": 256,
    "ShimSetting": [
        3019,
        -4416,
        -1003,
        -841,
        50,
        1295,
        -250,
        -99
    ],
    "TxRefAmp": 309.897,
    "PhaseResolution": 1,
    "ReceiveCoilName": "HeadNeck_64",
    "ReceiveCoilActiveElements": "HC7;NC1,2",
    "PulseSequenceDetails": "%SiemensSeq%_gre",
    "ConsistencyInfo": "N4_VE11C_LATEST_20160120",
    "PercentPhaseFOV": 100,
    "PhaseEncodingSteps": 255,
    "AcquisitionMatrixPE": 256,
    "ReconMatrixPE": 256,
    "ParallelReductionFactorInPlane": 2,
    "PixelBandwidth": 260,
    "DwellTime": 7.5e-06,
    "ImageOrientationPatientDICOM": [
        1,
        0,
        0,
        0,
        0.992966,
        0.118404
    ],
    "InPlanePhaseEncodingDirectionDICOM": "COL",
    "ConversionSoftware": "dcm2niix",
    "ConversionSoftwareVersion": "v1.0.20180622 GCC4.9.2",
    "SpatialReference": {
        "Reorientation": "RPI"
    }
}