{
	"Modality": "MR",
	"MagneticFieldStrength": 3,
	"Manufacturer": "Siemens",
	"ManufacturersModelName": "Prisma_fit",
	"InstitutionName": "MPI_CBS",
	"InstitutionalDepartmentName": "Department",
	"InstitutionAddress": "Stephanstrasse_1A_Leipzig_District_DE_04103",
	"DeviceSerialNumber": "67037",
	"StationName": "TRIOSYS",
	"BodyPartExamined": "BRAIN",
	"PatientPosition": "HFS",
	"ProcedureStepDescription": "FE_Standard_Spinal",
	"SoftwareVersions": "syngo_MR_E11",
	"MRAcquisitionType": "2D",
	"SeriesDescription": "GRE-ME",
	"ProtocolName": "GRE-ME",
	"ScanningSequence": "GR",
	"SequenceVariant": "SP",
	"ScanOptions": "SAT1",
	"SequenceName": "_me2d1r3",
	"ImageType": ["ORIGINAL", "PRIMARY", "M", "NORM", "DIS2D"],
	"SeriesNumber": 8,
	"AcquisitionTime": "11:31:3.240000",
	"AcquisitionNumber": 1,
	"SliceThickness": 5,
	"SpacingBetweenSlices": 5,
	"SAR": 0.307306,
	"EchoTime": 0.014,
	"RepetitionTime": 0.6,
	"FlipAngle": 30,
	"PartialFourier": 1,
	"BaseResolution": 448,
	"ShimSetting": [
		-5286,
		-9272,
		-4925,
		-1434,
		383,
		2138,
		774,
		-32	],
	"TxRefAmp": 335.442,
	"PhaseResolution": 1,
	"ReceiveCoilName": "HeadNeck_64",
	"ReceiveCoilActiveElements": "HC7;NC1,2",
	"PulseSequenceDetails": "%SiemensSeq%_medic",
	"ConsistencyInfo": "N4_VE11C_LATEST_20160120",
	"PercentPhaseFOV": 100,
	"EchoTrainLength": 3,
	"PhaseEncodingSteps": 447,
	"AcquisitionMatrixPE": 448,
	"ReconMatrixPE": 448,
	"ParallelReductionFactorInPlane": 2,
	"PixelBandwidth": 260,
	"DwellTime": 4.3e-06,
	"PhaseEncodingDirection": "j-",
	"ImageOrientationPatientDICOM": [
		1,
		0,
		0,
		0,
		0.985109,
		0.171929	],
	"InPlanePhaseEncodingDirectionDICOM": "COL",
	"ConversionSoftware": "dcm2niix",
	"ConversionSoftwareVersion": "v1.0.20180622 GCC4.9.2"
}
