{
    "Modality": "MR",
    "MagneticFieldStrength": 3,
    "ImagingFrequency": 127.763,
    "Manufacturer": "Philips",
    "ManufacturersModelName": "Ingenia_CX",
    "InstitutionName": "Tokyo_University_Hospital",
    "InstitutionalDepartmentName": "Radiology",
    "DeviceSerialNumber": "78091",
    "StationName": "HOST-77RBK8NK2K",
    "BodyPartExamined": "SPINE",
    "PatientPosition": "HFS",
    "SoftwareVersions": "5.3.1_5.3.1.1",
    "MRAcquisitionType": "3D",
    "SeriesDescription": "GRE-MT",
    "ProtocolName": "GRE-MT",
    "ScanningSequence": "GR",
    "SequenceVariant": "SP",
    "ScanOptions": "PFF",
    "ImageType": [
        "ORIGINAL",
        "PRIMARY",
        "M",
        "FFE",
        "M",
        "FFE"
    ],
    "SeriesNumber": 601,
    "AcquisitionTime": "19:21:54.100000",
    "AcquisitionNumber": 6,
    "PhilipsRescaleSlope": 2.12527,
    "PhilipsRescaleIntercept": 0,
    "PhilipsScaleSlope": 0.000702185,
    "UsePhilipsFloatNotDisplayScaling": 1,
    "SliceThickness": 5,
    "SpacingBetweenSlices": 5,
    "SAR": 2.35918,
    "EchoTime": 0.002001,
    "RepetitionTime": 0.057,
    "FlipAngle": 9,
    "CoilString": "MULTI_COIL",
    "PercentPhaseFOV": 100,
    "PhaseEncodingSteps": 256,
    "AcquisitionMatrixPE": 256,
    "ReconMatrixPE": 256,
    "PixelBandwidth": 261,
    "ImageOrientationPatientDICOM": [
        0.99921,
        0.00119292,
        0.0397114,
        -0.00881131,
        0.98131,
        0.19223
    ],
    "InPlanePhaseEncodingDirectionDICOM": "COL",
    "ConversionSoftware": "dcm2niix",
    "ConversionSoftwareVersion": "v1.0.20181125  Clang10.0.0",
    "SpatialReference": {
        "Reorientation": "RPI"
    }
}