{
    "Modality": "MR",
    "MagneticFieldStrength": 3,
    "ImagingFrequency": 127.762,
    "Manufacturer": "Philips",
    "ManufacturersModelName": "Ingenia_CX",
    "InstitutionName": "Tokyo_University_Hospital",
    "InstitutionalDepartmentName": "Radiology",
    "DeviceSerialNumber": "78091",
    "StationName": "HOST-77RBK8NK2K",
    "BodyPartExamined": "SPINE",
    "PatientPosition": "HFS",
    "SoftwareVersions": "5.3.1_5.3.1.1",
    "MRAcquisitionType": "3D",
    "SeriesDescription": "T1w",
    "ProtocolName": "T1w",
    "ScanningSequence": "GR",
    "SequenceVariant": "MP",
    "ScanOptions": "OTHER",
    "ImageType": [
        "ORIGINAL",
        "PRIMARY",
        "M",
        "FFE",
        "M",
        "FFE"
    ],
    "SeriesNumber": 301,
    "AcquisitionTime": "19:02:15.700000",
    "AcquisitionNumber": 3,
    "PhilipsRescaleSlope": 3.64347,
    "PhilipsRescaleIntercept": 0,
    "PhilipsScaleSlope": 0.00380749,
    "UsePhilipsFloatNotDisplayScaling": 1,
    "SliceThickness": 1,
    "SpacingBetweenSlices": 1,
    "SAR": 0.0334169,
    "EchoTime": 0.003549,
    "RepetitionTime": 0.0076249,
    "FlipAngle": 9,
    "CoilString": "MULTI_COIL",
    "PercentPhaseFOV": 81.25,
    "EchoTrainLength": 246,
    "PhaseEncodingSteps": 320,
    "AcquisitionMatrixPE": 320,
    "ReconMatrixPE": 320,
    "PixelBandwidth": 191,
    "ImageOrientationPatientDICOM": [
        -0.00119412,
        0.999999,
        6.66941e-06,
        0.0397114,
        5.40845e-05,
        -0.999211
    ],
    "InPlanePhaseEncodingDirectionDICOM": "ROW",
    "ConversionSoftware": "dcm2niix",
    "ConversionSoftwareVersion": "v1.0.20181125  Clang10.0.0",
    "SpatialReference": {
        "Resampling": "0.8x0.8x0.8",
        "Reorientation": "RPI"
    }
}