{
	"Modality": "MR",
	"MagneticFieldStrength": 3,
	"Manufacturer": "Siemens",
	"ManufacturersModelName": "Prisma_fit",
	"InstitutionName": "Mc_Connell_Brain_Imaging_Centre",
	"InstitutionalDepartmentName": "Department",
	"InstitutionAddress": "University_Street_3801_Montreal_District_CA_H3A_2B4",
	"DeviceSerialNumber": "167017",
	"StationName": "MRC35056",
	"BodyPartExamined": "BRAIN",
	"PatientPosition": "HFS",
	"ProcedureStepDescription": "Functional_Dr._Doyon",
	"SoftwareVersions": "syngo_MR_E11",
	"MRAcquisitionType": "2D",
	"SeriesDescription": "DWI",
	"ProtocolName": "DWI",
	"ScanningSequence": "EP",
	"SequenceVariant": "SK_SP",
	"ScanOptions": "PFP_SFS_CT",
	"SequenceName": "_ez_b0",
	"ImageType": ["ORIGINAL", "PRIMARY", "DIFFUSION", "NONE", "ND", "MOSAIC"],
	"SeriesNumber": 6,
	"AcquisitionTime": "11:25:4.682500",
	"AcquisitionNumber": 1,
	"SliceThickness": 5,
	"SpacingBetweenSlices": 5,
	"SAR": 0.428794,
	"EchoTime": 0.06,
	"RepetitionTime": 0.61,
	"FlipAngle": 90,
	"PartialFourier": 0.875,
	"BaseResolution": 96,
	"ShimSetting": [
		301,
		-11841,
		-6605,
		-1988,
		-84,
		3653,
		262,
		3	],
	"TxRefAmp": 276.233,
	"PhaseResolution": 1,
	"ReceiveCoilName": "HeadNeck_64",
	"ReceiveCoilActiveElements": "HC7;NC1,2",
	"PulseSequenceDetails": "%SiemensSeq%_ep2d_diff",
	"ConsistencyInfo": "N4_VE11C_LATEST_20160120",
	"PercentPhaseFOV": 37.5,
	"EchoTrainLength": 31,
	"PhaseEncodingSteps": 31,
	"AcquisitionMatrixPE": 36,
	"ReconMatrixPE": 36,
	"BandwidthPerPixelPhaseEncode": 29.551,
	"EffectiveEchoSpacing": 0.000939995,
	"DerivedVendorReportedEchoSpacing": 0.000939994,
	"TotalReadoutTime": 0.0328998,
	"PixelBandwidth": 1270,
	"DwellTime": 4.1e-06,
	"PhaseEncodingDirection": "j-",
	"SliceTiming": [
		0,
		1.01,
		2.035,
		3.005,
		3.945,
		0.1975,
		1.2075,
		2.2325,
		3.2025,
		4.1425,
		0.395,
		1.405,
		2.43,
		3.4,
		4.34	],
	"ImageOrientationPatientDICOM": [
		1,
		0,
		0,
		0,
		0.996195,
		0.0871557	],
	"InPlanePhaseEncodingDirectionDICOM": "COL",
	"ConversionSoftware": "dcm2niix",
	"ConversionSoftwareVersion": "v1.0.20180622 GCC5.3.1"
}
