{
    "Modality": "MR",
    "MagneticFieldStrength": 3,
    "ImagingFrequency": 127.753,
    "Manufacturer": "Philips",
    "ManufacturersModelName": "Achieva",
    "InstitutionName": "Fondazione_S.Lucia",
    "InstitutionalDepartmentName": "Diagnostica_per_Immagine",
    "DeviceSerialNumber": "34249",
    "StationName": "PHILIPS-29CDACE",
    "BodyPartExamined": "SPINE",
    "PatientPosition": "HFS",
    "ProcedureStepDescription": "FRATINI",
    "SoftwareVersions": "5.4.1_5.4.1.1",
    "MRAcquisitionType": "2D",
    "SeriesDescription": "sSUM",
    "ProtocolName": "sSUM",
    "ScanningSequence": "GR",
    "SequenceVariant": "SS",
    "ScanOptions": "PFF",
    "ImageType": [
        "ORIGINAL",
        "PRIMARY",
        "M",
        "FFE",
        "M",
        "FFE"
    ],
    "SeriesNumber": 1002,
    "AcquisitionTime": "16:12:26.030000",
    "AcquisitionNumber": 10,
    "PhilipsRWVSlope": 1,
    "PhilipsRWVIntercept": 0,
    "PhilipsRescaleSlope": 1,
    "PhilipsRescaleIntercept": 0,
    "PhilipsScaleSlope": 0.0106702,
    "UsePhilipsFloatNotDisplayScaling": 1,
    "SliceThickness": 5,
    "SpacingBetweenSlices": 5,
    "SAR": 0.741905,
    "EchoTime": 0.002105,
    "RepetitionTime": 0.625,
    "FlipAngle": 30,
    "CoilString": "MULTI_COIL",
    "PartialFourier": 0.009375,
    "PercentPhaseFOV": 100,
    "EchoTrainLength": 3,
    "PhaseEncodingSteps": 320,
    "AcquisitionMatrixPE": 320,
    "ReconMatrixPE": 320,
    "PixelBandwidth": 240,
    "PhaseEncodingAxis": "j",
    "ImageOrientationPatientDICOM": [
        0.999764,
        -0.00406796,
        0.0213527,
        4.33681e-19,
        0.982332,
        0.187147
    ],
    "InPlanePhaseEncodingDirectionDICOM": "COL",
    "ConversionSoftware": "dcm2niix",
    "ConversionSoftwareVersion": "v1.0.20190410  (JP2:OpenJPEG) (JP-LS:CharLS) Clang8.1.0",
    "Dcm2bidsVersion": "2.1.4",
    "AcquisitionDuration": 242.5,
    "SpatialReference": {
        "Reorientation": "RPI",
        "Other": "root-mean square across 4th dimension (if it exists)"
    }
}