{
    "Modality": "MR",
    "MagneticFieldStrength": 3,
    "Manufacturer": "Siemens",
    "ManufacturersModelName": "Verio",
    "InstitutionName": "CEMEREM",
    "InstitutionalDepartmentName": "CEMEREM",
    "InstitutionAddress": "RUE_ST_PIERRE_264_MARSEILLE...92C536..._District_FR_13006",
    "DeviceSerialNumber": "40146",
    "StationName": "MRC40146",
    "PatientPosition": "HFS",
    "ProcedureStepDescription": "TEST_VC_SPINE",
    "SoftwareVersions": "syngo_MR_B17",
    "MRAcquisitionType": "3D",
    "SeriesDescription": "T2w",
    "ProtocolName": "T2w",
    "ScanningSequence": "SE",
    "SequenceVariant": "SK_SP",
    "ScanOptions": "PFP",
    "SequenceName": "_spcR3d1_87",
    "ImageType": [
        "ORIGINAL",
        "PRIMARY",
        "M",
        "NORM",
        "DIS2D"
    ],
    "SeriesNumber": 4,
    "AcquisitionTime": "11:55:19.230000",
    "AcquisitionNumber": 1,
    "SliceThickness": 0.8,
    "SAR": 0.693363,
    "EchoTime": 0.12,
    "RepetitionTime": 2,
    "FlipAngle": 180,
    "PartialFourier": 1,
    "BaseResolution": 320,
    "ShimSetting": [
        -5801,
        12836,
        -12188,
        -18,
        -148,
        209,
        147,
        10
    ],
    "TxRefAmp": 443.821,
    "PhaseResolution": 1.0125,
    "ReceiveCoilName": "NeckMatrix",
    "PulseSequenceDetails": "%SiemensSeq%_tse_vfl",
    "PercentPhaseFOV": 100,
    "EchoTrainLength": 87,
    "PhaseEncodingSteps": 247,
    "AcquisitionMatrixPE": 324,
    "ReconMatrixPE": 320,
    "ParallelReductionFactorInPlane": 2,
    "PixelBandwidth": 625,
    "DwellTime": 2.5e-06,
    "ImageOrientationPatientDICOM": [
        0,
        1,
        0,
        0,
        0,
        -1
    ],
    "InPlanePhaseEncodingDirectionDICOM": "ROW",
    "ConversionSoftware": "dcm2niix",
    "ConversionSoftwareVersion": "v1.0.20171215 (OpenJPEG build) Clang8.1.0",
    "SpatialReference": {
        "Resampling": "0.8x0.8x0.8",
        "Reorientation": "RPI"
    }
}