{
    "Modality": "MR", 
    "MagneticFieldStrength": 3, 
    "ImagingFrequency": 123.228, 
    "Manufacturer": "Siemens", 
    "ManufacturersModelName": "Skyra", 
    "InstitutionName": "Istituto_Neurologico_Mondino", 
    "InstitutionalDepartmentName": "Department", 
    "InstitutionAddress": "Via_Mondino_2_Pavia_District_IT_27100", 
    "DeviceSerialNumber": "45358", 
    "StationName": "AWP45358", 
    "BodyPartExamined": "HEAD", 
    "PatientPosition": "HFS", 
    "ProcedureStepDescription": "R.M._DEL_CERVELLO_E_DEL_TRONCO_ENCEFALICO_-_3T", 
    "SoftwareVersions": "syngo_MR_D13C", 
    "MRAcquisitionType": "2D", 
    "SeriesDescription": "GRE-ME", 
    "ProtocolName": "GRE-ME", 
    "ScanningSequence": "GR", 
    "SequenceVariant": "SP", 
    "ScanOptions": "SAT1", 
    "SequenceName": "_me2d1r3", 
    "ImageType": [
        "ORIGINAL", 
        "PRIMARY", 
        "M", 
        "NORM", 
        "DIS2D"
    ], 
    "SeriesNumber": 9, 
    "AcquisitionTime": "16:09:24.577500", 
    "AcquisitionNumber": 1, 
    "SliceThickness": 5, 
    "SpacingBetweenSlices": 5, 
    "SAR": 0.29016, 
    "EchoTime": 0.014, 
    "RepetitionTime": 0.6, 
    "FlipAngle": 30, 
    "PartialFourier": 1, 
    "BaseResolution": 448, 
    "ShimSetting": [
        6879, 
        -1006, 
        7258, 
        -1148, 
        139, 
        4610, 
        3815, 
        -1005
    ], 
    "TxRefAmp": 382.374, 
    "PhaseResolution": 1, 
    "ReceiveCoilName": "HeadNeck_20", 
    "ReceiveCoilActiveElements": "HE3,4;NE1,2", 
    "CoilString": "HE3_4;NE1_2", 
    "PulseSequenceDetails": "%SiemensSeq%_medic", 
    "ConsistencyInfo": "N4_VD13C_LATEST_20121124", 
    "PercentPhaseFOV": 100, 
    "EchoTrainLength": 3, 
    "PhaseEncodingSteps": 447, 
    "AcquisitionMatrixPE": 448, 
    "ReconMatrixPE": 448, 
    "ParallelReductionFactorInPlane": 2, 
    "PixelBandwidth": 260, 
    "DwellTime": 4.3e-06, 
    "PhaseEncodingDirection": "j-", 
    "ImageOrientationPatientDICOM": [
        1, 
        0, 
        0, 
        0, 
        0.984808, 
        0.173648
    ], 
    "InPlanePhaseEncodingDirectionDICOM": "COL", 
    "ConversionSoftware": "dcm2niix", 
    "ConversionSoftwareVersion": "v1.0.20181125  GCC4.8.2", 
    "Dcm2bidsVersion": "2.1.4"
}