{
    "Modality": "MR",
    "MagneticFieldStrength": 3,
    "ImagingFrequency": 123.173,
    "Manufacturer": "Siemens",
    "ManufacturersModelName": "Prisma_fit",
    "InstitutionName": "CMRR_3T-B",
    "InstitutionalDepartmentName": "Research",
    "InstitutionAddress": "6th_SE_2021_Minneapolis_Minneapolis_US_55455",
    "DeviceSerialNumber": "67010",
    "StationName": "TRIOB",
    "BodyPartExamined": "CSPINE",
    "PatientPosition": "HFS",
    "ProcedureStepDescription": "Joers_MontrealSpine",
    "SoftwareVersions": "syngo_MR_E11",
    "MRAcquisitionType": "3D",
    "SeriesDescription": "GRE-MT1",
    "ProtocolName": "GRE-MT1",
    "ScanningSequence": "GR",
    "SequenceVariant": "MTC_SP",
    "ScanOptions": "MT",
    "SequenceName": "_fl3d1",
    "ImageType": [
        "ORIGINAL",
        "PRIMARY",
        "M",
        "DIS2D"
    ],
    "SeriesNumber": 8,
    "AcquisitionTime": "16:31:37.937500",
    "AcquisitionNumber": 1,
    "SliceThickness": 5,
    "SAR": 0.591994,
    "EchoTime": 0.00313,
    "RepetitionTime": 0.035,
    "FlipAngle": 9,
    "PartialFourier": 1,
    "BaseResolution": 256,
    "ShimSetting": [
        -1042,
        -11640,
        -4002,
        -457,
        -24,
        1854,
        -799,
        14
    ],
    "TxRefAmp": 309.815,
    "PhaseResolution": 1,
    "ReceiveCoilName": "HeadNeck_64",
    "ReceiveCoilActiveElements": "HC5-7;NC1,2;SP1",
    "CoilString": "HC5-7;NC1_2;SP1",
    "PulseSequenceDetails": "%SiemensSeq%_gre",
    "RefLinesPE": 32,
    "ConsistencyInfo": "N4_VE11C_LATEST_20160120",
    "PercentPhaseFOV": 100,
    "PhaseEncodingSteps": 255,
    "AcquisitionMatrixPE": 256,
    "ReconMatrixPE": 256,
    "PixelBandwidth": 260,
    "DwellTime": 7.5e-06,
    "ImageOrientationPatientDICOM": [
        0.997074,
        -0.0162776,
        0.0746839,
        3.91514e-08,
        0.977062,
        0.212954
    ],
    "InPlanePhaseEncodingDirectionDICOM": "COL",
    "ConversionSoftware": "dcm2niix",
    "ConversionSoftwareVersion": "v1.0.20190410  (JP2:OpenJPEG) (JP-LS:CharLS) Clang8.1.0",
    "Dcm2bidsVersion": "2.1.4",
    "SpatialReference": {
        "Reorientation": "RPI"
    }
}