{
	"Modality": "MR",
	"MagneticFieldStrength": 3,
	"Manufacturer": "Siemens",
	"ManufacturersModelName": "TrioTim",
	"DeviceSerialNumber": "35388",
	"StationName": "MRC35388",
	"PatientPosition": "HFS",
	"ProcedureStepDescription": "RM_CEREBRAL",
	"SoftwareVersions": "syngo_MR_B17",
	"MRAcquisitionType": "2D",
	"SeriesDescription": "DWI",
	"ProtocolName": "DWI",
	"ScanningSequence": "EP",
	"SequenceVariant": "SK_SP",
	"ScanOptions": "PFP_SAT2_WE_CT",
	"SequenceName": "_ep_b0",
	"ImageType": ["ORIGINAL", "PRIMARY", "DIFFUSION", "NONE", "ND", "MOSAIC"],
	"SeriesNumber": 16,
	"AcquisitionTime": "17:57:4.270000",
	"AcquisitionNumber": 1,
	"SliceThickness": 5,
	"SpacingBetweenSlices": 5,
	"SAR": 0.505097,
	"EchoTime": 0.099,
	"RepetitionTime": 0.6,
	"FlipAngle": 90,
	"PartialFourier": 0.625,
	"BaseResolution": 96,
	"ShimSetting": [
		8776,
		-1154,
		-7893,
		-1780,
		1595,
		2740,
		286,
		148	],
	"TxRefAmp": 306.703,
	"PhaseResolution": 1,
	"ReceiveCoilName": "NeckMatrix",
	"PulseSequenceDetails": "%SiemensSeq%_ep2d_diff",
	"PercentPhaseFOV": 100,
	"PhaseEncodingSteps": 63,
	"AcquisitionMatrixPE": 96,
	"ReconMatrixPE": 96,
	"BandwidthPerPixelPhaseEncode": 9.137,
	"EffectiveEchoSpacing": 0.00114005,
	"DerivedVendorReportedEchoSpacing": 0.00114005,
	"TotalReadoutTime": 0.108305,
	"PixelBandwidth": 965,
	"DwellTime": 5.4e-06,
	"PhaseEncodingDirection": "j-",
	"SliceTiming": [
		0,
		0.9625,
		1.9525,
		3.0025,
		3.9825,
		0.2025,
		1.1625,
		2.1525,
		3.2025,
		4.185,
		0.4025,
		1.3625,
		2.3525,
		3.405,
		4.385	],
	"ImageOrientationPatientDICOM": [
		1,
		-1e-16,
		0,
		1e-16,
		0.975149,
		0.221548	],
	"InPlanePhaseEncodingDirectionDICOM": "COL",
	"ConversionSoftware": "dcm2niix",
	"ConversionSoftwareVersion": "v1.0.20180622 (JP2:OpenJPEG) GCC6.1.0"
}
