{
    "Modality": "MR",
    "MagneticFieldStrength": 3,
    "Manufacturer": "Siemens",
    "ManufacturersModelName": "TrioTim",
    "DeviceSerialNumber": "35388",
    "StationName": "MRC35388",
    "PatientPosition": "HFS",
    "ProcedureStepDescription": "RM_CEREBRAL",
    "SoftwareVersions": "syngo_MR_B17",
    "MRAcquisitionType": "2D",
    "SeriesDescription": "GRE-ME",
    "ProtocolName": "GRE-ME",
    "ScanningSequence": "GR",
    "SequenceVariant": "SP",
    "SequenceName": "_me2d1r3",
    "ImageType": [
        "ORIGINAL",
        "PRIMARY",
        "M",
        "DIS2D"
    ],
    "SeriesNumber": 19,
    "AcquisitionTime": "19:25:41.787500",
    "AcquisitionNumber": 1,
    "SliceThickness": 5,
    "SpacingBetweenSlices": 5,
    "SAR": 0.0183669,
    "EchoTime": 0.013,
    "RepetitionTime": 0.6,
    "FlipAngle": 30,
    "PartialFourier": 1,
    "BaseResolution": 448,
    "ShimSetting": [
        8700,
        -1168,
        -7732,
        -886,
        679,
        2412,
        -417,
        -216
    ],
    "TxRefAmp": 306.945,
    "PhaseResolution": 1,
    "ReceiveCoilName": "NeckMatrix",
    "PulseSequenceDetails": "%SiemensSeq%_medic",
    "PercentPhaseFOV": 100,
    "PhaseEncodingSteps": 447,
    "AcquisitionMatrixPE": 448,
    "ReconMatrixPE": 448,
    "ParallelReductionFactorInPlane": 2,
    "PixelBandwidth": 260,
    "DwellTime": 4.3e-06,
    "PhaseEncodingDirection": "j-",
    "ImageOrientationPatientDICOM": [
        0.99889,
        0.00685713,
        -0.0465978,
        2.23512e-08,
        0.989345,
        0.145588
    ],
    "InPlanePhaseEncodingDirectionDICOM": "COL",
    "ConversionSoftware": "dcm2niix",
    "ConversionSoftwareVersion": "v1.0.20180622 (JP2:OpenJPEG) GCC6.1.0",
    "AcquisitionDuration": 290.0
}