{
    "Modality": "MR",
    "MagneticFieldStrength": 3,
    "ImagingFrequency": 123.259,
    "Manufacturer": "Siemens",
    "ManufacturersModelName": "MAGNETOM Vida",
    "InstitutionName": "UC Davis Health PAV3T",
    "InstitutionAddress": "Stockton Blvd. 2315,Sacramento,California,US,95817",
    "DeviceSerialNumber": "175872",
    "StationName": "AWP175872",
    "BodyPartExamined": "CSPINE",
    "PatientPosition": "HFS",
    "ProcedureStepDescription": "MR C-SPINE",
    "SoftwareVersions": "syngo MR XA20",
    "MRAcquisitionType": "3D",
    "SeriesDescription": "GRE-T1w",
    "ProtocolName": "GRE-T1w",
    "SequenceVariant": "SP",
    "ImageType": [
        "ORIGINAL",
        "PRIMARY",
        "M",
        "NONE"
    ],
    "SeriesNumber": 27,
    "AcquisitionTime": "18:47:52.977500",
    "AcquisitionNumber": 1,
    "SliceThickness": 5,
    "EchoTime": 0.00316,
    "RepetitionTime": 0.015,
    "FlipAngle": 15,
    "ReceiveCoilActiveElements": "HC5,7;NC1,2",
    "CoilString": "HeadNeck_64_CS",
    "PercentPhaseFOV": 100,
    "PercentSampling": 100,
    "AcquisitionMatrixPE": 256,
    "ReconMatrixPE": 256,
    "ParallelReductionFactorInPlane": 2,
    "PixelBandwidth": 260,
    "ImageOrientationPatientDICOM": [
        0.997524,
        -0.00968554,
        0.0696578,
        -2.8742e-08,
        0.990471,
        0.13772
    ],
    "InPlanePhaseEncodingDirectionDICOM": "COL",
    "ConversionSoftware": "dcm2niix",
    "ConversionSoftwareVersion": "v1.0.20201224",
    "Dcm2bidsVersion": "2.1.6"
}