{
    "Modality": "MR",
    "MagneticFieldStrength": 3,
    "ImagingFrequency": 123.26,
    "Manufacturer": "Siemens",
    "ManufacturersModelName": "Prisma",
    "InstitutionName": "Warneford_Hospital",
    "InstitutionalDepartmentName": "BE3597",
    "InstitutionAddress": "Warneford_Lane_StreetNo_Oxford_District_GB_OX3_7JX",
    "DeviceSerialNumber": "66093",
    "StationName": "AWP66093",
    "BodyPartExamined": "CSPINE",
    "PatientPosition": "HFS",
    "SoftwareVersions": "syngo_MR_E11",
    "MRAcquisitionType": "3D",
    "SeriesDescription": "T2w",
    "ProtocolName": "T2w",
    "ScanningSequence": "SE",
    "SequenceVariant": "SK_SP_OSP",
    "ScanOptions": "PFP",
    "SequenceName": "_spcR_100",
    "ImageType": [
        "ORIGINAL",
        "PRIMARY",
        "M",
        "NORM",
        "DIS3D",
        "DIS2D"
    ],
    "SeriesNumber": 4,
    "AcquisitionTime": "16:12:57.092500",
    "AcquisitionNumber": 1,
    "SliceThickness": 0.8,
    "SAR": 0.5012,
    "EchoTime": 0.12,
    "RepetitionTime": 1.5,
    "FlipAngle": 120,
    "PartialFourier": 1,
    "BaseResolution": 320,
    "ShimSetting": [
        4952,
        -11384,
        -1600,
        67,
        40,
        -1,
        -5,
        13
    ],
    "TxRefAmp": 290.977,
    "PhaseResolution": 1,
    "PhaseOversampling": 0.8,
    "ReceiveCoilName": "HeadNeck_64",
    "ReceiveCoilActiveElements": "HC5-7;NC1,2",
    "CoilString": "HC5-7;NC1_2",
    "PulseSequenceDetails": "%SiemensSeq%_tse_vfl",
    "ConsistencyInfo": "N4_VE11C_LATEST_20160120",
    "PercentPhaseFOV": 100,
    "EchoTrainLength": 76,
    "PhaseEncodingSteps": 422,
    "AcquisitionMatrixPE": 320,
    "ReconMatrixPE": 320,
    "PixelBandwidth": 625,
    "DwellTime": 2.5e-06,
    "ImageOrientationPatientDICOM": [
        8.5e-14,
        1,
        4.896e-12,
        -0.0174524,
        4.897e-12,
        -0.999848
    ],
    "InPlanePhaseEncodingDirectionDICOM": "COL",
    "ConversionSoftware": "dcm2niix",
    "ConversionSoftwareVersion": "v1.0.20181125  Clang10.0.0",
    "SpatialReference": {
        "Resampling": "0.8x0.8x0.8",
        "Reorientation": "RPI"
    }
}