{
    "Modality": "MR", 
    "MagneticFieldStrength": 3, 
    "ImagingFrequency": 123.249, 
    "Manufacturer": "Siemens", 
    "ManufacturersModelName": "Verio", 
    "InstitutionName": "Beijing_Tiantan_Hospital", 
    "InstitutionalDepartmentName": "Department", 
    "InstitutionAddress": "Street_StreetNo_Beijinig_63f344_District_CN_ZIP", 
    "DeviceSerialNumber": "40717", 
    "StationName": "MRC40717", 
    "PatientPosition": "HFS", 
    "ProcedureStepDescription": "c-spine_clinical_libraries", 
    "SoftwareVersions": "syngo_MR_B19", 
    "MRAcquisitionType": "3D", 
    "SeriesDescription": "T2w", 
    "ProtocolName": "T2w", 
    "ScanningSequence": "SE", 
    "SequenceVariant": "SK_SP", 
    "ScanOptions": "PFP", 
    "SequenceName": "_spcR3d1_87", 
    "ImageType": [
        "ORIGINAL", 
        "PRIMARY", 
        "M", 
        "NORM", 
        "DIS2D"
    ], 
    "SeriesNumber": 3, 
    "AcquisitionTime": "19:06:48.255000", 
    "AcquisitionNumber": 1, 
    "SliceThickness": 0.8, 
    "SAR": 0.824672, 
    "NumberOfAverages": 2, 
    "EchoTime": 0.118, 
    "RepetitionTime": 2, 
    "FlipAngle": 180, 
    "PartialFourier": 1, 
    "BaseResolution": 320, 
    "ShimSetting": [
        -4837, 
        12733, 
        14296, 
        -103, 
        -23, 
        33, 
        -30, 
        44
    ], 
    "TxRefAmp": 393.323, 
    "PhaseResolution": 1.0125, 
    "ReceiveCoilName": "NeckMatrix", 
    "CoilString": "T:HEP;NE1_2;SP1", 
    "PulseSequenceDetails": "%SiemensSeq%_tse_vfl", 
    "RefLinesPE": 24, 
    "PercentPhaseFOV": 100, 
    "EchoTrainLength": 87, 
    "PhaseEncodingSteps": 243, 
    "AcquisitionMatrixPE": 324, 
    "ReconMatrixPE": 320, 
    "ParallelReductionFactorInPlane": 2, 
    "PixelBandwidth": 625, 
    "DwellTime": 2.5e-06, 
    "ImageOrientationPatientDICOM": [
        0, 
        1, 
        0, 
        0, 
        0, 
        -1
    ], 
    "InPlanePhaseEncodingDirectionDICOM": "ROW", 
    "ConversionSoftware": "dcm2niix", 
    "ConversionSoftwareVersion": "v1.0.20190902", 
    "Dcm2bidsVersion": "2.1.4"
}