{
    "Modality": "MR", 
    "MagneticFieldStrength": 3, 
    "ImagingFrequency": 127.768, 
    "Manufacturer": "GE", 
    "ManufacturersModelName": "DISCOVERY_MR750", 
    "InstitutionName": "BeiJing_TIANTAN_Hospital-GX", 
    "DeviceSerialNumber": "0000082427040165", 
    "StationName": "GEHCGEHC", 
    "PatientPosition": "HFS", 
    "SoftwareVersions": "24_LX_MR_Software_release:DV24.0_R01_1344.a", 
    "MRAcquisitionType": "2D", 
    "SeriesDescription": "GRE-ME", 
    "ProtocolName": "GRE-ME", 
    "ScanningSequence": "GR", 
    "SequenceVariant": "SS_SK", 
    "ScanOptions": "FAST_GEMS_FC_EDR_GEMS_FILTERED_GEMS", 
    "ImageType": [
        "ORIGINAL", 
        "PRIMARY", 
        "OTHER"
    ], 
    "SeriesNumber": 3, 
    "AcquisitionTime": "20:12:55.000000", 
    "AcquisitionNumber": 1, 
    "SliceThickness": 5, 
    "SpacingBetweenSlices": 5, 
    "SAR": 0.145579, 
    "NumberOfAverages": 2, 
    "EchoTime": 0.0108, 
    "RepetitionTime": 0.6, 
    "FlipAngle": 30, 
    "CoilString": "HDCTL_12", 
    "PartialFourier": 0.00669643, 
    "PercentPhaseFOV": 100, 
    "EchoTrainLength": 3, 
    "AcquisitionMatrixPE": 448, 
    "ReconMatrixPE": 512, 
    "PixelBandwidth": 244.141, 
    "PhaseEncodingAxis": "j", 
    "SliceTiming": [
        0.28, 
        0.56, 
        0.24, 
        0.52, 
        0.2, 
        0.48, 
        0.16, 
        0.44, 
        0.12, 
        0.4, 
        0.08, 
        0.36, 
        0.04, 
        0.32, 
        0
    ], 
    "ImageOrientationPatientDICOM": [
        1, 
        0, 
        0, 
        0, 
        1, 
        0
    ], 
    "InPlanePhaseEncodingDirectionDICOM": "COL", 
    "ConversionSoftware": "dcm2niix", 
    "ConversionSoftwareVersion": "v1.0.20190902", 
    "Dcm2bidsVersion": "2.1.4"
}