{
	"Modality": "MR",
	"MagneticFieldStrength": 3,
	"Manufacturer": "Siemens",
	"ManufacturersModelName": "Verio",
	"InstitutionName": "CEMEREM",
	"InstitutionalDepartmentName": "CEMEREM",
	"InstitutionAddress": "RUE_ST_PIERRE_264_MARSEILLE...92C536..._District_FR_13006",
	"DeviceSerialNumber": "40146",
	"StationName": "MRC40146",
	"PatientPosition": "HFS",
	"ProcedureStepDescription": "TEST_VC_SPINE",
	"SoftwareVersions": "syngo_MR_B17",
	"MRAcquisitionType": "2D",
	"SeriesDescription": "DWI",
	"ProtocolName": "DWI",
	"ScanningSequence": "EP",
	"SequenceVariant": "SK_SP",
	"ScanOptions": "PFP_SAT2_WE_CT",
	"SequenceName": "_ep_b0",
	"ImageType": ["ORIGINAL", "PRIMARY", "DIFFUSION", "NONE", "ND", "MOSAIC"],
	"SeriesNumber": 5,
	"AcquisitionTime": "14:52:38.877500",
	"AcquisitionNumber": 1,
	"SliceThickness": 5,
	"SpacingBetweenSlices": 5,
	"SAR": 0.257011,
	"EchoTime": 0.095,
	"RepetitionTime": 0.64,
	"FlipAngle": 90,
	"PartialFourier": 0.75,
	"BaseResolution": 96,
	"ShimSetting": [
		-5862,
		12551,
		-12005,
		-1249,
		-297,
		4999,
		2351,
		-232	],
	"TxRefAmp": 354.242,
	"PhaseResolution": 1,
	"ReceiveCoilName": "NeckMatrix",
	"PulseSequenceDetails": "%SiemensSeq%_ep2d_diff",
	"PercentPhaseFOV": 100,
	"PhaseEncodingSteps": 72,
	"AcquisitionMatrixPE": 96,
	"ReconMatrixPE": 96,
	"BandwidthPerPixelPhaseEncode": 15.319,
	"ParallelReductionFactorInPlane": 2,
	"EffectiveEchoSpacing": 0.000679983,
	"DerivedVendorReportedEchoSpacing": 0.00135997,
	"TotalReadoutTime": 0.0645984,
	"PixelBandwidth": 814,
	"DwellTime": 6.4e-06,
	"PhaseEncodingDirection": "j-",
	"SliceTiming": [
		0,
		0.855,
		1.71,
		2.62,
		3.525,
		0.215,
		1.07,
		1.9225,
		2.835,
		3.74,
		0.4275,
		1.2825,
		2.1375,
		3.0475,
		3.9525	],
	"ImageOrientationPatientDICOM": [
		1,
		-1e-16,
		0,
		1e-16,
		0.977416,
		0.211325	],
	"InPlanePhaseEncodingDirectionDICOM": "COL",
	"ConversionSoftware": "dcm2niix",
	"ConversionSoftwareVersion": "v1.0.20180622 (JP2:OpenJPEG) GCC6.1.0"
}
