{
    "Modality": "MR", 
    "MagneticFieldStrength": 3, 
    "ImagingFrequency": 127.753, 
    "Manufacturer": "Philips", 
    "ManufacturersModelName": "Achieva", 
    "InstitutionName": "Fondazione_S.Lucia", 
    "InstitutionalDepartmentName": "Diagnostica_per_Immagine", 
    "DeviceSerialNumber": "34249", 
    "StationName": "PHILIPS-29CDACE", 
    "BodyPartExamined": "SPINE", 
    "PatientPosition": "HFS", 
    "ProcedureStepDescription": "FRATINI", 
    "SoftwareVersions": "5.4.1_5.4.1.1", 
    "MRAcquisitionType": "2D", 
    "SeriesDescription": "DWI", 
    "ProtocolName": "DWI", 
    "ScanningSequence": "SE", 
    "SequenceVariant": "SK", 
    "ScanOptions": "FS", 
    "ImageType": [
        "ORIGINAL", 
        "PRIMARY", 
        "M", 
        "SE", 
        "M", 
        "SE"
    ], 
    "SeriesNumber": 801, 
    "AcquisitionTime": "16:39:42.920000", 
    "AcquisitionNumber": 8, 
    "PhilipsRWVSlope": 22.6286, 
    "PhilipsRWVIntercept": 0, 
    "PhilipsRescaleSlope": 22.6286, 
    "PhilipsRescaleIntercept": 0, 
    "PhilipsScaleSlope": 0.00288993, 
    "UsePhilipsFloatNotDisplayScaling": 1, 
    "SliceThickness": 5, 
    "SpacingBetweenSlices": 5, 
    "SAR": 0.181422, 
    "EchoTime": 0.067776, 
    "RepetitionTime": 0.857143, 
    "FlipAngle": 90, 
    "CoilString": "MULTI_COIL", 
    "PartialFourier": 0.953125, 
    "PercentPhaseFOV": 75, 
    "EchoTrainLength": 61, 
    "PhaseEncodingSteps": 64, 
    "AcquisitionMatrixPE": 64, 
    "ReconMatrixPE": 64, 
    "PixelBandwidth": 1298, 
    "PhaseEncodingAxis": "j", 
    "ImageOrientationPatientDICOM": [
        0.998326, 
        -0.0480317, 
        0.0322091, 
        0.0410084, 
        0.980665, 
        0.19135
    ], 
    "InPlanePhaseEncodingDirectionDICOM": "COL", 
    "ConversionSoftware": "dcm2niix", 
    "ConversionSoftwareVersion": "v1.0.20190410  (JP2:OpenJPEG) (JP-LS:CharLS) Clang8.1.0", 
    "Dcm2bidsVersion": "2.1.4"
}