{
    "Modality": "MR",
    "MagneticFieldStrength": 3,
    "ImagingFrequency": 127.763,
    "Manufacturer": "Philips",
    "ManufacturersModelName": "Ingenia_CX",
    "InstitutionName": "Tokyo_University_Hospital",
    "InstitutionalDepartmentName": "Radiology",
    "DeviceSerialNumber": "78091",
    "StationName": "HOST-77RBK8NK2K",
    "BodyPartExamined": "SPINE",
    "PatientPosition": "HFS",
    "SoftwareVersions": "5.3.1_5.3.1.1",
    "MRAcquisitionType": "2D",
    "SeriesDescription": "sSUM",
    "ProtocolName": "sSUM",
    "ScanningSequence": "GR",
    "SequenceVariant": "SS",
    "ScanOptions": "PFF",
    "ImageType": [
        "ORIGINAL",
        "PRIMARY",
        "M",
        "FFE",
        "M",
        "FFE"
    ],
    "SeriesNumber": 1102,
    "AcquisitionTime": "18:22:6.400000",
    "AcquisitionNumber": 11,
    "PhilipsRescaleSlope": 1,
    "PhilipsRescaleIntercept": 0,
    "PhilipsScaleSlope": 0.128977,
    "UsePhilipsFloatNotDisplayScaling": 1,
    "SliceThickness": 5,
    "SpacingBetweenSlices": 5,
    "SAR": 2.06736,
    "EchoTime": 0.002108,
    "RepetitionTime": 0.625,
    "FlipAngle": 30,
    "CoilString": "MULTI_COIL",
    "PartialFourier": 0.009375,
    "PercentPhaseFOV": 100,
    "EchoTrainLength": 3,
    "PhaseEncodingSteps": 320,
    "AcquisitionMatrixPE": 320,
    "ReconMatrixPE": 320,
    "PixelBandwidth": 241,
    "PhaseEncodingAxis": "j",
    "ImageOrientationPatientDICOM": [
        0.998885,
        -0.00222832,
        0.0471596,
        -0.00571295,
        0.985841,
        0.167587
    ],
    "InPlanePhaseEncodingDirectionDICOM": "COL",
    "ConversionSoftware": "dcm2niix",
    "ConversionSoftwareVersion": "v1.0.20181125  Clang10.0.0",
    "AcquisitionDuration": 242.5,
    "SpatialReference": {
        "Reorientation": "RPI",
        "Other": "root-mean square across 4th dimension (if it exists)"
    }
}