{
    "Modality": "MR",
    "MagneticFieldStrength": 3,
    "ImagingFrequency": 127.758,
    "Manufacturer": "Philips",
    "ManufacturersModelName": "Achieva_dStream",
    "InstitutionName": "Vanderbilt_Health_and_williamson",
    "InstitutionalDepartmentName": "Research_MRI",
    "InstitutionAddress": "1161_21st_Ave_South",
    "DeviceSerialNumber": "17240",
    "StationName": "mr3tb",
    "BodyPartExamined": "SPINE",
    "PatientPosition": "HFS",
    "SoftwareVersions": "5.3.0_5.3.0.3",
    "MRAcquisitionType": "3D",
    "SeriesDescription": "T1w",
    "ProtocolName": "WIP_T1w",
    "ScanningSequence": "GR",
    "SequenceVariant": "MP",
    "ScanOptions": "OTHER",
    "ImageType": [
        "ORIGINAL",
        "PRIMARY",
        "M",
        "FFE",
        "M",
        "FFE"
    ],
    "SeriesNumber": 201,
    "AcquisitionTime": "08:37:42.950000",
    "AcquisitionNumber": 2,
    "PhilipsRescaleSlope": 7.15873,
    "PhilipsRescaleIntercept": 0,
    "PhilipsScaleSlope": 0.0035017,
    "UsePhilipsFloatNotDisplayScaling": 1,
    "SliceThickness": 1,
    "SpacingBetweenSlices": 1,
    "EchoTime": 0.00355,
    "RepetitionTime": 0.0076261,
    "FlipAngle": 9,
    "CoilString": "MULTI_COIL",
    "PartialFourier": 0.76875,
    "PercentPhaseFOV": 81.25,
    "EchoTrainLength": 246,
    "PhaseEncodingSteps": 320,
    "AcquisitionMatrixPE": 320,
    "ReconMatrixPE": 320,
    "PixelBandwidth": 191.483,
    "ImageOrientationPatientDICOM": [
        0,
        1,
        0,
        0.0386546,
        0,
        -0.999253
    ],
    "InPlanePhaseEncodingDirectionDICOM": "ROW",
    "ConversionSoftware": "dcm2niix",
    "ConversionSoftwareVersion": "v1.0.20181022  GCC4.8.5",
    "SpatialReference": {
        "Resampling": "0.8x0.8x0.8",
        "Reorientation": "RPI"
    }
}