{
	"Modality": "MR",
	"MagneticFieldStrength": 3,
	"Manufacturer": "Siemens",
	"ManufacturersModelName": "Prisma_fit",
	"InstitutionName": "IUGM",
	"InstitutionalDepartmentName": "Department",
	"InstitutionAddress": "Chemin_Queen-Mary_4565_Montreal_District_CA_H3W_1W5",
	"DeviceSerialNumber": "167006",
	"StationName": "MRC35049",
	"BodyPartExamined": "SPINE",
	"PatientPosition": "HFS",
	"ProcedureStepDescription": "spine_generic",
	"SoftwareVersions": "syngo_MR_E11",
	"MRAcquisitionType": "2D",
	"SeriesDescription": "DWI",
	"ProtocolName": "DWI",
	"ScanningSequence": "EP",
	"SequenceVariant": "SK_SP",
	"ScanOptions": "PFP_SFS_CT",
	"SequenceName": "_ez_b0",
	"ImageType": ["ORIGINAL", "PRIMARY", "DIFFUSION", "NONE", "ND", "MOSAIC"],
	"SeriesNumber": 4,
	"AcquisitionTime": "13:19:49.757500",
	"AcquisitionNumber": 1,
	"SliceThickness": 5,
	"SpacingBetweenSlices": 5,
	"SAR": 0.410253,
	"EchoTime": 0.06,
	"RepetitionTime": 0.61,
	"FlipAngle": 90,
	"PartialFourier": 0.875,
	"BaseResolution": 96,
	"ShimSetting": [
		642,
		-7537,
		-8833,
		-732,
		-429,
		3026,
		352,
		488	],
	"TxRefAmp": 253.992,
	"PhaseResolution": 1,
	"ReceiveCoilName": "HeadNeck_64",
	"ReceiveCoilActiveElements": "HC7;NC1,2",
	"PulseSequenceDetails": "%SiemensSeq%_ep2d_diff",
	"ConsistencyInfo": "N4_VE11C_LATEST_20160120",
	"PercentPhaseFOV": 37.5,
	"EchoTrainLength": 31,
	"PhaseEncodingSteps": 31,
	"AcquisitionMatrixPE": 36,
	"ReconMatrixPE": 36,
	"BandwidthPerPixelPhaseEncode": 29.551,
	"EffectiveEchoSpacing": 0.000939995,
	"DerivedVendorReportedEchoSpacing": 0.000939994,
	"TotalReadoutTime": 0.0328998,
	"PixelBandwidth": 1270,
	"DwellTime": 4.1e-06,
	"PhaseEncodingDirection": "j-",
	"SliceTiming": [
		0,
		1.045,
		2.1225,
		3.1425,
		4.1625,
		0.1975,
		1.2425,
		2.3175,
		3.3375,
		4.3575,
		0.395,
		1.44,
		2.515,
		3.535,
		4.555	],
	"ImageOrientationPatientDICOM": [
		1,
		0,
		0,
		0,
		0.985996,
		0.166769	],
	"InPlanePhaseEncodingDirectionDICOM": "COL",
	"ConversionSoftware": "dcm2niix",
	"ConversionSoftwareVersion": "v1.0.20180622 (JP2:OpenJPEG) GCC6.1.0"
}
