{
	"Modality": "MR",
	"MagneticFieldStrength": 3,
	"ImagingFrequency": 123.254,
	"Manufacturer": "Siemens",
	"ManufacturersModelName": "Skyra",
	"InstitutionName": "Martinos_Center_Bay_1",
	"InstitutionalDepartmentName": "Department",
	"InstitutionAddress": "13th_149_Charlestown_MA_US_02129",
	"DeviceSerialNumber": "45407",
	"StationName": "BAY1OC",
	"BodyPartExamined": "BRAIN",
	"PatientPosition": "HFS",
	"ProcedureStepDescription": "INVESTIGATORS_Barry",
	"SoftwareVersions": "syngo_MR_E11",
	"MRAcquisitionType": "2D",
	"SeriesDescription": "DWI_ZOOMit",
	"ProtocolName": "DWI_ZOOMit",
	"ScanningSequence": "EP",
	"SequenceVariant": "SK_SP",
	"ScanOptions": "PFP_SFS_CT",
	"SequenceName": "_ez_b0",
	"ImageType": ["ORIGINAL", "PRIMARY", "DIFFUSION", "NONE", "ND", "MOSAIC"],
	"SeriesNumber": 4,
	"AcquisitionTime": "15:46:4.987500",
	"AcquisitionNumber": 1,
	"SliceThickness": 5,
	"SpacingBetweenSlices": 5,
	"SAR": 0.261794,
	"EchoTime": 0.092,
	"RepetitionTime": 0.67,
	"FlipAngle": 90,
	"PartialFourier": 0.875,
	"BaseResolution": 96,
	"ShimSetting": [
		-5045,
		11829,
		-11566,
		-3320,
		-977,
		4999,
		-152,
		-445	],
	"TxRefAmp": 351.858,
	"PhaseResolution": 1,
	"ReceiveCoilName": "HeadNeck_64",
	"ReceiveCoilActiveElements": "HC5-7;NC1,2",
	"CoilString": "HC5-7;NC1_2",
	"PulseSequenceDetails": "%SiemensSeq%_ep2d_diff",
	"ConsistencyInfo": "N4_VE11C_LATEST_20160120",
	"PercentPhaseFOV": 39.5833,
	"EchoTrainLength": 33,
	"PhaseEncodingSteps": 33,
	"AcquisitionMatrixPE": 38,
	"ReconMatrixPE": 38,
	"BandwidthPerPixelPhaseEncode": 20.088,
	"EffectiveEchoSpacing": 0.00131003,
	"DerivedVendorReportedEchoSpacing": 0.00131003,
	"TotalReadoutTime": 0.0484709,
	"PixelBandwidth": 885,
	"DwellTime": 5.9e-06,
	"PhaseEncodingDirection": "j-",
	"SliceTiming": [
		0,
		0.745,
		1.47,
		2.205,
		3.015,
		0.215,
		0.96,
		1.685,
		2.42,
		3.23,
		0.4325,
		1.1775,
		1.9025,
		2.6375,
		3.4475	],
	"ImageOrientationPatientDICOM": [
		1,
		0,
		0,
		0,
		0.998719,
		-0.0505929	],
	"InPlanePhaseEncodingDirectionDICOM": "COL",
	"ConversionSoftware": "dcm2niix",
	"ConversionSoftwareVersion": "v1.0.20181125  (JP2:OpenJPEG) (JP-LS:CharLS) Clang8.1.0"
}
