{
    "Modality": "MR",
    "MagneticFieldStrength": 3,
    "Manufacturer": "Siemens",
    "ManufacturersModelName": "Skyra",
    "InstitutionName": "MT_SINAI_MED_CTR_3T_SKYRA_RE_MR12",
    "InstitutionalDepartmentName": "Department",
    "InstitutionAddress": "Madison_Avenue_1470_New_York_NYC_US_10029",
    "DeviceSerialNumber": "45435",
    "StationName": "AWP45435",
    "BodyPartExamined": "CSPINE",
    "PatientPosition": "HFS",
    "ProcedureStepDescription": "RE_MRI_SPINE_CERVICAL_WITHOUT_CONTRAST",
    "SoftwareVersions": "syngo_MR_E11",
    "MRAcquisitionType": "2D",
    "SeriesDescription": "GRE-ME",
    "ProtocolName": "GRE-ME",
    "ScanningSequence": "GR",
    "SequenceVariant": "SP",
    "ScanOptions": "SAT1",
    "SequenceName": "_me2d1r3",
    "ImageType": [
        "ORIGINAL",
        "PRIMARY",
        "M",
        "NORM",
        "DIS2D"
    ],
    "SeriesNumber": 11,
    "AcquisitionTime": "14:37:21.985000",
    "AcquisitionNumber": 1,
    "SliceThickness": 5,
    "SpacingBetweenSlices": 5,
    "SAR": 0.309178,
    "EchoTime": 0.014,
    "RepetitionTime": 0.6,
    "FlipAngle": 30,
    "PartialFourier": 1,
    "BaseResolution": 448,
    "ShimSetting": [
        3210,
        -11712,
        10376,
        -1235,
        952,
        4999,
        1911,
        -243
    ],
    "TxRefAmp": 392.56,
    "PhaseResolution": 1,
    "ReceiveCoilName": "Spine_32",
    "ReceiveCoilActiveElements": "HE3,4;NE1,2;SP1",
    "PulseSequenceDetails": "%SiemensSeq%_medic",
    "ConsistencyInfo": "N4_VE11C_LATEST_20160120",
    "PercentPhaseFOV": 100,
    "EchoTrainLength": 3,
    "PhaseEncodingSteps": 447,
    "AcquisitionMatrixPE": 448,
    "ReconMatrixPE": 448,
    "ParallelReductionFactorInPlane": 2,
    "PixelBandwidth": 260,
    "DwellTime": 4.3e-06,
    "PhaseEncodingDirection": "j-",
    "ImageOrientationPatientDICOM": [
        0.999825,
        0.00111634,
        -0.0186748,
        -8.58299e-09,
        0.998218,
        0.0596708
    ],
    "InPlanePhaseEncodingDirectionDICOM": "COL",
    "ConversionSoftware": "dcm2niix",
    "ConversionSoftwareVersion": "v1.0.20171215 GCC4.8.5",
    "AcquisitionDuration": 285.0,
    "SpatialReference": {
        "Reorientation": "RPI",
        "Other": "root-mean square across 4th dimension (if it exists)"
    }
}