{
    "Modality": "MR",
    "MagneticFieldStrength": 3,
    "ImagingFrequency": 127.76,
    "Manufacturer": "Philips",
    "ManufacturersModelName": "Achieva_dStream",
    "InstitutionName": "Vanderbilt_Health_and_williamson",
    "InstitutionalDepartmentName": "Research_MRI",
    "InstitutionAddress": "1161_21st_Ave_South",
    "DeviceSerialNumber": "17240",
    "StationName": "mr3tb",
    "BodyPartExamined": "SPINE",
    "PatientPosition": "HFS",
    "SoftwareVersions": "5.3.0_5.3.0.3",
    "MRAcquisitionType": "2D",
    "SeriesDescription": "GRE-ME",
    "ProtocolName": "WIP_GRE-ME",
    "ScanningSequence": "GR",
    "SequenceVariant": "SS",
    "ScanOptions": "PFF",
    "ImageType": [
        "ORIGINAL",
        "PRIMARY",
        "M",
        "FFE",
        "M",
        "FFE"
    ],
    "SeriesNumber": 801,
    "AcquisitionTime": "09:47:20.970000",
    "AcquisitionNumber": 8,
    "PhilipsRescaleSlope": 7.7304,
    "PhilipsRescaleIntercept": 0,
    "PhilipsScaleSlope": 0.057655,
    "UsePhilipsFloatNotDisplayScaling": 1,
    "SliceThickness": 5,
    "SpacingBetweenSlices": 5,
    "EchoNumber": 1,
    "EchoTime": 0.002112,
    "RepetitionTime": 0.625,
    "FlipAngle": 30,
    "CoilString": "MULTI_COIL",
    "PartialFourier": 0.009375,
    "PercentPhaseFOV": 100,
    "EchoTrainLength": 3,
    "PhaseEncodingSteps": 320,
    "AcquisitionMatrixPE": 320,
    "ReconMatrixPE": 320,
    "PixelBandwidth": 241.127,
    "PhaseEncodingAxis": "j",
    "ImageOrientationPatientDICOM": [
        0.999573,
        -1.90736e-10,
        0.0292342,
        -0.00509181,
        0.984715,
        0.174099
    ],
    "InPlanePhaseEncodingDirectionDICOM": "COL",
    "ConversionSoftware": "dcm2niix",
    "ConversionSoftwareVersion": "v1.0.20181022  GCC4.8.5",
    "AcquisitionDuration": 242.5
}