{
    "Modality": "MR", 
    "MagneticFieldStrength": 3, 
    "Manufacturer": "Philips", 
    "ManufacturersModelName": "Ingenia_Elition_X", 
    "InstitutionName": "UBC_MRI_Research_Centre", 
    "InstitutionalDepartmentName": "CBH_MR", 
    "InstitutionAddress": "2215_Wesbrook_Mall", 
    "DeviceSerialNumber": "45052", 
    "StationName": "PHILIPS-1KQ0JBG", 
    "BodyPartExamined": "BRAIN", 
    "PatientPosition": "HFS", 
    "SoftwareVersions": "5.5.2_5.5.2.0", 
    "MRAcquisitionType": "3D", 
    "SeriesDescription": "GRE-T1", 
    "ProtocolName": "WIP_GRE-T1", 
    "ScanningSequence": "GR", 
    "SequenceVariant": "SP", 
    "ScanOptions": "PFF", 
    "ImageType": [
        "ORIGINAL", 
        "PRIMARY", 
        "M", 
        "FFE", 
        "M", 
        "FFE"
    ], 
    "SeriesNumber": 1001, 
    "AcquisitionTime": "11:01:48.170000", 
    "AcquisitionNumber": 10, 
    "PhilipsRWVSlope": 2.36386, 
    "PhilipsRWVIntercept": 0, 
    "PhilipsRescaleSlope": 2.36386, 
    "PhilipsRescaleIntercept": 0, 
    "PhilipsScaleSlope": 0.000603169, 
    "UsePhilipsFloatNotDisplayScaling": 1, 
    "SliceThickness": 5, 
    "SpacingBetweenSlices": 5, 
    "SAR": 0.347972, 
    "EchoTime": 0.002001, 
    "RepetitionTime": 0.015, 
    "FlipAngle": 15, 
    "PercentPhaseFOV": 100, 
    "PhaseEncodingSteps": 256, 
    "AcquisitionMatrixPE": 256, 
    "ReconMatrixPE": 256, 
    "PixelBandwidth": 261, 
    "ImageOrientationPatientDICOM": [
        0.999917, 
        0.00106058, 
        -0.0128595, 
        -5.42101e-20, 
        0.996616, 
        0.0821951
    ], 
    "InPlanePhaseEncodingDirectionDICOM": "COL", 
    "ConversionSoftware": "dcm2niix", 
    "ConversionSoftwareVersion": "v1.0.20180622 (JP2:OpenJPEG) GCC6.1.0", 
    "Dcm2bidsVersion": "2.1.4"
}