{
    "Modality": "MR", 
    "MagneticFieldStrength": 3, 
    "ImagingFrequency": 127.768, 
    "Manufacturer": "GE", 
    "ManufacturersModelName": "DISCOVERY_MR750", 
    "InstitutionName": "BeiJing_TIANTAN_Hospital-GX", 
    "DeviceSerialNumber": "0000082427040165", 
    "StationName": "GEHCGEHC", 
    "PatientPosition": "HFS", 
    "SoftwareVersions": "24_LX_MR_Software_release:DV24.0_R01_1344.a", 
    "MRAcquisitionType": "2D", 
    "SeriesDescription": "DWI", 
    "ProtocolName": "DWI", 
    "ScanningSequence": "EP_SE", 
    "SequenceVariant": "NONE", 
    "ScanOptions": "SAT_GEMS_PPG_EDR_GEMS_EPI_GEMS_PFF_SP_FS", 
    "ImageType": [
        "ORIGINAL", 
        "PRIMARY", 
        "OTHER"
    ], 
    "SeriesNumber": 3, 
    "AcquisitionTime": "19:24:49.000000", 
    "AcquisitionNumber": 1, 
    "TriggerDelayTime": 342, 
    "SliceThickness": 5, 
    "SpacingBetweenSlices": 5, 
    "SAR": 0.410958, 
    "EchoTime": 0.0711, 
    "RepetitionTime": 6.95652, 
    "FlipAngle": 90, 
    "PhaseEncodingPolarityGE": "Flipped", 
    "CoilString": "HDCTL_12", 
    "PercentPhaseFOV": 50, 
    "AcquisitionMatrixPE": 48, 
    "ReconMatrixPE": 256, 
    "EffectiveEchoSpacing": 0.0011, 
    "TotalReadoutTime": 0.2805, 
    "PixelBandwidth": 1304.69, 
    "PhaseEncodingDirection": "j", 
    "SliceTiming": [
        0.342, 
        0, 
        0, 
        0.342, 
        0.342, 
        0, 
        0, 
        0.342, 
        0.342, 
        0, 
        0, 
        0.342, 
        0.342, 
        0, 
        0
    ], 
    "ImageOrientationPatientDICOM": [
        0.998971, 
        0.00711441, 
        0.0447932, 
        -0.00662804, 
        0.999918, 
        -0.0109985
    ], 
    "InPlanePhaseEncodingDirectionDICOM": "COL", 
    "ConversionSoftware": "dcm2niix", 
    "ConversionSoftwareVersion": "v1.0.20190902", 
    "Dcm2bidsVersion": "2.1.4"
}