{
	"Modality": "MR",
	"MagneticFieldStrength": 3,
	"ImagingFrequency": 123.258,
	"Manufacturer": "Siemens",
	"ManufacturersModelName": "Skyra",
	"InstitutionName": "MT_SINAI_MED_CTR_3T_SKYRA_RE_MR12",
	"InstitutionalDepartmentName": "Department",
	"InstitutionAddress": "Madison_Avenue_1470_New_York_NYC_US_10029",
	"DeviceSerialNumber": "45435",
	"StationName": "AWP45435",
	"BodyPartExamined": "CSPINE",
	"PatientPosition": "HFS",
	"ProcedureStepDescription": "RE_MRI_SPINE_CERVICAL_WITHOUT_CONTRAST",
	"SoftwareVersions": "syngo_MR_E11",
	"MRAcquisitionType": "2D",
	"SeriesDescription": "DWI",
	"ProtocolName": "DWI",
	"ScanningSequence": "EP",
	"SequenceVariant": "SK_SP",
	"ScanOptions": "PFP_SAT2_SFS_CT",
	"SequenceName": "_ep_b0",
	"ImageType": ["ORIGINAL", "PRIMARY", "DIFFUSION", "NONE", "ND", "MOSAIC"],
	"SeriesNumber": 5,
	"AcquisitionTime": "13:51:19.865000",
	"AcquisitionNumber": 1,
	"SliceThickness": 5,
	"SpacingBetweenSlices": 5,
	"SAR": 0.463119,
	"EchoTime": 0.077,
	"RepetitionTime": 0.67,
	"FlipAngle": 90,
	"PartialFourier": 0.875,
	"BaseResolution": 96,
	"ShimSetting": [
		3174,
		-11734,
		10859,
		-1941,
		-24,
		4999,
		4999,
		-512	],
	"TxRefAmp": 407.515,
	"PhaseResolution": 1,
	"ReceiveCoilName": "HeadNeck_20",
	"ReceiveCoilActiveElements": "HE4;NE1,2",
	"CoilString": "HE4;NE1_2",
	"PulseSequenceDetails": "%SiemensSeq%_ep2d_diff",
	"ConsistencyInfo": "N4_VE11C_LATEST_20160120",
	"PercentPhaseFOV": 39.5833,
	"EchoTrainLength": 33,
	"PhaseEncodingSteps": 33,
	"AcquisitionMatrixPE": 38,
	"ReconMatrixPE": 38,
	"BandwidthPerPixelPhaseEncode": 20.088,
	"EffectiveEchoSpacing": 0.00131003,
	"DerivedVendorReportedEchoSpacing": 0.00131003,
	"TotalReadoutTime": 0.0484709,
	"PixelBandwidth": 885,
	"DwellTime": 5.9e-06,
	"PhaseEncodingDirection": "j-",
	"SliceTiming": [
		0,
		1.035,
		1.995,
		2.85,
		3.685,
		0.2175,
		1.2525,
		2.2125,
		3.0675,
		3.9025,
		0.435,
		1.47,
		2.43,
		3.285,
		4.12	],
	"ImageOrientationPatientDICOM": [
		0.999963,
		0.00158211,
		-0.00842959,
		1.65298e-08,
		0.982839,
		0.184466	],
	"InPlanePhaseEncodingDirectionDICOM": "COL",
	"ConversionSoftware": "dcm2niix",
	"ConversionSoftwareVersion": "v1.0.20181114  GCC5.4.0"
}
