{
    "Modality": "MR",
    "MagneticFieldStrength": 3,
    "ImagingFrequency": 123.251,
    "Manufacturer": "Siemens",
    "ManufacturersModelName": "Skyra",
    "InstitutionName": "The_University_of_Tokyo_Hospital",
    "InstitutionalDepartmentName": "Tokyo",
    "InstitutionAddress": "Street_Hongo_Bunkyou-ku_Tokyo_JP_113-8655",
    "DeviceSerialNumber": "45896",
    "StationName": "AWP45896",
    "BodyPartExamined": "NCK",
    "PatientPosition": "HFS",
    "ProcedureStepDescription": "jcohenadad_20190122",
    "SoftwareVersions": "syngo_MR_E11",
    "MRAcquisitionType": "3D",
    "SeriesDescription": "T2w",
    "ProtocolName": "T2w",
    "ScanningSequence": "SE",
    "SequenceVariant": "SK_SP_OSP",
    "ScanOptions": "PFP",
    "SequenceName": "_spcR_100",
    "ImageType": [
        "ORIGINAL",
        "PRIMARY",
        "M",
        "NORM",
        "DIS3D",
        "DIS2D"
    ],
    "SeriesNumber": 4,
    "AcquisitionTime": "19:31:9.697500",
    "AcquisitionNumber": 1,
    "SliceThickness": 0.8,
    "SAR": 0.903736,
    "EchoTime": 0.12,
    "RepetitionTime": 1.5,
    "FlipAngle": 120,
    "PartialFourier": 1,
    "BaseResolution": 320,
    "ShimSetting": [
        5717,
        5057,
        1292,
        7,
        169,
        -134,
        2,
        -60
    ],
    "TxRefAmp": 405.71,
    "PhaseResolution": 1,
    "PhaseOversampling": 0.8,
    "ReceiveCoilName": "Spine_32",
    "ReceiveCoilActiveElements": "HE3,4;NE1,2;SP1",
    "CoilString": "HE3_4;NE1_2;SP1",
    "PulseSequenceDetails": "%SiemensSeq%_tse_vfl",
    "ConsistencyInfo": "N4_VE11C_LATEST_20160120",
    "PercentPhaseFOV": 100,
    "EchoTrainLength": 76,
    "PhaseEncodingSteps": 422,
    "AcquisitionMatrixPE": 320,
    "ReconMatrixPE": 320,
    "PixelBandwidth": 625,
    "DwellTime": 2.5e-06,
    "ImageOrientationPatientDICOM": [
        1.11e-13,
        1,
        4.895e-12,
        -0.0226874,
        4.897e-12,
        -0.999743
    ],
    "InPlanePhaseEncodingDirectionDICOM": "COL",
    "ConversionSoftware": "dcm2niix",
    "ConversionSoftwareVersion": "v1.0.20181125  Clang10.0.0",
    "SpatialReference": {
        "Resampling": "0.8x0.8x0.8",
        "Reorientation": "RPI"
    }
}