{
	"Modality": "MR",
	"MagneticFieldStrength": 3,
	"Manufacturer": "Siemens",
	"ManufacturersModelName": "TrioTim",
	"DeviceSerialNumber": "35388",
	"StationName": "MRC35388",
	"PatientPosition": "HFS",
	"ProcedureStepDescription": "RM_CEREBRAL",
	"SoftwareVersions": "syngo_MR_B17",
	"MRAcquisitionType": "3D",
	"SeriesDescription": "T1w",
	"ProtocolName": "T1w",
	"ScanningSequence": "GR_IR",
	"SequenceVariant": "SP_MP",
	"ScanOptions": "IR",
	"SequenceName": "_tfl3d1",
	"ImageType": ["ORIGINAL", "PRIMARY", "M", "NORM", "DIS2D"],
	"SeriesNumber": 12,
	"AcquisitionTime": "17:55:36.007500",
	"AcquisitionNumber": 1,
	"SliceThickness": 1,
	"SAR": 0.119452,
	"EchoTime": 0.00321,
	"RepetitionTime": 2,
	"InversionTime": 1,
	"FlipAngle": 9,
	"PartialFourier": 1,
	"BaseResolution": 320,
	"ShimSetting": [
		8631,
		-1304,
		-7679,
		-186,
		914,
		-220,
		470,
		-348	],
	"TxRefAmp": 285.467,
	"PhaseResolution": 1,
	"ReceiveCoilName": "NeckMatrix",
	"PulseSequenceDetails": "%SiemensSeq%_tfl",
	"PercentPhaseFOV": 81.25,
	"PhaseEncodingSteps": 259,
	"AcquisitionMatrixPE": 260,
	"ReconMatrixPE": 320,
	"ParallelReductionFactorInPlane": 2,
	"PixelBandwidth": 150,
	"DwellTime": 1.04e-05,
	"ImageOrientationPatientDICOM": [
		0.00224058,
		0.999997,
		-1.70837e-08,
		0.0155466,
		-3.48506e-05,
		-0.999879	],
	"InPlanePhaseEncodingDirectionDICOM": "ROW",
	"ConversionSoftware": "dcm2niix",
	"ConversionSoftwareVersion": "v1.0.20180622 (JP2:OpenJPEG) GCC6.1.0"
}
