{
    "Modality": "MR", 
    "MagneticFieldStrength": 3, 
    "ImagingFrequency": 127.768, 
    "Manufacturer": "GE", 
    "ManufacturersModelName": "DISCOVERY_MR750", 
    "InstitutionName": "BeiJing_TIANTAN_Hospital-GX", 
    "DeviceSerialNumber": "0000082427040165", 
    "StationName": "GEHCGEHC", 
    "PatientPosition": "HFS", 
    "SoftwareVersions": "24_LX_MR_Software_release:DV24.0_R01_1344.a", 
    "MRAcquisitionType": "2D", 
    "SeriesDescription": "DWI", 
    "ProtocolName": "DWI", 
    "ScanningSequence": "EP_SE", 
    "SequenceVariant": "NONE", 
    "ScanOptions": "CG_SAT_GEMS_EDR_GEMS_EPI_GEMS_PFF_SP_FS", 
    "ImageType": [
        "ORIGINAL", 
        "PRIMARY", 
        "OTHER"
    ], 
    "SeriesNumber": 6, 
    "AcquisitionTime": "17:49:32.000000", 
    "AcquisitionNumber": 1, 
    "SliceThickness": 5, 
    "SpacingBetweenSlices": 5, 
    "SAR": 0.799046, 
    "EchoTime": 0.0713, 
    "RepetitionTime": 3.55556, 
    "FlipAngle": 90, 
    "PhaseEncodingPolarityGE": "Flipped", 
    "CoilString": "HDCTL_12", 
    "PercentPhaseFOV": 50, 
    "AcquisitionMatrixPE": 48, 
    "ReconMatrixPE": 256, 
    "EffectiveEchoSpacing": 0.0011, 
    "TotalReadoutTime": 0.2805, 
    "PixelBandwidth": 1304.69, 
    "PhaseEncodingDirection": "j", 
    "SliceTiming": [
        0, 
        0, 
        0, 
        0.172, 
        0.172, 
        0, 
        0, 
        0.172, 
        0.172, 
        0, 
        0, 
        0.172, 
        0.172, 
        0
    ], 
    "ImageOrientationPatientDICOM": [
        0.999832, 
        -0.00559687, 
        0.0174421, 
        0.00702459, 
        0.996533, 
        -0.0829006
    ], 
    "InPlanePhaseEncodingDirectionDICOM": "COL", 
    "ConversionSoftware": "dcm2niix", 
    "ConversionSoftwareVersion": "v1.0.20190902", 
    "Dcm2bidsVersion": "2.1.4"
}