{
	"Modality": "MR",
	"MagneticFieldStrength": 3,
	"Manufacturer": "Siemens",
	"ManufacturersModelName": "Prisma",
	"InstitutionName": "SCMI_Balgrist_Campus",
	"InstitutionalDepartmentName": "SCMI",
	"InstitutionAddress": "Lengghalde_5_Zuerich_ZH_CH_8008",
	"DeviceSerialNumber": "166093",
	"StationName": "Prisma",
	"BodyPartExamined": "HEADNECK",
	"PatientPosition": "HFS",
	"ProcedureStepDescription": "Maryam_SC_CONS_SPINE",
	"SoftwareVersions": "syngo_MR_E11",
	"MRAcquisitionType": "2D",
	"SeriesDescription": "DWI",
	"ProtocolName": "DWI",
	"ScanningSequence": "EP",
	"SequenceVariant": "SK_SP",
	"ScanOptions": "PFP_SFS_CT",
	"SequenceName": "_ez_b0",
	"ImageType": ["ORIGINAL", "PRIMARY", "DIFFUSION", "NONE", "ND", "MOSAIC"],
	"SeriesNumber": 4,
	"AcquisitionTime": "10:41:20.842500",
	"AcquisitionNumber": 1,
	"SliceThickness": 5,
	"SpacingBetweenSlices": 5,
	"SAR": 0.340466,
	"EchoTime": 0.061,
	"RepetitionTime": 0.62,
	"FlipAngle": 90,
	"PartialFourier": 0.875,
	"BaseResolution": 96,
	"ShimSetting": [
		2148,
		-8308,
		11200,
		-2200,
		131,
		1676,
		403,
		75	],
	"TxRefAmp": 250.237,
	"PhaseResolution": 1,
	"ReceiveCoilName": "HeadNeck_64",
	"ReceiveCoilActiveElements": "HC7;NC1,2",
	"PulseSequenceDetails": "%SiemensSeq%_ep2d_diff",
	"ConsistencyInfo": "N4_VE11C_LATEST_20160120",
	"PercentPhaseFOV": 37.5,
	"EchoTrainLength": 31,
	"PhaseEncodingSteps": 31,
	"AcquisitionMatrixPE": 36,
	"ReconMatrixPE": 36,
	"BandwidthPerPixelPhaseEncode": 28.935,
	"EffectiveEchoSpacing": 0.000960006,
	"DerivedVendorReportedEchoSpacing": 0.000960006,
	"TotalReadoutTime": 0.0336002,
	"PixelBandwidth": 1270,
	"DwellTime": 4.1e-06,
	"PhaseEncodingDirection": "j-",
	"SliceTiming": [
		0,
		1.09,
		2.19,
		3.26,
		4.31,
		0.2,
		1.29,
		2.39,
		3.46,
		4.51,
		0.4,
		1.49,
		2.59,
		3.66,
		4.71	],
	"ImageOrientationPatientDICOM": [
		1,
		0,
		0,
		0,
		0.999048,
		0.0436194	],
	"InPlanePhaseEncodingDirectionDICOM": "COL",
	"ConversionSoftware": "dcm2niix",
	"ConversionSoftwareVersion": "v1.0.20180622 (JP2:OpenJPEG) (JP-LS:CharLS) MSC1900"
}
