{
	"Manufacturer": "Siemens",
	"ManufacturersModelName": "Prisma",
	"ProcedureStepDescription": "spine_Montreal",
	"ProtocolName": "DWI",
	"SequenceName": "_ez_b0",
	"ImageType": ["ORIGINAL", "PRIMARY", "DIFFUSION", "NONE", "ND", "MOSA"],
	"AcquisitionDateTime": "2019-01-15T14:32:42.921875",
	"MagneticFieldStrength": 3,
	"FlipAngle": 90,
	"EchoTime": 0.061,
	"RepetitionTime": 0.62,
	"EffectiveEchoSpacing": 0.000960006,
	"PhaseEncodingDirection": "j-",
	"ConversionSoftware": "dcm2niix",
	"ConversionSoftwareVersion": "v1.0.20170207"
}
