{
    "Manufacturer": "Siemens",
    "ManufacturersModelName": "Prisma",
    "ProcedureStepDescription": "spine_generic",
    "ProtocolName": "GRE-T1w",
    "SequenceName": "_fl3d1",
    "ImageType": [
        "ORIGINAL",
        "PRIMARY",
        "M",
        "DIS2D"
    ],
    "AcquisitionDateTime": "2018-12-20T11:28:15.257812",
    "MagneticFieldStrength": 3,
    "FlipAngle": 15,
    "EchoTime": 0.00313,
    "RepetitionTime": 0.015,
    "PhaseEncodingDirection": "j-",
    "ConversionSoftware": "dcm2niix",
    "ConversionSoftwareVersion": "v1.0.20170207",
    "SpatialReference": {
        "Reorientation": "RPI"
    }
}