{
	"Modality": "MR",
	"MagneticFieldStrength": 3,
	"ImagingFrequency": 127.772,
	"Manufacturer": "Philips",
	"ManufacturersModelName": "Ingenia_Elition_X",
	"InstitutionName": "VANDERBILT_INSTITUTE_OF_IMAGING",
	"InstitutionalDepartmentName": "MRI_DEPT.",
	"InstitutionAddress": "1161_21ST_AVE._SOUTH",
	"DeviceSerialNumber": "45051",
	"StationName": "PHILIPS-JJJ61LI",
	"BodyPartExamined": "CSPINE",
	"PatientPosition": "HFS",
	"ProcedureStepDescription": "Smith_136629",
	"SoftwareVersions": "5.5.0_5.5.0.0",
	"MRAcquisitionType": "2D",
	"SeriesDescription": "GRE-ME",
	"ProtocolName": "WIP_GRE-ME",
	"ScanningSequence": "GR",
	"SequenceVariant": "SS",
	"ScanOptions": "PFF",
	"ImageType": ["ORIGINAL", "PRIMARY", "M", "FFE", "M", "FFE"],
	"SeriesNumber": 801,
	"AcquisitionTime": "14:40:32.900000",
	"AcquisitionNumber": 8,
	"PhilipsRescaleSlope": 9.12576,
	"PhilipsRescaleIntercept": 0,
	"PhilipsScaleSlope": 0.0412556,
	"UsePhilipsFloatNotDisplayScaling": 1,
	"SliceThickness": 5,
	"SpacingBetweenSlices": 5,
	"EchoNumber": 1,
	"EchoTime": 0.002672,
	"RepetitionTime": 0.625,
	"FlipAngle": 30,
	"CoilString": "MULTI_COIL",
	"PartialFourier": 0.009375,
	"PercentPhaseFOV": 100,
	"EchoTrainLength": 3,
	"PhaseEncodingSteps": 320,
	"AcquisitionMatrixPE": 320,
	"ReconMatrixPE": 320,
	"PixelBandwidth": 241.127,
	"PhaseEncodingAxis": "j",
	"ImageOrientationPatientDICOM": [
		0.999908,
		0.00102336,
		0.0135166,
		-0.00248224,
		0.994108,
		0.108362	],
	"InPlanePhaseEncodingDirectionDICOM": "COL",
	"ConversionSoftware": "dcm2niix",
	"ConversionSoftwareVersion": "v1.0.20181022  GCC4.8.5"
}
