{
    "Modality": "MR",
    "MagneticFieldStrength": 3,
    "ImagingFrequency": 127.771,
    "Manufacturer": "GE",
    "ManufacturersModelName": "DISCOVERY_MR750w",
    "InstitutionName": "TOKYO_UNIV_HOSPITAL",
    "DeviceSerialNumber": "0000000000EM0204",
    "StationName": "MRX07",
    "PatientPosition": "HFS",
    "SoftwareVersions": "24_LX_MR_Software_release:DV24.0_R01_1344.a",
    "MRAcquisitionType": "3D",
    "SeriesDescription": "T1w",
    "ProtocolName": "T1w",
    "ScanningSequence": "GR",
    "SequenceVariant": "SS_SP_SK",
    "ScanOptions": "FAST_GEMS_EDR_GEMS_FILTERED_GEMS_ACC_GEMS",
    "ImageType": [
        "ORIGINAL",
        "PRIMARY",
        "OTHER"
    ],
    "SeriesNumber": 4,
    "AcquisitionTime": "19:28:6.000000",
    "AcquisitionNumber": 1,
    "SliceThickness": 1,
    "SpacingBetweenSlices": 0.499998,
    "SAR": 0.12078,
    "EchoTime": 0.00184,
    "RepetitionTime": 0.00476,
    "InversionTime": 1,
    "FlipAngle": 9,
    "CoilString": "Head+Neck_40",
    "PercentPhaseFOV": 80,
    "AcquisitionMatrixPE": 256,
    "ReconMatrixPE": 320,
    "PixelBandwidth": 892.875,
    "ImageOrientationPatientDICOM": [
        -2.07663e-05,
        1,
        1.688e-05,
        0.034151,
        1.75476e-05,
        -0.999417
    ],
    "InPlanePhaseEncodingDirectionDICOM": "ROW",
    "ConversionSoftware": "dcm2niix",
    "ConversionSoftwareVersion": "v1.0.20181125  Clang10.0.0",
    "SpatialReference": {
        "Resampling": "0.8x0.8x0.8",
        "Reorientation": "RPI"
    }
}