{
    "Modality": "MR",
    "MagneticFieldStrength": 3,
    "ImagingFrequency": 123.249,
    "Manufacturer": "Siemens",
    "ManufacturersModelName": "Verio",
    "InstitutionName": "Beijing_Tiantan_Hospital",
    "InstitutionalDepartmentName": "Department",
    "InstitutionAddress": "Street_StreetNo_Beijinig_63f344_District_CN_ZIP",
    "DeviceSerialNumber": "40717",
    "StationName": "MRC40717",
    "PatientPosition": "HFS",
    "ProcedureStepDescription": "c-spine_clinical_libraries",
    "SoftwareVersions": "syngo_MR_B19",
    "MRAcquisitionType": "3D",
    "SeriesDescription": "T1w",
    "ProtocolName": "T1w",
    "ScanningSequence": "GR_IR",
    "SequenceVariant": "SP_MP",
    "ScanOptions": "IR",
    "SequenceName": "_tfl3d1",
    "ImageType": [
        "ORIGINAL",
        "PRIMARY",
        "M",
        "NORM",
        "DIS2D"
    ],
    "SeriesNumber": 2,
    "AcquisitionTime": "20:10:10.940000",
    "AcquisitionNumber": 1,
    "SliceThickness": 1,
    "SAR": 0.0627567,
    "EchoTime": 0.00321,
    "RepetitionTime": 2,
    "InversionTime": 1,
    "FlipAngle": 9,
    "PartialFourier": 1,
    "BaseResolution": 320,
    "ShimSetting": [
        -4859,
        12665,
        14493,
        -385,
        54,
        -513,
        50,
        167
    ],
    "TxRefAmp": 386.099,
    "PhaseResolution": 1,
    "ReceiveCoilName": "NeckMatrix",
    "CoilString": "T:HEP;NE1_2;SP1",
    "PulseSequenceDetails": "%SiemensSeq%_tfl",
    "RefLinesPE": 32,
    "PercentPhaseFOV": 81.25,
    "PhaseEncodingSteps": 259,
    "AcquisitionMatrixPE": 260,
    "ReconMatrixPE": 260,
    "ParallelReductionFactorInPlane": 2,
    "PixelBandwidth": 150,
    "DwellTime": 1.04e-05,
    "ImageOrientationPatientDICOM": [
        6.71776e-06,
        1,
        -0.000348967,
        0.0191974,
        -0.000349031,
        -0.999816
    ],
    "InPlanePhaseEncodingDirectionDICOM": "ROW",
    "ConversionSoftware": "dcm2niix",
    "ConversionSoftwareVersion": "v1.0.20190902",
    "Dcm2bidsVersion": "2.1.4",
    "SpatialReference": {
        "Resampling": "0.8x0.8x0.8",
        "Reorientation": "RPI"
    }
}