{
	"Modality": "MR",
	"MagneticFieldStrength": 3,
	"ImagingFrequency": 127.763,
	"Manufacturer": "Philips",
	"ManufacturersModelName": "Ingenia_CX",
	"InstitutionName": "Tokyo_University_Hospital",
	"InstitutionalDepartmentName": "Radiology",
	"DeviceSerialNumber": "78091",
	"StationName": "HOST-77RBK8NK2K",
	"BodyPartExamined": "SPINE",
	"PatientPosition": "HFS",
	"SoftwareVersions": "5.3.1_5.3.1.1",
	"MRAcquisitionType": "3D",
	"SeriesDescription": "GRE-MT",
	"ProtocolName": "GRE-MT",
	"ScanningSequence": "GR",
	"SequenceVariant": "SP",
	"ScanOptions": "PFF",
	"ImageType": ["ORIGINAL", "PRIMARY", "M", "FFE", "M", "FFE"],
	"SeriesNumber": 701,
	"AcquisitionTime": "19:11:55.560000",
	"AcquisitionNumber": 7,
	"PhilipsRescaleSlope": 1.82808,
	"PhilipsRescaleIntercept": 0,
	"PhilipsScaleSlope": 0.00075071,
	"UsePhilipsFloatNotDisplayScaling": 1,
	"SliceThickness": 5,
	"SpacingBetweenSlices": 5,
	"SAR": 2.35918,
	"EchoTime": 0.002001,
	"RepetitionTime": 0.057,
	"FlipAngle": 9,
	"CoilString": "MULTI_COIL",
	"PercentPhaseFOV": 100,
	"PhaseEncodingSteps": 256,
	"AcquisitionMatrixPE": 256,
	"ReconMatrixPE": 256,
	"PixelBandwidth": 261,
	"ImageOrientationPatientDICOM": [
		0.999983,
		0.0014552,
		0.0057145,
		-0.00255723,
		0.980224,
		0.197875	],
	"InPlanePhaseEncodingDirectionDICOM": "COL",
	"ConversionSoftware": "dcm2niix",
	"ConversionSoftwareVersion": "v1.0.20181125  Clang10.0.0"
}
