{
    "Modality": "MR",
    "MagneticFieldStrength": 3,
    "ImagingFrequency": 123.253,
    "Manufacturer": "Siemens",
    "ManufacturersModelName": "Prisma",
    "InstitutionName": "Institut_fur_Neuroradiologie",
    "InstitutionalDepartmentName": "Department",
    "InstitutionAddress": "Fetscherstrasse_74_Dresden_District_DE_01307",
    "DeviceSerialNumber": "166061",
    "StationName": "AWP166061",
    "BodyPartExamined": "CSPINE",
    "PatientPosition": "HFS",
    "ProcedureStepDescription": "Neurorad_intern_GM-WM_spinal",
    "SoftwareVersions": "syngo_MR_E11",
    "MRAcquisitionType": "3D",
    "SeriesDescription": "T2w",
    "ProtocolName": "T2w",
    "ScanningSequence": "SE",
    "SequenceVariant": "SK_SP_OSP",
    "ScanOptions": "PFP",
    "SequenceName": "_spcR_100",
    "ImageType": [
        "ORIGINAL",
        "PRIMARY",
        "M",
        "NORM",
        "DIS3D",
        "DIS2D"
    ],
    "SeriesNumber": 4,
    "AcquisitionTime": "12:00:26.100000",
    "AcquisitionNumber": 1,
    "SliceThickness": 0.8,
    "SAR": 0.520775,
    "NumberOfAverages": 2,
    "EchoTime": 0.12,
    "RepetitionTime": 1.5,
    "FlipAngle": 120,
    "PartialFourier": 1,
    "BaseResolution": 320,
    "ShimSetting": [
        6043,
        -9565,
        3181,
        29,
        -42,
        -19,
        -36,
        31
    ],
    "TxRefAmp": 276.059,
    "PhaseResolution": 1,
    "PhaseOversampling": 0.8,
    "ReceiveCoilName": "HeadNeck_64",
    "ReceiveCoilActiveElements": "HC5-7;NC1,2;SP1",
    "CoilString": "HC5-7;NC1_2;SP1",
    "PulseSequenceDetails": "%SiemensSeq%_tse_vfl",
    "RefLinesPE": 32,
    "ConsistencyInfo": "N4_VE11C_LATEST_20160120",
    "PercentPhaseFOV": 100,
    "EchoTrainLength": 76,
    "PhaseEncodingSteps": 422,
    "AcquisitionMatrixPE": 320,
    "ReconMatrixPE": 320,
    "PixelBandwidth": 625,
    "DwellTime": 2.5e-06,
    "ImageOrientationPatientDICOM": [
        4.3e-14,
        1,
        4.896e-12,
        -0.00872651,
        4.897e-12,
        -0.999962
    ],
    "InPlanePhaseEncodingDirectionDICOM": "COL",
    "ConversionSoftware": "dcm2niix",
    "ConversionSoftwareVersion": "v1.0.20190410  (JP2:OpenJPEG) (JP-LS:CharLS) Clang8.1.0",
    "Dcm2bidsVersion": "2.1.4",
    "SpatialReference": {
        "Resampling": "0.8x0.8x0.8",
        "Reorientation": "RPI"
    }
}