{
    "Modality": "MR", 
    "MagneticFieldStrength": 3, 
    "ImagingFrequency": 123.202, 
    "Manufacturer": "Siemens", 
    "ManufacturersModelName": "Verio", 
    "InstitutionName": "IRIS", 
    "InstitutionalDepartmentName": "Department", 
    "InstitutionAddress": "Place_de_l_Hopital_1_Strasbourg_District_FR_67000", 
    "DeviceSerialNumber": "40480", 
    "StationName": "MEDPC", 
    "PatientPosition": "HFS", 
    "ProcedureStepDescription": "PROTOCOLES_METHODO", 
    "SoftwareVersions": "syngo_MR_B17", 
    "MRAcquisitionType": "2D", 
    "SeriesDescription": "DWI", 
    "ProtocolName": "DWI", 
    "ScanningSequence": "EP", 
    "SequenceVariant": "SK_SP", 
    "ScanOptions": "PFP_SAT2_WE_CT", 
    "SequenceName": "_ep_b0", 
    "ImageType": [
        "ORIGINAL", 
        "PRIMARY", 
        "DIFFUSION", 
        "NONE", 
        "ND", 
        "NORM", 
        "MOSAIC"
    ], 
    "SeriesNumber": 5, 
    "AcquisitionTime": "14:01:3.790000", 
    "AcquisitionNumber": 1, 
    "SliceThickness": 5, 
    "SpacingBetweenSlices": 5, 
    "SAR": 0.33174, 
    "EchoTime": 0.095, 
    "RepetitionTime": 0.64, 
    "FlipAngle": 90, 
    "PartialFourier": 0.75, 
    "BaseResolution": 96, 
    "ShimSetting": [
        -8593, 
        1250, 
        2063, 
        -1277, 
        -459, 
        4999, 
        2352, 
        498
    ], 
    "TxRefAmp": 483.1, 
    "PhaseResolution": 1, 
    "ReceiveCoilName": "NeckMatrix", 
    "CoilString": "D:NE1_2", 
    "PulseSequenceDetails": "%SiemensSeq%_ep2d_diff", 
    "PercentPhaseFOV": 100, 
    "PhaseEncodingSteps": 72, 
    "AcquisitionMatrixPE": 96, 
    "ReconMatrixPE": 96, 
    "BandwidthPerPixelPhaseEncode": 15.319, 
    "ParallelReductionFactorInPlane": 2, 
    "EffectiveEchoSpacing": 0.000679983, 
    "DerivedVendorReportedEchoSpacing": 0.00135997, 
    "TotalReadoutTime": 0.0645984, 
    "PixelBandwidth": 814, 
    "DwellTime": 6.4e-06, 
    "PhaseEncodingDirection": "j-", 
    "SliceTiming": [
        0, 
        0.85, 
        1.6225, 
        2.4575, 
        3.2475, 
        0.2125, 
        1.0625, 
        1.8375, 
        2.6725, 
        3.4625, 
        0.4275, 
        1.2775, 
        2.0525, 
        2.8875, 
        3.675
    ], 
    "ImageOrientationPatientDICOM": [
        1, 
        2e-16, 
        0, 
        -2e-16, 
        0.983885, 
        0.178802
    ], 
    "InPlanePhaseEncodingDirectionDICOM": "COL", 
    "ConversionSoftware": "dcm2niix", 
    "ConversionSoftwareVersion": "v1.0.20181125  GCC4.9.2", 
    "Dcm2bidsVersion": "2.1.4"
}