{
	"Modality": "MR",
	"MagneticFieldStrength": 3,
	"Manufacturer": "Siemens",
	"ManufacturersModelName": "Prisma_fit",
	"InstitutionName": "HOSPITAL_CLINIC_BARCELONA",
	"InstitutionalDepartmentName": "Department",
	"InstitutionAddress": "C_Villarroel_170_Barcelona_District_ES_08036",
	"DeviceSerialNumber": "167044",
	"StationName": "MRC35200",
	"BodyPartExamined": "CSPINE",
	"PatientPosition": "HFS",
	"ProcedureStepDescription": "RM_CEREBRAL",
	"SoftwareVersions": "syngo_MR_E11",
	"MRAcquisitionType": "3D",
	"SeriesDescription": "T2w",
	"ProtocolName": "T2w",
	"ScanningSequence": "SE",
	"SequenceVariant": "SK_SP_OSP",
	"ScanOptions": "PFP",
	"SequenceName": "_spcR_100",
	"ImageType": ["ORIGINAL", "PRIMARY", "M", "NORM", "DIS3D", "DIS2D"],
	"SeriesNumber": 3,
	"AcquisitionTime": "10:45:22.252500",
	"AcquisitionNumber": 1,
	"SliceThickness": 0.8,
	"SAR": 0.609496,
	"EchoTime": 0.12,
	"RepetitionTime": 1.5,
	"FlipAngle": 120,
	"PartialFourier": 1,
	"BaseResolution": 320,
	"ShimSetting": [
		3049,
		7189,
		10396,
		54,
		-10,
		-27,
		18,
		-11	],
	"TxRefAmp": 252.259,
	"PhaseResolution": 1,
	"PhaseOversampling": 0.8,
	"ReceiveCoilName": "HeadNeck_64",
	"ReceiveCoilActiveElements": "HC5-7;NC1,2;SP1",
	"PulseSequenceDetails": "%SiemensSeq%_tse_vfl",
	"ConsistencyInfo": "N4_VE11C_LATEST_20160120",
	"PercentPhaseFOV": 100,
	"EchoTrainLength": 76,
	"PhaseEncodingSteps": 422,
	"AcquisitionMatrixPE": 320,
	"ReconMatrixPE": 320,
	"ParallelReductionFactorInPlane": 3,
	"PixelBandwidth": 625,
	"DwellTime": 2.5e-06,
	"ImageOrientationPatientDICOM": [
		0,
		1,
		0,
		0,
		0,
		-1	],
	"InPlanePhaseEncodingDirectionDICOM": "COL",
	"ConversionSoftware": "dcm2niix",
	"ConversionSoftwareVersion": "v1.0.20180622 GCC5.3.1"
}
