{
    "Modality": "MR",
    "MagneticFieldStrength": 3,
    "ImagingFrequency": 127.754,
    "Manufacturer": "Philips",
    "ManufacturersModelName": "Achieva",
    "InstitutionName": "Fondazione_S.Lucia",
    "InstitutionalDepartmentName": "Diagnostica_per_Immagine",
    "DeviceSerialNumber": "34249",
    "StationName": "PHILIPS-29CDACE",
    "BodyPartExamined": "SPINE",
    "PatientPosition": "HFS",
    "ProcedureStepDescription": "FRATINI",
    "SoftwareVersions": "5.4.1_5.4.1.1",
    "MRAcquisitionType": "2D",
    "SeriesDescription": "sSUM",
    "ProtocolName": "sSUM",
    "ScanningSequence": "GR",
    "SequenceVariant": "SS",
    "ScanOptions": "PFF",
    "ImageType": [
        "ORIGINAL",
        "PRIMARY",
        "M",
        "FFE",
        "M",
        "FFE"
    ],
    "SeriesNumber": 702,
    "AcquisitionTime": "20:09:21.720000",
    "AcquisitionNumber": 7,
    "PhilipsRWVSlope": 1,
    "PhilipsRWVIntercept": 0,
    "PhilipsRescaleSlope": 1,
    "PhilipsRescaleIntercept": 0,
    "PhilipsScaleSlope": 0.010771,
    "UsePhilipsFloatNotDisplayScaling": 1,
    "SliceThickness": 5,
    "SpacingBetweenSlices": 5,
    "SAR": 0.169799,
    "EchoTime": 0.002134,
    "RepetitionTime": 0.625,
    "FlipAngle": 30,
    "CoilString": "SENSE_NEURO_VASC",
    "PartialFourier": 0.009375,
    "PercentPhaseFOV": 100,
    "EchoTrainLength": 3,
    "PhaseEncodingSteps": 320,
    "AcquisitionMatrixPE": 320,
    "ReconMatrixPE": 320,
    "PixelBandwidth": 240,
    "PhaseEncodingAxis": "j",
    "ImageOrientationPatientDICOM": [
        0.997728,
        -0.0023387,
        -0.0673296,
        -0.00436313,
        0.995056,
        -0.0992186
    ],
    "InPlanePhaseEncodingDirectionDICOM": "COL",
    "ConversionSoftware": "dcm2niix",
    "ConversionSoftwareVersion": "v1.0.20190410  (JP2:OpenJPEG) (JP-LS:CharLS) Clang8.1.0",
    "Dcm2bidsVersion": "2.1.4",
    "AcquisitionDuration": 242.5
}