{
	"Modality": "MR",
	"MagneticFieldStrength": 3,
	"Manufacturer": "GE",
	"ManufacturersModelName": "SIGNA_PET_MR",
	"InstitutionName": "FN_Brno",
	"DeviceSerialNumber": "000000CS1013MR01",
	"StationName": "PETMR",
	"PatientPosition": "HFS",
	"SoftwareVersions": "26_LX_MR_Software_release:MP24.0_R03_1712.b",
	"MRAcquisitionType": "3D",
	"SeriesDescription": "T1w",
	"ProtocolName": "T1w",
	"ScanningSequence": "GR",
	"SequenceVariant": "SS_SP_SK",
	"ScanOptions": "FAST_GEMS_EDR_GEMS_FILTERED_GEMS_ACC_GEMS",
	"ImageType": ["ORIGINAL", "PRIMARY", "OTHER"],
	"SeriesNumber": 3,
	"AcquisitionTime": "13:09:9.000000",
	"AcquisitionNumber": 1,
	"SliceThickness": 1,
	"SpacingBetweenSlices": 1,
	"SAR": 0.196832,
	"EchoTime": 0.001844,
	"RepetitionTime": 0.004756,
	"InversionTime": 1,
	"FlipAngle": 9,
	"PercentPhaseFOV": 80,
	"AcquisitionMatrixPE": 256,
	"ReconMatrixPE": 512,
	"PixelBandwidth": 558.047,
	"ImageOrientationPatientDICOM": [
		-0,
		1,
		0,
		-0.0209412,
		-0,
		-0.999781	],
	"InPlanePhaseEncodingDirectionDICOM": "ROW",
	"ConversionSoftware": "dcm2niix",
	"ConversionSoftwareVersion": "v1.0.20180622 (JP2:OpenJPEG) GCC6.1.0"
}
