{
	"Modality": "MR",
	"MagneticFieldStrength": 3,
	"ImagingFrequency": 123.227,
	"Manufacturer": "Siemens",
	"ManufacturersModelName": "Prisma",
	"InstitutionName": "The_John_Radcliffe",
	"InstitutionalDepartmentName": "Department",
	"InstitutionAddress": "Headley_Way_StreetNo_Oxford_District_GB_OX3_9DU",
	"DeviceSerialNumber": "66050",
	"StationName": "AWP66050",
	"BodyPartExamined": "HEAD",
	"PatientPosition": "HFS",
	"SoftwareVersions": "syngo_MR_E11",
	"MRAcquisitionType": "3D",
	"SeriesDescription": "GRE-T1w",
	"ProtocolName": "GRE-T1w",
	"ScanningSequence": "GR",
	"SequenceVariant": "SP",
	"SequenceName": "_fl3d1",
	"ImageType": ["ORIGINAL", "PRIMARY", "M", "DIS2D"],
	"SeriesNumber": 9,
	"AcquisitionTime": "17:06:28.990000",
	"AcquisitionNumber": 1,
	"SliceThickness": 5,
	"SAR": 0.0291265,
	"EchoTime": 0.00313,
	"RepetitionTime": 0.015,
	"FlipAngle": 15,
	"PartialFourier": 1,
	"BaseResolution": 256,
	"ShimSetting": [
		224,
		-11648,
		1472,
		-1779,
		-506,
		2298,
		-480,
		412	],
	"TxRefAmp": 260.547,
	"PhaseResolution": 1,
	"ReceiveCoilName": "HeadNeck_64",
	"ReceiveCoilActiveElements": "HC5-7;NC1,2",
	"CoilString": "HC5-7;NC1_2",
	"PulseSequenceDetails": "%SiemensSeq%_gre",
	"ConsistencyInfo": "N4_VE11C_LATEST_20160120",
	"PercentPhaseFOV": 100,
	"PhaseEncodingSteps": 255,
	"AcquisitionMatrixPE": 256,
	"ReconMatrixPE": 256,
	"PixelBandwidth": 260,
	"DwellTime": 7.5e-06,
	"ImageOrientationPatientDICOM": [
		0.984808,
		0,
		0.173648,
		0,
		1,
		0	],
	"InPlanePhaseEncodingDirectionDICOM": "COL",
	"ConversionSoftware": "dcm2niix",
	"ConversionSoftwareVersion": "v1.0.20181125  Clang10.0.0"
}
