{
	"Modality": "MR",
	"MagneticFieldStrength": 3,
	"ImagingFrequency": 127.757,
	"Manufacturer": "Philips",
	"ManufacturersModelName": "Achieva_dStream",
	"InstitutionName": "Vanderbilt_Health_and_williamson",
	"InstitutionalDepartmentName": "Research_MRI",
	"InstitutionAddress": "1161_21st_Ave_South",
	"DeviceSerialNumber": "17240",
	"StationName": "mr3tb",
	"BodyPartExamined": "SPINE",
	"PatientPosition": "HFS",
	"SoftwareVersions": "5.3.0_5.3.0.3",
	"MRAcquisitionType": "3D",
	"SeriesDescription": "T2w",
	"ProtocolName": "WIP_T2w",
	"ScanningSequence": "SE",
	"SequenceVariant": "SK",
	"ScanOptions": "PFP",
	"ImageType": ["ORIGINAL", "PRIMARY", "M", "SE", "M", "SE"],
	"SeriesNumber": 301,
	"AcquisitionTime": "09:08:26.150000",
	"AcquisitionNumber": 3,
	"PhilipsRescaleSlope": 1.42076,
	"PhilipsRescaleIntercept": 0,
	"PhilipsScaleSlope": 0.000915343,
	"UsePhilipsFloatNotDisplayScaling": 1,
	"SliceThickness": 0.8,
	"SpacingBetweenSlices": 0.8,
	"EchoTime": 0.12,
	"RepetitionTime": 3.5,
	"FlipAngle": 90,
	"CoilString": "MULTI_COIL",
	"PartialFourier": 0.291139,
	"PercentPhaseFOV": 92.5,
	"EchoTrainLength": 92,
	"PhaseEncodingSteps": 316,
	"AcquisitionMatrixPE": 316,
	"ReconMatrixPE": 320,
	"PixelBandwidth": 366.784,
	"ImageOrientationPatientDICOM": [
		0,
		1,
		0,
		-0.0486753,
		0,
		-0.998815	],
	"InPlanePhaseEncodingDirectionDICOM": "ROW",
	"ConversionSoftware": "dcm2niix",
	"ConversionSoftwareVersion": "v1.0.20181022  GCC4.8.5"
}
