{
    "Modality": "MR",
    "MagneticFieldStrength": 3,
    "ImagingFrequency": 127.758,
    "Manufacturer": "Philips",
    "ManufacturersModelName": "Achieva_dStream",
    "InstitutionName": "Vanderbilt_Health_and_williamson",
    "InstitutionalDepartmentName": "Research_MRI",
    "InstitutionAddress": "1161_21st_Ave_South",
    "DeviceSerialNumber": "17240",
    "StationName": "mr3tb",
    "BodyPartExamined": "SPINE",
    "PatientPosition": "HFS",
    "ProcedureStepDescription": "Smith_236640",
    "SoftwareVersions": "5.3.0_5.3.0.3",
    "MRAcquisitionType": "3D",
    "SeriesDescription": "GRE-T1",
    "ProtocolName": "WIP_GRE-T1",
    "ScanningSequence": "GR",
    "SequenceVariant": "SP",
    "ScanOptions": "PFF",
    "ImageType": [
        "ORIGINAL",
        "PRIMARY",
        "M",
        "FFE",
        "M",
        "FFE"
    ],
    "SeriesNumber": 601,
    "AcquisitionTime": "15:38:53.140000",
    "AcquisitionNumber": 6,
    "PhilipsRescaleSlope": 1.83565,
    "PhilipsRescaleIntercept": 0,
    "PhilipsScaleSlope": 0.000638663,
    "UsePhilipsFloatNotDisplayScaling": 1,
    "SliceThickness": 5,
    "SpacingBetweenSlices": 5,
    "EchoTime": 0.002001,
    "RepetitionTime": 0.015,
    "FlipAngle": 15,
    "CoilString": "MULTI_COIL",
    "PartialFourier": 0.00390625,
    "PercentPhaseFOV": 100,
    "PhaseEncodingSteps": 256,
    "AcquisitionMatrixPE": 256,
    "ReconMatrixPE": 256,
    "PixelBandwidth": 261.113,
    "ImageOrientationPatientDICOM": [
        0.999483,
        -4.76321e-10,
        0.0321534,
        -0.0075414,
        0.972105,
        0.234423
    ],
    "InPlanePhaseEncodingDirectionDICOM": "COL",
    "ConversionSoftware": "dcm2niix",
    "ConversionSoftwareVersion": "v1.0.20181022  GCC4.8.5",
    "SpatialReference": {
        "Reorientation": "RPI"
    }
}