{
    "Modality": "MR",
    "MagneticFieldStrength": 3,
    "ImagingFrequency": 123.258,
    "Manufacturer": "Siemens",
    "ManufacturersModelName": "Prisma",
    "InstitutionName": "Fondazione_Santa_Lucia",
    "InstitutionalDepartmentName": "Neuroimmagini",
    "InstitutionAddress": "_Via_Ardeatina_306_Roma_RM_IT_00179",
    "DeviceSerialNumber": "166157",
    "StationName": "AWP166157",
    "BodyPartExamined": "CSPINE",
    "PatientPosition": "HFS",
    "ProcedureStepDescription": "GIOVE",
    "SoftwareVersions": "syngo_MR_E11",
    "MRAcquisitionType": "3D",
    "SeriesDescription": "GRE-T1w",
    "ProtocolName": "GRE-T1w",
    "ScanningSequence": "GR",
    "SequenceVariant": "SP",
    "SequenceName": "_fl3d1",
    "ImageType": [
        "ORIGINAL",
        "PRIMARY",
        "M",
        "NORM",
        "DIS2D"
    ],
    "SeriesNumber": 7,
    "AcquisitionTime": "11:36:37.910000",
    "AcquisitionNumber": 1,
    "SliceThickness": 5,
    "SAR": 0.0345823,
    "EchoTime": 0.00313,
    "RepetitionTime": 0.015,
    "FlipAngle": 15,
    "PartialFourier": 1,
    "BaseResolution": 256,
    "ShimSetting": [
        -225,
        4445,
        -2195,
        -1557,
        -73,
        1538,
        -681,
        -47
    ],
    "TxRefAmp": 283.957,
    "PhaseResolution": 1,
    "ReceiveCoilName": "HeadNeck_64",
    "ReceiveCoilActiveElements": "HC6,7;NC1,2;SP1",
    "CoilString": "HC6_7;NC1_2;SP1",
    "PulseSequenceDetails": "%SiemensSeq%_gre",
    "RefLinesPE": 32,
    "ConsistencyInfo": "N4_VE11E_LATEST_20181129",
    "PercentPhaseFOV": 100,
    "PercentSampling": 100,
    "PhaseEncodingSteps": 255,
    "AcquisitionMatrixPE": 256,
    "ReconMatrixPE": 256,
    "ParallelReductionFactorInPlane": 2,
    "PixelBandwidth": 260,
    "DwellTime": 7.5e-06,
    "ImageOrientationPatientDICOM": [
        0.996637,
        0,
        -0.0819385,
        0,
        1,
        0
    ],
    "InPlanePhaseEncodingDirectionDICOM": "COL",
    "ConversionSoftware": "dcm2niix",
    "ConversionSoftwareVersion": "v1.0.20200331",
    "Dcm2bidsVersion": "2.1.4"
}