{
    "Modality": "MR",
    "MagneticFieldStrength": 3,
    "ImagingFrequency": 123.259,
    "Manufacturer": "Siemens",
    "ManufacturersModelName": "MAGNETOM Vida",
    "InstitutionName": "UC Davis Health PAV3T",
    "InstitutionAddress": "Stockton Blvd. 2315,Sacramento,California,US,95817",
    "DeviceSerialNumber": "175872",
    "StationName": "AWP175872",
    "BodyPartExamined": "CSPINE",
    "PatientPosition": "HFS",
    "ProcedureStepDescription": "MR C-SPINE",
    "SoftwareVersions": "syngo MR XA20",
    "MRAcquisitionType": "3D",
    "SeriesDescription": "GRE-MT1",
    "ProtocolName": "GRE-MT1",
    "SequenceVariant": "MTC\\SP",
    "ImageType": [
        "ORIGINAL",
        "PRIMARY",
        "M",
        "NONE"
    ],
    "SeriesNumber": 25,
    "AcquisitionTime": "19:48:29.915000",
    "AcquisitionNumber": 1,
    "SliceThickness": 5,
    "EchoTime": 0.00316,
    "RepetitionTime": 0.035,
    "FlipAngle": 9,
    "ReceiveCoilActiveElements": "HC7;NC1,2",
    "CoilString": "HeadNeck_64_CS",
    "PercentPhaseFOV": 100,
    "PercentSampling": 100,
    "AcquisitionMatrixPE": 256,
    "ReconMatrixPE": 256,
    "ParallelReductionFactorInPlane": 2,
    "PixelBandwidth": 260,
    "ImageOrientationPatientDICOM": [
        0.999856,
        0.000576458,
        -0.0169422,
        -6.96202e-09,
        0.999422,
        0.0340049
    ],
    "InPlanePhaseEncodingDirectionDICOM": "COL",
    "ConversionSoftware": "dcm2niix",
    "ConversionSoftwareVersion": "v1.0.20201224",
    "Dcm2bidsVersion": "2.1.6",
    "SpatialReference": {
        "Reorientation": "RPI"
    }
}