{
	"Modality": "MR",
	"MagneticFieldStrength": 3,
	"Manufacturer": "Siemens",
	"ManufacturersModelName": "TrioTim",
	"DeviceSerialNumber": "35388",
	"StationName": "MRC35388",
	"PatientPosition": "HFS",
	"ProcedureStepDescription": "RM_CEREBRAL",
	"SoftwareVersions": "syngo_MR_B17",
	"MRAcquisitionType": "3D",
	"SeriesDescription": "GRE-MT1",
	"ProtocolName": "GRE-MT1",
	"ScanningSequence": "GR",
	"SequenceVariant": "MTC_SP",
	"ScanOptions": "MT",
	"SequenceName": "_fl3d1",
	"ImageType": ["ORIGINAL", "PRIMARY", "M", "DIS2D"],
	"SeriesNumber": 16,
	"AcquisitionTime": "16:09:51.207500",
	"AcquisitionNumber": 1,
	"SliceThickness": 5,
	"SAR": 0.954565,
	"EchoTime": 0.0035,
	"RepetitionTime": 0.045,
	"FlipAngle": 9,
	"PartialFourier": 1,
	"BaseResolution": 256,
	"ShimSetting": [
		8620,
		-1321,
		-7898,
		-554,
		1240,
		1988,
		-1,
		-808	],
	"TxRefAmp": 347.848,
	"PhaseResolution": 1,
	"ReceiveCoilName": "NeckMatrix",
	"PulseSequenceDetails": "%SiemensSeq%_gre",
	"PercentPhaseFOV": 100,
	"PhaseEncodingSteps": 255,
	"AcquisitionMatrixPE": 256,
	"ReconMatrixPE": 256,
	"ParallelReductionFactorInPlane": 2,
	"PixelBandwidth": 260,
	"DwellTime": 7.5e-06,
	"ImageOrientationPatientDICOM": [
		0.999198,
		0.00975058,
		-0.0388332,
		-1.5462e-08,
		0.969894,
		0.243529	],
	"InPlanePhaseEncodingDirectionDICOM": "COL",
	"ConversionSoftware": "dcm2niix",
	"ConversionSoftwareVersion": "v1.0.20180622 (JP2:OpenJPEG) GCC6.1.0"
}
