{
	"Modality": "MR",
	"MagneticFieldStrength": 3,
	"ImagingFrequency": 123.247,
	"Manufacturer": "Siemens",
	"ManufacturersModelName": "Prisma_fit",
	"InstitutionName": "Systems_Neuroscience_UKE",
	"InstitutionalDepartmentName": "Department",
	"InstitutionAddress": "Martinistrasse_52_Hamburg_Nord_DE_20246",
	"DeviceSerialNumber": "167015",
	"StationName": "MRC35041",
	"BodyPartExamined": "RUECKENMARK",
	"PatientPosition": "HFS",
	"ProcedureStepDescription": "Systems_Neuroscience_projects",
	"SoftwareVersions": "syngo_MR_E11",
	"MRAcquisitionType": "3D",
	"SeriesDescription": "GRE-T1w",
	"ProtocolName": "GRE-T1w",
	"ScanningSequence": "GR",
	"SequenceVariant": "SP",
	"SequenceName": "_fl3d1",
	"ImageType": ["ORIGINAL", "PRIMARY", "M", "DIS2D"],
	"SeriesNumber": 7,
	"AcquisitionTime": "09:41:58.887500",
	"AcquisitionNumber": 1,
	"SliceThickness": 5,
	"SAR": 0.0310908,
	"EchoTime": 0.00313,
	"RepetitionTime": 0.015,
	"FlipAngle": 15,
	"PartialFourier": 1,
	"BaseResolution": 256,
	"ShimSetting": [
		-188,
		-12176,
		-11458,
		-1311,
		-81,
		2226,
		-312,
		42	],
	"TxRefAmp": 281.347,
	"PhaseResolution": 1,
	"ReceiveCoilName": "HeadNeck_64",
	"ReceiveCoilActiveElements": "HC7;NC1,2",
	"CoilString": "HC7;NC1_2",
	"PulseSequenceDetails": "%SiemensSeq%_gre",
	"ConsistencyInfo": "N4_VE11C_LATEST_20160120",
	"PercentPhaseFOV": 100,
	"PhaseEncodingSteps": 255,
	"AcquisitionMatrixPE": 256,
	"ReconMatrixPE": 256,
	"PixelBandwidth": 260,
	"DwellTime": 7.5e-06,
	"ImageOrientationPatientDICOM": [
		0.999657,
		-0.00132438,
		0.0261434,
		1.09521e-08,
		0.998719,
		0.0505929	],
	"InPlanePhaseEncodingDirectionDICOM": "COL",
	"ConversionSoftware": "dcm2niix",
	"ConversionSoftwareVersion": "v1.0.20181125  (JP2:OpenJPEG) (JP-LS:CharLS) GCC5.5.0"
}
