{
    "Modality": "MR",
    "MagneticFieldStrength": 3,
    "ImagingFrequency": 123.258,
    "Manufacturer": "Siemens",
    "ManufacturersModelName": "Prisma",
    "InstitutionName": "Fondazione_Santa_Lucia",
    "InstitutionalDepartmentName": "Neuroimmagini",
    "InstitutionAddress": "_Via_Ardeatina_306_Roma_RM_IT_00179",
    "DeviceSerialNumber": "166157",
    "StationName": "AWP166157",
    "BodyPartExamined": "BRAIN",
    "PatientPosition": "HFS",
    "ProcedureStepDescription": "RM_encefalo_(senza_contrasto)",
    "SoftwareVersions": "syngo_MR_E11",
    "MRAcquisitionType": "2D",
    "SeriesDescription": "GRE-ME",
    "ProtocolName": "GRE-ME",
    "ScanningSequence": "GR",
    "SequenceVariant": "SP",
    "ScanOptions": "SAT1",
    "SequenceName": "_me2d1r3",
    "ImageType": [
        "ORIGINAL",
        "PRIMARY",
        "M",
        "NORM",
        "DIS2D"
    ],
    "SeriesNumber": 50,
    "AcquisitionTime": "16:50:54.252500",
    "AcquisitionNumber": 1,
    "SliceThickness": 5,
    "SpacingBetweenSlices": 5,
    "SAR": 0.240892,
    "NumberOfAverages": 2,
    "EchoTime": 0.014,
    "RepetitionTime": 0.6,
    "FlipAngle": 30,
    "PartialFourier": 1,
    "BaseResolution": 448,
    "ShimSetting": [
        -287,
        4439,
        -2225,
        -1849,
        -40,
        1316,
        441,
        -139
    ],
    "TxRefAmp": 272.819,
    "PhaseResolution": 1,
    "ReceiveCoilName": "HeadNeck_64",
    "ReceiveCoilActiveElements": "HC7;NC1,2",
    "CoilString": "HC7;NC1_2",
    "PulseSequenceDetails": "%SiemensSeq%_medic",
    "RefLinesPE": 24,
    "ConsistencyInfo": "N4_VE11E_LATEST_20181129",
    "PercentPhaseFOV": 100,
    "PercentSampling": 100,
    "EchoTrainLength": 3,
    "PhaseEncodingSteps": 447,
    "AcquisitionMatrixPE": 448,
    "ReconMatrixPE": 448,
    "ParallelReductionFactorInPlane": 2,
    "PixelBandwidth": 260,
    "DwellTime": 4.3e-06,
    "PhaseEncodingDirection": "j-",
    "SliceTiming": [
        0,
        0.32812,
        0.04688,
        0.35938,
        0.07812,
        0.40625,
        0.125,
        0.4375,
        0.15625,
        0.48438,
        0.20312,
        0.53125,
        0.25,
        0.5625,
        0.28125
    ],
    "ImageOrientationPatientDICOM": [
        0.997601,
        -0.00400338,
        0.069115,
        3.43396e-08,
        0.998327,
        0.057826
    ],
    "InPlanePhaseEncodingDirectionDICOM": "COL",
    "ConversionSoftware": "dcm2niix",
    "ConversionSoftwareVersion": "v1.0.20200331",
    "Dcm2bidsVersion": "2.1.4"
}