{
    "Modality": "MR",
    "MagneticFieldStrength": 3,
    "ImagingFrequency": 123.228,
    "Manufacturer": "Siemens",
    "ManufacturersModelName": "Skyra",
    "InstitutionName": "Istituto_Neurologico_Mondino",
    "InstitutionalDepartmentName": "Department",
    "InstitutionAddress": "Via_Mondino_2_Pavia_District_IT_27100",
    "DeviceSerialNumber": "45358",
    "StationName": "AWP45358",
    "BodyPartExamined": "HEADNECK",
    "PatientPosition": "HFS",
    "ProcedureStepDescription": "R.M._DEL_CERVELLO_E_DEL_TRONCO_ENCEFALICO_-_3T",
    "SoftwareVersions": "syngo_MR_D13C",
    "MRAcquisitionType": "3D",
    "SeriesDescription": "GRE-MT1",
    "ProtocolName": "GRE-MT1",
    "ScanningSequence": "GR",
    "SequenceVariant": "MTC_SP",
    "ScanOptions": "MT",
    "SequenceName": "_fl3d1",
    "ImageType": [
        "ORIGINAL",
        "PRIMARY",
        "M",
        "NORM",
        "DIS2D"
    ],
    "SeriesNumber": 5,
    "AcquisitionTime": "19:58:33.387500",
    "AcquisitionNumber": 1,
    "SliceThickness": 5,
    "SAR": 0.900128,
    "EchoTime": 0.00316,
    "RepetitionTime": 0.035,
    "FlipAngle": 9,
    "PartialFourier": 1,
    "BaseResolution": 256,
    "ShimSetting": [
        6836,
        -755,
        7232,
        -565,
        -6,
        1567,
        1246,
        570
    ],
    "TxRefAmp": 464.031,
    "PhaseResolution": 1,
    "ReceiveCoilName": "HeadNeck_20",
    "ReceiveCoilActiveElements": "NE1,2;SP1",
    "CoilString": "NE1_2;SP1",
    "PulseSequenceDetails": "%SiemensSeq%_gre",
    "ConsistencyInfo": "N4_VD13C_LATEST_20121124",
    "PercentPhaseFOV": 100,
    "PhaseEncodingSteps": 255,
    "AcquisitionMatrixPE": 256,
    "ReconMatrixPE": 256,
    "PixelBandwidth": 260,
    "DwellTime": 7.5e-06,
    "ImageOrientationPatientDICOM": [
        0.998935,
        -0.010859,
        0.044836,
        -3.24159e-08,
        0.971901,
        0.235389
    ],
    "InPlanePhaseEncodingDirectionDICOM": "COL",
    "ConversionSoftware": "dcm2niix",
    "ConversionSoftwareVersion": "v1.0.20181125  GCC4.8.2",
    "Dcm2bidsVersion": "2.1.4",
    "SpatialReference": {
        "Reorientation": "RPI"
    }
}