{
	"Modality": "MR",
	"MagneticFieldStrength": 3,
	"ImagingFrequency": 123.251,
	"Manufacturer": "Siemens",
	"ManufacturersModelName": "Skyra",
	"InstitutionName": "The_University_of_Tokyo_Hospital",
	"InstitutionalDepartmentName": "Tokyo",
	"InstitutionAddress": "Street_Hongo_Bunkyou-ku_Tokyo_JP_113-8655",
	"DeviceSerialNumber": "45896",
	"StationName": "AWP45896",
	"BodyPartExamined": "NCK",
	"PatientPosition": "HFS",
	"ProcedureStepDescription": "jcohenadad_2019-01-16",
	"SoftwareVersions": "syngo_MR_E11",
	"MRAcquisitionType": "2D",
	"SeriesDescription": "DWI_ZOOMit",
	"ProtocolName": "DWI_ZOOMit",
	"ScanningSequence": "EP",
	"SequenceVariant": "SK_SP",
	"ScanOptions": "PFP_SFS_CT",
	"SequenceName": "_ez_b0",
	"ImageType": ["ORIGINAL", "PRIMARY", "DIFFUSION", "NONE", "ND", "MOSAIC"],
	"SeriesNumber": 5,
	"AcquisitionTime": "18:54:10.175000",
	"AcquisitionNumber": 1,
	"SliceThickness": 5,
	"SpacingBetweenSlices": 5,
	"SAR": 0.328271,
	"EchoTime": 0.092,
	"RepetitionTime": 0.67,
	"FlipAngle": 90,
	"PartialFourier": 0.875,
	"BaseResolution": 96,
	"ShimSetting": [
		5592,
		4612,
		2075,
		-2187,
		957,
		4999,
		1537,
		-579	],
	"TxRefAmp": 387.631,
	"PhaseResolution": 1,
	"ReceiveCoilName": "HeadNeck_20",
	"ReceiveCoilActiveElements": "HE3,4;NE1,2",
	"CoilString": "HE3_4;NE1_2",
	"PulseSequenceDetails": "%SiemensSeq%_ep2d_diff",
	"ConsistencyInfo": "N4_VE11C_LATEST_20160120",
	"PercentPhaseFOV": 39.5833,
	"EchoTrainLength": 33,
	"PhaseEncodingSteps": 33,
	"AcquisitionMatrixPE": 38,
	"ReconMatrixPE": 38,
	"BandwidthPerPixelPhaseEncode": 20.088,
	"EffectiveEchoSpacing": 0.00131003,
	"DerivedVendorReportedEchoSpacing": 0.00131003,
	"TotalReadoutTime": 0.0484709,
	"PixelBandwidth": 885,
	"DwellTime": 5.9e-06,
	"PhaseEncodingDirection": "j-",
	"SliceTiming": [
		0,
		0.815,
		1.625,
		2.425,
		3.23,
		0.215,
		1.03,
		1.84,
		2.6425,
		3.4475,
		0.4325,
		1.2475,
		2.0575,
		2.8575,
		3.6625	],
	"ImageOrientationPatientDICOM": [
		0.999877,
		0.00114743,
		-0.015623,
		-8.66632e-09,
		0.997314,
		0.0732472	],
	"InPlanePhaseEncodingDirectionDICOM": "COL",
	"ConversionSoftware": "dcm2niix",
	"ConversionSoftwareVersion": "v1.0.20181125  Clang10.0.0"
}
