{
    "Modality": "MR",
    "MagneticFieldStrength": 3,
    "ImagingFrequency": 123.259,
    "Manufacturer": "Siemens",
    "ManufacturersModelName": "MAGNETOM Vida",
    "InstitutionName": "UC Davis Health PAV3T",
    "InstitutionAddress": "Stockton Blvd. 2315,Sacramento,California,US,95817",
    "DeviceSerialNumber": "175872",
    "StationName": "AWP175872",
    "BodyPartExamined": "CSPINE",
    "PatientPosition": "HFS",
    "ProcedureStepDescription": "MR C-SPINE",
    "SoftwareVersions": "syngo MR XA20",
    "MRAcquisitionType": "2D",
    "SeriesDescription": "DWI",
    "ProtocolName": "DWI",
    "SequenceVariant": "SK\\SP",
    "ImageType": [
        "ORIGINAL",
        "PRIMARY",
        "DIFFUSION",
        "NONE"
    ],
    "SeriesNumber": 4,
    "AcquisitionTime": "19:25:32.892500",
    "AcquisitionNumber": 1,
    "SliceThickness": 5,
    "SpacingBetweenSlices": 6,
    "EchoTime": 0.086,
    "RepetitionTime": 0.79,
    "FlipAngle": 90,
    "ReceiveCoilActiveElements": "HC7;NC1,2",
    "CoilString": "HeadNeck_64_CS",
    "PartialFourier": 0.861111,
    "PercentPhaseFOV": 37.5,
    "PercentSampling": 100,
    "EchoTrainLength": 31,
    "AcquisitionMatrixPE": 36,
    "ReconMatrixPE": 36,
    "BandwidthPerPixelPhaseEncode": 19.841,
    "EffectiveEchoSpacing": 0.00140002,
    "DerivedVendorReportedEchoSpacing": 0.00140002,
    "TotalReadoutTime": 0.0490007,
    "PixelBandwidth": 883,
    "PhaseEncodingDirection": "j-",
    "SliceTiming": [
        6.23,
        4.795,
        3.375,
        1.945,
        0.515,
        5.9725,
        4.5375,
        3.1175,
        1.6875,
        0.2575,
        5.7175,
        4.2825,
        2.8625,
        1.43,
        0
    ],
    "ImageOrientationPatientDICOM": [
        0.999999,
        -0.000417325,
        0.00123331,
        4.50378e-08,
        0.947251,
        0.320493
    ],
    "InPlanePhaseEncodingDirectionDICOM": "COL",
    "ConversionSoftware": "dcm2niix",
    "ConversionSoftwareVersion": "v1.0.20201224",
    "Dcm2bidsVersion": "2.1.6"
}