{
	"Modality": "MR",
	"MagneticFieldStrength": 3,
	"ImagingFrequency": 123.254,
	"Manufacturer": "Siemens",
	"ManufacturersModelName": "Skyra",
	"InstitutionName": "Martinos_Center_Bay_1",
	"InstitutionalDepartmentName": "Department",
	"InstitutionAddress": "13th_149_Charlestown_MA_US_02129",
	"DeviceSerialNumber": "45407",
	"StationName": "BAY1OC",
	"BodyPartExamined": "BRAIN",
	"PatientPosition": "HFS",
	"ProcedureStepDescription": "INVESTIGATORS_Barry",
	"SoftwareVersions": "syngo_MR_E11",
	"MRAcquisitionType": "2D",
	"SeriesDescription": "GRE-ME",
	"ProtocolName": "GRE-ME",
	"ScanningSequence": "GR",
	"SequenceVariant": "SP",
	"ScanOptions": "SAT1",
	"SequenceName": "_me2d1r3",
	"ImageType": ["ORIGINAL", "PRIMARY", "M", "NORM", "DIS2D"],
	"SeriesNumber": 8,
	"AcquisitionTime": "12:10:48.370000",
	"AcquisitionNumber": 1,
	"SliceThickness": 5,
	"SpacingBetweenSlices": 5,
	"SAR": 0.310109,
	"EchoTime": 0.014,
	"RepetitionTime": 0.6,
	"FlipAngle": 30,
	"PartialFourier": 1,
	"BaseResolution": 448,
	"ShimSetting": [
		-5154,
		11798,
		-11877,
		-2067,
		-1246,
		4425,
		-123,
		742	],
	"TxRefAmp": 403.698,
	"PhaseResolution": 1,
	"ReceiveCoilName": "HeadNeck_64",
	"ReceiveCoilActiveElements": "HC7;NC1,2",
	"CoilString": "HC7;NC1_2",
	"PulseSequenceDetails": "%SiemensSeq%_medic",
	"ConsistencyInfo": "N4_VE11C_LATEST_20160120",
	"PercentPhaseFOV": 100,
	"EchoTrainLength": 3,
	"PhaseEncodingSteps": 447,
	"AcquisitionMatrixPE": 448,
	"ReconMatrixPE": 448,
	"ParallelReductionFactorInPlane": 2,
	"PixelBandwidth": 260,
	"DwellTime": 4.3e-06,
	"PhaseEncodingDirection": "j-",
	"ImageOrientationPatientDICOM": [
		0.993171,
		0,
		0.116671,
		0,
		1,
		0	],
	"InPlanePhaseEncodingDirectionDICOM": "COL",
	"ConversionSoftware": "dcm2niix",
	"ConversionSoftwareVersion": "v1.0.20181125  (JP2:OpenJPEG) (JP-LS:CharLS) Clang8.1.0"
}
