{
    "Modality": "MR",
    "MagneticFieldStrength": 3,
    "Manufacturer": "Siemens",
    "ManufacturersModelName": "Prisma",
    "InstitutionName": "SCMI_Balgrist_Campus",
    "InstitutionalDepartmentName": "SCMI",
    "InstitutionAddress": "Lengghalde_5_Zuerich_ZH_CH_8008",
    "DeviceSerialNumber": "166093",
    "StationName": "Prisma",
    "BodyPartExamined": "HEADNECK",
    "PatientPosition": "HFS",
    "ProcedureStepDescription": "Maryam_SC_CONS_SPINE",
    "SoftwareVersions": "syngo_MR_E11",
    "MRAcquisitionType": "3D",
    "SeriesDescription": "GRE-T1W",
    "ProtocolName": "GRE-T1w",
    "ScanningSequence": "GR",
    "SequenceVariant": "SP",
    "SequenceName": "_fl3d1",
    "ImageType": [
        "ORIGINAL",
        "PRIMARY",
        "M",
        "DIS2D"
    ],
    "SeriesNumber": 7,
    "AcquisitionTime": "10:28:8.925000",
    "AcquisitionNumber": 1,
    "SliceThickness": 5,
    "SAR": 0.0384037,
    "EchoTime": 0.00313,
    "RepetitionTime": 0.015,
    "FlipAngle": 15,
    "PartialFourier": 1,
    "BaseResolution": 256,
    "ShimSetting": [
        2030,
        -8291,
        11619,
        -1897,
        80,
        1599,
        -128,
        -225
    ],
    "TxRefAmp": 325.118,
    "PhaseResolution": 1,
    "ReceiveCoilName": "Spine_32",
    "ReceiveCoilActiveElements": "HC7;NC1,2;SP1",
    "PulseSequenceDetails": "%SiemensSeq%_gre",
    "ConsistencyInfo": "N4_VE11C_LATEST_20160120",
    "PercentPhaseFOV": 100,
    "PhaseEncodingSteps": 255,
    "AcquisitionMatrixPE": 256,
    "ReconMatrixPE": 256,
    "ParallelReductionFactorInPlane": 2,
    "PixelBandwidth": 260,
    "DwellTime": 7.5e-06,
    "ImageOrientationPatientDICOM": [
        1,
        0,
        0,
        0,
        0.998027,
        -0.0627905
    ],
    "InPlanePhaseEncodingDirectionDICOM": "COL",
    "ConversionSoftware": "dcm2niix",
    "ConversionSoftwareVersion": "v1.0.20180622 (JP2:OpenJPEG) (JP-LS:CharLS) MSC1900",
    "SpatialReference": {
        "Reorientation": "RPI"
    }
}