{
    "Modality": "MR", 
    "MagneticFieldStrength": 3, 
    "ImagingFrequency": 127.754, 
    "Manufacturer": "Philips", 
    "ManufacturersModelName": "Achieva", 
    "InstitutionName": "Fondazione_S.Lucia", 
    "InstitutionalDepartmentName": "Diagnostica_per_Immagine", 
    "DeviceSerialNumber": "34249", 
    "StationName": "PHILIPS-29CDACE", 
    "BodyPartExamined": "SPINE", 
    "PatientPosition": "HFS", 
    "ProcedureStepDescription": "FRATINI", 
    "SoftwareVersions": "5.4.1_5.4.1.1", 
    "MRAcquisitionType": "3D", 
    "SeriesDescription": "GRE-T1", 
    "ProtocolName": "GRE-T1", 
    "ScanningSequence": "GR", 
    "SequenceVariant": "SP", 
    "ScanOptions": "PFF", 
    "ImageType": [
        "ORIGINAL", 
        "PRIMARY", 
        "M", 
        "FFE", 
        "M", 
        "FFE"
    ], 
    "SeriesNumber": 601, 
    "AcquisitionTime": "20:08:20.600000", 
    "AcquisitionNumber": 6, 
    "PhilipsRWVSlope": 1.85592, 
    "PhilipsRWVIntercept": 0, 
    "PhilipsRescaleSlope": 1.85592, 
    "PhilipsRescaleIntercept": 0, 
    "PhilipsScaleSlope": 6.00739e-05, 
    "UsePhilipsFloatNotDisplayScaling": 1, 
    "SliceThickness": 5, 
    "SpacingBetweenSlices": 5, 
    "SAR": 0.0226324, 
    "EchoTime": 0.002001, 
    "RepetitionTime": 0.015, 
    "FlipAngle": 15, 
    "CoilString": "MULTI_COIL", 
    "PercentPhaseFOV": 100, 
    "PhaseEncodingSteps": 256, 
    "AcquisitionMatrixPE": 256, 
    "ReconMatrixPE": 256, 
    "PixelBandwidth": 260, 
    "ImageOrientationPatientDICOM": [
        0.997728, 
        -0.0023387, 
        -0.0673296, 
        -0.00436313, 
        0.995056, 
        -0.0992186
    ], 
    "InPlanePhaseEncodingDirectionDICOM": "COL", 
    "ConversionSoftware": "dcm2niix", 
    "ConversionSoftwareVersion": "v1.0.20190410  (JP2:OpenJPEG) (JP-LS:CharLS) Clang8.1.0", 
    "Dcm2bidsVersion": "2.1.4"
}