{
	"Modality": "MR",
	"MagneticFieldStrength": 3,
	"ImagingFrequency": 127.763,
	"Manufacturer": "Philips",
	"ManufacturersModelName": "Ingenia_CX",
	"InstitutionName": "Tokyo_University_Hospital",
	"InstitutionalDepartmentName": "Radiology",
	"DeviceSerialNumber": "78091",
	"StationName": "HOST-77RBK8NK2K",
	"BodyPartExamined": "SPINE",
	"PatientPosition": "HFS",
	"SoftwareVersions": "5.3.1_5.3.1.1",
	"MRAcquisitionType": "2D",
	"SeriesDescription": "DWI",
	"ProtocolName": "DWI",
	"ScanningSequence": "SE",
	"SequenceVariant": "SK",
	"ScanOptions": "FS",
	"ImageType": ["ORIGINAL", "PRIMARY", "M", "SE", "M", "SE"],
	"SeriesNumber": 601,
	"AcquisitionTime": "19:03:34.810000",
	"AcquisitionNumber": 6,
	"PhilipsRescaleSlope": 10.4769,
	"PhilipsRescaleIntercept": 0,
	"PhilipsScaleSlope": 0.0109861,
	"UsePhilipsFloatNotDisplayScaling": 1,
	"SliceThickness": 5,
	"SpacingBetweenSlices": 5,
	"SAR": 2.18877,
	"EchoTime": 0.062682,
	"RepetitionTime": 3.58209,
	"FlipAngle": 90,
	"CoilString": "MULTI_COIL",
	"PartialFourier": 0.746032,
	"PercentPhaseFOV": 75,
	"EchoTrainLength": 47,
	"PhaseEncodingSteps": 63,
	"AcquisitionMatrixPE": 63,
	"ReconMatrixPE": 64,
	"PixelBandwidth": 1299,
	"PhaseEncodingAxis": "j",
	"ImageOrientationPatientDICOM": [
		0.999983,
		0.0014552,
		0.0057145,
		-0.00255723,
		0.980224,
		0.197875	],
	"InPlanePhaseEncodingDirectionDICOM": "COL",
	"ConversionSoftware": "dcm2niix",
	"ConversionSoftwareVersion": "v1.0.20181125  Clang10.0.0"
}
