{
    "Modality": "MR",
    "MagneticFieldStrength": 3,
    "ImagingFrequency": 123.259,
    "Manufacturer": "Siemens",
    "ManufacturersModelName": "MAGNETOM Vida",
    "InstitutionName": "UC Davis Health PAV3T",
    "InstitutionAddress": "Stockton Blvd. 2315,Sacramento,California,US,95817",
    "DeviceSerialNumber": "175872",
    "StationName": "AWP175872",
    "BodyPartExamined": "CSPINE",
    "PatientPosition": "HFS",
    "ProcedureStepDescription": "MR C-SPINE",
    "SoftwareVersions": "syngo MR XA20",
    "MRAcquisitionType": "2D",
    "SeriesDescription": "DWI",
    "ProtocolName": "DWI",
    "SequenceVariant": "SK\\SP",
    "ImageType": [
        "ORIGINAL",
        "PRIMARY",
        "DIFFUSION",
        "NONE"
    ],
    "SeriesNumber": 4,
    "AcquisitionTime": "17:33:44.352500",
    "AcquisitionNumber": 1,
    "SliceThickness": 5,
    "SpacingBetweenSlices": 6.5,
    "EchoTime": 0.086,
    "RepetitionTime": 0.79,
    "FlipAngle": 90,
    "ReceiveCoilActiveElements": "HC7;NC1,2",
    "CoilString": "HeadNeck_64_CS",
    "PartialFourier": 0.861111,
    "PercentPhaseFOV": 37.5,
    "PercentSampling": 100,
    "EchoTrainLength": 31,
    "AcquisitionMatrixPE": 36,
    "ReconMatrixPE": 36,
    "BandwidthPerPixelPhaseEncode": 19.841,
    "EffectiveEchoSpacing": 0.00140002,
    "DerivedVendorReportedEchoSpacing": 0.00140002,
    "TotalReadoutTime": 0.0490007,
    "PixelBandwidth": 883,
    "PhaseEncodingDirection": "j-",
    "SliceTiming": [
        4.3075,
        3.4225,
        2.4225,
        1.3425,
        0.5125,
        4.05,
        3.165,
        2.165,
        1.085,
        0.255,
        3.795,
        2.91,
        1.91,
        0.83,
        0
    ],
    "ImageOrientationPatientDICOM": [
        0.997609,
        -0.016819,
        0.0670291,
        -1.35314e-08,
        0.969932,
        0.243377
    ],
    "InPlanePhaseEncodingDirectionDICOM": "COL",
    "ConversionSoftware": "dcm2niix",
    "ConversionSoftwareVersion": "v1.0.20201224",
    "Dcm2bidsVersion": "2.1.6"
}