{
	"Modality": "MR",
	"MagneticFieldStrength": 3,
	"ImagingFrequency": 127.759,
	"Manufacturer": "Philips",
	"ManufacturersModelName": "Achieva_dStream",
	"InstitutionName": "Vanderbilt_Health_and_williamson",
	"InstitutionalDepartmentName": "Research_MRI",
	"InstitutionAddress": "1161_21st_Ave_South",
	"DeviceSerialNumber": "17240",
	"StationName": "mr3tb",
	"BodyPartExamined": "SPINE",
	"PatientPosition": "HFS",
	"SoftwareVersions": "5.3.0_5.3.0.3",
	"MRAcquisitionType": "3D",
	"SeriesDescription": "GRE-T1",
	"ProtocolName": "WIP_GRE-T1",
	"ScanningSequence": "GR",
	"SequenceVariant": "SP",
	"ScanOptions": "PFF",
	"ImageType": ["ORIGINAL", "PRIMARY", "M", "FFE", "M", "FFE"],
	"SeriesNumber": 601,
	"AcquisitionTime": "09:06:54.180000",
	"AcquisitionNumber": 6,
	"PhilipsRescaleSlope": 1.78217,
	"PhilipsRescaleIntercept": 0,
	"PhilipsScaleSlope": 0.000647373,
	"UsePhilipsFloatNotDisplayScaling": 1,
	"SliceThickness": 5,
	"SpacingBetweenSlices": 5,
	"EchoTime": 0.002001,
	"RepetitionTime": 0.015,
	"FlipAngle": 15,
	"CoilString": "MULTI_COIL",
	"PartialFourier": 0.00390625,
	"PercentPhaseFOV": 100,
	"PhaseEncodingSteps": 256,
	"AcquisitionMatrixPE": 256,
	"ReconMatrixPE": 256,
	"PixelBandwidth": 261.113,
	"ImageOrientationPatientDICOM": [
		0.999862,
		-0.00111498,
		0.0165872,
		-0.000423641,
		0.995716,
		0.0924677	],
	"InPlanePhaseEncodingDirectionDICOM": "COL",
	"ConversionSoftware": "dcm2niix",
	"ConversionSoftwareVersion": "v1.0.20181022  GCC4.8.5"
}
