{
	"Modality": "MR",
	"MagneticFieldStrength": 3,
	"ImagingFrequency": 123.251,
	"Manufacturer": "Siemens",
	"ManufacturersModelName": "Skyra",
	"InstitutionName": "The_University_of_Tokyo_Hospital",
	"InstitutionalDepartmentName": "Tokyo",
	"InstitutionAddress": "Street_Hongo_Bunkyou-ku_Tokyo_JP_113-8655",
	"DeviceSerialNumber": "45896",
	"StationName": "AWP45896",
	"BodyPartExamined": "NCK",
	"PatientPosition": "HFS",
	"ProcedureStepDescription": "jcohenadad_2019-01-16",
	"SoftwareVersions": "syngo_MR_E11",
	"MRAcquisitionType": "3D",
	"SeriesDescription": "T1w",
	"ProtocolName": "T1w",
	"ScanningSequence": "GR_IR",
	"SequenceVariant": "SK_SP_MP",
	"ScanOptions": "IR",
	"SequenceName": "_tfl3d1_16",
	"ImageType": ["ORIGINAL", "PRIMARY", "M", "NORM", "DIS3D", "DIS2D"],
	"SeriesNumber": 3,
	"AcquisitionTime": "17:54:11.122500",
	"AcquisitionNumber": 1,
	"SliceThickness": 1,
	"SAR": 0.0891891,
	"EchoTime": 0.00372,
	"RepetitionTime": 2,
	"InversionTime": 1,
	"FlipAngle": 9,
	"PartialFourier": 1,
	"BaseResolution": 320,
	"ShimSetting": [
		5718,
		5057,
		1284,
		1,
		174,
		-120,
		-20,
		-59	],
	"TxRefAmp": 360.222,
	"PhaseResolution": 1,
	"ReceiveCoilName": "Spine_32",
	"ReceiveCoilActiveElements": "HE1-4;NE1,2;SP1",
	"CoilString": "HE1-4;NE1_2;SP1",
	"PulseSequenceDetails": "%SiemensSeq%_tfl",
	"ConsistencyInfo": "N4_VE11C_LATEST_20160120",
	"PercentPhaseFOV": 81.25,
	"PhaseEncodingSteps": 259,
	"AcquisitionMatrixPE": 260,
	"ReconMatrixPE": 320,
	"PixelBandwidth": 150,
	"DwellTime": 1.04e-05,
	"ImageOrientationPatientDICOM": [
		0,
		1,
		0,
		-0.0157074,
		0,
		-0.999877	],
	"InPlanePhaseEncodingDirectionDICOM": "ROW",
	"ConversionSoftware": "dcm2niix",
	"ConversionSoftwareVersion": "v1.0.20181125  Clang10.0.0"
}
