{
    "Modality": "MR", 
    "MagneticFieldStrength": 3, 
    "ImagingFrequency": 123.249, 
    "Manufacturer": "Siemens", 
    "ManufacturersModelName": "Verio", 
    "InstitutionName": "Beijing_Tiantan_Hospital", 
    "InstitutionalDepartmentName": "Department", 
    "InstitutionAddress": "Street_StreetNo_Beijinig_63f344_District_CN_ZIP", 
    "DeviceSerialNumber": "40717", 
    "StationName": "MRC40717", 
    "PatientPosition": "HFS", 
    "ProcedureStepDescription": "c-spine_clinical_libraries", 
    "SoftwareVersions": "syngo_MR_B19", 
    "MRAcquisitionType": "2D", 
    "SeriesDescription": "DWI_b0", 
    "ProtocolName": "DWI_b0", 
    "ScanningSequence": "EP", 
    "SequenceVariant": "SK_SP", 
    "ScanOptions": "PFP_SAT2_WE", 
    "SequenceName": "_ep_b0", 
    "ImageType": [
        "ORIGINAL", 
        "PRIMARY", 
        "DIFFUSION", 
        "NONE", 
        "ND"
    ], 
    "SeriesNumber": 4, 
    "AcquisitionTime": "18:41:1.960000", 
    "AcquisitionNumber": 1, 
    "SliceThickness": 5, 
    "SpacingBetweenSlices": 5, 
    "SAR": 0.36684, 
    "EchoTime": 0.099, 
    "RepetitionTime": 2.8, 
    "FlipAngle": 90, 
    "PartialFourier": 0.625, 
    "BaseResolution": 96, 
    "ShimSetting": [
        -4794, 
        12548, 
        14641, 
        -2599, 
        -1136, 
        2616, 
        1089, 
        660
    ], 
    "DiffusionScheme": "Monopolar", 
    "TxRefAmp": 391.11, 
    "PhaseResolution": 1, 
    "ReceiveCoilName": "NeckMatrix", 
    "CoilString": "C:NE1_2", 
    "PulseSequenceDetails": "%SiemensSeq%_ep2d_diff", 
    "PercentPhaseFOV": 100, 
    "PhaseEncodingSteps": 63, 
    "AcquisitionMatrixPE": 96, 
    "ReconMatrixPE": 96, 
    "BandwidthPerPixelPhaseEncode": 8.202, 
    "EffectiveEchoSpacing": 0.00127002, 
    "DerivedVendorReportedEchoSpacing": 0.00127002, 
    "TotalReadoutTime": 0.120651, 
    "PixelBandwidth": 965, 
    "DwellTime": 5.4e-06, 
    "PhaseEncodingDirection": "j-", 
    "SliceTiming": [
        0, 
        1.5, 
        0.1875, 
        1.6875, 
        0.375, 
        1.875, 
        0.5625, 
        2.0625, 
        0.75, 
        2.25, 
        0.9375, 
        2.4375, 
        1.125, 
        2.625, 
        1.3125
    ], 
    "ImageOrientationPatientDICOM": [
        1, 
        0, 
        0, 
        0, 
        1, 
        0
    ], 
    "InPlanePhaseEncodingDirectionDICOM": "COL", 
    "ConversionSoftware": "dcm2niix", 
    "ConversionSoftwareVersion": "v1.0.20190902", 
    "Dcm2bidsVersion": "2.1.4"
}