{
	"Manufacturer": "Siemens",
	"ManufacturersModelName": "Prisma",
	"ProcedureStepDescription": "STANDARD_ENCEFALO_MIDOLLO",
	"ProtocolName": "DWI",
	"SequenceName": "_ez_b0",
	"ImageType": ["ORIGINAL", "PRIMARY", "DIFFUSION", "NONE", "ND", "MOSA"],
	"AcquisitionDateTime": "2018-12-18T14:30:5.140625",
	"MagneticFieldStrength": 3,
	"FlipAngle": 90,
	"EchoTime": 0.061,
	"RepetitionTime": 0.62,
	"EffectiveEchoSpacing": 0.000960006,
	"PhaseEncodingDirection": "j-",
	"ConversionSoftware": "dcm2niix",
	"ConversionSoftwareVersion": "v1.0.20170207"
}
