{
	"Modality": "MR",
	"MagneticFieldStrength": 3,
	"Manufacturer": "GE",
	"ManufacturersModelName": "DISCOVERY_MR750",
	"InstitutionName": "Stanford_Lucas_Center",
	"DeviceSerialNumber": "0000415723SCHMR2",
	"StationName": "lc3t3",
	"BodyPartExamined": "CSPINE",
	"PatientPosition": "HFS",
	"SoftwareVersions": "27_LX_MR_Software_release:DV26.0_R01_1725.a",
	"MRAcquisitionType": "2D",
	"SeriesDescription": "ORIG_GRE-ME",
	"ProtocolName": "ORIG_GRE-ME",
	"ScanningSequence": "GR",
	"SequenceVariant": "SS_SK",
	"ScanOptions": "FAST_GEMS_FC_SAT_GEMS_EDR_GEMS_ACC_GEMS_SP",
	"ImageType": ["ORIGINAL", "PRIMARY", "OTHER"],
	"SeriesNumber": 40010,
	"AcquisitionTime": "21:37:58.000000",
	"AcquisitionNumber": 1,
	"SliceThickness": 5,
	"SpacingBetweenSlices": 5,
	"SAR": 0.623031,
	"EchoTime": 0.011644,
	"RepetitionTime": 0.6,
	"FlipAngle": 30,
	"PercentPhaseFOV": 100,
	"EchoTrainLength": 3,
	"AcquisitionMatrixPE": 448,
	"ReconMatrixPE": 448,
	"PixelBandwidth": 279.018,
	"ImageOrientationPatientDICOM": [
		1,
		-0,
		0,
		-0,
		0.99926,
		-0.03837	],
	"InPlanePhaseEncodingDirectionDICOM": "COL",
	"ConversionSoftware": "dcm2niix",
	"ConversionSoftwareVersion": "v1.0.20171215 (OpenJPEG build) GCC7.3.0"
}
