{
    "Modality": "MR", 
    "MagneticFieldStrength": 3, 
    "ImagingFrequency": 123.173, 
    "Manufacturer": "Siemens", 
    "ManufacturersModelName": "Prisma_fit", 
    "InstitutionName": "CMRR_3T-B", 
    "InstitutionalDepartmentName": "Research", 
    "InstitutionAddress": "6th_SE_2021_Minneapolis_Minneapolis_US_55455", 
    "DeviceSerialNumber": "67010", 
    "StationName": "TRIOB", 
    "BodyPartExamined": "CSPINE", 
    "PatientPosition": "HFS", 
    "ProcedureStepDescription": "Joers_MontrealSpine", 
    "SoftwareVersions": "syngo_MR_E11", 
    "MRAcquisitionType": "2D", 
    "SeriesDescription": "DWI", 
    "ProtocolName": "DWI", 
    "ScanningSequence": "EP", 
    "SequenceVariant": "SK_SP", 
    "ScanOptions": "PFP_SFS_CT", 
    "SequenceName": "_ez_b0", 
    "ImageType": [
        "ORIGINAL", 
        "PRIMARY", 
        "DIFFUSION", 
        "NONE", 
        "ND", 
        "MOSAIC"
    ], 
    "SeriesNumber": 34, 
    "AcquisitionTime": "16:23:37.317500", 
    "AcquisitionNumber": 1, 
    "SliceThickness": 5, 
    "SpacingBetweenSlices": 5, 
    "SAR": 0.435521, 
    "EchoTime": 0.06, 
    "RepetitionTime": 0.61, 
    "FlipAngle": 90, 
    "PartialFourier": 0.875, 
    "BaseResolution": 96, 
    "ShimSetting": [
        -1093, 
        -11870, 
        -3862, 
        -772, 
        -49, 
        2012, 
        414, 
        -68
    ], 
    "DiffusionScheme": "Monopolar", 
    "TxRefAmp": 235, 
    "PhaseResolution": 1, 
    "ReceiveCoilName": "Spine_32", 
    "ReceiveCoilActiveElements": "HC7;NC1,2;SP1", 
    "CoilString": "HC7;NC1_2;SP1", 
    "PulseSequenceDetails": "%SiemensSeq%_ep2d_diff", 
    "ConsistencyInfo": "N4_VE11C_LATEST_20160120", 
    "PercentPhaseFOV": 37.5, 
    "EchoTrainLength": 31, 
    "PhaseEncodingSteps": 31, 
    "AcquisitionMatrixPE": 36, 
    "ReconMatrixPE": 36, 
    "BandwidthPerPixelPhaseEncode": 29.551, 
    "EffectiveEchoSpacing": 0.000939995, 
    "DerivedVendorReportedEchoSpacing": 0.000939994, 
    "TotalReadoutTime": 0.0328998, 
    "PixelBandwidth": 1270, 
    "DwellTime": 4.1e-06, 
    "PhaseEncodingDirection": "j-", 
    "SliceTiming": [
        0, 
        0.765, 
        1.5, 
        2.22, 
        2.94, 
        0.1975, 
        0.9625, 
        1.6975, 
        2.4175, 
        3.1375, 
        0.3925, 
        1.1575, 
        1.8925, 
        2.615, 
        3.3325
    ], 
    "ImageOrientationPatientDICOM": [
        0.995747, 
        -0.0185531, 
        0.0902476, 
        1.87755e-08, 
        0.979516, 
        0.201368
    ], 
    "InPlanePhaseEncodingDirectionDICOM": "COL", 
    "ConversionSoftware": "dcm2niix", 
    "ConversionSoftwareVersion": "v1.0.20190410  (JP2:OpenJPEG) (JP-LS:CharLS) Clang8.1.0", 
    "Dcm2bidsVersion": "2.1.4"
}