{
    "Modality": "MR", 
    "MagneticFieldStrength": 3, 
    "ImagingFrequency": 123.228, 
    "Manufacturer": "Siemens", 
    "ManufacturersModelName": "Skyra", 
    "InstitutionName": "Istituto_Neurologico_Mondino", 
    "InstitutionalDepartmentName": "Department", 
    "InstitutionAddress": "Via_Mondino_2_Pavia_District_IT_27100", 
    "DeviceSerialNumber": "45358", 
    "StationName": "AWP45358", 
    "BodyPartExamined": "CSPINE", 
    "PatientPosition": "HFS", 
    "ProcedureStepDescription": "R.M._CERVICALE_-_3T", 
    "SoftwareVersions": "syngo_MR_D13C", 
    "MRAcquisitionType": "2D", 
    "SeriesDescription": "DWI", 
    "ProtocolName": "DWI", 
    "ScanningSequence": "EP", 
    "SequenceVariant": "SK_SP", 
    "ScanOptions": "PFP_SFS_CT", 
    "SequenceName": "_ez_b0", 
    "ImageType": [
        "ORIGINAL", 
        "PRIMARY", 
        "DIFFUSION", 
        "NONE", 
        "ND", 
        "NORM", 
        "MOSAIC"
    ], 
    "SeriesNumber": 4, 
    "AcquisitionTime": "19:24:57.732500", 
    "AcquisitionNumber": 1, 
    "SliceThickness": 5, 
    "SpacingBetweenSlices": 5, 
    "SAR": 0.236465, 
    "EchoTime": 0.085, 
    "RepetitionTime": 0.64, 
    "FlipAngle": 90, 
    "PartialFourier": 0.875, 
    "BaseResolution": 96, 
    "ShimSetting": [
        6619, 
        -821, 
        7118, 
        -1393, 
        190, 
        4112, 
        1490, 
        -83
    ], 
    "TxRefAmp": 407.77, 
    "PhaseResolution": 1, 
    "ReceiveCoilName": "HeadNeck_20", 
    "ReceiveCoilActiveElements": "HE3,4;NE1,2", 
    "CoilString": "HE3_4;NE1_2", 
    "PulseSequenceDetails": "%SiemensSeq%_ep2d_diff", 
    "ConsistencyInfo": "N4_VD13C_LATEST_20121124", 
    "PercentPhaseFOV": 37.5, 
    "EchoTrainLength": 31, 
    "PhaseEncodingSteps": 31, 
    "AcquisitionMatrixPE": 36, 
    "ReconMatrixPE": 36, 
    "BandwidthPerPixelPhaseEncode": 19.984, 
    "EffectiveEchoSpacing": 0.00139, 
    "DerivedVendorReportedEchoSpacing": 0.00139, 
    "TotalReadoutTime": 0.04865, 
    "PixelBandwidth": 915, 
    "DwellTime": 5.7e-06, 
    "PhaseEncodingDirection": "j-", 
    "SliceTiming": [
        0, 
        0.99, 
        1.955, 
        2.95, 
        3.885, 
        0.205, 
        1.195, 
        2.16, 
        3.155, 
        4.09, 
        0.4125, 
        1.4025, 
        2.3675, 
        3.3625, 
        4.2975
    ], 
    "ImageOrientationPatientDICOM": [
        1, 
        0, 
        0, 
        0, 
        1, 
        0
    ], 
    "InPlanePhaseEncodingDirectionDICOM": "COL", 
    "ConversionSoftware": "dcm2niix", 
    "ConversionSoftwareVersion": "v1.0.20181125  GCC4.8.2", 
    "Dcm2bidsVersion": "2.1.4"
}