{
    "Modality": "MR",
    "MagneticFieldStrength": 3,
    "Manufacturer": "Siemens",
    "ManufacturersModelName": "Prisma",
    "InstitutionName": "National_Brain_Mappin_Lab.",
    "InstitutionalDepartmentName": "Department",
    "InstitutionAddress": "Street_StreetNo_City_District_IR_ZIP",
    "DeviceSerialNumber": "66088",
    "StationName": "AWP66088",
    "BodyPartExamined": "HEAD",
    "PatientPosition": "HFS",
    "ProcedureStepDescription": "NBML_Project_P-97162_KHATIBI",
    "SoftwareVersions": "syngo_MR_E11",
    "MRAcquisitionType": "2D",
    "SeriesDescription": "GRE-ME",
    "ProtocolName": "GRE-ME",
    "ScanningSequence": "GR",
    "SequenceVariant": "SP",
    "ScanOptions": "SAT1",
    "SequenceName": "_me2d1r3",
    "ImageType": [
        "ORIGINAL",
        "PRIMARY",
        "M",
        "NORM",
        "DIS2D"
    ],
    "SeriesNumber": 9,
    "AcquisitionTime": "19:31:51.295000",
    "AcquisitionNumber": 1,
    "SliceThickness": 5,
    "SpacingBetweenSlices": 5,
    "SAR": 0.18112,
    "EchoTime": 0.014,
    "RepetitionTime": 0.6,
    "FlipAngle": 30,
    "PartialFourier": 1,
    "BaseResolution": 448,
    "ShimSetting": [
        2584,
        -4735,
        -3536,
        -2386,
        99,
        -71,
        1181,
        -353
    ],
    "TxRefAmp": 266.458,
    "PhaseResolution": 1,
    "ReceiveCoilName": "HeadNeck_64",
    "ReceiveCoilActiveElements": "HC3-7;NC1,2",
    "PulseSequenceDetails": "%SiemensSeq%_medic",
    "ConsistencyInfo": "N4_VE11B_LATEST_20150530",
    "PercentPhaseFOV": 100,
    "EchoTrainLength": 3,
    "PhaseEncodingSteps": 447,
    "AcquisitionMatrixPE": 448,
    "ReconMatrixPE": 448,
    "ParallelReductionFactorInPlane": 2,
    "PixelBandwidth": 260,
    "DwellTime": 4.3e-06,
    "PhaseEncodingDirection": "j-",
    "ImageOrientationPatientDICOM": [
        1,
        0,
        0,
        0,
        0.992332,
        0.123601
    ],
    "InPlanePhaseEncodingDirectionDICOM": "COL",
    "ConversionSoftware": "dcm2niix",
    "ConversionSoftwareVersion": "v1.0.20180622 GCC5.3.1",
    "AcquisitionDuration": 285.0,
    "SpatialReference": {
        "Reorientation": "RPI",
        "Other": "root-mean square across 4th dimension (if it exists)"
    }
}