{
    "Modality": "MR", 
    "MagneticFieldStrength": 3, 
    "ImagingFrequency": 123.249, 
    "Manufacturer": "Siemens", 
    "ManufacturersModelName": "Verio", 
    "InstitutionName": "Beijing_Tiantan_Hospital", 
    "InstitutionalDepartmentName": "Department", 
    "InstitutionAddress": "Street_StreetNo_Beijinig_63f344_District_CN_ZIP", 
    "DeviceSerialNumber": "40717", 
    "StationName": "MRC40717", 
    "PatientPosition": "HFS", 
    "ProcedureStepDescription": "c-spine_clinical_libraries", 
    "SoftwareVersions": "syngo_MR_B19", 
    "MRAcquisitionType": "3D", 
    "SeriesDescription": "T1w", 
    "ProtocolName": "T1w", 
    "ScanningSequence": "GR_IR", 
    "SequenceVariant": "SP_MP", 
    "ScanOptions": "IR", 
    "SequenceName": "_tfl3d1", 
    "ImageType": [
        "ORIGINAL", 
        "PRIMARY", 
        "M", 
        "NORM", 
        "DIS2D"
    ], 
    "SeriesNumber": 2, 
    "AcquisitionTime": "19:01:46.942500", 
    "AcquisitionNumber": 1, 
    "SliceThickness": 1, 
    "SAR": 0.0524554, 
    "EchoTime": 0.00321, 
    "RepetitionTime": 2, 
    "InversionTime": 1, 
    "FlipAngle": 9, 
    "PartialFourier": 1, 
    "BaseResolution": 320, 
    "ShimSetting": [
        -4836, 
        12573, 
        14558, 
        -120, 
        26, 
        -529, 
        146, 
        61
    ], 
    "TxRefAmp": 394.126, 
    "PhaseResolution": 1, 
    "ReceiveCoilName": "NeckMatrix", 
    "CoilString": "T:HEP;NE1_2;SP1", 
    "PulseSequenceDetails": "%SiemensSeq%_tfl", 
    "RefLinesPE": 32, 
    "PercentPhaseFOV": 81.25, 
    "PhaseEncodingSteps": 259, 
    "AcquisitionMatrixPE": 260, 
    "ReconMatrixPE": 260, 
    "ParallelReductionFactorInPlane": 2, 
    "PixelBandwidth": 150, 
    "DwellTime": 1.04e-05, 
    "ImageOrientationPatientDICOM": [
        0, 
        1, 
        -0.000349045, 
        0, 
        -0.000349045, 
        -1
    ], 
    "InPlanePhaseEncodingDirectionDICOM": "ROW", 
    "ConversionSoftware": "dcm2niix", 
    "ConversionSoftwareVersion": "v1.0.20190902", 
    "Dcm2bidsVersion": "2.1.4"
}