{
    "Modality": "MR",
    "MagneticFieldStrength": 3,
    "ImagingFrequency": 123.191,
    "Manufacturer": "Siemens",
    "ManufacturersModelName": "Prisma",
    "InstitutionName": "National_Brain_Mappin_Lab.",
    "InstitutionalDepartmentName": "Department",
    "InstitutionAddress": "Street_StreetNo_City_District_IR_ZIP",
    "DeviceSerialNumber": "66088",
    "StationName": "AWP66088",
    "BodyPartExamined": "HEAD",
    "PatientPosition": "HFS",
    "ProcedureStepDescription": "NBML_Project_P-97162_KHATIBI",
    "SoftwareVersions": "syngo_MR_E11",
    "MRAcquisitionType": "3D",
    "SeriesDescription": "T1w",
    "ProtocolName": "T1w",
    "ScanningSequence": "GR_IR",
    "SequenceVariant": "SK_SP_MP",
    "ScanOptions": "IR",
    "SequenceName": "_tfl3d1_16",
    "ImageType": [
        "ORIGINAL",
        "PRIMARY",
        "M",
        "NORM",
        "DIS3D",
        "DIS2D"
    ],
    "SeriesNumber": 4,
    "AcquisitionTime": "19:43:50.172500",
    "AcquisitionNumber": 1,
    "SliceThickness": 1,
    "SAR": 0.0448881,
    "EchoTime": 0.00372,
    "RepetitionTime": 2,
    "InversionTime": 1,
    "FlipAngle": 9,
    "PartialFourier": 1,
    "BaseResolution": 320,
    "ShimSetting": [
        2604,
        -4469,
        -3523,
        64,
        -4,
        77,
        -23,
        -9
    ],
    "TxRefAmp": 251.596,
    "PhaseResolution": 1,
    "ReceiveCoilName": "HeadNeck_64",
    "ReceiveCoilActiveElements": "HC2-7;NC1,2;SP1",
    "CoilString": "HC2-7;NC1_2;SP1",
    "PulseSequenceDetails": "%SiemensSeq%_tfl",
    "RefLinesPE": 24,
    "ConsistencyInfo": "N4_VE11B_LATEST_20150530",
    "PercentPhaseFOV": 81.25,
    "PhaseEncodingSteps": 259,
    "AcquisitionMatrixPE": 260,
    "ReconMatrixPE": 260,
    "PixelBandwidth": 150,
    "DwellTime": 1.04e-05,
    "ImageOrientationPatientDICOM": [
        0,
        1,
        0,
        -0.0279217,
        0,
        -0.99961
    ],
    "InPlanePhaseEncodingDirectionDICOM": "ROW",
    "ConversionSoftware": "dcm2niix",
    "ConversionSoftwareVersion": "v1.0.20190410  Clang4.0.1",
    "Dcm2bidsVersion": "2.1.4"
}