{
    "Modality": "MR", 
    "MagneticFieldStrength": 3, 
    "Manufacturer": "Philips", 
    "ManufacturersModelName": "Ingenia_Elition_X", 
    "InstitutionName": "UBC_MRI_Research_Centre", 
    "InstitutionalDepartmentName": "CBH_MR", 
    "InstitutionAddress": "2215_Wesbrook_Mall", 
    "DeviceSerialNumber": "45052", 
    "StationName": "PHILIPS-1KQ0JBG", 
    "BodyPartExamined": "BRAIN", 
    "PatientPosition": "HFS", 
    "SoftwareVersions": "5.5.2_5.5.2.0", 
    "MRAcquisitionType": "3D", 
    "SeriesDescription": "T1w", 
    "ProtocolName": "WIP_T1w", 
    "ScanningSequence": "GR", 
    "SequenceVariant": "MP", 
    "ScanOptions": "OTHER", 
    "ImageType": [
        "ORIGINAL", 
        "PRIMARY", 
        "M", 
        "FFE", 
        "M", 
        "FFE"
    ], 
    "SeriesNumber": 1201, 
    "AcquisitionTime": "11:02:12.840000", 
    "AcquisitionNumber": 12, 
    "PhilipsRWVSlope": 4.23443, 
    "PhilipsRWVIntercept": 0, 
    "PhilipsRescaleSlope": 4.23443, 
    "PhilipsRescaleIntercept": 0, 
    "PhilipsScaleSlope": 0.00383708, 
    "UsePhilipsFloatNotDisplayScaling": 1, 
    "SliceThickness": 1, 
    "SpacingBetweenSlices": 1, 
    "SAR": 0.513783, 
    "EchoTime": 0.003542, 
    "RepetitionTime": 0.0077562, 
    "FlipAngle": 9, 
    "PercentPhaseFOV": 81.25, 
    "EchoTrainLength": 246, 
    "PhaseEncodingSteps": 320, 
    "AcquisitionMatrixPE": 320, 
    "ReconMatrixPE": 320, 
    "PixelBandwidth": 191, 
    "ImageOrientationPatientDICOM": [
        0, 
        1, 
        0, 
        -0.0310815, 
        0, 
        -0.999517
    ], 
    "InPlanePhaseEncodingDirectionDICOM": "ROW", 
    "ConversionSoftware": "dcm2niix", 
    "ConversionSoftwareVersion": "v1.0.20180622 (JP2:OpenJPEG) GCC6.1.0", 
    "Dcm2bidsVersion": "2.1.4"
}