{
	"Modality": "MR",
	"MagneticFieldStrength": 3,
	"ImagingFrequency": 127.771,
	"Manufacturer": "GE",
	"ManufacturersModelName": "DISCOVERY_MR750w",
	"InstitutionName": "TOKYO_UNIV_HOSPITAL",
	"DeviceSerialNumber": "0000000000EM0204",
	"StationName": "MRX07",
	"PatientPosition": "HFS",
	"SoftwareVersions": "24_LX_MR_Software_release:DV24.0_R01_1344.a",
	"MRAcquisitionType": "2D",
	"SeriesDescription": "DWI",
	"ProtocolName": "DWI",
	"ScanningSequence": "EP_SE",
	"SequenceVariant": "NONE",
	"ScanOptions": "SAT_GEMS_PPG_EDR_GEMS_EPI_GEMS_PFF_SP_FS",
	"ImageType": ["ORIGINAL", "PRIMARY", "OTHER"],
	"SeriesNumber": 6,
	"AcquisitionTime": "13:16:57.000000",
	"AcquisitionNumber": 1,
	"SliceThickness": 5,
	"SpacingBetweenSlices": 5,
	"SAR": 0.0600096,
	"EchoTime": 0.0902,
	"RepetitionTime": 6.48649,
	"FlipAngle": 90,
	"PhaseEncodingPolarityGE": "Flipped",
	"CoilString": "Head+Neck_40",
	"PercentPhaseFOV": 50,
	"AcquisitionMatrixPE": 48,
	"ReconMatrixPE": 96,
	"EffectiveEchoSpacing": 0.001216,
	"TotalReadoutTime": 0.11552,
	"PixelBandwidth": 2083.33,
	"PhaseEncodingDirection": "j",
	"SliceTiming": [
		0.242,
		0,
		0,
		0.242,
		0.242,
		0,
		0,
		0.242,
		0.242,
		0,
		0,
		0.242,
		0.242,
		0,
		0	],
	"ImageOrientationPatientDICOM": [
		0.996676,
		0.0754025,
		0.0308546,
		-0.0785734,
		0.989733,
		0.119393	],
	"InPlanePhaseEncodingDirectionDICOM": "COL",
	"ConversionSoftware": "dcm2niix",
	"ConversionSoftwareVersion": "v1.0.20181125  Clang10.0.0"
}
