{
    "Modality": "MR", 
    "MagneticFieldStrength": 3, 
    "ImagingFrequency": 123.228, 
    "Manufacturer": "Siemens", 
    "ManufacturersModelName": "Skyra", 
    "InstitutionName": "Istituto_Neurologico_Mondino", 
    "InstitutionalDepartmentName": "Department", 
    "InstitutionAddress": "Via_Mondino_2_Pavia_District_IT_27100", 
    "DeviceSerialNumber": "45358", 
    "StationName": "AWP45358", 
    "BodyPartExamined": "HEAD", 
    "PatientPosition": "HFS", 
    "ProcedureStepDescription": "R.M._DEL_CERVELLO_E_DEL_TRONCO_ENCEFALICO_-_3T", 
    "SoftwareVersions": "syngo_MR_D13C", 
    "MRAcquisitionType": "3D", 
    "SeriesDescription": "GRE-T1w", 
    "ProtocolName": "GRE-T1w", 
    "ScanningSequence": "GR", 
    "SequenceVariant": "SP", 
    "SequenceName": "_fl3d1", 
    "ImageType": [
        "ORIGINAL", 
        "PRIMARY", 
        "M", 
        "NORM", 
        "DIS2D"
    ], 
    "SeriesNumber": 8, 
    "AcquisitionTime": "19:15:37.372500", 
    "AcquisitionNumber": 1, 
    "SliceThickness": 5, 
    "SAR": 0.0496829, 
    "EchoTime": 0.00316, 
    "RepetitionTime": 0.015, 
    "FlipAngle": 15, 
    "PartialFourier": 1, 
    "BaseResolution": 256, 
    "ShimSetting": [
        6663, 
        -728, 
        6960, 
        -474, 
        -156, 
        549, 
        335, 
        -57
    ], 
    "TxRefAmp": 389.196, 
    "PhaseResolution": 1, 
    "ReceiveCoilName": "Spine_32", 
    "ReceiveCoilActiveElements": "HE3,4;NE1,2;SP1", 
    "CoilString": "HE3_4;NE1_2;SP1", 
    "PulseSequenceDetails": "%SiemensSeq%_gre", 
    "ConsistencyInfo": "N4_VD13C_LATEST_20121124", 
    "PercentPhaseFOV": 100, 
    "PhaseEncodingSteps": 255, 
    "AcquisitionMatrixPE": 256, 
    "ReconMatrixPE": 256, 
    "PixelBandwidth": 260, 
    "DwellTime": 7.5e-06, 
    "ImageOrientationPatientDICOM": [
        0.999658, 
        -0.00593107, 
        0.0254863, 
        -3.23784e-08, 
        0.973974, 
        0.22666
    ], 
    "InPlanePhaseEncodingDirectionDICOM": "COL", 
    "ConversionSoftware": "dcm2niix", 
    "ConversionSoftwareVersion": "v1.0.20181125  GCC4.8.2", 
    "Dcm2bidsVersion": "2.1.4"
}