{
    "Modality": "MR", 
    "MagneticFieldStrength": 3, 
    "ImagingFrequency": 123.253, 
    "Manufacturer": "Siemens", 
    "ManufacturersModelName": "Prisma", 
    "InstitutionName": "Institut_fur_Neuroradiologie", 
    "InstitutionalDepartmentName": "Department", 
    "InstitutionAddress": "Fetscherstrasse_74_Dresden_District_DE_01307", 
    "DeviceSerialNumber": "166061", 
    "StationName": "AWP166061", 
    "BodyPartExamined": "CSPINE", 
    "PatientPosition": "HFS", 
    "ProcedureStepDescription": "Neurorad_intern_GM-WM_spinal", 
    "SoftwareVersions": "syngo_MR_E11", 
    "MRAcquisitionType": "2D", 
    "SeriesDescription": "DWI", 
    "ProtocolName": "DWI", 
    "ScanningSequence": "EP", 
    "SequenceVariant": "SK_SP", 
    "ScanOptions": "PFP_SFS_CT", 
    "SequenceName": "_ez_b0", 
    "ImageType": [
        "ORIGINAL", 
        "PRIMARY", 
        "DIFFUSION", 
        "NONE", 
        "ND", 
        "MOSAIC"
    ], 
    "SeriesNumber": 5, 
    "AcquisitionTime": "12:05:34.020000", 
    "AcquisitionNumber": 1, 
    "SliceThickness": 5, 
    "SpacingBetweenSlices": 5, 
    "SAR": 0.331382, 
    "EchoTime": 0.06, 
    "RepetitionTime": 0.61, 
    "FlipAngle": 90, 
    "PartialFourier": 0.875, 
    "BaseResolution": 96, 
    "ShimSetting": [
        5977, 
        -9877, 
        3513, 
        -1360, 
        -353, 
        136, 
        -241, 
        32
    ], 
    "DiffusionScheme": "Monopolar", 
    "TxRefAmp": 263.389, 
    "PhaseResolution": 1, 
    "ReceiveCoilName": "HeadNeck_64", 
    "ReceiveCoilActiveElements": "HC5-7;NC1,2", 
    "CoilString": "HC5-7;NC1_2", 
    "PulseSequenceDetails": "%SiemensSeq%_ep2d_diff", 
    "ConsistencyInfo": "N4_VE11C_LATEST_20160120", 
    "PercentPhaseFOV": 37.5, 
    "EchoTrainLength": 31, 
    "PhaseEncodingSteps": 31, 
    "AcquisitionMatrixPE": 36, 
    "ReconMatrixPE": 36, 
    "BandwidthPerPixelPhaseEncode": 29.551, 
    "EffectiveEchoSpacing": 0.000939995, 
    "DerivedVendorReportedEchoSpacing": 0.000939994, 
    "TotalReadoutTime": 0.0328998, 
    "PixelBandwidth": 1270, 
    "DwellTime": 4.1e-06, 
    "PhaseEncodingDirection": "j-", 
    "SliceTiming": [
        0, 
        1.06, 
        2.055, 
        3.07, 
        4.0925, 
        0.1975, 
        1.2575, 
        2.2525, 
        3.2675, 
        4.2875, 
        0.395, 
        1.455, 
        2.45, 
        3.465, 
        4.485
    ], 
    "ImageOrientationPatientDICOM": [
        1, 
        0, 
        0, 
        0, 
        0.995227, 
        -0.0975829
    ], 
    "InPlanePhaseEncodingDirectionDICOM": "COL", 
    "ConversionSoftware": "dcm2niix", 
    "ConversionSoftwareVersion": "v1.0.20190410  (JP2:OpenJPEG) (JP-LS:CharLS) Clang8.1.0", 
    "Dcm2bidsVersion": "2.1.4"
}