{
	"Modality": "MR",
	"MagneticFieldStrength": 3,
	"ImagingFrequency": 127.759,
	"Manufacturer": "Philips",
	"ManufacturersModelName": "Achieva_dStream",
	"InstitutionName": "Vanderbilt_Health_and_williamson",
	"InstitutionalDepartmentName": "Research_MRI",
	"InstitutionAddress": "1161_21st_Ave_South",
	"DeviceSerialNumber": "17240",
	"StationName": "mr3tb",
	"BodyPartExamined": "SPINE",
	"PatientPosition": "HFS",
	"ProcedureStepDescription": "Smith_236674",
	"SoftwareVersions": "5.3.0_5.3.0.3",
	"MRAcquisitionType": "2D",
	"SeriesDescription": "GRE-ME",
	"ProtocolName": "WIP_GRE-ME",
	"ScanningSequence": "GR",
	"SequenceVariant": "SS",
	"ScanOptions": "PFF",
	"ImageType": ["ORIGINAL", "PRIMARY", "M", "FFE", "M", "FFE"],
	"SeriesNumber": 701,
	"AcquisitionTime": "11:36:22.630000",
	"AcquisitionNumber": 7,
	"PhilipsRescaleSlope": 6.39267,
	"PhilipsRescaleIntercept": 0,
	"PhilipsScaleSlope": 0.0562557,
	"UsePhilipsFloatNotDisplayScaling": 1,
	"SliceThickness": 5,
	"SpacingBetweenSlices": 5,
	"EchoNumber": 1,
	"EchoTime": 0.002046,
	"RepetitionTime": 0.625,
	"FlipAngle": 30,
	"CoilString": "MULTI_COIL",
	"PartialFourier": 0.009375,
	"PercentPhaseFOV": 100,
	"EchoTrainLength": 3,
	"PhaseEncodingSteps": 320,
	"AcquisitionMatrixPE": 320,
	"ReconMatrixPE": 320,
	"PixelBandwidth": 241.127,
	"PhaseEncodingAxis": "j",
	"ImageOrientationPatientDICOM": [
		0.99939,
		7.90538e-10,
		-0.0349319,
		0.0111129,
		0.948047,
		0.317935	],
	"InPlanePhaseEncodingDirectionDICOM": "COL",
	"ConversionSoftware": "dcm2niix",
	"ConversionSoftwareVersion": "v1.0.20181022  GCC4.8.5"
}
