{
    "Modality": "MR", 
    "MagneticFieldStrength": 3, 
    "ImagingFrequency": 127.753, 
    "Manufacturer": "Philips", 
    "ManufacturersModelName": "Achieva", 
    "InstitutionName": "Fondazione_S.Lucia", 
    "InstitutionalDepartmentName": "Diagnostica_per_Immagine", 
    "DeviceSerialNumber": "34249", 
    "StationName": "PHILIPS-29CDACE", 
    "BodyPartExamined": "SPINE", 
    "PatientPosition": "HFS", 
    "ProcedureStepDescription": "FRATINI", 
    "SoftwareVersions": "5.4.1_5.4.1.1", 
    "MRAcquisitionType": "3D", 
    "SeriesDescription": "GRE-T1", 
    "ProtocolName": "GRE-T1", 
    "ScanningSequence": "GR", 
    "SequenceVariant": "SP", 
    "ScanOptions": "PFF", 
    "ImageType": [
        "ORIGINAL", 
        "PRIMARY", 
        "M", 
        "FFE", 
        "M", 
        "FFE"
    ], 
    "SeriesNumber": 1001, 
    "AcquisitionTime": "16:54:35.950000", 
    "AcquisitionNumber": 10, 
    "PhilipsRWVSlope": 1.41929, 
    "PhilipsRWVIntercept": 0, 
    "PhilipsRescaleSlope": 1.41929, 
    "PhilipsRescaleIntercept": 0, 
    "PhilipsScaleSlope": 5.26897e-05, 
    "UsePhilipsFloatNotDisplayScaling": 1, 
    "SliceThickness": 5, 
    "SpacingBetweenSlices": 5, 
    "SAR": 0.00329597, 
    "EchoTime": 0.002001, 
    "RepetitionTime": 0.103, 
    "FlipAngle": 15, 
    "CoilString": "MULTI_COIL", 
    "PercentPhaseFOV": 100, 
    "PhaseEncodingSteps": 256, 
    "AcquisitionMatrixPE": 256, 
    "ReconMatrixPE": 256, 
    "PixelBandwidth": 260, 
    "ImageOrientationPatientDICOM": [
        0.998326, 
        -0.0480317, 
        0.0322091, 
        0.0410084, 
        0.980665, 
        0.19135
    ], 
    "InPlanePhaseEncodingDirectionDICOM": "COL", 
    "ConversionSoftware": "dcm2niix", 
    "ConversionSoftwareVersion": "v1.0.20190410  (JP2:OpenJPEG) (JP-LS:CharLS) Clang8.1.0", 
    "Dcm2bidsVersion": "2.1.4"
}