{
    "Modality": "MR",
    "MagneticFieldStrength": 3,
    "Manufacturer": "Siemens",
    "ManufacturersModelName": "Verio",
    "InstitutionName": "CEMEREM",
    "InstitutionalDepartmentName": "CEMEREM",
    "InstitutionAddress": "RUE_ST_PIERRE_264_MARSEILLE...92C536..._District_FR_13006",
    "DeviceSerialNumber": "40146",
    "StationName": "MRC40146",
    "PatientPosition": "HFS",
    "ProcedureStepDescription": "MOELLE_CRMBM_SPINE_SOP",
    "SoftwareVersions": "syngo_MR_B17",
    "MRAcquisitionType": "3D",
    "SeriesDescription": "GRE-T1w",
    "ProtocolName": "GRE-T1w",
    "ScanningSequence": "GR",
    "SequenceVariant": "SP",
    "SequenceName": "_fl3d1",
    "ImageType": [
        "ORIGINAL",
        "PRIMARY",
        "M",
        "DIS2D"
    ],
    "SeriesNumber": 8,
    "AcquisitionTime": "12:03:57.230000",
    "AcquisitionNumber": 1,
    "SliceThickness": 5,
    "SAR": 0.0513179,
    "EchoTime": 0.0035,
    "RepetitionTime": 0.015,
    "FlipAngle": 15,
    "PartialFourier": 1,
    "BaseResolution": 256,
    "ShimSetting": [
        -5816,
        12804,
        -11990,
        -271,
        -383,
        1961,
        156,
        -271
    ],
    "TxRefAmp": 431.53,
    "PhaseResolution": 1,
    "ReceiveCoilName": "NeckMatrix",
    "PulseSequenceDetails": "%SiemensSeq%_gre",
    "PercentPhaseFOV": 100,
    "PhaseEncodingSteps": 255,
    "AcquisitionMatrixPE": 256,
    "ReconMatrixPE": 256,
    "ParallelReductionFactorInPlane": 2,
    "PixelBandwidth": 260,
    "DwellTime": 7.5e-06,
    "ImageOrientationPatientDICOM": [
        0.998345,
        -0.00271308,
        0.0574361,
        -3.20917e-08,
        0.998886,
        0.0471845
    ],
    "InPlanePhaseEncodingDirectionDICOM": "COL",
    "ConversionSoftware": "dcm2niix",
    "ConversionSoftwareVersion": "v1.0.20171215 (OpenJPEG build) Clang8.1.0",
    "SpatialReference": {
        "Reorientation": "RPI"
    }
}