{
    "Modality": "MR", 
    "MagneticFieldStrength": 3, 
    "ImagingFrequency": 123.253, 
    "Manufacturer": "Siemens", 
    "ManufacturersModelName": "Prisma", 
    "InstitutionName": "CUBRIC", 
    "InstitutionalDepartmentName": "Department", 
    "InstitutionAddress": "Maindy_Road_CARDIFF_Wales_GB_CF24_4HQ", 
    "DeviceSerialNumber": "66073", 
    "StationName": "AWP66073", 
    "BodyPartExamined": "SPINE", 
    "PatientPosition": "HFS", 
    "ProcedureStepDescription": "3TWproj_324_SpinalCord", 
    "SoftwareVersions": "syngo_MR_E11", 
    "MRAcquisitionType": "2D", 
    "SeriesDescription": "DWI", 
    "ProtocolName": "DWI", 
    "ScanningSequence": "EP", 
    "SequenceVariant": "SK_SP", 
    "ScanOptions": "PFP_SFS_CT", 
    "SequenceName": "_ez_b0", 
    "ImageType": [
        "ORIGINAL", 
        "PRIMARY", 
        "DIFFUSION", 
        "NONE", 
        "ND", 
        "MOSAIC"
    ], 
    "SeriesNumber": 4, 
    "AcquisitionTime": "10:24:8.167500", 
    "AcquisitionNumber": 1, 
    "SliceThickness": 5, 
    "SpacingBetweenSlices": 5, 
    "SAR": 0.395191, 
    "EchoTime": 0.061, 
    "RepetitionTime": 0.62, 
    "FlipAngle": 90, 
    "PartialFourier": 0.875, 
    "BaseResolution": 96, 
    "ShimSetting": [
        9678, 
        -90, 
        -2789, 
        -1870, 
        -841, 
        5049, 
        -52, 
        530
    ], 
    "TxRefAmp": 261.634, 
    "PhaseResolution": 1, 
    "ReceiveCoilName": "HeadNeck_64", 
    "ReceiveCoilActiveElements": "HC7;NC1,2", 
    "CoilString": "HC7;NC1_2", 
    "PulseSequenceDetails": "%SiemensSeq%_ep2d_diff", 
    "ConsistencyInfo": "N4_VE11C_LATEST_20160120", 
    "PercentPhaseFOV": 37.5, 
    "EchoTrainLength": 31, 
    "PhaseEncodingSteps": 31, 
    "AcquisitionMatrixPE": 36, 
    "ReconMatrixPE": 36, 
    "BandwidthPerPixelPhaseEncode": 28.935, 
    "EffectiveEchoSpacing": 0.000960006, 
    "DerivedVendorReportedEchoSpacing": 0.000960006, 
    "TotalReadoutTime": 0.0336002, 
    "PixelBandwidth": 1270, 
    "DwellTime": 4.1e-06, 
    "PhaseEncodingDirection": "j-", 
    "SliceTiming": [
        0, 
        0.92, 
        1.8, 
        2.605, 
        3.475, 
        0.2, 
        1.12, 
        2, 
        2.805, 
        3.675, 
        0.4, 
        1.32, 
        2.2, 
        3.005, 
        3.875
    ], 
    "ImageOrientationPatientDICOM": [
        0.998244, 
        -0.0143555, 
        0.0574693, 
        -4.47745e-09, 
        0.97019, 
        0.242347
    ], 
    "InPlanePhaseEncodingDirectionDICOM": "COL", 
    "ConversionSoftware": "dcm2niix", 
    "ConversionSoftwareVersion": "v1.0.20181125  (JP2:OpenJPEG) (JP-LS:CharLS) Clang8.1.0", 
    "Dcm2bidsVersion": "2.1.4"
}