{
	"Modality": "MR",
	"MagneticFieldStrength": 3,
	"ImagingFrequency": 123.247,
	"Manufacturer": "Siemens",
	"ManufacturersModelName": "Prisma_fit",
	"InstitutionName": "Systems_Neuroscience_UKE",
	"InstitutionalDepartmentName": "Department",
	"InstitutionAddress": "Martinistrasse_52_Hamburg_Nord_DE_20246",
	"DeviceSerialNumber": "167015",
	"StationName": "MRC35041",
	"BodyPartExamined": "RUECKENMARK",
	"PatientPosition": "HFS",
	"ProcedureStepDescription": "Systems_Neuroscience_projects",
	"SoftwareVersions": "syngo_MR_E11",
	"MRAcquisitionType": "3D",
	"SeriesDescription": "GRE-T1w",
	"ProtocolName": "GRE-T1w",
	"ScanningSequence": "GR",
	"SequenceVariant": "SP",
	"SequenceName": "_fl3d1",
	"ImageType": ["ORIGINAL", "PRIMARY", "M", "DIS2D"],
	"SeriesNumber": 7,
	"AcquisitionTime": "12:54:6.930000",
	"AcquisitionNumber": 1,
	"SliceThickness": 5,
	"SAR": 0.0349916,
	"EchoTime": 0.00313,
	"RepetitionTime": 0.015,
	"FlipAngle": 15,
	"PartialFourier": 1,
	"BaseResolution": 256,
	"ShimSetting": [
		-149,
		-12043,
		-11368,
		-940,
		-296,
		2599,
		-670,
		271	],
	"TxRefAmp": 264.849,
	"PhaseResolution": 1,
	"ReceiveCoilName": "HeadNeck_64",
	"ReceiveCoilActiveElements": "HC5-7;NC1,2",
	"CoilString": "HC5-7;NC1_2",
	"PulseSequenceDetails": "%SiemensSeq%_gre",
	"ConsistencyInfo": "N4_VE11C_LATEST_20160120",
	"PercentPhaseFOV": 100,
	"PhaseEncodingSteps": 255,
	"AcquisitionMatrixPE": 256,
	"ReconMatrixPE": 256,
	"PixelBandwidth": 260,
	"DwellTime": 7.5e-06,
	"ImageOrientationPatientDICOM": [
		0.995623,
		-0.0109527,
		0.0928217,
		2.47924e-08,
		0.99311,
		0.117184	],
	"InPlanePhaseEncodingDirectionDICOM": "COL",
	"ConversionSoftware": "dcm2niix",
	"ConversionSoftwareVersion": "v1.0.20181125  (JP2:OpenJPEG) (JP-LS:CharLS) GCC5.5.0"
}
