{
	"Modality": "MR",
	"MagneticFieldStrength": 3,
	"Manufacturer": "GE",
	"ManufacturersModelName": "DISCOVERY_MR750",
	"InstitutionName": "Stanford_Lucas_Center",
	"DeviceSerialNumber": "0000415723SCHMR2",
	"StationName": "lc3t3",
	"BodyPartExamined": "HEAD",
	"PatientPosition": "HFS",
	"SoftwareVersions": "27_LX_MR_Software_release:DV26.0_R01_1725.a",
	"MRAcquisitionType": "3D",
	"SeriesDescription": "ORIG_T1w",
	"ProtocolName": "ORIG_T1w",
	"ScanningSequence": "GR",
	"SequenceVariant": "SS_SP_SK",
	"ScanOptions": "FAST_GEMS_EDR_GEMS_ACC_GEMS_PFF_IR_GEMS",
	"ImageType": ["ORIGINAL", "PRIMARY", "OTHER"],
	"SeriesNumber": 40004,
	"AcquisitionTime": "18:09:59.000000",
	"AcquisitionNumber": 1,
	"SliceThickness": 1,
	"SpacingBetweenSlices": 1,
	"SAR": 0.398167,
	"EchoTime": 0.001276,
	"RepetitionTime": 0.003532,
	"InversionTime": 1,
	"FlipAngle": 9,
	"PercentPhaseFOV": 80,
	"AcquisitionMatrixPE": 256,
	"ReconMatrixPE": 320,
	"PixelBandwidth": 892.875,
	"ImageOrientationPatientDICOM": [
		-0,
		1,
		0,
		-0,
		-0,
		-1	],
	"InPlanePhaseEncodingDirectionDICOM": "ROW",
	"ConversionSoftware": "dcm2niix",
	"ConversionSoftwareVersion": "v1.0.20171215 (OpenJPEG build) GCC7.3.0"
}
