{
    "Modality": "MR",
    "MagneticFieldStrength": 3,
    "Manufacturer": "GE",
    "ManufacturersModelName": "DISCOVERY_MR750",
    "InstitutionName": "Concordia_University_Perform_Ctr",
    "DeviceSerialNumber": "0000000514848MR1",
    "StationName": "GEMR750",
    "BodyPartExamined": "NECK",
    "PatientPosition": "HFS",
    "SoftwareVersions": "27_LX_MR_Software_release:DV25.1_R02_1649.a",
    "MRAcquisitionType": "3D",
    "SeriesDescription": "GRE-T1w",
    "ProtocolName": "GRE-T1w",
    "ScanningSequence": "GR",
    "SequenceVariant": "SS_SP",
    "ScanOptions": "EDR_GEMS_FILTERED_GEMS_PFF",
    "ImageType": [
        "ORIGINAL",
        "PRIMARY",
        "OTHER"
    ],
    "SeriesNumber": 9,
    "AcquisitionTime": "12:58:28.000000",
    "AcquisitionNumber": 1,
    "SliceThickness": 5,
    "SpacingBetweenSlices": 5,
    "SAR": 0.0432666,
    "EchoTime": 0.004,
    "RepetitionTime": 0.015,
    "FlipAngle": 15,
    "PercentPhaseFOV": 100,
    "AcquisitionMatrixPE": 192,
    "ReconMatrixPE": 230,
    "PixelBandwidth": 362.348,
    "ImageOrientationPatientDICOM": [
        0.999726,
        0.020444,
        0.0114359,
        -0.021656,
        0.99272,
        0.118482
    ],
    "InPlanePhaseEncodingDirectionDICOM": "COL",
    "ConversionSoftware": "dcm2niix",
    "ConversionSoftwareVersion": "v1.0.20180622 (JP2:OpenJPEG) GCC6.1.0",
    "SpatialReference": {
        "Reorientation": "RPI"
    }
}