{
	"Modality": "MR",
	"MagneticFieldStrength": 3,
	"Manufacturer": "GE",
	"ManufacturersModelName": "SIGNA_PET_MR",
	"InstitutionName": "FN_Brno",
	"DeviceSerialNumber": "000000CS1013MR01",
	"StationName": "PETMR",
	"PatientPosition": "HFS",
	"SoftwareVersions": "26_LX_MR_Software_release:MP24.0_R03_1712.b",
	"MRAcquisitionType": "3D",
	"SeriesDescription": "GRE-MT1",
	"ProtocolName": "GRE-MT1",
	"ScanningSequence": "GR",
	"SequenceVariant": "SS_SP",
	"ScanOptions": "EDR_GEMS_MT_GEMS_FILTERED_GEMS_PFF",
	"ImageType": ["ORIGINAL", "PRIMARY", "OTHER"],
	"SeriesNumber": 7,
	"AcquisitionTime": "16:22:35.000000",
	"AcquisitionNumber": 1,
	"SliceThickness": 5,
	"SpacingBetweenSlices": 5,
	"SAR": 2.5666,
	"EchoTime": 0.004,
	"RepetitionTime": 0.035,
	"FlipAngle": 9,
	"PercentPhaseFOV": 100,
	"AcquisitionMatrixPE": 192,
	"ReconMatrixPE": 256,
	"PixelBandwidth": 325.547,
	"ImageOrientationPatientDICOM": [
		0.999862,
		-0,
		-0.0166241,
		0.00126044,
		0.997122,
		0.0758069	],
	"InPlanePhaseEncodingDirectionDICOM": "COL",
	"ConversionSoftware": "dcm2niix",
	"ConversionSoftwareVersion": "v1.0.20180622 (JP2:OpenJPEG) GCC6.1.0"
}
