{
	"Modality": "MR",
	"MagneticFieldStrength": 3,
	"Manufacturer": "Siemens",
	"ManufacturersModelName": "TrioTim",
	"DeviceSerialNumber": "35388",
	"StationName": "MRC35388",
	"PatientPosition": "HFS",
	"ProcedureStepDescription": "RM_CEREBRAL",
	"SoftwareVersions": "syngo_MR_B17",
	"MRAcquisitionType": "3D",
	"SeriesDescription": "T2w",
	"ProtocolName": "T2w",
	"ScanningSequence": "SE",
	"SequenceVariant": "SK_SP",
	"ScanOptions": "PFP",
	"SequenceName": "_spcR3d1_87",
	"ImageType": ["ORIGINAL", "PRIMARY", "M", "NORM", "DIS2D"],
	"SeriesNumber": 13,
	"AcquisitionTime": "17:44:27.780000",
	"AcquisitionNumber": 1,
	"SliceThickness": 0.8,
	"SAR": 1.18858,
	"EchoTime": 0.118,
	"RepetitionTime": 2,
	"FlipAngle": 170,
	"PartialFourier": 1,
	"BaseResolution": 320,
	"ShimSetting": [
		8686,
		-1155,
		-7953,
		133,
		836,
		-44,
		-41,
		-387	],
	"TxRefAmp": 320.806,
	"PhaseResolution": 1.0125,
	"ReceiveCoilName": "NeckMatrix",
	"PulseSequenceDetails": "%SiemensSeq%_tse_vfl",
	"PercentPhaseFOV": 100,
	"EchoTrainLength": 87,
	"PhaseEncodingSteps": 247,
	"AcquisitionMatrixPE": 324,
	"ReconMatrixPE": 320,
	"ParallelReductionFactorInPlane": 2,
	"PixelBandwidth": 625,
	"DwellTime": 2.5e-06,
	"ImageOrientationPatientDICOM": [
		0.00529155,
		0.999986,
		-0.000348833,
		0.0380211,
		-0.00054978,
		-0.999277	],
	"InPlanePhaseEncodingDirectionDICOM": "ROW",
	"ConversionSoftware": "dcm2niix",
	"ConversionSoftwareVersion": "v1.0.20180622 (JP2:OpenJPEG) GCC6.1.0"
}
