{
    "Modality": "MR",
    "MagneticFieldStrength": 3,
    "ImagingFrequency": 127.771,
    "Manufacturer": "Philips",
    "ManufacturersModelName": "Ingenia_Elition_X",
    "InstitutionName": "VANDERBILT_INSTITUTE_OF_IMAGING",
    "InstitutionalDepartmentName": "MRI_DEPT.",
    "InstitutionAddress": "1161_21ST_AVE._SOUTH",
    "DeviceSerialNumber": "45051",
    "StationName": "PHILIPS-JJJ61LI",
    "BodyPartExamined": "CSPINE",
    "PatientPosition": "HFS",
    "ProcedureStepDescription": "Smith_136536",
    "SoftwareVersions": "5.5.0_5.5.0.0",
    "MRAcquisitionType": "3D",
    "SeriesDescription": "T2w",
    "ProtocolName": "WIP_T2w",
    "ScanningSequence": "SE",
    "SequenceVariant": "SK",
    "ScanOptions": "PFP",
    "ImageType": [
        "ORIGINAL",
        "PRIMARY",
        "M",
        "SE",
        "M",
        "SE"
    ],
    "SeriesNumber": 301,
    "AcquisitionTime": "10:17:37.890000",
    "AcquisitionNumber": 3,
    "PhilipsRescaleSlope": 1.47106,
    "PhilipsRescaleIntercept": 0,
    "PhilipsScaleSlope": 0.00100557,
    "UsePhilipsFloatNotDisplayScaling": 1,
    "SliceThickness": 0.8,
    "SpacingBetweenSlices": 0.8,
    "EchoTime": 0.12,
    "RepetitionTime": 3.5,
    "FlipAngle": 90,
    "CoilString": "MULTI_COIL",
    "PartialFourier": 0.288026,
    "PercentPhaseFOV": 92.5,
    "EchoTrainLength": 89,
    "PhaseEncodingSteps": 309,
    "AcquisitionMatrixPE": 309,
    "ReconMatrixPE": 320,
    "PixelBandwidth": 394.571,
    "ImageOrientationPatientDICOM": [
        -0.00111884,
        0.999974,
        0.00705803,
        0.013509,
        0.00707251,
        -0.999884
    ],
    "InPlanePhaseEncodingDirectionDICOM": "ROW",
    "ConversionSoftware": "dcm2niix",
    "ConversionSoftwareVersion": "v1.0.20181022  GCC4.8.5",
    "SpatialReference": {
        "Resampling": "0.8x0.8x0.8",
        "Reorientation": "RPI"
    }
}