{
    "Modality": "MR",
    "MagneticFieldStrength": 3,
    "ImagingFrequency": 127.772,
    "Manufacturer": "Philips",
    "ManufacturersModelName": "Ingenia_Elition_X",
    "InstitutionName": "VANDERBILT_INSTITUTE_OF_IMAGING",
    "InstitutionalDepartmentName": "MRI_DEPT.",
    "InstitutionAddress": "1161_21ST_AVE._SOUTH",
    "DeviceSerialNumber": "45051",
    "StationName": "PHILIPS-JJJ61LI",
    "BodyPartExamined": "CSPINE",
    "PatientPosition": "HFS",
    "ProcedureStepDescription": "Smith_136536",
    "SoftwareVersions": "5.5.0_5.5.0.0",
    "MRAcquisitionType": "3D",
    "SeriesDescription": "GRE-MT",
    "ProtocolName": "WIP_GRE-MT",
    "ScanningSequence": "GR",
    "SequenceVariant": "SP",
    "ScanOptions": "PFF",
    "ImageType": [
        "ORIGINAL",
        "PRIMARY",
        "M",
        "FFE",
        "M",
        "FFE"
    ],
    "SeriesNumber": 501,
    "AcquisitionTime": "10:32:17.440000",
    "AcquisitionNumber": 5,
    "PhilipsRescaleSlope": 2.11844,
    "PhilipsRescaleIntercept": 0,
    "PhilipsScaleSlope": 0.000599252,
    "UsePhilipsFloatNotDisplayScaling": 1,
    "SliceThickness": 5,
    "SpacingBetweenSlices": 5,
    "EchoTime": 0.002001,
    "RepetitionTime": 0.057,
    "FlipAngle": 9,
    "CoilString": "MULTI_COIL",
    "PartialFourier": 0.00390625,
    "PercentPhaseFOV": 100,
    "PhaseEncodingSteps": 256,
    "AcquisitionMatrixPE": 256,
    "ReconMatrixPE": 256,
    "PixelBandwidth": 261.113,
    "ImageOrientationPatientDICOM": [
        0.999908,
        0.00102336,
        0.0135166,
        -0.005281,
        0.94777,
        0.318912
    ],
    "InPlanePhaseEncodingDirectionDICOM": "COL",
    "ConversionSoftware": "dcm2niix",
    "ConversionSoftwareVersion": "v1.0.20181022  GCC4.8.5",
    "SpatialReference": {
        "Reorientation": "RPI"
    }
}