{
    "Modality": "MR", 
    "MagneticFieldStrength": 3, 
    "ImagingFrequency": 123.249, 
    "Manufacturer": "Siemens", 
    "ManufacturersModelName": "Verio", 
    "InstitutionName": "Beijing_Tiantan_Hospital", 
    "InstitutionalDepartmentName": "Department", 
    "InstitutionAddress": "Street_StreetNo_Beijinig_63f344_District_CN_ZIP", 
    "DeviceSerialNumber": "40717", 
    "StationName": "MRC40717", 
    "PatientPosition": "HFS", 
    "ProcedureStepDescription": "c-spine_clinical_libraries", 
    "SoftwareVersions": "syngo_MR_B19", 
    "MRAcquisitionType": "2D", 
    "SeriesDescription": "DWI", 
    "ProtocolName": "DWI", 
    "ScanningSequence": "EP", 
    "SequenceVariant": "SK_SP", 
    "ScanOptions": "PFP_SAT2_WE", 
    "SequenceName": "_ep_b0", 
    "ImageType": [
        "ORIGINAL", 
        "PRIMARY", 
        "DIFFUSION", 
        "NONE", 
        "ND", 
        "MOSAIC"
    ], 
    "SeriesNumber": 7, 
    "AcquisitionTime": "18:18:7.015000", 
    "AcquisitionNumber": 1, 
    "SliceThickness": 5, 
    "SpacingBetweenSlices": 5, 
    "SAR": 0.335758, 
    "EchoTime": 0.099, 
    "RepetitionTime": 3.7, 
    "FlipAngle": 90, 
    "PartialFourier": 0.625, 
    "BaseResolution": 96, 
    "ShimSetting": [
        -4868, 
        12388, 
        14694, 
        -1681, 
        -662, 
        3876, 
        1762, 
        473
    ], 
    "DiffusionScheme": "Monopolar", 
    "TxRefAmp": 411.809, 
    "PhaseResolution": 1, 
    "ReceiveCoilName": "NeckMatrix", 
    "CoilString": "C:NE1_2", 
    "PulseSequenceDetails": "%SiemensSeq%_ep2d_diff", 
    "PercentPhaseFOV": 100, 
    "PhaseEncodingSteps": 63, 
    "AcquisitionMatrixPE": 96, 
    "ReconMatrixPE": 96, 
    "BandwidthPerPixelPhaseEncode": 8.202, 
    "EffectiveEchoSpacing": 0.00127002, 
    "DerivedVendorReportedEchoSpacing": 0.00127002, 
    "TotalReadoutTime": 0.120651, 
    "PixelBandwidth": 965, 
    "DwellTime": 5.4e-06, 
    "PhaseEncodingDirection": "j-", 
    "SliceTiming": [
        0, 
        1.98, 
        0.2475, 
        2.2275, 
        0.495, 
        2.475, 
        0.7425, 
        2.7225, 
        0.99, 
        2.97, 
        1.2375, 
        3.22, 
        1.485, 
        3.4675, 
        1.7325
    ], 
    "ImageOrientationPatientDICOM": [
        1, 
        0, 
        0, 
        0, 
        1, 
        0
    ], 
    "InPlanePhaseEncodingDirectionDICOM": "COL", 
    "ConversionSoftware": "dcm2niix", 
    "ConversionSoftwareVersion": "v1.0.20190902", 
    "Dcm2bidsVersion": "2.1.4"
}