{
    "Modality": "MR", 
    "MagneticFieldStrength": 3, 
    "Manufacturer": "Philips", 
    "ManufacturersModelName": "Ingenia_Elition_X", 
    "InstitutionName": "UBC_MRI_Research_Centre", 
    "InstitutionalDepartmentName": "CBH_MR", 
    "InstitutionAddress": "2215_Wesbrook_Mall", 
    "DeviceSerialNumber": "45052", 
    "StationName": "PHILIPS-1KQ0JBG", 
    "BodyPartExamined": "BRAIN", 
    "PatientPosition": "HFS", 
    "SoftwareVersions": "5.5.2_5.5.2.0", 
    "MRAcquisitionType": "2D", 
    "SeriesDescription": "DWI", 
    "ProtocolName": "WIP_DWI", 
    "ScanningSequence": "SE", 
    "SequenceVariant": "SK", 
    "ScanOptions": "FS", 
    "ImageType": [
        "ORIGINAL", 
        "PRIMARY", 
        "M", 
        "SE", 
        "M", 
        "SE"
    ], 
    "SeriesNumber": 801, 
    "AcquisitionTime": "16:25:51.100000", 
    "AcquisitionNumber": 8, 
    "PhilipsRWVSlope": 5.26471, 
    "PhilipsRWVIntercept": 0, 
    "PhilipsRescaleSlope": 5.26471, 
    "PhilipsRescaleIntercept": 0, 
    "PhilipsScaleSlope": 0.012272, 
    "UsePhilipsFloatNotDisplayScaling": 1, 
    "SliceThickness": 5, 
    "SpacingBetweenSlices": 5, 
    "SAR": 2.40107, 
    "EchoTime": 0.079523, 
    "RepetitionTime": 4, 
    "FlipAngle": 90, 
    "PercentPhaseFOV": 75, 
    "EchoTrainLength": 61, 
    "PhaseEncodingSteps": 63, 
    "AcquisitionMatrixPE": 63, 
    "ReconMatrixPE": 64, 
    "PixelBandwidth": 1067, 
    "PhaseEncodingAxis": "j", 
    "ImageOrientationPatientDICOM": [
        0.998533, 
        -0.00412547, 
        0.0539878, 
        8.67362e-19, 
        0.997093, 
        0.0761927
    ], 
    "InPlanePhaseEncodingDirectionDICOM": "COL", 
    "ConversionSoftware": "dcm2niix", 
    "ConversionSoftwareVersion": "v1.0.20180622 (JP2:OpenJPEG) GCC6.1.0", 
    "Dcm2bidsVersion": "2.1.4"
}