{
	"Modality": "MR",
	"MagneticFieldStrength": 3,
	"ImagingFrequency": 127.763,
	"Manufacturer": "Philips",
	"ManufacturersModelName": "Ingenia_CX",
	"InstitutionName": "Tokyo_University_Hospital",
	"InstitutionalDepartmentName": "Radiology",
	"DeviceSerialNumber": "78091",
	"StationName": "HOST-77RBK8NK2K",
	"BodyPartExamined": "SPINE",
	"PatientPosition": "HFS",
	"SoftwareVersions": "5.3.1_5.3.1.1",
	"MRAcquisitionType": "2D",
	"SeriesDescription": "DWI",
	"ProtocolName": "DWI",
	"ScanningSequence": "SE",
	"SequenceVariant": "SK",
	"ScanOptions": "FS",
	"ImageType": ["ORIGINAL", "PRIMARY", "M", "SE", "M", "SE"],
	"SeriesNumber": 401,
	"AcquisitionTime": "20:30:41.940000",
	"AcquisitionNumber": 4,
	"PhilipsRescaleSlope": 7.60781,
	"PhilipsRescaleIntercept": 0,
	"PhilipsScaleSlope": 0.0109697,
	"UsePhilipsFloatNotDisplayScaling": 1,
	"SliceThickness": 5,
	"SpacingBetweenSlices": 5,
	"SAR": 1.89476,
	"EchoTime": 0.062682,
	"RepetitionTime": 4.13793,
	"FlipAngle": 90,
	"CoilString": "MULTI_COIL",
	"PartialFourier": 0.746032,
	"PercentPhaseFOV": 75,
	"EchoTrainLength": 47,
	"PhaseEncodingSteps": 63,
	"AcquisitionMatrixPE": 63,
	"ReconMatrixPE": 64,
	"PixelBandwidth": 1299,
	"PhaseEncodingAxis": "j",
	"ImageOrientationPatientDICOM": [
		0.999734,
		-0.0230531,
		-0.000654019,
		0.0230124,
		0.995296,
		0.0941126	],
	"InPlanePhaseEncodingDirectionDICOM": "COL",
	"ConversionSoftware": "dcm2niix",
	"ConversionSoftwareVersion": "v1.0.20181125  Clang10.0.0"
}
