{
    "Modality": "MR",
    "MagneticFieldStrength": 3,
    "Manufacturer": "GE",
    "ManufacturersModelName": "SIGNA_PET_MR",
    "InstitutionName": "FN_Brno",
    "DeviceSerialNumber": "000000CS1013MR01",
    "StationName": "PETMR",
    "PatientPosition": "HFS",
    "SoftwareVersions": "26_LX_MR_Software_release:MP24.0_R03_1712.b",
    "MRAcquisitionType": "3D",
    "SeriesDescription": "T1w",
    "ProtocolName": "T1w",
    "ScanningSequence": "GR",
    "SequenceVariant": "SS_SP_SK",
    "ScanOptions": "FAST_GEMS_EDR_GEMS_FILTERED_GEMS_ACC_GEMS",
    "ImageType": [
        "ORIGINAL",
        "PRIMARY",
        "OTHER"
    ],
    "SeriesNumber": 3,
    "AcquisitionTime": "14:10:35.000000",
    "AcquisitionNumber": 1,
    "SliceThickness": 1,
    "SpacingBetweenSlices": 1,
    "SAR": 0.20739,
    "EchoTime": 0.001852,
    "RepetitionTime": 0.004784,
    "InversionTime": 1,
    "FlipAngle": 9,
    "PercentPhaseFOV": 80,
    "AcquisitionMatrixPE": 256,
    "ReconMatrixPE": 512,
    "PixelBandwidth": 558.047,
    "ImageOrientationPatientDICOM": [
        0,
        1,
        0,
        -0.0407383,
        0,
        -0.99917
    ],
    "InPlanePhaseEncodingDirectionDICOM": "ROW",
    "ConversionSoftware": "dcm2niix",
    "ConversionSoftwareVersion": "v1.0.20180622 (JP2:OpenJPEG) GCC6.1.0",
    "SpatialReference": {
        "Resampling": "0.8x0.8x0.8",
        "Reorientation": "RPI"
    }
}