{
    "Modality": "MR", 
    "MagneticFieldStrength": 3, 
    "Manufacturer": "Philips", 
    "ManufacturersModelName": "Ingenia_Elition_X", 
    "InstitutionName": "UBC_MRI_Research_Centre", 
    "InstitutionalDepartmentName": "CBH_MR", 
    "InstitutionAddress": "2215_Wesbrook_Mall", 
    "DeviceSerialNumber": "45052", 
    "StationName": "PHILIPS-1KQ0JBG", 
    "BodyPartExamined": "BRAIN", 
    "PatientPosition": "HFS", 
    "SoftwareVersions": "5.5.2_5.5.2.0", 
    "MRAcquisitionType": "3D", 
    "SeriesDescription": "GRE-MT", 
    "ProtocolName": "WIP_GRE-MT", 
    "ScanningSequence": "GR", 
    "SequenceVariant": "SP", 
    "ScanOptions": "PFF", 
    "ImageType": [
        "ORIGINAL", 
        "PRIMARY", 
        "M", 
        "FFE", 
        "M", 
        "FFE"
    ], 
    "SeriesNumber": 1501, 
    "AcquisitionTime": "14:53:25.770000", 
    "AcquisitionNumber": 15, 
    "PhilipsRWVSlope": 2.0779, 
    "PhilipsRWVIntercept": 0, 
    "PhilipsRescaleSlope": 2.0779, 
    "PhilipsRescaleIntercept": 0, 
    "PhilipsScaleSlope": 0.000611029, 
    "UsePhilipsFloatNotDisplayScaling": 1, 
    "SliceThickness": 5, 
    "SpacingBetweenSlices": 5, 
    "SAR": 2.88994, 
    "EchoTime": 0.002001, 
    "RepetitionTime": 0.057, 
    "FlipAngle": 9, 
    "PercentPhaseFOV": 100, 
    "PhaseEncodingSteps": 256, 
    "AcquisitionMatrixPE": 256, 
    "ReconMatrixPE": 256, 
    "PixelBandwidth": 261, 
    "ImageOrientationPatientDICOM": [
        0.999948, 
        -0.00140982, 
        0.0100565, 
        0.000730074, 
        0.997734, 
        0.0672788
    ], 
    "InPlanePhaseEncodingDirectionDICOM": "COL", 
    "ConversionSoftware": "dcm2niix", 
    "ConversionSoftwareVersion": "v1.0.20180622 (JP2:OpenJPEG) GCC6.1.0", 
    "Dcm2bidsVersion": "2.1.4"
}