{
    "Modality": "MR", 
    "MagneticFieldStrength": 3, 
    "ImagingFrequency": 123.173, 
    "Manufacturer": "Siemens", 
    "ManufacturersModelName": "Prisma_fit", 
    "InstitutionName": "CMRR_3T-B", 
    "InstitutionalDepartmentName": "Research", 
    "InstitutionAddress": "6th_SE_2021_Minneapolis_Minneapolis_US_55455", 
    "DeviceSerialNumber": "67010", 
    "StationName": "TRIOB", 
    "BodyPartExamined": "CSPINE", 
    "PatientPosition": "HFS", 
    "ProcedureStepDescription": "Joers_MontrealSpine", 
    "SoftwareVersions": "syngo_MR_E11", 
    "MRAcquisitionType": "2D", 
    "SeriesDescription": "GRE-ME", 
    "ProtocolName": "GRE-ME", 
    "ScanningSequence": "GR", 
    "SequenceVariant": "SP", 
    "SequenceName": "_me2d1r3", 
    "ImageType": [
        "ORIGINAL", 
        "PRIMARY", 
        "M", 
        "NORM", 
        "DIS2D"
    ], 
    "SeriesNumber": 9, 
    "AcquisitionTime": "12:30:5.962500", 
    "AcquisitionNumber": 1, 
    "SliceThickness": 5, 
    "SpacingBetweenSlices": 5, 
    "SAR": 0.0171816, 
    "NumberOfAverages": 2, 
    "EchoTime": 0.014, 
    "RepetitionTime": 0.6, 
    "FlipAngle": 30, 
    "PartialFourier": 1, 
    "BaseResolution": 448, 
    "ShimSetting": [
        -1059, 
        -11825, 
        -3952, 
        -1116, 
        53, 
        1499, 
        10, 
        -163
    ], 
    "TxRefAmp": 260.246, 
    "PhaseResolution": 1, 
    "ReceiveCoilName": "HeadNeck_64", 
    "ReceiveCoilActiveElements": "HC5-7;NC1,2", 
    "CoilString": "HC5-7;NC1_2", 
    "PulseSequenceDetails": "%SiemensSeq%_medic", 
    "RefLinesPE": 24, 
    "ConsistencyInfo": "N4_VE11C_LATEST_20160120", 
    "PercentPhaseFOV": 100, 
    "EchoTrainLength": 3, 
    "PhaseEncodingSteps": 447, 
    "AcquisitionMatrixPE": 448, 
    "ReconMatrixPE": 448, 
    "ParallelReductionFactorInPlane": 2, 
    "PixelBandwidth": 260, 
    "DwellTime": 4.3e-06, 
    "PhaseEncodingDirection": "j-", 
    "ImageOrientationPatientDICOM": [
        0.993036, 
        -0.0177038, 
        0.116473, 
        5.15774e-08, 
        0.988645, 
        0.150273
    ], 
    "InPlanePhaseEncodingDirectionDICOM": "COL", 
    "ConversionSoftware": "dcm2niix", 
    "ConversionSoftwareVersion": "v1.0.20190410  (JP2:OpenJPEG) (JP-LS:CharLS) Clang8.1.0", 
    "Dcm2bidsVersion": "2.1.4"
}