{
    "Modality": "MR", 
    "MagneticFieldStrength": 3, 
    "Manufacturer": "Philips", 
    "ManufacturersModelName": "Ingenia_Elition_X", 
    "InstitutionName": "UBC_MRI_Research_Centre", 
    "InstitutionalDepartmentName": "CBH_MR", 
    "InstitutionAddress": "2215_Wesbrook_Mall", 
    "DeviceSerialNumber": "45052", 
    "StationName": "PHILIPS-1KQ0JBG", 
    "BodyPartExamined": "BRAIN", 
    "PatientPosition": "HFS", 
    "SoftwareVersions": "5.5.2_5.5.2.0", 
    "MRAcquisitionType": "3D", 
    "SeriesDescription": "GRE-MT", 
    "ProtocolName": "WIP_GRE-MT", 
    "ScanningSequence": "GR", 
    "SequenceVariant": "SP", 
    "ScanOptions": "PFF", 
    "ImageType": [
        "ORIGINAL", 
        "PRIMARY", 
        "M", 
        "FFE", 
        "M", 
        "FFE"
    ], 
    "SeriesNumber": 901, 
    "AcquisitionTime": "16:34:52.760000", 
    "AcquisitionNumber": 9, 
    "PhilipsRWVSlope": 2.43077, 
    "PhilipsRWVIntercept": 0, 
    "PhilipsRescaleSlope": 2.43077, 
    "PhilipsRescaleIntercept": 0, 
    "PhilipsScaleSlope": 0.000467556, 
    "UsePhilipsFloatNotDisplayScaling": 1, 
    "SliceThickness": 5, 
    "SpacingBetweenSlices": 5, 
    "SAR": 2.88994, 
    "EchoTime": 0.002001, 
    "RepetitionTime": 0.057, 
    "FlipAngle": 9, 
    "PercentPhaseFOV": 100, 
    "PhaseEncodingSteps": 256, 
    "AcquisitionMatrixPE": 256, 
    "ReconMatrixPE": 256, 
    "PixelBandwidth": 261, 
    "ImageOrientationPatientDICOM": [
        0.998533, 
        -0.00412547, 
        0.0539878, 
        8.67362e-19, 
        0.997093, 
        0.0761927
    ], 
    "InPlanePhaseEncodingDirectionDICOM": "COL", 
    "ConversionSoftware": "dcm2niix", 
    "ConversionSoftwareVersion": "v1.0.20180622 (JP2:OpenJPEG) GCC6.1.0", 
    "Dcm2bidsVersion": "2.1.4"
}