{
	"Modality": "MR",
	"MagneticFieldStrength": 3,
	"Manufacturer": "Siemens",
	"ManufacturersModelName": "Verio",
	"InstitutionName": "CEMEREM",
	"InstitutionalDepartmentName": "CEMEREM",
	"InstitutionAddress": "RUE_ST_PIERRE_264_MARSEILLE...92C536..._District_FR_13006",
	"DeviceSerialNumber": "40146",
	"StationName": "MRC40146",
	"PatientPosition": "HFS",
	"ProcedureStepDescription": "TEST_VC_TEST_moelle",
	"SoftwareVersions": "syngo_MR_B17",
	"MRAcquisitionType": "3D",
	"SeriesDescription": "T2w",
	"ProtocolName": "T2w",
	"ScanningSequence": "SE",
	"SequenceVariant": "SK_SP",
	"ScanOptions": "PFP",
	"SequenceName": "_spcR3d1_87",
	"ImageType": ["ORIGINAL", "PRIMARY", "M", "NORM", "DIS2D"],
	"SeriesNumber": 3,
	"AcquisitionTime": "15:25:50.220000",
	"AcquisitionNumber": 1,
	"SliceThickness": 0.8,
	"SAR": 0.668636,
	"EchoTime": 0.12,
	"RepetitionTime": 2,
	"FlipAngle": 180,
	"PartialFourier": 1,
	"BaseResolution": 320,
	"ShimSetting": [
		-5801,
		12836,
		-12188,
		-18,
		-148,
		209,
		147,
		10	],
	"TxRefAmp": 425.363,
	"PhaseResolution": 1.0125,
	"ReceiveCoilName": "NeckMatrix",
	"PulseSequenceDetails": "%SiemensSeq%_tse_vfl",
	"PercentPhaseFOV": 100,
	"EchoTrainLength": 87,
	"PhaseEncodingSteps": 247,
	"AcquisitionMatrixPE": 324,
	"ReconMatrixPE": 320,
	"ParallelReductionFactorInPlane": 2,
	"PixelBandwidth": 625,
	"DwellTime": 2.5e-06,
	"ImageOrientationPatientDICOM": [
		4.91052e-06,
		1,
		-0.000349049,
		0.0139622,
		-0.000349083,
		-0.999902	],
	"InPlanePhaseEncodingDirectionDICOM": "ROW",
	"ConversionSoftware": "dcm2niix",
	"ConversionSoftwareVersion": "v1.0.20180622 (JP2:OpenJPEG) GCC6.1.0"
}
