{
    "Modality": "MR",
    "MagneticFieldStrength": 3,
    "ImagingFrequency": 123.259,
    "Manufacturer": "Siemens",
    "ManufacturersModelName": "MAGNETOM Vida",
    "InstitutionName": "UC Davis Health PAV3T",
    "InstitutionAddress": "Stockton Blvd. 2315,Sacramento,California,US,95817",
    "DeviceSerialNumber": "175872",
    "StationName": "AWP175872",
    "BodyPartExamined": "CSPINE",
    "PatientPosition": "HFS",
    "ProcedureStepDescription": "MR C-SPINE",
    "SoftwareVersions": "syngo MR XA20",
    "MRAcquisitionType": "2D",
    "SeriesDescription": "DWI",
    "ProtocolName": "DWI",
    "SequenceVariant": "SK\\SP",
    "ImageType": [
        "ORIGINAL",
        "PRIMARY",
        "DIFFUSION",
        "NONE"
    ],
    "SeriesNumber": 11,
    "AcquisitionTime": "18:35:4.822500",
    "AcquisitionNumber": 1,
    "SliceThickness": 5,
    "SpacingBetweenSlices": 7,
    "EchoTime": 0.086,
    "RepetitionTime": 0.79,
    "FlipAngle": 90,
    "ReceiveCoilActiveElements": "HC7;NC1,2",
    "CoilString": "HeadNeck_64_CS",
    "PartialFourier": 0.861111,
    "PercentPhaseFOV": 37.5,
    "PercentSampling": 100,
    "EchoTrainLength": 31,
    "AcquisitionMatrixPE": 36,
    "ReconMatrixPE": 36,
    "BandwidthPerPixelPhaseEncode": 19.841,
    "EffectiveEchoSpacing": 0.00140002,
    "DerivedVendorReportedEchoSpacing": 0.00140002,
    "TotalReadoutTime": 0.0490007,
    "PixelBandwidth": 883,
    "PhaseEncodingDirection": "j-",
    "SliceTiming": [
        4.9625,
        3.9075,
        2.6775,
        1.7075,
        0.5125,
        4.7075,
        3.6525,
        2.4225,
        1.4525,
        0.2575,
        4.45,
        3.395,
        2.165,
        1.195,
        0
    ],
    "ImageOrientationPatientDICOM": [
        0.997524,
        -0.00968554,
        0.0696578,
        -2.8742e-08,
        0.990471,
        0.13772
    ],
    "InPlanePhaseEncodingDirectionDICOM": "COL",
    "ConversionSoftware": "dcm2niix",
    "ConversionSoftwareVersion": "v1.0.20201224",
    "Dcm2bidsVersion": "2.1.6"
}