{
	"Modality": "MR",
	"MagneticFieldStrength": 3,
	"Manufacturer": "GE",
	"ManufacturersModelName": "DISCOVERY_MR750",
	"InstitutionName": "Concordia_University_Perform_Ctr",
	"DeviceSerialNumber": "0000000514848MR1",
	"StationName": "GEMR750",
	"BodyPartExamined": "CSPINE",
	"PatientPosition": "HFS",
	"SoftwareVersions": "27_LX_MR_Software_release:DV25.1_R02_1649.a",
	"MRAcquisitionType": "3D",
	"SeriesDescription": "T2w",
	"ProtocolName": "T2w",
	"ScanningSequence": "SE",
	"SequenceVariant": "SK_OSP",
	"ScanOptions": "FC_FREQ_AX_GEMS_FC_NPW_EDR_GEMS_FILTERED_GEMS_ACC_GEMS",
	"ImageType": ["ORIGINAL", "PRIMARY", "OTHER"],
	"SeriesNumber": 6,
	"AcquisitionTime": "14:05:33.000000",
	"AcquisitionNumber": 1,
	"SliceThickness": 0.8,
	"SpacingBetweenSlices": 0.8,
	"SAR": 0.966742,
	"EchoTime": 0.135896,
	"RepetitionTime": 2.5,
	"FlipAngle": 90,
	"PercentPhaseFOV": 100,
	"EchoTrainLength": 78,
	"AcquisitionMatrixPE": 320,
	"ReconMatrixPE": 320,
	"PixelBandwidth": 520.812,
	"ImageOrientationPatientDICOM": [
		-0,
		1,
		0,
		-0,
		-0,
		-1	],
	"InPlanePhaseEncodingDirectionDICOM": "ROW",
	"ConversionSoftware": "dcm2niix",
	"ConversionSoftwareVersion": "v1.0.20180622 (JP2:OpenJPEG) GCC6.1.0"
}
