{
	"Modality": "MR",
	"MagneticFieldStrength": 3,
	"ImagingFrequency": 127.763,
	"Manufacturer": "Philips",
	"ManufacturersModelName": "Ingenia_CX",
	"InstitutionName": "Tokyo_University_Hospital",
	"InstitutionalDepartmentName": "Radiology",
	"DeviceSerialNumber": "78091",
	"StationName": "HOST-77RBK8NK2K",
	"BodyPartExamined": "SPINE",
	"PatientPosition": "HFS",
	"SoftwareVersions": "5.3.1_5.3.1.1",
	"MRAcquisitionType": "2D",
	"SeriesDescription": "DWI",
	"ProtocolName": "DWI",
	"ScanningSequence": "SE",
	"SequenceVariant": "SK",
	"ScanOptions": "FS",
	"ImageType": ["ORIGINAL", "PRIMARY", "M", "SE", "M", "SE"],
	"SeriesNumber": 501,
	"AcquisitionTime": "17:31:54.450000",
	"AcquisitionNumber": 5,
	"PhilipsRescaleSlope": 4.5431,
	"PhilipsRescaleIntercept": 0,
	"PhilipsScaleSlope": 0.0107917,
	"UsePhilipsFloatNotDisplayScaling": 1,
	"SliceThickness": 5,
	"SpacingBetweenSlices": 5,
	"SAR": 1.96009,
	"EchoTime": 0.062682,
	"RepetitionTime": 4,
	"FlipAngle": 90,
	"CoilString": "MULTI_COIL",
	"PartialFourier": 0.746032,
	"PercentPhaseFOV": 75,
	"EchoTrainLength": 47,
	"PhaseEncodingSteps": 63,
	"AcquisitionMatrixPE": 63,
	"ReconMatrixPE": 64,
	"PixelBandwidth": 1299,
	"PhaseEncodingAxis": "j",
	"ImageOrientationPatientDICOM": [
		0.999945,
		0.00116765,
		-0.0104569,
		-0.000526188,
		0.998129,
		0.0611369	],
	"InPlanePhaseEncodingDirectionDICOM": "COL",
	"ConversionSoftware": "dcm2niix",
	"ConversionSoftwareVersion": "v1.0.20181125  Clang10.0.0"
}
