{
	"Modality": "MR",
	"MagneticFieldStrength": 3,
	"Manufacturer": "Siemens",
	"ManufacturersModelName": "Verio",
	"InstitutionName": "CEMEREM",
	"InstitutionalDepartmentName": "CEMEREM",
	"InstitutionAddress": "RUE_ST_PIERRE_264_MARSEILLE...92C536..._District_FR_13006",
	"DeviceSerialNumber": "40146",
	"StationName": "MRC40146",
	"PatientPosition": "HFS",
	"ProcedureStepDescription": "MOELLE_CRMBM_SPINE_SOP",
	"SoftwareVersions": "syngo_MR_B17",
	"MRAcquisitionType": "2D",
	"SeriesDescription": "DWI_b0",
	"ProtocolName": "DWI_b0",
	"ScanningSequence": "EP",
	"SequenceVariant": "SK_SP",
	"ScanOptions": "PFP_SAT2_WE_CT",
	"SequenceName": "_ep_b0",
	"ImageType": ["ORIGINAL", "PRIMARY", "DIFFUSION", "NONE", "ND"],
	"SeriesNumber": 4,
	"AcquisitionTime": "11:52:33.995000",
	"AcquisitionNumber": 1,
	"SliceThickness": 5,
	"SpacingBetweenSlices": 5,
	"SAR": 0.395962,
	"EchoTime": 0.095,
	"RepetitionTime": 0.64,
	"FlipAngle": 90,
	"PartialFourier": 0.75,
	"BaseResolution": 96,
	"ShimSetting": [
		-5852,
		12982,
		-11904,
		-2312,
		-321,
		3970,
		543,
		430	],
	"TxRefAmp": 407.704,
	"PhaseResolution": 1,
	"ReceiveCoilName": "NeckMatrix",
	"PulseSequenceDetails": "%SiemensSeq%_ep2d_diff",
	"PercentPhaseFOV": 100,
	"PhaseEncodingSteps": 72,
	"AcquisitionMatrixPE": 96,
	"ReconMatrixPE": 96,
	"BandwidthPerPixelPhaseEncode": 15.319,
	"ParallelReductionFactorInPlane": 2,
	"EffectiveEchoSpacing": 0.000679983,
	"DerivedVendorReportedEchoSpacing": 0.00135997,
	"TotalReadoutTime": 0.0645984,
	"PixelBandwidth": 814,
	"DwellTime": 6.4e-06,
	"PhaseEncodingDirection": "j-",
	"ImageOrientationPatientDICOM": [
		0.998345,
		-0.00271308,
		0.0574361,
		-3.20917e-08,
		0.998886,
		0.0471845	],
	"InPlanePhaseEncodingDirectionDICOM": "COL",
	"ConversionSoftware": "dcm2niix",
	"ConversionSoftwareVersion": "v1.0.20180622 (JP2:OpenJPEG) GCC6.1.0"
}
