{
	"Modality": "MR",
	"MagneticFieldStrength": 3,
	"Manufacturer": "Siemens",
	"ManufacturersModelName": "Prisma_fit",
	"InstitutionName": "NU_Tuna",
	"InstitutionalDepartmentName": "Department",
	"InstitutionAddress": "Fairbanks_710_Chicago_Chicago_US_60611",
	"DeviceSerialNumber": "67034",
	"StationName": "MRC35427",
	"BodyPartExamined": "CSPINE",
	"PatientPosition": "HFS",
	"ProcedureStepDescription": "fMRI_STUDIES_DEWALD",
	"SoftwareVersions": "syngo_MR_E11",
	"MRAcquisitionType": "3D",
	"SeriesDescription": "GRE-MT0",
	"ProtocolName": "GRE-MT0",
	"ScanningSequence": "GR",
	"SequenceVariant": "SP",
	"SequenceName": "_fl3d1",
	"ImageType": ["ORIGINAL", "PRIMARY", "M", "DIS2D"],
	"SeriesNumber": 6,
	"AcquisitionTime": "14:41:31.962500",
	"AcquisitionNumber": 1,
	"SliceThickness": 5,
	"SAR": 0.00484499,
	"EchoTime": 0.00313,
	"RepetitionTime": 0.035,
	"FlipAngle": 9,
	"PartialFourier": 1,
	"BaseResolution": 256,
	"ShimSetting": [
		2552,
		5506,
		-7748,
		-58,
		212,
		1746,
		24,
		-252	],
	"TxRefAmp": 248.964,
	"PhaseResolution": 1,
	"ReceiveCoilName": "HeadNeck_64",
	"ReceiveCoilActiveElements": "HC5-7;NC1,2",
	"PulseSequenceDetails": "%SiemensSeq%_gre",
	"ConsistencyInfo": "N4_VE11C_LATEST_20160120",
	"PercentPhaseFOV": 100,
	"PhaseEncodingSteps": 255,
	"AcquisitionMatrixPE": 256,
	"ReconMatrixPE": 256,
	"ParallelReductionFactorInPlane": 2,
	"PixelBandwidth": 260,
	"DwellTime": 7.5e-06,
	"ImageOrientationPatientDICOM": [
		1,
		0,
		0,
		0,
		0.946085,
		0.323917	],
	"InPlanePhaseEncodingDirectionDICOM": "COL",
	"ConversionSoftware": "dcm2niix",
	"ConversionSoftwareVersion": "v1.0.20180622 (JP2:OpenJPEG) GCC6.1.0"
}
