{
    "Modality": "MR",
    "MagneticFieldStrength": 3,
    "Manufacturer": "GE",
    "ManufacturersModelName": "DISCOVERY_MR750",
    "InstitutionName": "Stanford_Lucas_Center",
    "DeviceSerialNumber": "0000415723SCHMR2",
    "StationName": "lc3t3",
    "BodyPartExamined": "NECK",
    "PatientPosition": "HFS",
    "SoftwareVersions": "27_LX_MR_Software_release:DV26.0_R01_1725.a",
    "MRAcquisitionType": "3D",
    "SeriesDescription": "GRE-MT1",
    "ProtocolName": "GRE-MT1",
    "ScanningSequence": "GR",
    "SequenceVariant": "SS_SP",
    "ScanOptions": "EDR_GEMS_MT_GEMS_FILTERED_GEMS_PFF",
    "ImageType": [
        "ORIGINAL",
        "PRIMARY",
        "OTHER"
    ],
    "SeriesNumber": 7,
    "AcquisitionTime": "22:14:8.000000",
    "AcquisitionNumber": 1,
    "SliceThickness": 5,
    "SpacingBetweenSlices": 5,
    "SAR": 1.32228,
    "EchoTime": 0.004,
    "RepetitionTime": 0.108,
    "FlipAngle": 9,
    "PercentPhaseFOV": 100,
    "AcquisitionMatrixPE": 192,
    "ReconMatrixPE": 192,
    "PixelBandwidth": 434.062,
    "ImageOrientationPatientDICOM": [
        0.99653,
        0,
        0.08318,
        -0.00601,
        0.99739,
        0.07196
    ],
    "InPlanePhaseEncodingDirectionDICOM": "COL",
    "ConversionSoftware": "dcm2niix",
    "ConversionSoftwareVersion": "v1.0.20171215 (OpenJPEG build) GCC7.3.0",
    "SpatialReference": {
        "Reorientation": "RPI"
    }
}