{
	"Modality": "MR",
	"MagneticFieldStrength": 3,
	"Manufacturer": "GE",
	"ManufacturersModelName": "DISCOVERY_MR750w",
	"InstitutionName": "JUNTENDO_UNV_HP",
	"DeviceSerialNumber": "0000000000EM0236",
	"StationName": "GEMR750W",
	"BodyPartExamined": "CSPINE",
	"PatientPosition": "HFS",
	"SoftwareVersions": "27_LX_MR_Software_release:DV26.0_R02_1810.b",
	"MRAcquisitionType": "2D",
	"SeriesDescription": "DWI",
	"ProtocolName": "DWI",
	"ScanningSequence": "EP_SE",
	"SequenceVariant": "NONE",
	"ScanOptions": "EDR_GEMS_EPI_GEMS_PFF",
	"ImageType": ["ORIGINAL", "PRIMARY", "OTHER"],
	"SeriesNumber": 8,
	"AcquisitionTime": "19:13:58.000000",
	"AcquisitionNumber": 1,
	"SliceThickness": 5,
	"SpacingBetweenSlices": 5,
	"SAR": 0.142761,
	"EchoTime": 0.0786,
	"RepetitionTime": 3.226,
	"FlipAngle": 90,
	"PercentPhaseFOV": 50,
	"AcquisitionMatrixPE": 48,
	"ReconMatrixPE": 96,
	"EffectiveEchoSpacing": 0.001264,
	"TotalReadoutTime": 0.12008,
	"PixelBandwidth": 1729.17,
	"ImageOrientationPatientDICOM": [
		0.99969,
		0.00414,
		0.0244,
		-0.00829,
		0.98499,
		0.1724	],
	"InPlanePhaseEncodingDirectionDICOM": "COL",
	"ConversionSoftware": "dcm2niix",
	"ConversionSoftwareVersion": "v1.0.20171215 (OpenJPEG build) Clang8.1.0"
}
