{
    "Modality": "MR",
    "MagneticFieldStrength": 3,
    "ImagingFrequency": 123.254,
    "Manufacturer": "Siemens",
    "ManufacturersModelName": "Skyra",
    "InstitutionName": "Martinos_Center_Bay_1",
    "InstitutionalDepartmentName": "Department",
    "InstitutionAddress": "13th_149_Charlestown_MA_US_02129",
    "DeviceSerialNumber": "45407",
    "StationName": "BAY1OC",
    "BodyPartExamined": "BRAIN",
    "PatientPosition": "HFS",
    "ProcedureStepDescription": "INVESTIGATORS_Barry",
    "SoftwareVersions": "syngo_MR_E11",
    "MRAcquisitionType": "3D",
    "SeriesDescription": "T1w",
    "ProtocolName": "T1w",
    "ScanningSequence": "GR_IR",
    "SequenceVariant": "SK_SP_MP",
    "ScanOptions": "IR",
    "SequenceName": "_tfl3d1_16",
    "ImageType": [
        "ORIGINAL",
        "PRIMARY",
        "M",
        "NORM",
        "DIS3D",
        "DIS2D"
    ],
    "SeriesNumber": 2,
    "AcquisitionTime": "13:12:20.097500",
    "AcquisitionNumber": 1,
    "SliceThickness": 1,
    "SAR": 0.0833139,
    "EchoTime": 0.00372,
    "RepetitionTime": 2,
    "InversionTime": 1,
    "FlipAngle": 9,
    "PartialFourier": 1,
    "BaseResolution": 320,
    "ShimSetting": [
        -5032,
        11836,
        -12111,
        59,
        -651,
        142,
        -25,
        75
    ],
    "TxRefAmp": 377.234,
    "PhaseResolution": 1,
    "ReceiveCoilName": "HeadNeck_64",
    "ReceiveCoilActiveElements": "HC1-7;NC1,2",
    "CoilString": "HC1-7;NC1_2",
    "PulseSequenceDetails": "%SiemensSeq%_tfl",
    "ConsistencyInfo": "N4_VE11C_LATEST_20160120",
    "PercentPhaseFOV": 81.25,
    "PhaseEncodingSteps": 259,
    "AcquisitionMatrixPE": 260,
    "ReconMatrixPE": 320,
    "PixelBandwidth": 150,
    "DwellTime": 1.04e-05,
    "ImageOrientationPatientDICOM": [
        0,
        1,
        0,
        -0.0174524,
        0,
        -0.999848
    ],
    "InPlanePhaseEncodingDirectionDICOM": "ROW",
    "ConversionSoftware": "dcm2niix",
    "ConversionSoftwareVersion": "v1.0.20181125  (JP2:OpenJPEG) (JP-LS:CharLS) Clang8.1.0",
    "SpatialReference": {
        "Resampling": "0.8x0.8x0.8",
        "Reorientation": "RPI"
    }
}