{
    "Modality": "MR",
    "MagneticFieldStrength": 3,
    "ImagingFrequency": 123.227,
    "Manufacturer": "Siemens",
    "ManufacturersModelName": "Prisma",
    "InstitutionName": "The_John_Radcliffe",
    "InstitutionalDepartmentName": "Department",
    "InstitutionAddress": "Headley_Way_StreetNo_Oxford_District_GB_OX3_9DU",
    "DeviceSerialNumber": "66050",
    "StationName": "AWP66050",
    "BodyPartExamined": "CSPINE",
    "PatientPosition": "HFS",
    "SoftwareVersions": "syngo_MR_E11",
    "MRAcquisitionType": "3D",
    "SeriesDescription": "T1w",
    "ProtocolName": "T1w",
    "ScanningSequence": "GR_IR",
    "SequenceVariant": "SK_SP_MP",
    "ScanOptions": "IR",
    "SequenceName": "_tfl3d1_16",
    "ImageType": [
        "ORIGINAL",
        "PRIMARY",
        "M",
        "NORM",
        "DIS3D",
        "DIS2D"
    ],
    "SeriesNumber": 9,
    "AcquisitionTime": "13:52:38.025000",
    "AcquisitionNumber": 1,
    "SliceThickness": 1,
    "SAR": 0.0567702,
    "EchoTime": 0.00372,
    "RepetitionTime": 2,
    "InversionTime": 1,
    "FlipAngle": 9,
    "PartialFourier": 1,
    "BaseResolution": 320,
    "ShimSetting": [
        329,
        -11489,
        1437,
        -30,
        234,
        212,
        86,
        -1
    ],
    "TxRefAmp": 235.367,
    "PhaseResolution": 1,
    "ReceiveCoilName": "HeadNeck_64",
    "ReceiveCoilActiveElements": "HC1-7;NC1,2",
    "CoilString": "HC1-7;NC1_2",
    "PulseSequenceDetails": "%SiemensSeq%_tfl",
    "ConsistencyInfo": "N4_VE11C_LATEST_20160120",
    "PercentPhaseFOV": 81.25,
    "PhaseEncodingSteps": 259,
    "AcquisitionMatrixPE": 260,
    "ReconMatrixPE": 320,
    "PixelBandwidth": 150,
    "DwellTime": 1.04e-05,
    "ImageOrientationPatientDICOM": [
        0,
        1,
        0,
        -0.0854169,
        0,
        -0.996345
    ],
    "InPlanePhaseEncodingDirectionDICOM": "ROW",
    "ConversionSoftware": "dcm2niix",
    "ConversionSoftwareVersion": "v1.0.20181125  Clang10.0.0",
    "SpatialReference": {
        "Resampling": "0.8x0.8x0.8",
        "Reorientation": "RPI"
    }
}