{
    "Modality": "MR", 
    "MagneticFieldStrength": 3, 
    "Manufacturer": "Philips", 
    "ManufacturersModelName": "Ingenia_Elition_X", 
    "InstitutionName": "UBC_MRI_Research_Centre", 
    "InstitutionalDepartmentName": "CBH_MR", 
    "InstitutionAddress": "2215_Wesbrook_Mall", 
    "DeviceSerialNumber": "45052", 
    "StationName": "PHILIPS-1KQ0JBG", 
    "BodyPartExamined": "BRAIN", 
    "PatientPosition": "HFS", 
    "SoftwareVersions": "5.5.2_5.5.2.0", 
    "MRAcquisitionType": "2D", 
    "SeriesDescription": "DWI", 
    "ProtocolName": "WIP_DWI", 
    "ScanningSequence": "SE", 
    "SequenceVariant": "SK", 
    "ScanOptions": "FS", 
    "ImageType": [
        "ORIGINAL", 
        "PRIMARY", 
        "M", 
        "SE", 
        "M", 
        "SE"
    ], 
    "SeriesNumber": 1401, 
    "AcquisitionTime": "12:49:6.000000", 
    "AcquisitionNumber": 14, 
    "PhilipsRWVSlope": 8.3895, 
    "PhilipsRWVIntercept": 0, 
    "PhilipsRescaleSlope": 8.3895, 
    "PhilipsRescaleIntercept": 0, 
    "PhilipsScaleSlope": 0.0108591, 
    "UsePhilipsFloatNotDisplayScaling": 1, 
    "SliceThickness": 5, 
    "SpacingBetweenSlices": 5, 
    "SAR": 2.40107, 
    "EchoTime": 0.079523, 
    "RepetitionTime": 4, 
    "FlipAngle": 90, 
    "PercentPhaseFOV": 75, 
    "EchoTrainLength": 61, 
    "PhaseEncodingSteps": 63, 
    "AcquisitionMatrixPE": 63, 
    "ReconMatrixPE": 64, 
    "PixelBandwidth": 1067, 
    "PhaseEncodingAxis": "j", 
    "ImageOrientationPatientDICOM": [
        0.999943, 
        0.00276142, 
        -0.0103201, 
        -0.00229169, 
        0.998973, 
        0.045254
    ], 
    "InPlanePhaseEncodingDirectionDICOM": "COL", 
    "ConversionSoftware": "dcm2niix", 
    "ConversionSoftwareVersion": "v1.0.20180622 (JP2:OpenJPEG) GCC6.1.0", 
    "Dcm2bidsVersion": "2.1.4"
}