{
	"Modality": "MR",
	"MagneticFieldStrength": 3,
	"ImagingFrequency": 127.772,
	"Manufacturer": "Philips",
	"ManufacturersModelName": "Ingenia_Elition_X",
	"InstitutionName": "VANDERBILT_INSTITUTE_OF_IMAGING",
	"InstitutionalDepartmentName": "MRI_DEPT.",
	"InstitutionAddress": "1161_21ST_AVE._SOUTH",
	"DeviceSerialNumber": "45051",
	"StationName": "PHILIPS-JJJ61LI",
	"BodyPartExamined": "CSPINE",
	"PatientPosition": "HFS",
	"ProcedureStepDescription": "Smith_136528",
	"SoftwareVersions": "5.5.0_5.5.0.0",
	"MRAcquisitionType": "3D",
	"SeriesDescription": "GRE-T1",
	"ProtocolName": "WIP_GRE-T1",
	"ScanningSequence": "GR",
	"SequenceVariant": "SP",
	"ScanOptions": "PFF",
	"ImageType": ["ORIGINAL", "PRIMARY", "M", "FFE", "M", "FFE"],
	"SeriesNumber": 601,
	"AcquisitionTime": "14:35:35.440000",
	"AcquisitionNumber": 6,
	"PhilipsRescaleSlope": 2.51087,
	"PhilipsRescaleIntercept": 0,
	"PhilipsScaleSlope": 0.000482378,
	"UsePhilipsFloatNotDisplayScaling": 1,
	"SliceThickness": 5,
	"SpacingBetweenSlices": 5,
	"EchoTime": 0.002001,
	"RepetitionTime": 0.015,
	"FlipAngle": 15,
	"CoilString": "MULTI_COIL",
	"PartialFourier": 0.00390625,
	"PercentPhaseFOV": 100,
	"PhaseEncodingSteps": 256,
	"AcquisitionMatrixPE": 256,
	"ReconMatrixPE": 256,
	"PixelBandwidth": 261.113,
	"ImageOrientationPatientDICOM": [
		0.999957,
		0.00102336,
		0.00922403,
		-0.00108853,
		0.999974,
		0.00706277	],
	"InPlanePhaseEncodingDirectionDICOM": "COL",
	"ConversionSoftware": "dcm2niix",
	"ConversionSoftwareVersion": "v1.0.20181022  GCC4.8.5"
}
