{
    "Modality": "MR",
    "MagneticFieldStrength": 3,
    "ImagingFrequency": 127.771,
    "Manufacturer": "Philips",
    "ManufacturersModelName": "Ingenia_Elition_X",
    "InstitutionName": "VANDERBILT_INSTITUTE_OF_IMAGING",
    "InstitutionalDepartmentName": "MRI_DEPT.",
    "InstitutionAddress": "1161_21ST_AVE._SOUTH",
    "DeviceSerialNumber": "45051",
    "StationName": "PHILIPS-JJJ61LI",
    "BodyPartExamined": "CSPINE",
    "PatientPosition": "HFS",
    "ProcedureStepDescription": "Smith_136528",
    "SoftwareVersions": "5.5.0_5.5.0.0",
    "MRAcquisitionType": "3D",
    "SeriesDescription": "T1w",
    "ProtocolName": "WIP_T1w",
    "ScanningSequence": "GR",
    "SequenceVariant": "MP",
    "ScanOptions": "OTHER",
    "ImageType": [
        "ORIGINAL",
        "PRIMARY",
        "M",
        "FFE",
        "M",
        "FFE"
    ],
    "SeriesNumber": 201,
    "AcquisitionTime": "14:03:54.750000",
    "AcquisitionNumber": 2,
    "PhilipsRescaleSlope": 3.60317,
    "PhilipsRescaleIntercept": 0,
    "PhilipsScaleSlope": 0.00335597,
    "UsePhilipsFloatNotDisplayScaling": 1,
    "SliceThickness": 1,
    "SpacingBetweenSlices": 1,
    "EchoTime": 0.003702,
    "RepetitionTime": 0.0080786,
    "FlipAngle": 9,
    "CoilString": "MULTI_COIL",
    "PartialFourier": 0.76875,
    "PercentPhaseFOV": 81.25,
    "EchoTrainLength": 246,
    "PhaseEncodingSteps": 320,
    "AcquisitionMatrixPE": 320,
    "ReconMatrixPE": 320,
    "PixelBandwidth": 191.483,
    "ImageOrientationPatientDICOM": [
        -0.00108853,
        0.999974,
        0.00706277,
        0.00921657,
        0.00707251,
        -0.999933
    ],
    "InPlanePhaseEncodingDirectionDICOM": "ROW",
    "ConversionSoftware": "dcm2niix",
    "ConversionSoftwareVersion": "v1.0.20181022  GCC4.8.5",
    "SpatialReference": {
        "Resampling": "0.8x0.8x0.8",
        "Reorientation": "RPI"
    }
}