{
    "Modality": "MR",
    "MagneticFieldStrength": 3,
    "Manufacturer": "GE",
    "ManufacturersModelName": "DISCOVERY_MR750w",
    "InstitutionName": "JUNTENDO_UNV_HP",
    "DeviceSerialNumber": "0000000000EM0236",
    "StationName": "GEMR750W",
    "BodyPartExamined": "CSPINE",
    "PatientPosition": "HFS",
    "SoftwareVersions": "27_LX_MR_Software_release:DV26.0_R02_1810.b",
    "MRAcquisitionType": "2D",
    "SeriesDescription": "GRE-ME",
    "ProtocolName": "GRE-ME",
    "ScanningSequence": "GR",
    "SequenceVariant": "SS_SK",
    "ScanOptions": "FAST_GEMS_FC_SAT_GEMS_EDR_GEMS_FILTERED_GEMS_ACC_GEMS_SP",
    "ImageType": [
        "ORIGINAL",
        "PRIMARY",
        "OTHER"
    ],
    "SeriesNumber": 13,
    "AcquisitionTime": "19:37:1.000000",
    "AcquisitionNumber": 1,
    "SliceThickness": 5,
    "SpacingBetweenSlices": 5,
    "SAR": 0.446059,
    "EchoTime": 0.014716,
    "RepetitionTime": 0.6,
    "FlipAngle": 30,
    "PercentPhaseFOV": 100,
    "EchoTrainLength": 3,
    "AcquisitionMatrixPE": 448,
    "ReconMatrixPE": 448,
    "PixelBandwidth": 279.018,
    "ImageOrientationPatientDICOM": [
        0.99969,
        0.00414,
        0.0244,
        -0.00829,
        0.98499,
        0.1724
    ],
    "InPlanePhaseEncodingDirectionDICOM": "COL",
    "ConversionSoftware": "dcm2niix",
    "ConversionSoftwareVersion": "v1.0.20171215 (OpenJPEG build) Clang8.1.0",
    "AcquisitionDuration": 288.0,
    "SpatialReference": {
        "Reorientation": "RPI",
        "Other": "root-mean square across 4th dimension (if it exists)"
    }
}